{
  "aor": 0.0003475492957746479,
  "aqi": 0.008935013971830986,
  "bids_meta": {
    "AcquisitionDateTime": "2017-05-24T09:59:46.629000",
    "EchoTime": 0.0352,
    "EffectiveEchoSpacing": 0.000580013,
    "FlipAngle": 56,
    "ImageType": [
      "ORIGINAL",
      "PRIMARY",
      "M",
      "MB",
      "ND",
      "MOSAI"
    ],
    "MagneticFieldStrength": 3,
    "Manufacturer": "Siemens",
    "ManufacturersModelName": "Prisma",
    "PhaseEncodingDirection": "j-",
    "RepetitionTime": 0.955,
    "SliceTiming": [
      0.875,
      0.795,
      0.715,
      0.6375,
      0.5575,
      0.4775,
      0.3975,
      0.3175,
      0.2375,
      0.16,
      0.08,
      0,
      0.875,
      0.795,
      0.715,
      0.6375,
      0.5575,
      0.4775,
      0.3975,
      0.3175,
      0.2375,
      0.16,
      0.08,
      0,
      0.875,
      0.795,
      0.715,
      0.6375,
      0.5575,
      0.4775,
      0.3975,
      0.3175,
      0.2375,
      0.16,
      0.08,
      0,
      0.875,
      0.795,
      0.715,
      0.6375,
      0.5575,
      0.4775,
      0.3975,
      0.3175,
      0.2375,
      0.16,
      0.08,
      0,
      0.875,
      0.795,
      0.715,
      0.6375,
      0.5575,
      0.4775,
      0.3975,
      0.3175,
      0.2375,
      0.16,
      0.08,
      0
    ],
    "TaskName": "identification",
    "TotalReadoutTime": 0.0580013,
    "dataset": "ds001771",
    "modality": "bold",
    "run_id": 2,
    "subject_id": "19",
    "task_id": "identification"
  },
  "dummy_trs": 11,
  "dvars_nstd": 43.43665602491531,
  "dvars_std": 1.0045509875988703,
  "dvars_vstd": 0.9813288240395475,
  "efc": 0.5135992235544098,
  "fber": 10525.50390625,
  "fd_mean": 0.11560794434589651,
  "fd_num": 8,
  "fd_perc": 2.2535211267605635,
  "fwhm_avg": 2.9126516666666666,
  "fwhm_x": 2.68361,
  "fwhm_y": 3.08085,
  "fwhm_z": 2.973495,
  "gcor": 0.00402082,
  "gsr_x": -0.00457150861620903,
  "gsr_y": 0.05165759474039078,
  "provenance": {
    "md5sum": "9aa8b51f648bc3d83c5c50bf38b77c1c",
    "settings": {
      "fd_thres": 0.2,
      "testing": false
    },
    "software": "mriqc",
    "version": "23.0.1",
    "webapi_port": null,
    "webapi_url": "https://mriqc.nimh.nih.gov/api/v1"
  },
  "size_t": 355,
  "size_x": 100,
  "size_y": 100,
  "size_z": 60,
  "snr": 2.582742709067815,
  "spacing_tr": 0.9549999833106995,
  "spacing_x": 2.0,
  "spacing_y": 2.0,
  "spacing_z": 2.0,
  "summary_bg_k": 53.42002768119051,
  "summary_bg_mad": 55.541196078029515,
  "summary_bg_mean": 386.5701599121094,
  "summary_bg_median": 71.22816467285156,
  "summary_bg_n": 368408.0,
  "summary_bg_p05": 23.450702667236328,
  "summary_bg_p95": 1927.220623779295,
  "summary_bg_stdv": 1017.2708740234375,
  "summary_fg_k": 1.8896932740085992,
  "summary_fg_mad": 2489.3662230819755,
  "summary_fg_mean": 7950.96044921875,
  "summary_fg_median": 7460.1787109375,
  "summary_fg_n": 143338.0,
  "summary_fg_p05": 4286.655322265625,
  "summary_fg_p95": 13328.805957031247,
  "summary_fg_stdv": 2888.46142578125,
  "tsnr": 29.584089647512883
}