{
  "aor": 0.001129371584699454,
  "aqi": 0.00861661461748634,
  "bids_meta": {
    "AcquisitionDateTime": "2017-04-26T15:05:59.543000",
    "EchoTime": 0.0352,
    "EffectiveEchoSpacing": 0.000580013,
    "FlipAngle": 56,
    "ImageType": [
      "ORIGINAL",
      "PRIMARY",
      "M",
      "MB",
      "ND",
      "MOSAI"
    ],
    "MagneticFieldStrength": 3,
    "Manufacturer": "Siemens",
    "ManufacturersModelName": "Prisma",
    "PhaseEncodingDirection": "j-",
    "RepetitionTime": 0.955,
    "SliceTiming": [
      0.875,
      0.795,
      0.7175,
      0.6375,
      0.5575,
      0.4775,
      0.3975,
      0.3175,
      0.24,
      0.16,
      0.08,
      0,
      0.875,
      0.795,
      0.7175,
      0.6375,
      0.5575,
      0.4775,
      0.3975,
      0.3175,
      0.24,
      0.16,
      0.08,
      0,
      0.875,
      0.795,
      0.7175,
      0.6375,
      0.5575,
      0.4775,
      0.3975,
      0.3175,
      0.24,
      0.16,
      0.08,
      0,
      0.875,
      0.795,
      0.7175,
      0.6375,
      0.5575,
      0.4775,
      0.3975,
      0.3175,
      0.24,
      0.16,
      0.08,
      0,
      0.875,
      0.795,
      0.7175,
      0.6375,
      0.5575,
      0.4775,
      0.3975,
      0.3175,
      0.24,
      0.16,
      0.08,
      0
    ],
    "TaskName": "identification",
    "TotalReadoutTime": 0.0580013,
    "dataset": "ds001771",
    "modality": "bold",
    "run_id": 2,
    "subject_id": "15",
    "task_id": "identification"
  },
  "dummy_trs": 0,
  "dvars_nstd": 47.03403889887674,
  "dvars_std": 1.049214062219178,
  "dvars_vstd": 1.020691124712328,
  "efc": 0.4703033796134575,
  "fber": 15531.900390625,
  "fd_mean": 0.11598639009206196,
  "fd_num": 32,
  "fd_perc": 8.743169398907105,
  "fwhm_avg": 2.9758633333333333,
  "fwhm_x": 2.82695,
  "fwhm_y": 3.09632,
  "fwhm_z": 3.00432,
  "gcor": 0.00875734,
  "gsr_x": -0.002570096869021654,
  "gsr_y": 0.03076888807117939,
  "provenance": {
    "md5sum": "75bf699ea583acc69b2c8de5ef7fe466",
    "settings": {
      "fd_thres": 0.2,
      "testing": false
    },
    "software": "mriqc",
    "version": "23.0.1",
    "webapi_port": null,
    "webapi_url": "https://mriqc.nimh.nih.gov/api/v1"
  },
  "size_t": 366,
  "size_x": 100,
  "size_y": 100,
  "size_z": 60,
  "snr": 2.7530472788760147,
  "spacing_tr": 0.9549999833106995,
  "spacing_x": 2.0,
  "spacing_y": 2.0,
  "spacing_z": 2.0,
  "summary_bg_k": 42.957617201818934,
  "summary_bg_mad": 22.83855783496649,
  "summary_bg_mean": 269.6708984375,
  "summary_bg_median": 55.16939926147461,
  "summary_bg_n": 397201.0,
  "summary_bg_p05": 34.68852233886719,
  "summary_bg_p95": 1254.218505859375,
  "summary_bg_stdv": 721.6043701171875,
  "summary_fg_k": 2.137159354355367,
  "summary_fg_mad": 2168.0342719902537,
  "summary_fg_mean": 7459.13720703125,
  "summary_fg_median": 7012.412109375,
  "summary_fg_n": 118158.0,
  "summary_fg_p05": 4307.181860351562,
  "summary_fg_p95": 12255.873144531248,
  "summary_fg_stdv": 2547.134765625,
  "tsnr": 29.046637759311125
}