{
  "aor": 0.0027278571428571425,
  "aqi": 0.010797127417582418,
  "bids_meta": {
    "AcquisitionDateTime": "2017-04-26T14:59:19.512000",
    "EchoTime": 0.0352,
    "EffectiveEchoSpacing": 0.000580013,
    "FlipAngle": 56,
    "ImageType": [
      "ORIGINAL",
      "PRIMARY",
      "M",
      "MB",
      "ND",
      "MOSAI"
    ],
    "MagneticFieldStrength": 3,
    "Manufacturer": "Siemens",
    "ManufacturersModelName": "Prisma",
    "PhaseEncodingDirection": "j-",
    "RepetitionTime": 0.955,
    "SliceTiming": [
      0.875,
      0.795,
      0.715,
      0.635,
      0.555,
      0.4775,
      0.3975,
      0.3175,
      0.2375,
      0.1575,
      0.0775,
      0,
      0.875,
      0.795,
      0.715,
      0.635,
      0.555,
      0.4775,
      0.3975,
      0.3175,
      0.2375,
      0.1575,
      0.0775,
      0,
      0.875,
      0.795,
      0.715,
      0.635,
      0.555,
      0.4775,
      0.3975,
      0.3175,
      0.2375,
      0.1575,
      0.0775,
      0,
      0.875,
      0.795,
      0.715,
      0.635,
      0.555,
      0.4775,
      0.3975,
      0.3175,
      0.2375,
      0.1575,
      0.0775,
      0,
      0.875,
      0.795,
      0.715,
      0.635,
      0.555,
      0.4775,
      0.3975,
      0.3175,
      0.2375,
      0.1575,
      0.0775,
      0
    ],
    "TaskName": "identification",
    "TotalReadoutTime": 0.0580013,
    "dataset": "ds001771",
    "modality": "bold",
    "run_id": 1,
    "subject_id": "15",
    "task_id": "identification"
  },
  "dummy_trs": 2,
  "dvars_nstd": 48.21867334867766,
  "dvars_std": 1.0583819849586784,
  "dvars_vstd": 1.0443856276859518,
  "efc": 0.47022131844139264,
  "fber": 14103.666015625,
  "fd_mean": 0.1601905483771995,
  "fd_num": 90,
  "fd_perc": 24.725274725274726,
  "fwhm_avg": 2.9590599999999996,
  "fwhm_x": 2.81012,
  "fwhm_y": 3.083845,
  "fwhm_z": 2.983215,
  "gcor": 0.00903204,
  "gsr_x": -0.001318952883593738,
  "gsr_y": 0.03139319270849228,
  "provenance": {
    "md5sum": "55eb109ebc9e772a2b538d7fc6d42f19",
    "settings": {
      "fd_thres": 0.2,
      "testing": false
    },
    "software": "mriqc",
    "version": "23.0.1",
    "webapi_port": null,
    "webapi_url": "https://mriqc.nimh.nih.gov/api/v1"
  },
  "size_t": 364,
  "size_x": 100,
  "size_y": 100,
  "size_z": 60,
  "snr": 2.7782806515263654,
  "spacing_tr": 0.9549999833106995,
  "spacing_x": 2.0,
  "spacing_y": 2.0,
  "spacing_z": 2.0,
  "summary_bg_k": 39.232383282746625,
  "summary_bg_mad": 32.80868787303433,
  "summary_bg_mean": 282.0196228027344,
  "summary_bg_median": 58.16483688354492,
  "summary_bg_n": 399290.0,
  "summary_bg_p05": 24.807693481445312,
  "summary_bg_p95": 1336.2508850097654,
  "summary_bg_stdv": 751.5689697265625,
  "summary_fg_k": 2.117949899684187,
  "summary_fg_mad": 2148.7756456138354,
  "summary_fg_mean": 7454.41455078125,
  "summary_fg_median": 7001.4287109375,
  "summary_fg_n": 117157.0,
  "summary_fg_p05": 4341.1798828125,
  "summary_fg_p95": 12185.9771484375,
  "summary_fg_stdv": 2520.04736328125,
  "tsnr": 27.373362177982926
}