{
  "aor": 0.003209644808743169,
  "aqi": 0.013021474180327869,
  "bids_meta": {
    "AcquisitionDateTime": "2017-04-26T15:20:59.513000",
    "EchoTime": 0.0352,
    "EffectiveEchoSpacing": 0.000580013,
    "FlipAngle": 56,
    "ImageType": [
      "ORIGINAL",
      "PRIMARY",
      "M",
      "MB",
      "ND",
      "MOSAI"
    ],
    "MagneticFieldStrength": 3,
    "Manufacturer": "Siemens",
    "ManufacturersModelName": "Prisma",
    "PhaseEncodingDirection": "j-",
    "RepetitionTime": 0.955,
    "SliceTiming": [
      0.8775,
      0.7975,
      0.7175,
      0.6375,
      0.5575,
      0.4775,
      0.4,
      0.32,
      0.24,
      0.16,
      0.08,
      0,
      0.8775,
      0.7975,
      0.7175,
      0.6375,
      0.5575,
      0.4775,
      0.4,
      0.32,
      0.24,
      0.16,
      0.08,
      0,
      0.8775,
      0.7975,
      0.7175,
      0.6375,
      0.5575,
      0.4775,
      0.4,
      0.32,
      0.24,
      0.16,
      0.08,
      0,
      0.8775,
      0.7975,
      0.7175,
      0.6375,
      0.5575,
      0.4775,
      0.4,
      0.32,
      0.24,
      0.16,
      0.08,
      0,
      0.8775,
      0.7975,
      0.7175,
      0.6375,
      0.5575,
      0.4775,
      0.4,
      0.32,
      0.24,
      0.16,
      0.08,
      0
    ],
    "TaskName": "identification",
    "TotalReadoutTime": 0.0580013,
    "dataset": "ds001771",
    "modality": "bold",
    "run_id": 4,
    "subject_id": "15",
    "task_id": "identification"
  },
  "dummy_trs": 0,
  "dvars_nstd": 50.73311728912328,
  "dvars_std": 1.0460402814246577,
  "dvars_vstd": 1.0243079805753426,
  "efc": 0.4709640383797808,
  "fber": 14271.298828125,
  "fd_mean": 0.2131681339021888,
  "fd_num": 80,
  "fd_perc": 21.85792349726776,
  "fwhm_avg": 3.032625,
  "fwhm_x": 2.855425,
  "fwhm_y": 3.17879,
  "fwhm_z": 3.06366,
  "gcor": 0.00870225,
  "gsr_x": -0.004258333705365658,
  "gsr_y": 0.028842326253652573,
  "provenance": {
    "md5sum": "e2b9287b9cd339e3fe9000454899f021",
    "settings": {
      "fd_thres": 0.2,
      "testing": false
    },
    "software": "mriqc",
    "version": "23.0.1",
    "webapi_port": null,
    "webapi_url": "https://mriqc.nimh.nih.gov/api/v1"
  },
  "size_t": 366,
  "size_x": 100,
  "size_y": 100,
  "size_z": 60,
  "snr": 2.7489817376348666,
  "spacing_tr": 0.9549999833106995,
  "spacing_x": 2.0,
  "spacing_y": 2.0,
  "spacing_z": 2.0,
  "summary_bg_k": 42.21252348850098,
  "summary_bg_mad": 28.60895624921885,
  "summary_bg_mean": 268.2393798828125,
  "summary_bg_median": 57.70764923095703,
  "summary_bg_n": 397030.0,
  "summary_bg_p05": 30.885244369506836,
  "summary_bg_p95": 1245.857464599609,
  "summary_bg_stdv": 696.7158813476562,
  "summary_fg_k": 2.0267803314377106,
  "summary_fg_mad": 2176.2530136829755,
  "summary_fg_mean": 7475.14404296875,
  "summary_fg_median": 7025.712890625,
  "summary_fg_n": 118437.0,
  "summary_fg_p05": 4290.31884765625,
  "summary_fg_p95": 12275.3208984375,
  "summary_fg_stdv": 2555.740234375,
  "tsnr": 25.540349362650886
}