{
  "aor": 0.0007599352750809063,
  "aqi": 0.0070369155177993515,
  "bids_meta": {
    "AcquisitionDateTime": "2017-04-26T16:59:59.509000",
    "EchoTime": 0.0352,
    "EffectiveEchoSpacing": 0.000580013,
    "FlipAngle": 56,
    "ImageType": [
      "ORIGINAL",
      "PRIMARY",
      "M",
      "MB",
      "ND",
      "MOSAI"
    ],
    "MagneticFieldStrength": 3,
    "Manufacturer": "Siemens",
    "ManufacturersModelName": "Prisma",
    "PhaseEncodingDirection": "j-",
    "RepetitionTime": 0.955,
    "SliceTiming": [
      0.875,
      0.7975,
      0.7175,
      0.6375,
      0.5575,
      0.4775,
      0.3975,
      0.32,
      0.24,
      0.16,
      0.08,
      0,
      0.875,
      0.7975,
      0.7175,
      0.6375,
      0.5575,
      0.4775,
      0.3975,
      0.32,
      0.24,
      0.16,
      0.08,
      0,
      0.875,
      0.7975,
      0.7175,
      0.6375,
      0.5575,
      0.4775,
      0.3975,
      0.32,
      0.24,
      0.16,
      0.08,
      0,
      0.875,
      0.7975,
      0.7175,
      0.6375,
      0.5575,
      0.4775,
      0.3975,
      0.32,
      0.24,
      0.16,
      0.08,
      0,
      0.875,
      0.7975,
      0.7175,
      0.6375,
      0.5575,
      0.4775,
      0.3975,
      0.32,
      0.24,
      0.16,
      0.08,
      0
    ],
    "TaskName": "rest",
    "TotalReadoutTime": 0.0580013,
    "dataset": "ds001771",
    "modality": "bold",
    "subject_id": "15",
    "task_id": "rest"
  },
  "dummy_trs": 2,
  "dvars_nstd": 42.7074756962885,
  "dvars_std": 1.0301540790275534,
  "dvars_vstd": 1.0021364578606151,
  "efc": 0.4647853817246828,
  "fber": 17593.201171875,
  "fd_mean": 0.11104173333540092,
  "fd_num": 16,
  "fd_perc": 2.588996763754045,
  "fwhm_avg": 2.99919321372729,
  "fwhm_x": 2.85334,
  "fwhm_y": 3.134255,
  "fwhm_z": 3.009984641181869,
  "gcor": 0.00717827,
  "gsr_x": -0.003447883063927293,
  "gsr_y": 0.030413206666707993,
  "provenance": {
    "md5sum": "4e167a2a4dea119457f9deb4c50228d2",
    "settings": {
      "fd_thres": 0.2,
      "testing": false
    },
    "software": "mriqc",
    "version": "23.0.1",
    "webapi_port": null,
    "webapi_url": "https://mriqc.nimh.nih.gov/api/v1"
  },
  "size_t": 618,
  "size_x": 100,
  "size_y": 100,
  "size_z": 60,
  "snr": 2.7237850347742127,
  "spacing_tr": 0.9549999833106995,
  "spacing_x": 2.0,
  "spacing_y": 2.0,
  "spacing_z": 2.000000238418579,
  "summary_bg_k": 36.79907258241518,
  "summary_bg_mad": 23.826986649750264,
  "summary_bg_mean": 288.4772644042969,
  "summary_bg_median": 56.44205856323242,
  "summary_bg_n": 400632.0,
  "summary_bg_p05": 36.994028854370114,
  "summary_bg_p95": 1379.778137207029,
  "summary_bg_stdv": 739.8541259765625,
  "summary_fg_k": 2.00512026975977,
  "summary_fg_mad": 2434.353210831103,
  "summary_fg_mean": 8057.54248046875,
  "summary_fg_median": 7619.73095703125,
  "summary_fg_n": 116295.0,
  "summary_fg_p05": 4516.439062500001,
  "summary_fg_p95": 13431.92197265625,
  "summary_fg_stdv": 2797.466796875,
  "tsnr": 31.69338035583496
}