{
  "aor": 0.00021926489226869452,
  "aqi": 0.015974406337135615,
  "bids_meta": {
    "AcquisitionDateTime": "2017-04-03T15:15:15.892000",
    "EchoTime": 0.0352,
    "EffectiveEchoSpacing": 0.000580013,
    "FlipAngle": 56,
    "ImageType": [
      "ORIGINAL",
      "PRIMARY",
      "M",
      "MB",
      "ND",
      "MOSAI"
    ],
    "MagneticFieldStrength": 3,
    "Manufacturer": "Siemens",
    "ManufacturersModelName": "Prisma",
    "PhaseEncodingDirection": "j-",
    "RepetitionTime": 0.955,
    "SliceTiming": [
      0.875,
      0.795,
      0.715,
      0.635,
      0.5575,
      0.4775,
      0.3975,
      0.3175,
      0.2375,
      0.1575,
      0.08,
      0,
      0.875,
      0.795,
      0.715,
      0.635,
      0.5575,
      0.4775,
      0.3975,
      0.3175,
      0.2375,
      0.1575,
      0.08,
      0,
      0.875,
      0.795,
      0.715,
      0.635,
      0.5575,
      0.4775,
      0.3975,
      0.3175,
      0.2375,
      0.1575,
      0.08,
      0,
      0.875,
      0.795,
      0.715,
      0.635,
      0.5575,
      0.4775,
      0.3975,
      0.3175,
      0.2375,
      0.1575,
      0.08,
      0,
      0.875,
      0.795,
      0.715,
      0.635,
      0.5575,
      0.4775,
      0.3975,
      0.3175,
      0.2375,
      0.1575,
      0.08,
      0
    ],
    "TaskName": "localizer",
    "TotalReadoutTime": 0.0580013,
    "dataset": "ds001771",
    "modality": "bold",
    "subject_id": "04",
    "task_id": "localizer"
  },
  "dummy_trs": 3,
  "dvars_nstd": 47.54191891930209,
  "dvars_std": 0.9878036947081222,
  "dvars_vstd": 0.9649408189340115,
  "efc": 0.5184371371107257,
  "fber": 9627.228515625,
  "fd_mean": 0.1258153331371408,
  "fd_num": 88,
  "fd_perc": 11.153358681875792,
  "fwhm_avg": 2.8135833333333333,
  "fwhm_x": 2.60435,
  "fwhm_y": 2.97359,
  "fwhm_z": 2.86281,
  "gcor": 0.00870278,
  "gsr_x": 0.0004308316856622696,
  "gsr_y": 0.03149848058819771,
  "provenance": {
    "md5sum": "fb611f7f425382ad194d0b9b3b01d3d6",
    "settings": {
      "fd_thres": 0.2,
      "testing": false
    },
    "software": "mriqc",
    "version": "23.0.1",
    "webapi_port": null,
    "webapi_url": "https://mriqc.nimh.nih.gov/api/v1"
  },
  "size_t": 789,
  "size_x": 100,
  "size_y": 100,
  "size_z": 60,
  "snr": 2.8610542150798746,
  "spacing_tr": 0.9549999833106995,
  "spacing_x": 2.0,
  "spacing_y": 2.0,
  "spacing_z": 2.0,
  "summary_bg_k": 70.27479468601307,
  "summary_bg_mad": 48.31516737665298,
  "summary_bg_mean": 299.8041687011719,
  "summary_bg_median": 70.86058044433594,
  "summary_bg_n": 365669.0,
  "summary_bg_p05": 29.798479080200195,
  "summary_bg_p95": 1313.4727783203075,
  "summary_bg_stdv": 738.3722534179688,
  "summary_fg_k": 0.6236539706192628,
  "summary_fg_mad": 2425.954935275984,
  "summary_fg_mean": 7342.26171875,
  "summary_fg_median": 7038.37451171875,
  "summary_fg_n": 146754.0,
  "summary_fg_p05": 3958.2041015625,
  "summary_fg_p95": 11716.2861328125,
  "summary_fg_stdv": 2460.054931640625,
  "tsnr": 24.073821582831442
}