{
  "aor": 0.00033364383561643835,
  "aqi": 0.0064183478356164385,
  "bids_meta": {
    "AcquisitionDateTime": "2017-04-03T14:55:15.891000",
    "EchoTime": 0.0352,
    "EffectiveEchoSpacing": 0.000580013,
    "FlipAngle": 56,
    "ImageType": [
      "ORIGINAL",
      "PRIMARY",
      "M",
      "MB",
      "ND",
      "MOSAI"
    ],
    "MagneticFieldStrength": 3,
    "Manufacturer": "Siemens",
    "ManufacturersModelName": "Prisma",
    "PhaseEncodingDirection": "j-",
    "RepetitionTime": 0.955,
    "SliceTiming": [
      0.875,
      0.795,
      0.715,
      0.635,
      0.5575,
      0.4775,
      0.3975,
      0.3175,
      0.2375,
      0.1575,
      0.08,
      0,
      0.875,
      0.795,
      0.715,
      0.635,
      0.5575,
      0.4775,
      0.3975,
      0.3175,
      0.2375,
      0.1575,
      0.08,
      0,
      0.875,
      0.795,
      0.715,
      0.635,
      0.5575,
      0.4775,
      0.3975,
      0.3175,
      0.2375,
      0.1575,
      0.08,
      0,
      0.875,
      0.795,
      0.715,
      0.635,
      0.5575,
      0.4775,
      0.3975,
      0.3175,
      0.2375,
      0.1575,
      0.08,
      0,
      0.875,
      0.795,
      0.715,
      0.635,
      0.5575,
      0.4775,
      0.3975,
      0.3175,
      0.2375,
      0.1575,
      0.08,
      0
    ],
    "TaskName": "identification",
    "TotalReadoutTime": 0.0580013,
    "dataset": "ds001771",
    "modality": "bold",
    "run_id": 2,
    "subject_id": "04",
    "task_id": "identification"
  },
  "dummy_trs": 1,
  "dvars_nstd": 48.71979617038459,
  "dvars_std": 1.0633939115934066,
  "dvars_vstd": 1.0059178159615383,
  "efc": 0.5176432000089415,
  "fber": 12353.0419921875,
  "fd_mean": 0.09075981622754617,
  "fd_num": 4,
  "fd_perc": 1.095890410958904,
  "fwhm_avg": 2.706538333333333,
  "fwhm_x": 2.51585,
  "fwhm_y": 2.854495,
  "fwhm_z": 2.74927,
  "gcor": 0.00605119,
  "gsr_x": -0.0003619534254539758,
  "gsr_y": 0.03056051768362522,
  "provenance": {
    "md5sum": "609cddafc894144f168be2fab522cbaa",
    "settings": {
      "fd_thres": 0.2,
      "testing": false
    },
    "software": "mriqc",
    "version": "23.0.1",
    "webapi_port": null,
    "webapi_url": "https://mriqc.nimh.nih.gov/api/v1"
  },
  "size_t": 365,
  "size_x": 100,
  "size_y": 100,
  "size_z": 60,
  "snr": 2.862470737329492,
  "spacing_tr": 0.9549999833106995,
  "spacing_x": 2.0,
  "spacing_y": 2.0,
  "spacing_z": 2.0,
  "summary_bg_k": 75.18075380584439,
  "summary_bg_mad": 32.016084102938386,
  "summary_bg_mean": 297.216552734375,
  "summary_bg_median": 62.490413665771484,
  "summary_bg_n": 365055.0,
  "summary_bg_p05": 36.74438323974609,
  "summary_bg_p95": 1314.3424682617156,
  "summary_bg_stdv": 771.68115234375,
  "summary_fg_k": 0.7222568961815363,
  "summary_fg_mad": 2438.925532907315,
  "summary_fg_mean": 7382.48046875,
  "summary_fg_median": 7082.546875,
  "summary_fg_n": 146678.0,
  "summary_fg_p05": 3978.2445678710938,
  "summary_fg_p95": 11762.352929687499,
  "summary_fg_stdv": 2474.26904296875,
  "tsnr": 31.04950419953093
}