{
  "aor": 0.00029350828729281773,
  "aqi": 0.006686771546961326,
  "bids_meta": {
    "AcquisitionDateTime": "2017-04-03T15:01:55.916000",
    "EchoTime": 0.0352,
    "EffectiveEchoSpacing": 0.000580013,
    "FlipAngle": 56,
    "ImageType": [
      "ORIGINAL",
      "PRIMARY",
      "M",
      "MB",
      "ND",
      "MOSAI"
    ],
    "MagneticFieldStrength": 3,
    "Manufacturer": "Siemens",
    "ManufacturersModelName": "Prisma",
    "PhaseEncodingDirection": "j-",
    "RepetitionTime": 0.955,
    "SliceTiming": [
      0.875,
      0.795,
      0.715,
      0.635,
      0.5575,
      0.4775,
      0.3975,
      0.3175,
      0.2375,
      0.1575,
      0.08,
      0,
      0.875,
      0.795,
      0.715,
      0.635,
      0.5575,
      0.4775,
      0.3975,
      0.3175,
      0.2375,
      0.1575,
      0.08,
      0,
      0.875,
      0.795,
      0.715,
      0.635,
      0.5575,
      0.4775,
      0.3975,
      0.3175,
      0.2375,
      0.1575,
      0.08,
      0,
      0.875,
      0.795,
      0.715,
      0.635,
      0.5575,
      0.4775,
      0.3975,
      0.3175,
      0.2375,
      0.1575,
      0.08,
      0,
      0.875,
      0.795,
      0.715,
      0.635,
      0.5575,
      0.4775,
      0.3975,
      0.3175,
      0.2375,
      0.1575,
      0.08,
      0
    ],
    "TaskName": "identification",
    "TotalReadoutTime": 0.0580013,
    "dataset": "ds001771",
    "modality": "bold",
    "run_id": 3,
    "subject_id": "04",
    "task_id": "identification"
  },
  "dummy_trs": 4,
  "dvars_nstd": 48.56500716476454,
  "dvars_std": 1.0598278507756225,
  "dvars_vstd": 1.0044143143490305,
  "efc": 0.5181502072850764,
  "fber": 11378.0625,
  "fd_mean": 0.09461818769338506,
  "fd_num": 2,
  "fd_perc": 0.5524861878453039,
  "fwhm_avg": 2.7128916666666663,
  "fwhm_x": 2.52819,
  "fwhm_y": 2.867885,
  "fwhm_z": 2.7426,
  "gcor": 0.00345083,
  "gsr_x": -0.0008096674573607743,
  "gsr_y": 0.03034452348947525,
  "provenance": {
    "md5sum": "7a044084c442e1fb4c4186555606e943",
    "settings": {
      "fd_thres": 0.2,
      "testing": false
    },
    "software": "mriqc",
    "version": "23.0.1",
    "webapi_port": null,
    "webapi_url": "https://mriqc.nimh.nih.gov/api/v1"
  },
  "size_t": 362,
  "size_x": 100,
  "size_y": 100,
  "size_z": 60,
  "snr": 2.8622744104097197,
  "spacing_tr": 0.9549999833106995,
  "spacing_x": 2.0,
  "spacing_y": 2.0,
  "spacing_z": 2.0,
  "summary_bg_k": 74.37825063376827,
  "summary_bg_mad": 41.63982644769799,
  "summary_bg_mean": 299.8955993652344,
  "summary_bg_median": 65.38121795654297,
  "summary_bg_n": 364755.0,
  "summary_bg_p05": 27.682321548461914,
  "summary_bg_p95": 1342.4945556640605,
  "summary_bg_stdv": 771.2938232421875,
  "summary_fg_k": 0.7025869232302484,
  "summary_fg_mad": 2437.3821208321906,
  "summary_fg_mean": 7380.3037109375,
  "summary_fg_median": 7077.185546875,
  "summary_fg_n": 146887.0,
  "summary_fg_p05": 3976.204833984375,
  "summary_fg_p95": 11754.312304687499,
  "summary_fg_stdv": 2472.565673828125,
  "tsnr": 30.6727439572569
}