{
  "aor": 0.0005503021978021978,
  "aqi": 0.009442110247252748,
  "bids_meta": {
    "AcquisitionDateTime": "2017-07-06T14:58:57.087000",
    "EchoTime": 0.0352,
    "EffectiveEchoSpacing": 0.000580013,
    "FlipAngle": 56,
    "ImageType": [
      "ORIGINAL",
      "PRIMARY",
      "M",
      "MB",
      "ND",
      "MOSAI"
    ],
    "MagneticFieldStrength": 3,
    "Manufacturer": "Siemens",
    "ManufacturersModelName": "Prisma",
    "PhaseEncodingDirection": "j-",
    "RepetitionTime": 0.955,
    "SliceTiming": [
      0.8775,
      0.7975,
      0.7175,
      0.6375,
      0.5575,
      0.4775,
      0.4,
      0.32,
      0.24,
      0.16,
      0.08,
      0,
      0.8775,
      0.7975,
      0.7175,
      0.6375,
      0.5575,
      0.4775,
      0.4,
      0.32,
      0.24,
      0.16,
      0.08,
      0,
      0.8775,
      0.7975,
      0.7175,
      0.6375,
      0.5575,
      0.4775,
      0.4,
      0.32,
      0.24,
      0.16,
      0.08,
      0,
      0.8775,
      0.7975,
      0.7175,
      0.6375,
      0.5575,
      0.4775,
      0.4,
      0.32,
      0.24,
      0.16,
      0.08,
      0,
      0.8775,
      0.7975,
      0.7175,
      0.6375,
      0.5575,
      0.4775,
      0.4,
      0.32,
      0.24,
      0.16,
      0.08,
      0
    ],
    "TaskName": "identification",
    "TotalReadoutTime": 0.0580013,
    "dataset": "ds001771",
    "modality": "bold",
    "run_id": 3,
    "subject_id": "33",
    "task_id": "identification"
  },
  "dummy_trs": 2,
  "dvars_nstd": 54.42001507771352,
  "dvars_std": 1.0985368236639115,
  "dvars_vstd": 0.998524291322313,
  "efc": 0.5190996436748033,
  "fber": 11436.4267578125,
  "fd_mean": 0.10686282851014206,
  "fd_num": 6,
  "fd_perc": 1.6483516483516483,
  "fwhm_avg": 2.6946783333333335,
  "fwhm_x": 2.450425,
  "fwhm_y": 2.87749,
  "fwhm_z": 2.75612,
  "gcor": 0.0028669,
  "gsr_x": -0.0070556942373514175,
  "gsr_y": 0.04732092097401619,
  "provenance": {
    "md5sum": "900baaa992e9bbf6126c725c7dec8d30",
    "settings": {
      "fd_thres": 0.2,
      "testing": false
    },
    "software": "mriqc",
    "version": "23.0.1",
    "webapi_port": null,
    "webapi_url": "https://mriqc.nimh.nih.gov/api/v1"
  },
  "size_t": 364,
  "size_x": 100,
  "size_y": 100,
  "size_z": 60,
  "snr": 3.02235358601137,
  "spacing_tr": 0.9549999833106995,
  "spacing_x": 2.0,
  "spacing_y": 2.0,
  "spacing_z": 2.0,
  "summary_bg_k": 75.37316556397597,
  "summary_bg_mad": 42.319333612250965,
  "summary_bg_mean": 381.4416198730469,
  "summary_bg_median": 70.3379135131836,
  "summary_bg_n": 369982.0,
  "summary_bg_p05": 35.225276947021484,
  "summary_bg_p95": 1764.199792480471,
  "summary_bg_stdv": 993.6449584960938,
  "summary_fg_k": 0.7157629770795833,
  "summary_fg_mad": 2439.0355697907194,
  "summary_fg_mean": 8043.5634765625,
  "summary_fg_median": 7700.9326171875,
  "summary_fg_n": 140880.0,
  "summary_fg_p05": 4582.157861328125,
  "summary_fg_p95": 12642.705566406248,
  "summary_fg_stdv": 2547.98291015625,
  "tsnr": 29.523645184119232
}