{
  "aor": 0.00042766483516483515,
  "aqi": 0.00850183923076923,
  "bids_meta": {
    "AcquisitionDateTime": "2017-07-06T14:51:37.060000",
    "EchoTime": 0.0352,
    "EffectiveEchoSpacing": 0.000580013,
    "FlipAngle": 56,
    "ImageType": [
      "ORIGINAL",
      "PRIMARY",
      "M",
      "MB",
      "ND",
      "MOSAI"
    ],
    "MagneticFieldStrength": 3,
    "Manufacturer": "Siemens",
    "ManufacturersModelName": "Prisma",
    "PhaseEncodingDirection": "j-",
    "RepetitionTime": 0.955,
    "SliceTiming": [
      0.875,
      0.795,
      0.715,
      0.635,
      0.555,
      0.4775,
      0.3975,
      0.3175,
      0.2375,
      0.1575,
      0.0775,
      0,
      0.875,
      0.795,
      0.715,
      0.635,
      0.555,
      0.4775,
      0.3975,
      0.3175,
      0.2375,
      0.1575,
      0.0775,
      0,
      0.875,
      0.795,
      0.715,
      0.635,
      0.555,
      0.4775,
      0.3975,
      0.3175,
      0.2375,
      0.1575,
      0.0775,
      0,
      0.875,
      0.795,
      0.715,
      0.635,
      0.555,
      0.4775,
      0.3975,
      0.3175,
      0.2375,
      0.1575,
      0.0775,
      0,
      0.875,
      0.795,
      0.715,
      0.635,
      0.555,
      0.4775,
      0.3975,
      0.3175,
      0.2375,
      0.1575,
      0.0775,
      0
    ],
    "TaskName": "identification",
    "TotalReadoutTime": 0.0580013,
    "dataset": "ds001771",
    "modality": "bold",
    "run_id": 2,
    "subject_id": "33",
    "task_id": "identification"
  },
  "dummy_trs": 2,
  "dvars_nstd": 54.658631590000056,
  "dvars_std": 1.1040283663911845,
  "dvars_vstd": 0.9960470029476579,
  "efc": 0.5193846783232686,
  "fber": 10753.0927734375,
  "fd_mean": 0.09621895550749242,
  "fd_num": 0,
  "fd_perc": 0.0,
  "fwhm_avg": 2.7048216666666662,
  "fwhm_x": 2.465265,
  "fwhm_y": 2.887025,
  "fwhm_z": 2.762175,
  "gcor": 0.00304192,
  "gsr_x": -0.007478800602257252,
  "gsr_y": 0.04697378724813461,
  "provenance": {
    "md5sum": "4935660ce8a30f5bc742211bd4999197",
    "settings": {
      "fd_thres": 0.2,
      "testing": false
    },
    "software": "mriqc",
    "version": "23.0.1",
    "webapi_port": null,
    "webapi_url": "https://mriqc.nimh.nih.gov/api/v1"
  },
  "size_t": 364,
  "size_x": 100,
  "size_y": 100,
  "size_z": 60,
  "snr": 3.004138714927636,
  "spacing_tr": 0.9549999833106995,
  "spacing_x": 2.0,
  "spacing_y": 2.0,
  "spacing_z": 2.0,
  "summary_bg_k": 81.83734473485326,
  "summary_bg_mad": 47.25998175917248,
  "summary_bg_mean": 379.43267822265625,
  "summary_bg_median": 72.87637329101562,
  "summary_bg_n": 369024.0,
  "summary_bg_p05": 34.1762357711792,
  "summary_bg_p95": 1735.311584472656,
  "summary_bg_stdv": 1004.1427001953125,
  "summary_fg_k": 0.7285412920734449,
  "summary_fg_mad": 2455.8531147800277,
  "summary_fg_mean": 8051.71484375,
  "summary_fg_median": 7711.6748046875,
  "summary_fg_n": 141480.0,
  "summary_fg_p05": 4564.22998046875,
  "summary_fg_p95": 12677.63491210937,
  "summary_fg_stdv": 2567.0078125,
  "tsnr": 30.026530587580055
}