{
  "aor": 0.00038954487989886224,
  "aqi": 0.01087175429835651,
  "bids_meta": {
    "AcquisitionDateTime": "2017-07-06T15:13:17.058000",
    "EchoTime": 0.0352,
    "EffectiveEchoSpacing": 0.000580013,
    "FlipAngle": 56,
    "ImageType": [
      "ORIGINAL",
      "PRIMARY",
      "M",
      "MB",
      "ND",
      "MOSAI"
    ],
    "MagneticFieldStrength": 3,
    "Manufacturer": "Siemens",
    "ManufacturersModelName": "Prisma",
    "PhaseEncodingDirection": "j-",
    "RepetitionTime": 0.955,
    "SliceTiming": [
      0.875,
      0.795,
      0.715,
      0.6375,
      0.5575,
      0.4775,
      0.3975,
      0.3175,
      0.2375,
      0.16,
      0.08,
      0,
      0.875,
      0.795,
      0.715,
      0.6375,
      0.5575,
      0.4775,
      0.3975,
      0.3175,
      0.2375,
      0.16,
      0.08,
      0,
      0.875,
      0.795,
      0.715,
      0.6375,
      0.5575,
      0.4775,
      0.3975,
      0.3175,
      0.2375,
      0.16,
      0.08,
      0,
      0.875,
      0.795,
      0.715,
      0.6375,
      0.5575,
      0.4775,
      0.3975,
      0.3175,
      0.2375,
      0.16,
      0.08,
      0,
      0.875,
      0.795,
      0.715,
      0.6375,
      0.5575,
      0.4775,
      0.3975,
      0.3175,
      0.2375,
      0.16,
      0.08,
      0
    ],
    "TaskName": "localizer",
    "TotalReadoutTime": 0.0580013,
    "dataset": "ds001771",
    "modality": "bold",
    "subject_id": "33",
    "task_id": "localizer"
  },
  "dummy_trs": 1,
  "dvars_nstd": 55.26144018055692,
  "dvars_std": 1.0972094252278484,
  "dvars_vstd": 0.99630943129114,
  "efc": 0.5197507791757773,
  "fber": 10716.908203125,
  "fd_mean": 0.12836296040782288,
  "fd_num": 86,
  "fd_perc": 10.872313527180784,
  "fwhm_avg": 2.704255,
  "fwhm_x": 2.45509,
  "fwhm_y": 2.88699,
  "fwhm_z": 2.770685,
  "gcor": 0.00626979,
  "gsr_x": -0.007031452376395464,
  "gsr_y": 0.04693368077278137,
  "provenance": {
    "md5sum": "37bea687dfab526d72ea0fe92491d92b",
    "settings": {
      "fd_thres": 0.2,
      "testing": false
    },
    "software": "mriqc",
    "version": "23.0.1",
    "webapi_port": null,
    "webapi_url": "https://mriqc.nimh.nih.gov/api/v1"
  },
  "size_t": 791,
  "size_x": 100,
  "size_y": 100,
  "size_z": 60,
  "snr": 3.0299969299067246,
  "spacing_tr": 0.9549999833106995,
  "spacing_x": 2.0,
  "spacing_y": 2.0,
  "spacing_z": 2.0,
  "summary_bg_k": 78.2314367660826,
  "summary_bg_mad": 48.159271423085485,
  "summary_bg_mean": 383.2967529296875,
  "summary_bg_median": 72.54109191894531,
  "summary_bg_n": 369900.0,
  "summary_bg_p05": 31.910242080688477,
  "summary_bg_p95": 1784.6033203124975,
  "summary_bg_stdv": 994.7888793945312,
  "summary_fg_k": 0.7426885014312248,
  "summary_fg_mad": 2417.20229752069,
  "summary_fg_mean": 7999.45263671875,
  "summary_fg_median": 7669.447265625,
  "summary_fg_n": 141048.0,
  "summary_fg_p05": 4553.6964111328125,
  "summary_fg_p95": 12553.954345703125,
  "summary_fg_stdv": 2531.164306640625,
  "tsnr": 27.756140719167888
}