{
  "aor": 0.004074234972677596,
  "aqi": 0.024286510901639347,
  "bids_meta": {
    "AcquisitionDateTime": "2017-07-17T15:06:00.114000",
    "EchoTime": 0.0352,
    "EffectiveEchoSpacing": 0.000580013,
    "FlipAngle": 56,
    "ImageType": [
      "ORIGINAL",
      "PRIMARY",
      "M",
      "MB",
      "ND",
      "MOSAI"
    ],
    "MagneticFieldStrength": 3,
    "Manufacturer": "Siemens",
    "ManufacturersModelName": "Prisma",
    "PhaseEncodingDirection": "j-",
    "RepetitionTime": 0.955,
    "SliceTiming": [
      0.875,
      0.7975,
      0.7175,
      0.6375,
      0.5575,
      0.4775,
      0.3975,
      0.32,
      0.24,
      0.16,
      0.08,
      0,
      0.875,
      0.7975,
      0.7175,
      0.6375,
      0.5575,
      0.4775,
      0.3975,
      0.32,
      0.24,
      0.16,
      0.08,
      0,
      0.875,
      0.7975,
      0.7175,
      0.6375,
      0.5575,
      0.4775,
      0.3975,
      0.32,
      0.24,
      0.16,
      0.08,
      0,
      0.875,
      0.7975,
      0.7175,
      0.6375,
      0.5575,
      0.4775,
      0.3975,
      0.32,
      0.24,
      0.16,
      0.08,
      0,
      0.875,
      0.7975,
      0.7175,
      0.6375,
      0.5575,
      0.4775,
      0.3975,
      0.32,
      0.24,
      0.16,
      0.08,
      0
    ],
    "TaskName": "identification",
    "TotalReadoutTime": 0.0580013,
    "dataset": "ds001771",
    "modality": "bold",
    "run_id": 2,
    "subject_id": "36",
    "task_id": "identification"
  },
  "dummy_trs": 0,
  "dvars_nstd": 70.44004702627402,
  "dvars_std": 1.0993591021095899,
  "dvars_vstd": 1.0135048122465755,
  "efc": 0.5025281669989574,
  "fber": 7910.5009765625,
  "fd_mean": 0.7859510158787741,
  "fd_num": 314,
  "fd_perc": 85.79234972677595,
  "fwhm_avg": 3.1882033333333335,
  "fwhm_x": 2.993835,
  "fwhm_y": 3.393315,
  "fwhm_z": 3.17746,
  "gcor": 0.00962259,
  "gsr_x": -0.00459193205460906,
  "gsr_y": 0.05479923263192177,
  "provenance": {
    "md5sum": "de7a89a0e68e675e3dc32af7b4f99ae1",
    "settings": {
      "fd_thres": 0.2,
      "testing": false
    },
    "software": "mriqc",
    "version": "23.0.1",
    "webapi_port": null,
    "webapi_url": "https://mriqc.nimh.nih.gov/api/v1"
  },
  "size_t": 366,
  "size_x": 100,
  "size_y": 100,
  "size_z": 60,
  "snr": 2.717054592122036,
  "spacing_tr": 0.9549999833106995,
  "spacing_x": 2.0,
  "spacing_y": 2.0,
  "spacing_z": 2.0,
  "summary_bg_k": 41.61790917381116,
  "summary_bg_mad": 74.44951537584964,
  "summary_bg_mean": 404.2778625488281,
  "summary_bg_median": 89.28746032714844,
  "summary_bg_n": 383115.0,
  "summary_bg_p05": 23.3614860534668,
  "summary_bg_p95": 1926.873986816406,
  "summary_bg_stdv": 923.3811645507812,
  "summary_fg_k": 1.2324423148045378,
  "summary_fg_mad": 2888.8077110731597,
  "summary_fg_mean": 8448.8955078125,
  "summary_fg_median": 8090.17822265625,
  "summary_fg_n": 131493.0,
  "summary_fg_p05": 4420.24326171875,
  "summary_fg_p95": 13788.654101562499,
  "summary_fg_stdv": 2977.543212890625,
  "tsnr": 19.318925857543945
}