{
  "aor": 0.004083270202020202,
  "aqi": 0.024767307449494947,
  "bids_meta": {
    "AcquisitionDateTime": "2017-07-17T15:25:40.120000",
    "EchoTime": 0.0352,
    "EffectiveEchoSpacing": 0.000580013,
    "FlipAngle": 56,
    "ImageType": [
      "ORIGINAL",
      "PRIMARY",
      "M",
      "MB",
      "ND",
      "MOSAI"
    ],
    "MagneticFieldStrength": 3,
    "Manufacturer": "Siemens",
    "ManufacturersModelName": "Prisma",
    "PhaseEncodingDirection": "j-",
    "RepetitionTime": 0.955,
    "SliceTiming": [
      0.875,
      0.7975,
      0.7175,
      0.6375,
      0.5575,
      0.4775,
      0.3975,
      0.32,
      0.24,
      0.16,
      0.08,
      0,
      0.875,
      0.7975,
      0.7175,
      0.6375,
      0.5575,
      0.4775,
      0.3975,
      0.32,
      0.24,
      0.16,
      0.08,
      0,
      0.875,
      0.7975,
      0.7175,
      0.6375,
      0.5575,
      0.4775,
      0.3975,
      0.32,
      0.24,
      0.16,
      0.08,
      0,
      0.875,
      0.7975,
      0.7175,
      0.6375,
      0.5575,
      0.4775,
      0.3975,
      0.32,
      0.24,
      0.16,
      0.08,
      0,
      0.875,
      0.7975,
      0.7175,
      0.6375,
      0.5575,
      0.4775,
      0.3975,
      0.32,
      0.24,
      0.16,
      0.08,
      0
    ],
    "TaskName": "localizer",
    "TotalReadoutTime": 0.0580013,
    "dataset": "ds001771",
    "modality": "bold",
    "subject_id": "36",
    "task_id": "localizer"
  },
  "dummy_trs": 0,
  "dvars_nstd": 73.96835740927932,
  "dvars_std": 1.073660550796461,
  "dvars_vstd": 0.9821428490391921,
  "efc": 0.5041041489656967,
  "fber": 7429.9267578125,
  "fd_mean": 0.8731602449469046,
  "fd_num": 660,
  "fd_perc": 83.33333333333333,
  "fwhm_avg": 3.2239516666666668,
  "fwhm_x": 3.01166,
  "fwhm_y": 3.45286,
  "fwhm_z": 3.207335,
  "gcor": 0.00513033,
  "gsr_x": -0.006638136692345142,
  "gsr_y": 0.04954645410180092,
  "provenance": {
    "md5sum": "af03870b1f6e8cc08cc77aeedec8355b",
    "settings": {
      "fd_thres": 0.2,
      "testing": false
    },
    "software": "mriqc",
    "version": "23.0.1",
    "webapi_port": null,
    "webapi_url": "https://mriqc.nimh.nih.gov/api/v1"
  },
  "size_t": 792,
  "size_x": 100,
  "size_y": 100,
  "size_z": 60,
  "snr": 2.6622836586126035,
  "spacing_tr": 0.9549999833106995,
  "spacing_x": 2.0,
  "spacing_y": 2.0,
  "spacing_z": 2.0,
  "summary_bg_k": 48.31945888132151,
  "summary_bg_mad": 75.05508019800781,
  "summary_bg_mean": 441.20855712890625,
  "summary_bg_median": 92.06710815429688,
  "summary_bg_n": 383787.0,
  "summary_bg_p05": 30.514119338989257,
  "summary_bg_p95": 2109.810766601563,
  "summary_bg_stdv": 1050.3192138671875,
  "summary_fg_k": 1.1705484053673851,
  "summary_fg_mad": 2936.4902398940576,
  "summary_fg_mean": 8456.259765625,
  "summary_fg_median": 8066.2138671875,
  "summary_fg_n": 131766.0,
  "summary_fg_p05": 4400.469970703125,
  "summary_fg_p95": 13963.838623046875,
  "summary_fg_stdv": 3029.798583984375,
  "tsnr": 18.894084930419922
}