{
  "aor": 0.001268610662358643,
  "aqi": 0.016948551227786754,
  "bids_meta": {
    "AcquisitionDateTime": "2017-07-17T17:09:20.116000",
    "EchoTime": 0.0352,
    "EffectiveEchoSpacing": 0.000580013,
    "FlipAngle": 56,
    "ImageType": [
      "ORIGINAL",
      "PRIMARY",
      "M",
      "MB",
      "ND",
      "MOSAI"
    ],
    "MagneticFieldStrength": 3,
    "Manufacturer": "Siemens",
    "ManufacturersModelName": "Prisma",
    "PhaseEncodingDirection": "j-",
    "RepetitionTime": 0.955,
    "SliceTiming": [
      0.875,
      0.7975,
      0.7175,
      0.6375,
      0.5575,
      0.4775,
      0.3975,
      0.32,
      0.24,
      0.16,
      0.08,
      0,
      0.875,
      0.7975,
      0.7175,
      0.6375,
      0.5575,
      0.4775,
      0.3975,
      0.32,
      0.24,
      0.16,
      0.08,
      0,
      0.875,
      0.7975,
      0.7175,
      0.6375,
      0.5575,
      0.4775,
      0.3975,
      0.32,
      0.24,
      0.16,
      0.08,
      0,
      0.875,
      0.7975,
      0.7175,
      0.6375,
      0.5575,
      0.4775,
      0.3975,
      0.32,
      0.24,
      0.16,
      0.08,
      0,
      0.875,
      0.7975,
      0.7175,
      0.6375,
      0.5575,
      0.4775,
      0.3975,
      0.32,
      0.24,
      0.16,
      0.08,
      0
    ],
    "TaskName": "rest",
    "TotalReadoutTime": 0.0580013,
    "dataset": "ds001771",
    "modality": "bold",
    "subject_id": "36",
    "task_id": "rest"
  },
  "dummy_trs": 1,
  "dvars_nstd": 48.511160507977365,
  "dvars_std": 0.9874665036407761,
  "dvars_vstd": 0.9848979391747577,
  "efc": 0.5000741968223261,
  "fber": 10871.7255859375,
  "fd_mean": 0.24628161983416966,
  "fd_num": 232,
  "fd_perc": 37.47980613893377,
  "fwhm_avg": 2.812068333333333,
  "fwhm_x": 2.613365,
  "fwhm_y": 3.013635,
  "fwhm_z": 2.809205,
  "gcor": 0.0121143,
  "gsr_x": -0.00034046501968987286,
  "gsr_y": 0.0534522645175457,
  "provenance": {
    "md5sum": "4ceb1892db7a95b80ef49b69cd0bb9c3",
    "settings": {
      "fd_thres": 0.2,
      "testing": false
    },
    "software": "mriqc",
    "version": "23.0.1",
    "webapi_port": null,
    "webapi_url": "https://mriqc.nimh.nih.gov/api/v1"
  },
  "size_t": 619,
  "size_x": 100,
  "size_y": 100,
  "size_z": 60,
  "snr": 2.985844001845665,
  "spacing_tr": 0.9549999833106995,
  "spacing_x": 2.0,
  "spacing_y": 2.0,
  "spacing_z": 2.0,
  "summary_bg_k": 65.39316450692279,
  "summary_bg_mad": 52.98025954941515,
  "summary_bg_mean": 343.9834899902344,
  "summary_bg_median": 71.07572937011719,
  "summary_bg_n": 382900.0,
  "summary_bg_p05": 23.329037380218505,
  "summary_bg_p95": 1576.099822998046,
  "summary_bg_stdv": 873.1195678710938,
  "summary_fg_k": 0.7729943543833695,
  "summary_fg_mad": 2423.044749280675,
  "summary_fg_mean": 7798.8681640625,
  "summary_fg_median": 7556.99755859375,
  "summary_fg_n": 130103.0,
  "summary_fg_p05": 4231.7029296875,
  "summary_fg_p95": 12312.83076171875,
  "summary_fg_stdv": 2530.93212890625,
  "tsnr": 23.42762565612793
}