{
  "aor": 0.0032714207650273225,
  "aqi": 0.019424201284153005,
  "bids_meta": {
    "AcquisitionDateTime": "2017-07-17T15:12:20.153000",
    "EchoTime": 0.0352,
    "EffectiveEchoSpacing": 0.000580013,
    "FlipAngle": 56,
    "ImageType": [
      "ORIGINAL",
      "PRIMARY",
      "M",
      "MB",
      "ND",
      "MOSAI"
    ],
    "MagneticFieldStrength": 3,
    "Manufacturer": "Siemens",
    "ManufacturersModelName": "Prisma",
    "PhaseEncodingDirection": "j-",
    "RepetitionTime": 0.955,
    "SliceTiming": [
      0.8775,
      0.7975,
      0.7175,
      0.6375,
      0.5575,
      0.4775,
      0.4,
      0.32,
      0.24,
      0.16,
      0.08,
      0,
      0.8775,
      0.7975,
      0.7175,
      0.6375,
      0.5575,
      0.4775,
      0.4,
      0.32,
      0.24,
      0.16,
      0.08,
      0,
      0.8775,
      0.7975,
      0.7175,
      0.6375,
      0.5575,
      0.4775,
      0.4,
      0.32,
      0.24,
      0.16,
      0.08,
      0,
      0.8775,
      0.7975,
      0.7175,
      0.6375,
      0.5575,
      0.4775,
      0.4,
      0.32,
      0.24,
      0.16,
      0.08,
      0,
      0.8775,
      0.7975,
      0.7175,
      0.6375,
      0.5575,
      0.4775,
      0.4,
      0.32,
      0.24,
      0.16,
      0.08,
      0
    ],
    "TaskName": "identification",
    "TotalReadoutTime": 0.0580013,
    "dataset": "ds001771",
    "modality": "bold",
    "run_id": 3,
    "subject_id": "36",
    "task_id": "identification"
  },
  "dummy_trs": 0,
  "dvars_nstd": 69.88895253246581,
  "dvars_std": 1.0896518043013699,
  "dvars_vstd": 0.9941141881095884,
  "efc": 0.5025115368191683,
  "fber": 8176.947265625,
  "fd_mean": 0.7530774994320623,
  "fd_num": 315,
  "fd_perc": 86.06557377049181,
  "fwhm_avg": 3.1781349999999997,
  "fwhm_x": 2.96867,
  "fwhm_y": 3.39677,
  "fwhm_z": 3.168965,
  "gcor": 0.00690603,
  "gsr_x": -0.002371585927903652,
  "gsr_y": 0.05042923614382744,
  "provenance": {
    "md5sum": "36932728f884f80894855530aaecf9f3",
    "settings": {
      "fd_thres": 0.2,
      "testing": false
    },
    "software": "mriqc",
    "version": "23.0.1",
    "webapi_port": null,
    "webapi_url": "https://mriqc.nimh.nih.gov/api/v1"
  },
  "size_t": 366,
  "size_x": 100,
  "size_y": 100,
  "size_z": 60,
  "snr": 2.6610812578129264,
  "spacing_tr": 0.9549999833106995,
  "spacing_x": 2.0,
  "spacing_y": 2.0,
  "spacing_z": 2.0,
  "summary_bg_k": 50.27024565930487,
  "summary_bg_mad": 69.17725216819869,
  "summary_bg_mean": 414.0832214355469,
  "summary_bg_median": 88.09884643554688,
  "summary_bg_n": 382494.0,
  "summary_bg_p05": 30.440332984924318,
  "summary_bg_p95": 1962.9064514160152,
  "summary_bg_stdv": 995.60498046875,
  "summary_fg_k": 1.2181692089138396,
  "summary_fg_mad": 2928.9407685875703,
  "summary_fg_mean": 8466.791015625,
  "summary_fg_median": 8081.44384765625,
  "summary_fg_n": 132597.0,
  "summary_fg_p05": 4379.58232421875,
  "summary_fg_p95": 13956.4208984375,
  "summary_fg_stdv": 3036.890869140625,
  "tsnr": 20.507503509521484
}