{
  "aor": 0.005445163934426229,
  "aqi": 0.03242637732240437,
  "bids_meta": {
    "AcquisitionDateTime": "2017-07-17T14:57:20.192000",
    "EchoTime": 0.0352,
    "EffectiveEchoSpacing": 0.000580013,
    "FlipAngle": 56,
    "ImageType": [
      "ORIGINAL",
      "PRIMARY",
      "M",
      "MB",
      "ND",
      "MOSAI"
    ],
    "MagneticFieldStrength": 3,
    "Manufacturer": "Siemens",
    "ManufacturersModelName": "Prisma",
    "PhaseEncodingDirection": "j-",
    "RepetitionTime": 0.955,
    "SliceTiming": [
      0.875,
      0.795,
      0.715,
      0.6375,
      0.5575,
      0.4775,
      0.3975,
      0.3175,
      0.2375,
      0.16,
      0.08,
      0,
      0.875,
      0.795,
      0.715,
      0.6375,
      0.5575,
      0.4775,
      0.3975,
      0.3175,
      0.2375,
      0.16,
      0.08,
      0,
      0.875,
      0.795,
      0.715,
      0.6375,
      0.5575,
      0.4775,
      0.3975,
      0.3175,
      0.2375,
      0.16,
      0.08,
      0,
      0.875,
      0.795,
      0.715,
      0.6375,
      0.5575,
      0.4775,
      0.3975,
      0.3175,
      0.2375,
      0.16,
      0.08,
      0,
      0.875,
      0.795,
      0.715,
      0.6375,
      0.5575,
      0.4775,
      0.3975,
      0.3175,
      0.2375,
      0.16,
      0.08,
      0
    ],
    "TaskName": "identification",
    "TotalReadoutTime": 0.0580013,
    "dataset": "ds001771",
    "modality": "bold",
    "run_id": 1,
    "subject_id": "36",
    "task_id": "identification"
  },
  "dummy_trs": 0,
  "dvars_nstd": 74.71454089416434,
  "dvars_std": 1.051280558027397,
  "dvars_vstd": 0.9810858646575348,
  "efc": 0.5016782274113877,
  "fber": 7888.21044921875,
  "fd_mean": 0.9414939466224602,
  "fd_num": 303,
  "fd_perc": 82.78688524590164,
  "fwhm_avg": 3.298283333333334,
  "fwhm_x": 3.106675,
  "fwhm_y": 3.526285,
  "fwhm_z": 3.26189,
  "gcor": 0.00658224,
  "gsr_x": -0.0053403195925056934,
  "gsr_y": 0.055667292326688766,
  "provenance": {
    "md5sum": "f2e5f34c9b5a16afe8f35ad8ea7796e8",
    "settings": {
      "fd_thres": 0.2,
      "testing": false
    },
    "software": "mriqc",
    "version": "23.0.1",
    "webapi_port": null,
    "webapi_url": "https://mriqc.nimh.nih.gov/api/v1"
  },
  "size_t": 366,
  "size_x": 100,
  "size_y": 100,
  "size_z": 60,
  "snr": 2.676590828879755,
  "spacing_tr": 0.9549999833106995,
  "spacing_x": 2.0,
  "spacing_y": 2.0,
  "spacing_z": 2.0,
  "summary_bg_k": 50.94521933684149,
  "summary_bg_mad": 75.13642016804927,
  "summary_bg_mean": 393.0937194824219,
  "summary_bg_median": 89.16682434082031,
  "summary_bg_n": 382639.0,
  "summary_bg_p05": 23.794653511047365,
  "summary_bg_p95": 1848.3828002929679,
  "summary_bg_stdv": 901.7604370117188,
  "summary_fg_k": 1.1852821502101092,
  "summary_fg_mad": 2916.9344415397604,
  "summary_fg_mean": 8435.2392578125,
  "summary_fg_median": 8048.52734375,
  "summary_fg_n": 132014.0,
  "summary_fg_p05": 4382.99072265625,
  "summary_fg_p95": 13859.660302734374,
  "summary_fg_stdv": 3006.99560546875,
  "tsnr": 17.402034759521484
}