{
  "aor": 0.0008102191780821917,
  "aqi": 0.008741023369863012,
  "bids_meta": {
    "AcquisitionDateTime": "2017-05-09T09:35:35.679000",
    "EchoTime": 0.0352,
    "EffectiveEchoSpacing": 0.000580013,
    "FlipAngle": 56,
    "ImageType": [
      "ORIGINAL",
      "PRIMARY",
      "M",
      "MB",
      "ND",
      "MOSAI"
    ],
    "MagneticFieldStrength": 3,
    "Manufacturer": "Siemens",
    "ManufacturersModelName": "Prisma",
    "PhaseEncodingDirection": "j-",
    "RepetitionTime": 0.955,
    "SliceTiming": [
      0.875,
      0.795,
      0.7175,
      0.6375,
      0.5575,
      0.4775,
      0.3975,
      0.3175,
      0.24,
      0.16,
      0.08,
      0,
      0.875,
      0.795,
      0.7175,
      0.6375,
      0.5575,
      0.4775,
      0.3975,
      0.3175,
      0.24,
      0.16,
      0.08,
      0,
      0.875,
      0.795,
      0.7175,
      0.6375,
      0.5575,
      0.4775,
      0.3975,
      0.3175,
      0.24,
      0.16,
      0.08,
      0,
      0.875,
      0.795,
      0.7175,
      0.6375,
      0.5575,
      0.4775,
      0.3975,
      0.3175,
      0.24,
      0.16,
      0.08,
      0,
      0.875,
      0.795,
      0.7175,
      0.6375,
      0.5575,
      0.4775,
      0.3975,
      0.3175,
      0.24,
      0.16,
      0.08,
      0
    ],
    "TaskName": "identification",
    "TotalReadoutTime": 0.0580013,
    "dataset": "ds001771",
    "modality": "bold",
    "run_id": 3,
    "subject_id": "16",
    "task_id": "identification"
  },
  "dummy_trs": 1,
  "dvars_nstd": 48.02477904741758,
  "dvars_std": 1.0404126930769229,
  "dvars_vstd": 1.0157130062087911,
  "efc": 0.4955200386698763,
  "fber": 12019.12890625,
  "fd_mean": 0.16462310597709423,
  "fd_num": 127,
  "fd_perc": 34.794520547945204,
  "fwhm_avg": 2.890735,
  "fwhm_x": 2.619505,
  "fwhm_y": 3.120465,
  "fwhm_z": 2.932235,
  "gcor": 0.00376932,
  "gsr_x": -0.009460884146392345,
  "gsr_y": 0.047196533530950546,
  "provenance": {
    "md5sum": "83e3e30169d947581ca2506fa76735e6",
    "settings": {
      "fd_thres": 0.2,
      "testing": false
    },
    "software": "mriqc",
    "version": "23.0.1",
    "webapi_port": null,
    "webapi_url": "https://mriqc.nimh.nih.gov/api/v1"
  },
  "size_t": 365,
  "size_x": 100,
  "size_y": 100,
  "size_z": 60,
  "snr": 2.7705565701111503,
  "spacing_tr": 0.9549999833106995,
  "spacing_x": 2.0,
  "spacing_y": 2.0,
  "spacing_z": 2.0,
  "summary_bg_k": 141.22576304750285,
  "summary_bg_mad": 38.90916865910768,
  "summary_bg_mean": 301.4727478027344,
  "summary_bg_median": 63.39726257324219,
  "summary_bg_n": 380468.0,
  "summary_bg_p05": 29.438356399536133,
  "summary_bg_p95": 1312.1902832031237,
  "summary_bg_stdv": 835.1514282226562,
  "summary_fg_k": 0.6752377029256973,
  "summary_fg_mad": 2428.433298896616,
  "summary_fg_mean": 7423.91796875,
  "summary_fg_median": 7114.1533203125,
  "summary_fg_n": 132108.0,
  "summary_fg_p05": 3941.976599121094,
  "summary_fg_p95": 12071.245361328125,
  "summary_fg_stdv": 2567.7607421875,
  "tsnr": 27.800802920479327
}