{
  "aor": 0.00044346153846153846,
  "aqi": 0.006885320027472528,
  "bids_meta": {
    "AcquisitionDateTime": "2017-05-09T09:29:15.642000",
    "EchoTime": 0.0352,
    "EffectiveEchoSpacing": 0.000580013,
    "FlipAngle": 56,
    "ImageType": [
      "ORIGINAL",
      "PRIMARY",
      "M",
      "MB",
      "ND",
      "MOSAI"
    ],
    "MagneticFieldStrength": 3,
    "Manufacturer": "Siemens",
    "ManufacturersModelName": "Prisma",
    "PhaseEncodingDirection": "j-",
    "RepetitionTime": 0.955,
    "SliceTiming": [
      0.875,
      0.795,
      0.715,
      0.6375,
      0.5575,
      0.4775,
      0.3975,
      0.3175,
      0.2375,
      0.16,
      0.08,
      0,
      0.875,
      0.795,
      0.715,
      0.6375,
      0.5575,
      0.4775,
      0.3975,
      0.3175,
      0.2375,
      0.16,
      0.08,
      0,
      0.875,
      0.795,
      0.715,
      0.6375,
      0.5575,
      0.4775,
      0.3975,
      0.3175,
      0.2375,
      0.16,
      0.08,
      0,
      0.875,
      0.795,
      0.715,
      0.6375,
      0.5575,
      0.4775,
      0.3975,
      0.3175,
      0.2375,
      0.16,
      0.08,
      0,
      0.875,
      0.795,
      0.715,
      0.6375,
      0.5575,
      0.4775,
      0.3975,
      0.3175,
      0.2375,
      0.16,
      0.08,
      0
    ],
    "TaskName": "identification",
    "TotalReadoutTime": 0.0580013,
    "dataset": "ds001771",
    "modality": "bold",
    "run_id": 2,
    "subject_id": "16",
    "task_id": "identification"
  },
  "dummy_trs": 2,
  "dvars_nstd": 48.169647080385666,
  "dvars_std": 1.0387895084297532,
  "dvars_vstd": 1.0096782109641873,
  "efc": 0.4953098161407472,
  "fber": 12089.1259765625,
  "fd_mean": 0.1543234169455014,
  "fd_num": 95,
  "fd_perc": 26.0989010989011,
  "fwhm_avg": 2.871021666666667,
  "fwhm_x": 2.610815,
  "fwhm_y": 3.09728,
  "fwhm_z": 2.90497,
  "gcor": 0.00435923,
  "gsr_x": -0.009253215976059437,
  "gsr_y": 0.04814418405294418,
  "provenance": {
    "md5sum": "e4b085643c71cd603ff09b418849cbfd",
    "settings": {
      "fd_thres": 0.2,
      "testing": false
    },
    "software": "mriqc",
    "version": "23.0.1",
    "webapi_port": null,
    "webapi_url": "https://mriqc.nimh.nih.gov/api/v1"
  },
  "size_t": 364,
  "size_x": 100,
  "size_y": 100,
  "size_z": 60,
  "snr": 2.7680578370154225,
  "spacing_tr": 0.9549999833106995,
  "spacing_x": 2.0,
  "spacing_y": 2.0,
  "spacing_z": 2.0,
  "summary_bg_k": 148.88763916613115,
  "summary_bg_mad": 38.380668113947486,
  "summary_bg_mean": 302.4425048828125,
  "summary_bg_median": 63.340660095214844,
  "summary_bg_n": 380441.0,
  "summary_bg_p05": 28.991758346557617,
  "summary_bg_p95": 1311.3956298828125,
  "summary_bg_stdv": 855.7919921875,
  "summary_fg_k": 0.6601795738125587,
  "summary_fg_mad": 2427.5736357450164,
  "summary_fg_mean": 7420.787109375,
  "summary_fg_median": 7109.2529296875,
  "summary_fg_n": 132267.0,
  "summary_fg_p05": 3937.790185546875,
  "summary_fg_p95": 12077.656640625,
  "summary_fg_stdv": 2568.308349609375,
  "tsnr": 29.847278571221977
}