{
  "aor": 0.00024432876712328767,
  "aqi": 0.010164212630136987,
  "bids_meta": {
    "AcquisitionDateTime": "2017-05-09T09:42:15.613000",
    "EchoTime": 0.0352,
    "EffectiveEchoSpacing": 0.000580013,
    "FlipAngle": 56,
    "ImageType": [
      "ORIGINAL",
      "PRIMARY",
      "M",
      "MB",
      "ND",
      "MOSAI"
    ],
    "MagneticFieldStrength": 3,
    "Manufacturer": "Siemens",
    "ManufacturersModelName": "Prisma",
    "PhaseEncodingDirection": "j-",
    "RepetitionTime": 0.955,
    "SliceTiming": [
      0.875,
      0.795,
      0.715,
      0.635,
      0.5575,
      0.4775,
      0.3975,
      0.3175,
      0.2375,
      0.1575,
      0.08,
      0,
      0.875,
      0.795,
      0.715,
      0.635,
      0.5575,
      0.4775,
      0.3975,
      0.3175,
      0.2375,
      0.1575,
      0.08,
      0,
      0.875,
      0.795,
      0.715,
      0.635,
      0.5575,
      0.4775,
      0.3975,
      0.3175,
      0.2375,
      0.1575,
      0.08,
      0,
      0.875,
      0.795,
      0.715,
      0.635,
      0.5575,
      0.4775,
      0.3975,
      0.3175,
      0.2375,
      0.1575,
      0.08,
      0,
      0.875,
      0.795,
      0.715,
      0.635,
      0.5575,
      0.4775,
      0.3975,
      0.3175,
      0.2375,
      0.1575,
      0.08,
      0
    ],
    "TaskName": "identification",
    "TotalReadoutTime": 0.0580013,
    "dataset": "ds001771",
    "modality": "bold",
    "run_id": 4,
    "subject_id": "16",
    "task_id": "identification"
  },
  "dummy_trs": 1,
  "dvars_nstd": 48.03571949428575,
  "dvars_std": 1.0060181364835166,
  "dvars_vstd": 0.9791442243681312,
  "efc": 0.49731278152702924,
  "fber": 12046.8388671875,
  "fd_mean": 0.16650996989405123,
  "fd_num": 126,
  "fd_perc": 34.52054794520548,
  "fwhm_avg": 2.9188083333333332,
  "fwhm_x": 2.652145,
  "fwhm_y": 3.13866,
  "fwhm_z": 2.96562,
  "gcor": 0.00454409,
  "gsr_x": -0.009625173173844814,
  "gsr_y": 0.04724922031164169,
  "provenance": {
    "md5sum": "736c3a9036708fe560f72859a3e930ad",
    "settings": {
      "fd_thres": 0.2,
      "testing": false
    },
    "software": "mriqc",
    "version": "23.0.1",
    "webapi_port": null,
    "webapi_url": "https://mriqc.nimh.nih.gov/api/v1"
  },
  "size_t": 365,
  "size_x": 100,
  "size_y": 100,
  "size_z": 60,
  "snr": 2.7583909487979374,
  "spacing_tr": 0.9549999833106995,
  "spacing_x": 2.0,
  "spacing_y": 2.0,
  "spacing_z": 2.0,
  "summary_bg_k": 137.84243631997646,
  "summary_bg_mad": 35.285931669297604,
  "summary_bg_mean": 308.98583984375,
  "summary_bg_median": 63.424659729003906,
  "summary_bg_n": 379470.0,
  "summary_bg_p05": 34.183563232421875,
  "summary_bg_p95": 1353.9426086425779,
  "summary_bg_stdv": 858.2083129882812,
  "summary_fg_k": 0.6834591043528535,
  "summary_fg_mad": 2442.4981119836452,
  "summary_fg_mean": 7444.81201171875,
  "summary_fg_median": 7137.7607421875,
  "summary_fg_n": 132992.0,
  "summary_fg_p05": 3920.5635620117187,
  "summary_fg_p95": 12126.508203124999,
  "summary_fg_stdv": 2587.64404296875,
  "tsnr": 26.451816743938252
}