{
  "aor": 0.0006692076502732242,
  "aqi": 0.011678983688524592,
  "bids_meta": {
    "AcquisitionDateTime": "2017-05-09T09:22:55.604000",
    "EchoTime": 0.0352,
    "EffectiveEchoSpacing": 0.000580013,
    "FlipAngle": 56,
    "ImageType": [
      "ORIGINAL",
      "PRIMARY",
      "M",
      "MB",
      "ND",
      "MOSAI"
    ],
    "MagneticFieldStrength": 3,
    "Manufacturer": "Siemens",
    "ManufacturersModelName": "Prisma",
    "PhaseEncodingDirection": "j-",
    "RepetitionTime": 0.955,
    "SliceTiming": [
      0.875,
      0.7975,
      0.7175,
      0.6375,
      0.5575,
      0.4775,
      0.3975,
      0.32,
      0.24,
      0.16,
      0.08,
      0,
      0.875,
      0.7975,
      0.7175,
      0.6375,
      0.5575,
      0.4775,
      0.3975,
      0.32,
      0.24,
      0.16,
      0.08,
      0,
      0.875,
      0.7975,
      0.7175,
      0.6375,
      0.5575,
      0.4775,
      0.3975,
      0.32,
      0.24,
      0.16,
      0.08,
      0,
      0.875,
      0.7975,
      0.7175,
      0.6375,
      0.5575,
      0.4775,
      0.3975,
      0.32,
      0.24,
      0.16,
      0.08,
      0,
      0.875,
      0.7975,
      0.7175,
      0.6375,
      0.5575,
      0.4775,
      0.3975,
      0.32,
      0.24,
      0.16,
      0.08,
      0
    ],
    "TaskName": "identification",
    "TotalReadoutTime": 0.0580013,
    "dataset": "ds001771",
    "modality": "bold",
    "run_id": 1,
    "subject_id": "16",
    "task_id": "identification"
  },
  "dummy_trs": 0,
  "dvars_nstd": 49.574341039397275,
  "dvars_std": 1.0265222018630136,
  "dvars_vstd": 0.9923038309315068,
  "efc": 0.4958359173270104,
  "fber": 10863.2353515625,
  "fd_mean": 0.16757339122313059,
  "fd_num": 128,
  "fd_perc": 34.97267759562842,
  "fwhm_avg": 2.9372883333333335,
  "fwhm_x": 2.65863,
  "fwhm_y": 3.164085,
  "fwhm_z": 2.98915,
  "gcor": 0.00627155,
  "gsr_x": -0.00900954008102417,
  "gsr_y": 0.04746239259839058,
  "provenance": {
    "md5sum": "e7f479e60215f65729caeb12e08af574",
    "settings": {
      "fd_thres": 0.2,
      "testing": false
    },
    "software": "mriqc",
    "version": "23.0.1",
    "webapi_port": null,
    "webapi_url": "https://mriqc.nimh.nih.gov/api/v1"
  },
  "size_t": 366,
  "size_x": 100,
  "size_y": 100,
  "size_z": 60,
  "snr": 2.7604140469880787,
  "spacing_tr": 0.9549999833106995,
  "spacing_x": 2.0,
  "spacing_y": 2.0,
  "spacing_z": 2.0,
  "summary_bg_k": 147.67425570843892,
  "summary_bg_mad": 47.67821919378281,
  "summary_bg_mean": 299.3559265136719,
  "summary_bg_median": 67.20764923095703,
  "summary_bg_n": 380310.0,
  "summary_bg_p05": 24.590164184570312,
  "summary_bg_p95": 1288.8417663574219,
  "summary_bg_stdv": 815.9215087890625,
  "summary_fg_k": 0.6328868116860935,
  "summary_fg_mad": 2429.81925687871,
  "summary_fg_mean": 7430.33740234375,
  "summary_fg_median": 7111.92626953125,
  "summary_fg_n": 132739.0,
  "summary_fg_p05": 3926.731127929688,
  "summary_fg_p95": 12118.224218749994,
  "summary_fg_stdv": 2576.388671875,
  "tsnr": 26.273695025593042
}