{
  "aor": 0.0003791935483870968,
  "aqi": 0.009169323741935484,
  "bids_meta": {
    "AcquisitionDateTime": "2017-05-09T10:53:55.695000",
    "EchoTime": 0.0352,
    "EffectiveEchoSpacing": 0.000580013,
    "FlipAngle": 56,
    "ImageType": [
      "ORIGINAL",
      "PRIMARY",
      "M",
      "MB",
      "ND",
      "MOSAI"
    ],
    "MagneticFieldStrength": 3,
    "Manufacturer": "Siemens",
    "ManufacturersModelName": "Prisma",
    "PhaseEncodingDirection": "j-",
    "RepetitionTime": 0.955,
    "SliceTiming": [
      0.8775,
      0.7975,
      0.7175,
      0.6375,
      0.5575,
      0.4775,
      0.4,
      0.32,
      0.24,
      0.16,
      0.08,
      0,
      0.8775,
      0.7975,
      0.7175,
      0.6375,
      0.5575,
      0.4775,
      0.4,
      0.32,
      0.24,
      0.16,
      0.08,
      0,
      0.8775,
      0.7975,
      0.7175,
      0.6375,
      0.5575,
      0.4775,
      0.4,
      0.32,
      0.24,
      0.16,
      0.08,
      0,
      0.8775,
      0.7975,
      0.7175,
      0.6375,
      0.5575,
      0.4775,
      0.4,
      0.32,
      0.24,
      0.16,
      0.08,
      0,
      0.8775,
      0.7975,
      0.7175,
      0.6375,
      0.5575,
      0.4775,
      0.4,
      0.32,
      0.24,
      0.16,
      0.08,
      0
    ],
    "TaskName": "rest",
    "TotalReadoutTime": 0.0580013,
    "dataset": "ds001771",
    "modality": "bold",
    "subject_id": "16",
    "task_id": "rest"
  },
  "dummy_trs": 0,
  "dvars_nstd": 46.14782123239092,
  "dvars_std": 1.0197736958481423,
  "dvars_vstd": 0.993262406268175,
  "efc": 0.4985460680794815,
  "fber": 12676.5654296875,
  "fd_mean": 0.1337758372859236,
  "fd_num": 93,
  "fd_perc": 15.0,
  "fwhm_avg": 2.903445,
  "fwhm_x": 2.66073,
  "fwhm_y": 3.14312,
  "fwhm_z": 2.906485,
  "gcor": 0.00458237,
  "gsr_x": -0.008962898515164852,
  "gsr_y": 0.04449132829904556,
  "provenance": {
    "md5sum": "8c28ab67d832e6018cedec0ef6ad3a87",
    "settings": {
      "fd_thres": 0.2,
      "testing": false
    },
    "software": "mriqc",
    "version": "23.0.1",
    "webapi_port": null,
    "webapi_url": "https://mriqc.nimh.nih.gov/api/v1"
  },
  "size_t": 620,
  "size_x": 100,
  "size_y": 100,
  "size_z": 60,
  "snr": 2.7771624939236004,
  "spacing_tr": 0.9549999833106995,
  "spacing_x": 2.0,
  "spacing_y": 2.0,
  "spacing_z": 2.0,
  "summary_bg_k": 112.32381154785871,
  "summary_bg_mad": 37.0937523760033,
  "summary_bg_mean": 307.1685485839844,
  "summary_bg_median": 62.72257995605469,
  "summary_bg_n": 378723.0,
  "summary_bg_p05": 31.20161247253418,
  "summary_bg_p95": 1379.931115722656,
  "summary_bg_stdv": 793.7396240234375,
  "summary_fg_k": 0.5749489904865461,
  "summary_fg_mad": 2505.047564857444,
  "summary_fg_mean": 7530.447265625,
  "summary_fg_median": 7242.841796875,
  "summary_fg_n": 133635.0,
  "summary_fg_p05": 3919.3799072265624,
  "summary_fg_p95": 12224.563378906247,
  "summary_fg_stdv": 2607.990966796875,
  "tsnr": 27.81914088036865
}