{
  "aor": 0.001058974683544304,
  "aqi": 0.013263659835443038,
  "bids_meta": {
    "AcquisitionDateTime": "2017-05-09T09:48:55.650000",
    "EchoTime": 0.0352,
    "EffectiveEchoSpacing": 0.000580013,
    "FlipAngle": 56,
    "ImageType": [
      "ORIGINAL",
      "PRIMARY",
      "M",
      "MB",
      "ND",
      "MOSAI"
    ],
    "MagneticFieldStrength": 3,
    "Manufacturer": "Siemens",
    "ManufacturersModelName": "Prisma",
    "PhaseEncodingDirection": "j-",
    "RepetitionTime": 0.955,
    "SliceTiming": [
      0.875,
      0.795,
      0.7175,
      0.6375,
      0.5575,
      0.4775,
      0.3975,
      0.3175,
      0.24,
      0.16,
      0.08,
      0,
      0.875,
      0.795,
      0.7175,
      0.6375,
      0.5575,
      0.4775,
      0.3975,
      0.3175,
      0.24,
      0.16,
      0.08,
      0,
      0.875,
      0.795,
      0.7175,
      0.6375,
      0.5575,
      0.4775,
      0.3975,
      0.3175,
      0.24,
      0.16,
      0.08,
      0,
      0.875,
      0.795,
      0.7175,
      0.6375,
      0.5575,
      0.4775,
      0.3975,
      0.3175,
      0.24,
      0.16,
      0.08,
      0,
      0.875,
      0.795,
      0.7175,
      0.6375,
      0.5575,
      0.4775,
      0.3975,
      0.3175,
      0.24,
      0.16,
      0.08,
      0
    ],
    "TaskName": "localizer",
    "TotalReadoutTime": 0.0580013,
    "dataset": "ds001771",
    "modality": "bold",
    "subject_id": "16",
    "task_id": "localizer"
  },
  "dummy_trs": 2,
  "dvars_nstd": 45.411574650139414,
  "dvars_std": 1.0054729010773122,
  "dvars_vstd": 0.998567251406845,
  "efc": 0.49830182711990056,
  "fber": 10450.826171875,
  "fd_mean": 0.15423999861410825,
  "fd_num": 208,
  "fd_perc": 26.329113924050635,
  "fwhm_avg": 2.9766216666666665,
  "fwhm_x": 2.699705,
  "fwhm_y": 3.19474,
  "fwhm_z": 3.03542,
  "gcor": 0.00434946,
  "gsr_x": -0.009534012526273727,
  "gsr_y": 0.04622544348239899,
  "provenance": {
    "md5sum": "76dff8af632d130a633a25e13297cd05",
    "settings": {
      "fd_thres": 0.2,
      "testing": false
    },
    "software": "mriqc",
    "version": "23.0.1",
    "webapi_port": null,
    "webapi_url": "https://mriqc.nimh.nih.gov/api/v1"
  },
  "size_t": 790,
  "size_x": 100,
  "size_y": 100,
  "size_z": 60,
  "snr": 2.749703939731944,
  "spacing_tr": 0.9549999833106995,
  "spacing_x": 2.0,
  "spacing_y": 2.0,
  "spacing_z": 2.0,
  "summary_bg_k": 133.7274978700537,
  "summary_bg_mad": 43.29948534136128,
  "summary_bg_mean": 314.125,
  "summary_bg_median": 68.48101043701172,
  "summary_bg_n": 379365.0,
  "summary_bg_p05": 33.13949356079102,
  "summary_bg_p95": 1369.3531738281242,
  "summary_bg_stdv": 854.158447265625,
  "summary_fg_k": 0.6634334887611861,
  "summary_fg_mad": 2463.7866292881345,
  "summary_fg_mean": 7487.77197265625,
  "summary_fg_median": 7179.7919921875,
  "summary_fg_n": 132902.0,
  "summary_fg_p05": 3931.0541748046876,
  "summary_fg_p95": 12264.266113281248,
  "summary_fg_stdv": 2611.104736328125,
  "tsnr": 24.53860430046916
}