{
  "aor": 0.0004243646408839778,
  "aqi": 0.0057542950552486195,
  "bids_meta": {
    "AcquisitionDateTime": "2017-06-20T09:24:59.520000",
    "EchoTime": 0.0352,
    "EffectiveEchoSpacing": 0.000580013,
    "FlipAngle": 56,
    "ImageType": [
      "ORIGINAL",
      "PRIMARY",
      "M",
      "MB",
      "ND",
      "MOSAI"
    ],
    "MagneticFieldStrength": 3,
    "Manufacturer": "Siemens",
    "ManufacturersModelName": "Prisma",
    "PhaseEncodingDirection": "j-",
    "RepetitionTime": 0.955,
    "SliceTiming": [
      0.875,
      0.795,
      0.715,
      0.6375,
      0.5575,
      0.4775,
      0.3975,
      0.3175,
      0.2375,
      0.16,
      0.08,
      0,
      0.875,
      0.795,
      0.715,
      0.6375,
      0.5575,
      0.4775,
      0.3975,
      0.3175,
      0.2375,
      0.16,
      0.08,
      0,
      0.875,
      0.795,
      0.715,
      0.6375,
      0.5575,
      0.4775,
      0.3975,
      0.3175,
      0.2375,
      0.16,
      0.08,
      0,
      0.875,
      0.795,
      0.715,
      0.6375,
      0.5575,
      0.4775,
      0.3975,
      0.3175,
      0.2375,
      0.16,
      0.08,
      0,
      0.875,
      0.795,
      0.715,
      0.6375,
      0.5575,
      0.4775,
      0.3975,
      0.3175,
      0.2375,
      0.16,
      0.08,
      0
    ],
    "TaskName": "identification",
    "TotalReadoutTime": 0.0580013,
    "dataset": "ds001771",
    "modality": "bold",
    "run_id": 2,
    "subject_id": "28",
    "task_id": "identification"
  },
  "dummy_trs": 4,
  "dvars_nstd": 41.44103663645431,
  "dvars_std": 1.0210111757063713,
  "dvars_vstd": 1.006701122409973,
  "efc": 0.5552473056927809,
  "fber": 4807.28271484375,
  "fd_mean": 0.144514586550675,
  "fd_num": 68,
  "fd_perc": 18.784530386740332,
  "fwhm_avg": 2.9971099999999997,
  "fwhm_x": 2.808935,
  "fwhm_y": 3.148885,
  "fwhm_z": 3.03351,
  "gcor": 0.00747581,
  "gsr_x": -0.0064619556069374084,
  "gsr_y": 0.0666569173336029,
  "provenance": {
    "md5sum": "9549f382bfb0141fb04f1ce43d80b23b",
    "settings": {
      "fd_thres": 0.2,
      "testing": false
    },
    "software": "mriqc",
    "version": "23.0.1",
    "webapi_port": null,
    "webapi_url": "https://mriqc.nimh.nih.gov/api/v1"
  },
  "size_t": 362,
  "size_x": 100,
  "size_y": 100,
  "size_z": 60,
  "snr": 2.10410554629219,
  "spacing_tr": 0.9549999833106995,
  "spacing_x": 2.0,
  "spacing_y": 2.0,
  "spacing_z": 2.0,
  "summary_bg_k": 38.19782277131341,
  "summary_bg_mad": 125.47902390824844,
  "summary_bg_mean": 676.2659301757812,
  "summary_bg_median": 118.78369140625,
  "summary_bg_n": 336129.0,
  "summary_bg_p05": 16.936521911621096,
  "summary_bg_p95": 3394.9093749999956,
  "summary_bg_stdv": 1525.0009765625,
  "summary_fg_k": 2.4988817171502467,
  "summary_fg_mad": 3557.8793793834375,
  "summary_fg_mean": 9399.3828125,
  "summary_fg_median": 8620.369140625,
  "summary_fg_n": 169496.0,
  "summary_fg_p05": 4399.456787109375,
  "summary_fg_p95": 17001.87353515625,
  "summary_fg_stdv": 4096.916015625,
  "tsnr": 31.780014038085938
}