{
  "aor": 0.0004291483516483516,
  "aqi": 0.0063486532967032975,
  "bids_meta": {
    "AcquisitionDateTime": "2017-06-20T09:31:19.558000",
    "EchoTime": 0.0352,
    "EffectiveEchoSpacing": 0.000580013,
    "FlipAngle": 56,
    "ImageType": [
      "ORIGINAL",
      "PRIMARY",
      "M",
      "MB",
      "ND",
      "MOSAI"
    ],
    "MagneticFieldStrength": 3,
    "Manufacturer": "Siemens",
    "ManufacturersModelName": "Prisma",
    "PhaseEncodingDirection": "j-",
    "RepetitionTime": 0.955,
    "SliceTiming": [
      0.875,
      0.795,
      0.715,
      0.635,
      0.555,
      0.4775,
      0.3975,
      0.3175,
      0.2375,
      0.1575,
      0.0775,
      0,
      0.875,
      0.795,
      0.715,
      0.635,
      0.555,
      0.4775,
      0.3975,
      0.3175,
      0.2375,
      0.1575,
      0.0775,
      0,
      0.875,
      0.795,
      0.715,
      0.635,
      0.555,
      0.4775,
      0.3975,
      0.3175,
      0.2375,
      0.1575,
      0.0775,
      0,
      0.875,
      0.795,
      0.715,
      0.635,
      0.555,
      0.4775,
      0.3975,
      0.3175,
      0.2375,
      0.1575,
      0.0775,
      0,
      0.875,
      0.795,
      0.715,
      0.635,
      0.555,
      0.4775,
      0.3975,
      0.3175,
      0.2375,
      0.1575,
      0.0775,
      0
    ],
    "TaskName": "identification",
    "TotalReadoutTime": 0.0580013,
    "dataset": "ds001771",
    "modality": "bold",
    "run_id": 3,
    "subject_id": "28",
    "task_id": "identification"
  },
  "dummy_trs": 2,
  "dvars_nstd": 42.401461482947674,
  "dvars_std": 1.024580229724518,
  "dvars_vstd": 0.9967003294490365,
  "efc": 0.5555747923101666,
  "fber": 5949.78076171875,
  "fd_mean": 0.14844258308801186,
  "fd_num": 70,
  "fd_perc": 19.23076923076923,
  "fwhm_avg": 3.0265233333333335,
  "fwhm_x": 2.8292,
  "fwhm_y": 3.165695,
  "fwhm_z": 3.084675,
  "gcor": 0.0117016,
  "gsr_x": -0.007378820795565844,
  "gsr_y": 0.0651203840970993,
  "provenance": {
    "md5sum": "18e4f71d19b9edb9447b09a19c35ebe2",
    "settings": {
      "fd_thres": 0.2,
      "testing": false
    },
    "software": "mriqc",
    "version": "23.0.1",
    "webapi_port": null,
    "webapi_url": "https://mriqc.nimh.nih.gov/api/v1"
  },
  "size_t": 364,
  "size_x": 100,
  "size_y": 100,
  "size_z": 60,
  "snr": 2.0984923463192238,
  "spacing_tr": 0.9549999833106995,
  "spacing_x": 2.0,
  "spacing_y": 2.0,
  "spacing_z": 2.0,
  "summary_bg_k": 32.357823637754656,
  "summary_bg_mad": 92.99093383397437,
  "summary_bg_mean": 671.9207763671875,
  "summary_bg_median": 105.66067504882812,
  "summary_bg_n": 335365.0,
  "summary_bg_p05": 37.408460235595705,
  "summary_bg_p95": 3415.8188476562495,
  "summary_bg_stdv": 1500.8016357421875,
  "summary_fg_k": 2.420243007148538,
  "summary_fg_mad": 3580.988210788724,
  "summary_fg_mean": 9406.0693359375,
  "summary_fg_median": 8627.30859375,
  "summary_fg_n": 169919.0,
  "summary_fg_p05": 4393.14013671875,
  "summary_fg_p95": 17057.7775390625,
  "summary_fg_stdv": 4111.181640625,
  "tsnr": 31.14398956298828
}