{
  "aor": 0.0013571544715447156,
  "aqi": 0.010380902000000003,
  "bids_meta": {
    "AcquisitionDateTime": "2017-06-20T11:33:39.525000",
    "EchoTime": 0.0352,
    "EffectiveEchoSpacing": 0.000580013,
    "FlipAngle": 56,
    "ImageType": [
      "ORIGINAL",
      "PRIMARY",
      "M",
      "MB",
      "ND",
      "MOSAI"
    ],
    "MagneticFieldStrength": 3,
    "Manufacturer": "Siemens",
    "ManufacturersModelName": "Prisma",
    "PhaseEncodingDirection": "j-",
    "RepetitionTime": 0.955,
    "SliceTiming": [
      0.875,
      0.795,
      0.715,
      0.635,
      0.555,
      0.4775,
      0.3975,
      0.3175,
      0.2375,
      0.1575,
      0.0775,
      0,
      0.875,
      0.795,
      0.715,
      0.635,
      0.555,
      0.4775,
      0.3975,
      0.3175,
      0.2375,
      0.1575,
      0.0775,
      0,
      0.875,
      0.795,
      0.715,
      0.635,
      0.555,
      0.4775,
      0.3975,
      0.3175,
      0.2375,
      0.1575,
      0.0775,
      0,
      0.875,
      0.795,
      0.715,
      0.635,
      0.555,
      0.4775,
      0.3975,
      0.3175,
      0.2375,
      0.1575,
      0.0775,
      0,
      0.875,
      0.795,
      0.715,
      0.635,
      0.555,
      0.4775,
      0.3975,
      0.3175,
      0.2375,
      0.1575,
      0.0775,
      0
    ],
    "TaskName": "rest",
    "TotalReadoutTime": 0.0580013,
    "dataset": "ds001771",
    "modality": "bold",
    "subject_id": "28",
    "task_id": "rest"
  },
  "dummy_trs": 5,
  "dvars_nstd": 43.667521995635184,
  "dvars_std": 1.0049486281433226,
  "dvars_vstd": 0.9934743149348545,
  "efc": 0.5619461411054422,
  "fber": 5311.61767578125,
  "fd_mean": 0.12072244232379846,
  "fd_num": 60,
  "fd_perc": 9.75609756097561,
  "fwhm_avg": 3.0268067285537756,
  "fwhm_x": 2.77316,
  "fwhm_y": 3.19238,
  "fwhm_z": 3.114880185661327,
  "gcor": 0.00790256,
  "gsr_x": -0.005714256316423416,
  "gsr_y": 0.06326716393232346,
  "provenance": {
    "md5sum": "4c00971c78a644e981e6f605839a090c",
    "settings": {
      "fd_thres": 0.2,
      "testing": false
    },
    "software": "mriqc",
    "version": "23.0.1",
    "webapi_port": null,
    "webapi_url": "https://mriqc.nimh.nih.gov/api/v1"
  },
  "size_t": 615,
  "size_x": 100,
  "size_y": 100,
  "size_z": 60,
  "snr": 2.1578321749426728,
  "spacing_tr": 0.9549999833106995,
  "spacing_x": 2.0,
  "spacing_y": 2.0,
  "spacing_z": 1.9999998807907104,
  "summary_bg_k": 34.777867038730726,
  "summary_bg_mad": 94.6664682175491,
  "summary_bg_mean": 601.622802734375,
  "summary_bg_median": 105.81059265136719,
  "summary_bg_n": 330616.0,
  "summary_bg_p05": 34.57853603363037,
  "summary_bg_p95": 3052.599609375,
  "summary_bg_stdv": 1314.5484619140625,
  "summary_fg_k": 2.3022574295128706,
  "summary_fg_mad": 3317.0973226514234,
  "summary_fg_mean": 8870.3515625,
  "summary_fg_median": 8181.2939453125,
  "summary_fg_n": 174843.0,
  "summary_fg_p05": 4169.70576171875,
  "summary_fg_p95": 15917.867285156242,
  "summary_fg_stdv": 3791.430419921875,
  "tsnr": 26.104707717895508
}