{
  "aor": 0.0011778370786516854,
  "aqi": 0.00805978584269663,
  "bids_meta": {
    "AcquisitionDateTime": "2017-07-27T15:08:17.577000",
    "EchoTime": 0.0352,
    "EffectiveEchoSpacing": 0.000580013,
    "FlipAngle": 56,
    "ImageType": [
      "ORIGINAL",
      "PRIMARY",
      "M",
      "MB",
      "ND",
      "MOSAI"
    ],
    "MagneticFieldStrength": 3,
    "Manufacturer": "Siemens",
    "ManufacturersModelName": "Prisma",
    "PhaseEncodingDirection": "j-",
    "RepetitionTime": 0.955,
    "SliceTiming": [
      0.8775,
      0.7975,
      0.7175,
      0.6375,
      0.5575,
      0.4775,
      0.4,
      0.32,
      0.24,
      0.16,
      0.08,
      0,
      0.8775,
      0.7975,
      0.7175,
      0.6375,
      0.5575,
      0.4775,
      0.4,
      0.32,
      0.24,
      0.16,
      0.08,
      0,
      0.8775,
      0.7975,
      0.7175,
      0.6375,
      0.5575,
      0.4775,
      0.4,
      0.32,
      0.24,
      0.16,
      0.08,
      0,
      0.8775,
      0.7975,
      0.7175,
      0.6375,
      0.5575,
      0.4775,
      0.4,
      0.32,
      0.24,
      0.16,
      0.08,
      0,
      0.8775,
      0.7975,
      0.7175,
      0.6375,
      0.5575,
      0.4775,
      0.4,
      0.32,
      0.24,
      0.16,
      0.08,
      0
    ],
    "TaskName": "identification",
    "TotalReadoutTime": 0.0580013,
    "dataset": "ds001771",
    "modality": "bold",
    "run_id": 3,
    "subject_id": "40",
    "task_id": "identification"
  },
  "dummy_trs": 10,
  "dvars_nstd": 44.578886112929595,
  "dvars_std": 1.014706227859154,
  "dvars_vstd": 1.0085370106760554,
  "efc": 0.5109889486395325,
  "fber": 13120.7294921875,
  "fd_mean": 0.09774453398852509,
  "fd_num": 13,
  "fd_perc": 3.651685393258427,
  "fwhm_avg": 2.87523,
  "fwhm_x": 2.681035,
  "fwhm_y": 3.10987,
  "fwhm_z": 2.834785,
  "gcor": 0.00628717,
  "gsr_x": -0.006182822864502668,
  "gsr_y": 0.040774259716272354,
  "provenance": {
    "md5sum": "d416d72ad683f3d7e808a15efbc7dc11",
    "settings": {
      "fd_thres": 0.2,
      "testing": false
    },
    "software": "mriqc",
    "version": "23.0.1",
    "webapi_port": null,
    "webapi_url": "https://mriqc.nimh.nih.gov/api/v1"
  },
  "size_t": 356,
  "size_x": 100,
  "size_y": 100,
  "size_z": 60,
  "snr": 2.847984158281895,
  "spacing_tr": 0.9549999833106995,
  "spacing_x": 2.0,
  "spacing_y": 2.0,
  "spacing_z": 2.0,
  "summary_bg_k": 120.20542632984024,
  "summary_bg_mad": 40.209335652079474,
  "summary_bg_mean": 287.06829833984375,
  "summary_bg_median": 64.86516571044922,
  "summary_bg_n": 367659.0,
  "summary_bg_p05": 30.44382095336914,
  "summary_bg_p95": 1206.854846191406,
  "summary_bg_stdv": 738.05322265625,
  "summary_fg_k": 0.2960584751829183,
  "summary_fg_mad": 2598.3306088369245,
  "summary_fg_mean": 7794.75244140625,
  "summary_fg_median": 7464.39892578125,
  "summary_fg_n": 144981.0,
  "summary_fg_p05": 4145.55078125,
  "summary_fg_p95": 12540.646484375,
  "summary_fg_stdv": 2620.93212890625,
  "tsnr": 28.587838924024254
}