{
  "aor": 0.0001581921618204804,
  "aqi": 0.009295252073324906,
  "bids_meta": {
    "AcquisitionDateTime": "2017-07-27T15:21:17.541000",
    "EchoTime": 0.0352,
    "EffectiveEchoSpacing": 0.000580013,
    "FlipAngle": 56,
    "ImageType": [
      "ORIGINAL",
      "PRIMARY",
      "M",
      "MB",
      "ND",
      "MOSAI"
    ],
    "MagneticFieldStrength": 3,
    "Manufacturer": "Siemens",
    "ManufacturersModelName": "Prisma",
    "PhaseEncodingDirection": "j-",
    "RepetitionTime": 0.955,
    "SliceTiming": [
      0.875,
      0.795,
      0.715,
      0.635,
      0.555,
      0.4775,
      0.3975,
      0.3175,
      0.2375,
      0.1575,
      0.0775,
      0,
      0.875,
      0.795,
      0.715,
      0.635,
      0.555,
      0.4775,
      0.3975,
      0.3175,
      0.2375,
      0.1575,
      0.0775,
      0,
      0.875,
      0.795,
      0.715,
      0.635,
      0.555,
      0.4775,
      0.3975,
      0.3175,
      0.2375,
      0.1575,
      0.0775,
      0,
      0.875,
      0.795,
      0.715,
      0.635,
      0.555,
      0.4775,
      0.3975,
      0.3175,
      0.2375,
      0.1575,
      0.0775,
      0,
      0.875,
      0.795,
      0.715,
      0.635,
      0.555,
      0.4775,
      0.3975,
      0.3175,
      0.2375,
      0.1575,
      0.0775,
      0
    ],
    "TaskName": "localizer",
    "TotalReadoutTime": 0.0580013,
    "dataset": "ds001771",
    "modality": "bold",
    "subject_id": "40",
    "task_id": "localizer"
  },
  "dummy_trs": 1,
  "dvars_nstd": 44.21409979741774,
  "dvars_std": 0.9857021034556953,
  "dvars_vstd": 0.9806016501392415,
  "efc": 0.5147431051232094,
  "fber": 11940.7685546875,
  "fd_mean": 0.07605611725299384,
  "fd_num": 8,
  "fd_perc": 1.011378002528445,
  "fwhm_avg": 2.92372,
  "fwhm_x": 2.727265,
  "fwhm_y": 3.1183,
  "fwhm_z": 2.925595,
  "gcor": 0.00419283,
  "gsr_x": -0.005635192152112722,
  "gsr_y": 0.04230824112892151,
  "provenance": {
    "md5sum": "985b60982ce7403b01b3b41c6794a5a0",
    "settings": {
      "fd_thres": 0.2,
      "testing": false
    },
    "software": "mriqc",
    "version": "23.0.1",
    "webapi_port": null,
    "webapi_url": "https://mriqc.nimh.nih.gov/api/v1"
  },
  "size_t": 791,
  "size_x": 100,
  "size_y": 100,
  "size_z": 60,
  "snr": 2.8458551764472655,
  "spacing_tr": 0.9549999833106995,
  "spacing_x": 2.0,
  "spacing_y": 2.0,
  "spacing_z": 2.0,
  "summary_bg_k": 92.17444693980298,
  "summary_bg_mad": 42.34881666494364,
  "summary_bg_mean": 292.9555358886719,
  "summary_bg_median": 67.02023315429688,
  "summary_bg_n": 365565.0,
  "summary_bg_p05": 31.274337768554688,
  "summary_bg_p95": 1241.474365234373,
  "summary_bg_stdv": 748.97607421875,
  "summary_fg_k": 0.33375950623086803,
  "summary_fg_mad": 2609.208333902972,
  "summary_fg_mean": 7778.822265625,
  "summary_fg_median": 7456.6806640625,
  "summary_fg_n": 147580.0,
  "summary_fg_p05": 4109.3956298828125,
  "summary_fg_p95": 12496.549267578122,
  "summary_fg_stdv": 2620.180908203125,
  "tsnr": 27.301045436412096
}