{
  "aor": 0.001968508287292818,
  "aqi": 0.01041345861878453,
  "bids_meta": {
    "AcquisitionDateTime": "2017-05-24T10:06:06.660000",
    "EchoTime": 0.0352,
    "EffectiveEchoSpacing": 0.000580013,
    "FlipAngle": 56,
    "ImageType": [
      "ORIGINAL",
      "PRIMARY",
      "M",
      "MB",
      "ND",
      "MOSAI"
    ],
    "MagneticFieldStrength": 3,
    "Manufacturer": "Siemens",
    "ManufacturersModelName": "Prisma",
    "PhaseEncodingDirection": "j-",
    "RepetitionTime": 0.955,
    "SliceTiming": [
      0.875,
      0.795,
      0.715,
      0.635,
      0.555,
      0.4775,
      0.3975,
      0.3175,
      0.2375,
      0.1575,
      0.0775,
      0,
      0.875,
      0.795,
      0.715,
      0.635,
      0.555,
      0.4775,
      0.3975,
      0.3175,
      0.2375,
      0.1575,
      0.0775,
      0,
      0.875,
      0.795,
      0.715,
      0.635,
      0.555,
      0.4775,
      0.3975,
      0.3175,
      0.2375,
      0.1575,
      0.0775,
      0,
      0.875,
      0.795,
      0.715,
      0.635,
      0.555,
      0.4775,
      0.3975,
      0.3175,
      0.2375,
      0.1575,
      0.0775,
      0,
      0.875,
      0.795,
      0.715,
      0.635,
      0.555,
      0.4775,
      0.3975,
      0.3175,
      0.2375,
      0.1575,
      0.0775,
      0
    ],
    "TaskName": "identification",
    "TotalReadoutTime": 0.0580013,
    "dataset": "ds001771",
    "modality": "bold",
    "run_id": 3,
    "subject_id": "19",
    "task_id": "identification"
  },
  "dummy_trs": 4,
  "dvars_nstd": 41.593401901135735,
  "dvars_std": 1.0153480034626046,
  "dvars_vstd": 1.0143208371745154,
  "efc": 0.5139051999107577,
  "fber": 9922.978515625,
  "fd_mean": 0.13230366092569557,
  "fd_num": 41,
  "fd_perc": 11.32596685082873,
  "fwhm_avg": 2.9237816666666667,
  "fwhm_x": 2.686755,
  "fwhm_y": 3.101885,
  "fwhm_z": 2.982705,
  "gcor": 0.00254235,
  "gsr_x": -0.005508613772690296,
  "gsr_y": 0.05015341565012932,
  "provenance": {
    "md5sum": "c101c5ae6c5b6c52dbff4028386b1c6e",
    "settings": {
      "fd_thres": 0.2,
      "testing": false
    },
    "software": "mriqc",
    "version": "23.0.1",
    "webapi_port": null,
    "webapi_url": "https://mriqc.nimh.nih.gov/api/v1"
  },
  "size_t": 362,
  "size_x": 100,
  "size_y": 100,
  "size_z": 60,
  "snr": 2.5738864112272335,
  "spacing_tr": 0.9549999833106995,
  "spacing_x": 2.0,
  "spacing_y": 2.0,
  "spacing_z": 2.0,
  "summary_bg_k": 52.27405588895221,
  "summary_bg_mad": 61.6180983398988,
  "summary_bg_mean": 384.400634765625,
  "summary_bg_median": 73.56353759765625,
  "summary_bg_n": 368294.0,
  "summary_bg_p05": 19.372928619384766,
  "summary_bg_p95": 1911.663031005858,
  "summary_bg_stdv": 996.1953125,
  "summary_fg_k": 1.8587474692939363,
  "summary_fg_mad": 2499.603996799801,
  "summary_fg_mean": 7954.728515625,
  "summary_fg_median": 7455.330078125,
  "summary_fg_n": 143450.0,
  "summary_fg_p05": 4278.009008789063,
  "summary_fg_p95": 13332.40649414062,
  "summary_fg_stdv": 2896.516357421875,
  "tsnr": 28.463686536066234
}