{
  "aor": 0.00036618131868131873,
  "aqi": 0.00750668054945055,
  "bids_meta": {
    "AcquisitionDateTime": "2017-05-24T09:53:06.694000",
    "EchoTime": 0.0352,
    "EffectiveEchoSpacing": 0.000580013,
    "FlipAngle": 56,
    "ImageType": [
      "ORIGINAL",
      "PRIMARY",
      "M",
      "MB",
      "ND",
      "MOSAI"
    ],
    "MagneticFieldStrength": 3,
    "Manufacturer": "Siemens",
    "ManufacturersModelName": "Prisma",
    "PhaseEncodingDirection": "j-",
    "RepetitionTime": 0.955,
    "SliceTiming": [
      0.8775,
      0.7975,
      0.7175,
      0.6375,
      0.5575,
      0.4775,
      0.4,
      0.32,
      0.24,
      0.16,
      0.08,
      0,
      0.8775,
      0.7975,
      0.7175,
      0.6375,
      0.5575,
      0.4775,
      0.4,
      0.32,
      0.24,
      0.16,
      0.08,
      0,
      0.8775,
      0.7975,
      0.7175,
      0.6375,
      0.5575,
      0.4775,
      0.4,
      0.32,
      0.24,
      0.16,
      0.08,
      0,
      0.8775,
      0.7975,
      0.7175,
      0.6375,
      0.5575,
      0.4775,
      0.4,
      0.32,
      0.24,
      0.16,
      0.08,
      0,
      0.8775,
      0.7975,
      0.7175,
      0.6375,
      0.5575,
      0.4775,
      0.4,
      0.32,
      0.24,
      0.16,
      0.08,
      0
    ],
    "TaskName": "identification",
    "TotalReadoutTime": 0.0580013,
    "dataset": "ds001771",
    "modality": "bold",
    "run_id": 1,
    "subject_id": "19",
    "task_id": "identification"
  },
  "dummy_trs": 2,
  "dvars_nstd": 43.53879976922869,
  "dvars_std": 1.0184831727272734,
  "dvars_vstd": 0.9913179439669415,
  "efc": 0.5128420055105645,
  "fber": 12369.419921875,
  "fd_mean": 0.11525474365087507,
  "fd_num": 6,
  "fd_perc": 1.6483516483516483,
  "fwhm_avg": 2.883481666666667,
  "fwhm_x": 2.666815,
  "fwhm_y": 3.04169,
  "fwhm_z": 2.94194,
  "gcor": 0.00646046,
  "gsr_x": -0.0058267670683562756,
  "gsr_y": 0.05202898383140564,
  "provenance": {
    "md5sum": "86bc624b88045b4ed694a8ce695f3214",
    "settings": {
      "fd_thres": 0.2,
      "testing": false
    },
    "software": "mriqc",
    "version": "23.0.1",
    "webapi_port": null,
    "webapi_url": "https://mriqc.nimh.nih.gov/api/v1"
  },
  "size_t": 364,
  "size_x": 100,
  "size_y": 100,
  "size_z": 60,
  "snr": 2.581205635223653,
  "spacing_tr": 0.9549999833106995,
  "spacing_x": 2.0,
  "spacing_y": 2.0,
  "spacing_z": 2.0,
  "summary_bg_k": 52.74752656605575,
  "summary_bg_mad": 46.46573218659552,
  "summary_bg_mean": 382.12176513671875,
  "summary_bg_median": 65.93406677246094,
  "summary_bg_n": 368255.0,
  "summary_bg_p05": 24.703296661376953,
  "summary_bg_p95": 1910.287963867187,
  "summary_bg_stdv": 1014.4615478515625,
  "summary_fg_k": 1.9174742769680613,
  "summary_fg_mad": 2501.084789201145,
  "summary_fg_mean": 7973.47216796875,
  "summary_fg_median": 7484.8134765625,
  "summary_fg_n": 143477.0,
  "summary_fg_p05": 4294.5947265625,
  "summary_fg_p95": 13352.329882812499,
  "summary_fg_stdv": 2899.725341796875,
  "tsnr": 31.06759661785327
}