{
  "aor": 0.0008612054794520549,
  "aqi": 0.010940614246575343,
  "bids_meta": {
    "AcquisitionDateTime": "2017-05-24T10:12:26.697000",
    "EchoTime": 0.0352,
    "EffectiveEchoSpacing": 0.000580013,
    "FlipAngle": 56,
    "ImageType": [
      "ORIGINAL",
      "PRIMARY",
      "M",
      "MB",
      "ND",
      "MOSAI"
    ],
    "MagneticFieldStrength": 3,
    "Manufacturer": "Siemens",
    "ManufacturersModelName": "Prisma",
    "PhaseEncodingDirection": "j-",
    "RepetitionTime": 0.955,
    "SliceTiming": [
      0.875,
      0.795,
      0.715,
      0.6375,
      0.5575,
      0.4775,
      0.3975,
      0.3175,
      0.2375,
      0.16,
      0.08,
      0,
      0.875,
      0.795,
      0.715,
      0.6375,
      0.5575,
      0.4775,
      0.3975,
      0.3175,
      0.2375,
      0.16,
      0.08,
      0,
      0.875,
      0.795,
      0.715,
      0.6375,
      0.5575,
      0.4775,
      0.3975,
      0.3175,
      0.2375,
      0.16,
      0.08,
      0,
      0.875,
      0.795,
      0.715,
      0.6375,
      0.5575,
      0.4775,
      0.3975,
      0.3175,
      0.2375,
      0.16,
      0.08,
      0,
      0.875,
      0.795,
      0.715,
      0.6375,
      0.5575,
      0.4775,
      0.3975,
      0.3175,
      0.2375,
      0.16,
      0.08,
      0
    ],
    "TaskName": "identification",
    "TotalReadoutTime": 0.0580013,
    "dataset": "ds001771",
    "modality": "bold",
    "run_id": 4,
    "subject_id": "19",
    "task_id": "identification"
  },
  "dummy_trs": 1,
  "dvars_nstd": 42.28639291403847,
  "dvars_std": 0.9942975585164834,
  "dvars_vstd": 0.9900233321703307,
  "efc": 0.5129219346082974,
  "fber": 12377.9326171875,
  "fd_mean": 0.12917825106842584,
  "fd_num": 39,
  "fd_perc": 10.684931506849315,
  "fwhm_avg": 2.93999,
  "fwhm_x": 2.67966,
  "fwhm_y": 3.135615,
  "fwhm_z": 3.004695,
  "gcor": 0.00351782,
  "gsr_x": -0.0062862965278327465,
  "gsr_y": 0.04975678026676178,
  "provenance": {
    "md5sum": "0802369eb68514469b423838748d4b72",
    "settings": {
      "fd_thres": 0.2,
      "testing": false
    },
    "software": "mriqc",
    "version": "23.0.1",
    "webapi_port": null,
    "webapi_url": "https://mriqc.nimh.nih.gov/api/v1"
  },
  "size_t": 365,
  "size_x": 100,
  "size_y": 100,
  "size_z": 60,
  "snr": 2.5852732755820558,
  "spacing_tr": 0.9549999833106995,
  "spacing_x": 2.0,
  "spacing_y": 2.0,
  "spacing_z": 2.0,
  "summary_bg_k": 49.6928755024805,
  "summary_bg_mad": 45.14015422954389,
  "summary_bg_mean": 386.30487060546875,
  "summary_bg_median": 65.6602783203125,
  "summary_bg_n": 368894.0,
  "summary_bg_p05": 26.635616302490234,
  "summary_bg_p95": 1945.5573120117185,
  "summary_bg_stdv": 1009.2831420898438,
  "summary_fg_k": 1.8135696200752403,
  "summary_fg_mad": 2502.182262327734,
  "summary_fg_mean": 7969.39111328125,
  "summary_fg_median": 7466.0712890625,
  "summary_fg_n": 142839.0,
  "summary_fg_p05": 4304.17890625,
  "summary_fg_p95": 13320.125097656251,
  "summary_fg_stdv": 2887.913330078125,
  "tsnr": 28.306157724000514
}