{
  "aor": 0.0005149872122762149,
  "aqi": 0.010010335319693095,
  "bids_meta": {
    "AcquisitionDateTime": "2017-05-24T10:18:46.627000",
    "EchoTime": 0.0352,
    "EffectiveEchoSpacing": 0.000580013,
    "FlipAngle": 56,
    "ImageType": [
      "ORIGINAL",
      "PRIMARY",
      "M",
      "MB",
      "ND",
      "MOSAI"
    ],
    "MagneticFieldStrength": 3,
    "Manufacturer": "Siemens",
    "ManufacturersModelName": "Prisma",
    "PhaseEncodingDirection": "j-",
    "RepetitionTime": 0.955,
    "SliceTiming": [
      0.875,
      0.795,
      0.7175,
      0.6375,
      0.5575,
      0.4775,
      0.3975,
      0.3175,
      0.24,
      0.16,
      0.08,
      0,
      0.875,
      0.795,
      0.7175,
      0.6375,
      0.5575,
      0.4775,
      0.3975,
      0.3175,
      0.24,
      0.16,
      0.08,
      0,
      0.875,
      0.795,
      0.7175,
      0.6375,
      0.5575,
      0.4775,
      0.3975,
      0.3175,
      0.24,
      0.16,
      0.08,
      0,
      0.875,
      0.795,
      0.7175,
      0.6375,
      0.5575,
      0.4775,
      0.3975,
      0.3175,
      0.24,
      0.16,
      0.08,
      0,
      0.875,
      0.795,
      0.7175,
      0.6375,
      0.5575,
      0.4775,
      0.3975,
      0.3175,
      0.24,
      0.16,
      0.08,
      0
    ],
    "TaskName": "localizer",
    "TotalReadoutTime": 0.0580013,
    "dataset": "ds001771",
    "modality": "bold",
    "subject_id": "19",
    "task_id": "localizer"
  },
  "dummy_trs": 10,
  "dvars_nstd": 41.33750278588987,
  "dvars_std": 0.9978225943918055,
  "dvars_vstd": 0.9917675555697824,
  "efc": 0.5115847923461648,
  "fber": 12241.9248046875,
  "fd_mean": 0.11908689467825977,
  "fd_num": 73,
  "fd_perc": 9.335038363171355,
  "fwhm_avg": 2.9270366666666665,
  "fwhm_x": 2.67548,
  "fwhm_y": 3.112975,
  "fwhm_z": 2.992655,
  "gcor": 0.00632577,
  "gsr_x": -0.005483692046254873,
  "gsr_y": 0.04930714890360832,
  "provenance": {
    "md5sum": "8181017b99f0c1058eda88102078e719",
    "settings": {
      "fd_thres": 0.2,
      "testing": false
    },
    "software": "mriqc",
    "version": "23.0.1",
    "webapi_port": null,
    "webapi_url": "https://mriqc.nimh.nih.gov/api/v1"
  },
  "size_t": 782,
  "size_x": 100,
  "size_y": 100,
  "size_z": 60,
  "snr": 2.5998773546698484,
  "spacing_tr": 0.9549999833106995,
  "spacing_x": 2.0,
  "spacing_y": 2.0,
  "spacing_z": 2.0,
  "summary_bg_k": 46.110599206704954,
  "summary_bg_mad": 47.589261024628165,
  "summary_bg_mean": 379.3356018066406,
  "summary_bg_median": 66.42839050292969,
  "summary_bg_n": 369647.0,
  "summary_bg_p05": 25.291943168640135,
  "summary_bg_p95": 1902.9515380859382,
  "summary_bg_stdv": 980.9918823242188,
  "summary_fg_k": 1.7818298218023703,
  "summary_fg_mad": 2503.672465778317,
  "summary_fg_mean": 7980.05615234375,
  "summary_fg_median": 7480.1953125,
  "summary_fg_n": 141928.0,
  "summary_fg_p05": 4314.706225585937,
  "summary_fg_p95": 13300.297705078121,
  "summary_fg_stdv": 2877.123779296875,
  "tsnr": 28.88606067514047
}