{
  "aor": 0.0004118416801292407,
  "aqi": 0.006633269935379645,
  "bids_meta": {
    "AcquisitionDateTime": "2017-05-24T11:26:46.683000",
    "EchoTime": 0.0352,
    "EffectiveEchoSpacing": 0.000580013,
    "FlipAngle": 56,
    "ImageType": [
      "ORIGINAL",
      "PRIMARY",
      "M",
      "MB",
      "ND",
      "MOSAI"
    ],
    "MagneticFieldStrength": 3,
    "Manufacturer": "Siemens",
    "ManufacturersModelName": "Prisma",
    "PhaseEncodingDirection": "j-",
    "RepetitionTime": 0.955,
    "SliceTiming": [
      0.875,
      0.795,
      0.7175,
      0.6375,
      0.5575,
      0.4775,
      0.3975,
      0.3175,
      0.24,
      0.16,
      0.08,
      0,
      0.875,
      0.795,
      0.7175,
      0.6375,
      0.5575,
      0.4775,
      0.3975,
      0.3175,
      0.24,
      0.16,
      0.08,
      0,
      0.875,
      0.795,
      0.7175,
      0.6375,
      0.5575,
      0.4775,
      0.3975,
      0.3175,
      0.24,
      0.16,
      0.08,
      0,
      0.875,
      0.795,
      0.7175,
      0.6375,
      0.5575,
      0.4775,
      0.3975,
      0.3175,
      0.24,
      0.16,
      0.08,
      0,
      0.875,
      0.795,
      0.7175,
      0.6375,
      0.5575,
      0.4775,
      0.3975,
      0.3175,
      0.24,
      0.16,
      0.08,
      0
    ],
    "TaskName": "rest",
    "TotalReadoutTime": 0.0580013,
    "dataset": "ds001771",
    "modality": "bold",
    "subject_id": "19",
    "task_id": "rest"
  },
  "dummy_trs": 1,
  "dvars_nstd": 42.655306214190944,
  "dvars_std": 1.031851827572816,
  "dvars_vstd": 1.0323497685760517,
  "efc": 0.5131289353362137,
  "fber": 12937.1240234375,
  "fd_mean": 0.1333134739854655,
  "fd_num": 88,
  "fd_perc": 14.216478190630049,
  "fwhm_avg": 2.9325550000000002,
  "fwhm_x": 2.71072,
  "fwhm_y": 3.15539,
  "fwhm_z": 2.931555,
  "gcor": 0.00736139,
  "gsr_x": -0.0068484884686768055,
  "gsr_y": 0.05187022313475609,
  "provenance": {
    "md5sum": "6c7670d28f3fec192ddbfe365819cfaf",
    "settings": {
      "fd_thres": 0.2,
      "testing": false
    },
    "software": "mriqc",
    "version": "23.0.1",
    "webapi_port": null,
    "webapi_url": "https://mriqc.nimh.nih.gov/api/v1"
  },
  "size_t": 619,
  "size_x": 100,
  "size_y": 100,
  "size_z": 60,
  "snr": 2.4136800413348705,
  "spacing_tr": 0.9549999833106995,
  "spacing_x": 2.0,
  "spacing_y": 2.0,
  "spacing_z": 2.0,
  "summary_bg_k": 34.363560742922736,
  "summary_bg_mad": 49.574127095134294,
  "summary_bg_mean": 401.9551086425781,
  "summary_bg_median": 66.87513732910156,
  "summary_bg_n": 364951.0,
  "summary_bg_p05": 22.23715114593506,
  "summary_bg_p95": 2090.58740234375,
  "summary_bg_stdv": 1014.7589721679688,
  "summary_fg_k": 2.6716280448398413,
  "summary_fg_mad": 2687.987503152101,
  "summary_fg_mean": 8335.568359375,
  "summary_fg_median": 7789.06298828125,
  "summary_fg_n": 145611.0,
  "summary_fg_p05": 4270.6708984375,
  "summary_fg_p95": 14382.77099609375,
  "summary_fg_stdv": 3227.03759765625,
  "tsnr": 31.896224975585938
}