{
  "aor": 0.0002424878836833603,
  "aqi": 0.009865949806138932,
  "bids_meta": {
    "AcquisitionDateTime": "2017-04-11T13:14:26.339000",
    "EchoTime": 0.0352,
    "EffectiveEchoSpacing": 0.000580013,
    "FlipAngle": 56,
    "ImageType": [
      "ORIGINAL",
      "PRIMARY",
      "M",
      "MB",
      "ND",
      "MOSAI"
    ],
    "MagneticFieldStrength": 3,
    "Manufacturer": "Siemens",
    "ManufacturersModelName": "Prisma",
    "PhaseEncodingDirection": "j-",
    "RepetitionTime": 0.955,
    "SliceTiming": [
      0.875,
      0.795,
      0.7175,
      0.6375,
      0.5575,
      0.4775,
      0.3975,
      0.3175,
      0.24,
      0.16,
      0.08,
      0,
      0.875,
      0.795,
      0.7175,
      0.6375,
      0.5575,
      0.4775,
      0.3975,
      0.3175,
      0.24,
      0.16,
      0.08,
      0,
      0.875,
      0.795,
      0.7175,
      0.6375,
      0.5575,
      0.4775,
      0.3975,
      0.3175,
      0.24,
      0.16,
      0.08,
      0,
      0.875,
      0.795,
      0.7175,
      0.6375,
      0.5575,
      0.4775,
      0.3975,
      0.3175,
      0.24,
      0.16,
      0.08,
      0,
      0.875,
      0.795,
      0.7175,
      0.6375,
      0.5575,
      0.4775,
      0.3975,
      0.3175,
      0.24,
      0.16,
      0.08,
      0
    ],
    "TaskName": "rest",
    "TotalReadoutTime": 0.0580013,
    "dataset": "ds001771",
    "modality": "bold",
    "subject_id": "09",
    "task_id": "rest"
  },
  "dummy_trs": 1,
  "dvars_nstd": 45.470007109336585,
  "dvars_std": 0.9994653346601942,
  "dvars_vstd": 0.9848228379288029,
  "efc": 0.5302052872138626,
  "fber": 7034.2314453125,
  "fd_mean": 0.1154348387850139,
  "fd_num": 37,
  "fd_perc": 5.977382875605816,
  "fwhm_avg": 2.854908333333333,
  "fwhm_x": 2.66249,
  "fwhm_y": 2.999365,
  "fwhm_z": 2.90287,
  "gcor": 0.00502413,
  "gsr_x": -0.0026636288966983557,
  "gsr_y": 0.046471841633319855,
  "provenance": {
    "md5sum": "67630c22325eb23f794723cf68be94fd",
    "settings": {
      "fd_thres": 0.2,
      "testing": false
    },
    "software": "mriqc",
    "version": "23.0.1",
    "webapi_port": null,
    "webapi_url": "https://mriqc.nimh.nih.gov/api/v1"
  },
  "size_t": 619,
  "size_x": 100,
  "size_y": 100,
  "size_z": 60,
  "snr": 2.5456823089730016,
  "spacing_tr": 0.9549999833106995,
  "spacing_x": 2.0,
  "spacing_y": 2.0,
  "spacing_z": 2.0,
  "summary_bg_k": 40.104977679915166,
  "summary_bg_mad": 63.52554948133196,
  "summary_bg_mean": 420.105712890625,
  "summary_bg_median": 79.91033935546875,
  "summary_bg_n": 363076.0,
  "summary_bg_p05": 28.512117385864258,
  "summary_bg_p95": 2002.1502685546875,
  "summary_bg_stdv": 1006.0392456054688,
  "summary_fg_k": 1.3865337626385905,
  "summary_fg_mad": 2430.3404842211535,
  "summary_fg_mean": 7417.49755859375,
  "summary_fg_median": 6904.86669921875,
  "summary_fg_n": 146844.0,
  "summary_fg_p05": 4000.7541259765626,
  "summary_fg_p95": 12581.785693359376,
  "summary_fg_stdv": 2712.374267578125,
  "tsnr": 27.263781279325485
}