{
  "aor": 0.00032280555555555556,
  "aqi": 0.009048679972222222,
  "bids_meta": {
    "AcquisitionDateTime": "2017-04-11T11:23:06.336000",
    "EchoTime": 0.0352,
    "EffectiveEchoSpacing": 0.000580013,
    "FlipAngle": 56,
    "ImageType": [
      "ORIGINAL",
      "PRIMARY",
      "M",
      "MB",
      "ND",
      "MOSAI"
    ],
    "MagneticFieldStrength": 3,
    "Manufacturer": "Siemens",
    "ManufacturersModelName": "Prisma",
    "PhaseEncodingDirection": "j-",
    "RepetitionTime": 0.955,
    "SliceTiming": [
      0.875,
      0.795,
      0.715,
      0.635,
      0.5575,
      0.4775,
      0.3975,
      0.3175,
      0.2375,
      0.1575,
      0.08,
      0,
      0.875,
      0.795,
      0.715,
      0.635,
      0.5575,
      0.4775,
      0.3975,
      0.3175,
      0.2375,
      0.1575,
      0.08,
      0,
      0.875,
      0.795,
      0.715,
      0.635,
      0.5575,
      0.4775,
      0.3975,
      0.3175,
      0.2375,
      0.1575,
      0.08,
      0,
      0.875,
      0.795,
      0.715,
      0.635,
      0.5575,
      0.4775,
      0.3975,
      0.3175,
      0.2375,
      0.1575,
      0.08,
      0,
      0.875,
      0.795,
      0.715,
      0.635,
      0.5575,
      0.4775,
      0.3975,
      0.3175,
      0.2375,
      0.1575,
      0.08,
      0
    ],
    "TaskName": "identification",
    "TotalReadoutTime": 0.0580013,
    "dataset": "ds001771",
    "modality": "bold",
    "run_id": 3,
    "subject_id": "09",
    "task_id": "identification"
  },
  "dummy_trs": 6,
  "dvars_nstd": 42.1393655972702,
  "dvars_std": 0.9837975747353763,
  "dvars_vstd": 0.9774003397493041,
  "efc": 0.5326900066403035,
  "fber": 7900.12939453125,
  "fd_mean": 0.10851366412486613,
  "fd_num": 1,
  "fd_perc": 0.2777777777777778,
  "fwhm_avg": 2.900005,
  "fwhm_x": 2.72529,
  "fwhm_y": 3.08275,
  "fwhm_z": 2.891975,
  "gcor": 0.00720156,
  "gsr_x": -0.00717655336484313,
  "gsr_y": 0.0527164451777935,
  "provenance": {
    "md5sum": "df0b3616d1ef076cb82794170edba26c",
    "settings": {
      "fd_thres": 0.2,
      "testing": false
    },
    "software": "mriqc",
    "version": "23.0.1",
    "webapi_port": null,
    "webapi_url": "https://mriqc.nimh.nih.gov/api/v1"
  },
  "size_t": 360,
  "size_x": 100,
  "size_y": 100,
  "size_z": 60,
  "snr": 2.486397729273864,
  "spacing_tr": 0.9549999833106995,
  "spacing_x": 2.0,
  "spacing_y": 2.0,
  "spacing_z": 2.0,
  "summary_bg_k": 32.666653846938345,
  "summary_bg_mad": 61.389314828000806,
  "summary_bg_mean": 487.7801208496094,
  "summary_bg_median": 80.51152038574219,
  "summary_bg_n": 361286.0,
  "summary_bg_p05": 32.53331756591797,
  "summary_bg_p95": 2432.1343383789062,
  "summary_bg_stdv": 1133.0374755859375,
  "summary_fg_k": 2.163587774965742,
  "summary_fg_mad": 2629.945942863573,
  "summary_fg_mean": 7912.7060546875,
  "summary_fg_median": 7388.98291015625,
  "summary_fg_n": 147810.0,
  "summary_fg_p05": 4127.8611328125,
  "summary_fg_p95": 13499.1486328125,
  "summary_fg_stdv": 2971.752197265625,
  "tsnr": 28.40546417236328
}