{
  "aor": 0.0006092602739726027,
  "aqi": 0.0067151460547945204,
  "bids_meta": {
    "AcquisitionDateTime": "2017-04-11T11:29:26.264000",
    "EchoTime": 0.0352,
    "EffectiveEchoSpacing": 0.000580013,
    "FlipAngle": 56,
    "ImageType": [
      "ORIGINAL",
      "PRIMARY",
      "M",
      "MB",
      "ND",
      "MOSAI"
    ],
    "MagneticFieldStrength": 3,
    "Manufacturer": "Siemens",
    "ManufacturersModelName": "Prisma",
    "PhaseEncodingDirection": "j-",
    "RepetitionTime": 0.955,
    "SliceTiming": [
      0.875,
      0.795,
      0.7175,
      0.6375,
      0.5575,
      0.4775,
      0.3975,
      0.3175,
      0.24,
      0.16,
      0.08,
      0,
      0.875,
      0.795,
      0.7175,
      0.6375,
      0.5575,
      0.4775,
      0.3975,
      0.3175,
      0.24,
      0.16,
      0.08,
      0,
      0.875,
      0.795,
      0.7175,
      0.6375,
      0.5575,
      0.4775,
      0.3975,
      0.3175,
      0.24,
      0.16,
      0.08,
      0,
      0.875,
      0.795,
      0.7175,
      0.6375,
      0.5575,
      0.4775,
      0.3975,
      0.3175,
      0.24,
      0.16,
      0.08,
      0,
      0.875,
      0.795,
      0.7175,
      0.6375,
      0.5575,
      0.4775,
      0.3975,
      0.3175,
      0.24,
      0.16,
      0.08,
      0
    ],
    "TaskName": "identification",
    "TotalReadoutTime": 0.0580013,
    "dataset": "ds001771",
    "modality": "bold",
    "run_id": 4,
    "subject_id": "09",
    "task_id": "identification"
  },
  "dummy_trs": 1,
  "dvars_nstd": 42.856687985796725,
  "dvars_std": 1.026408083489011,
  "dvars_vstd": 1.0087837446978019,
  "efc": 0.5324709715372691,
  "fber": 8110.65576171875,
  "fd_mean": 0.09645456182192474,
  "fd_num": 0,
  "fd_perc": 0.0,
  "fwhm_avg": 2.8698716666666666,
  "fwhm_x": 2.693155,
  "fwhm_y": 3.04866,
  "fwhm_z": 2.8678,
  "gcor": 0.012934,
  "gsr_x": -0.006858821026980877,
  "gsr_y": 0.05402751639485359,
  "provenance": {
    "md5sum": "87e0f85d26e55b6940eba7a8452512d9",
    "settings": {
      "fd_thres": 0.2,
      "testing": false
    },
    "software": "mriqc",
    "version": "23.0.1",
    "webapi_port": null,
    "webapi_url": "https://mriqc.nimh.nih.gov/api/v1"
  },
  "size_t": 365,
  "size_x": 100,
  "size_y": 100,
  "size_z": 60,
  "snr": 2.4871478151143416,
  "spacing_tr": 0.9549999833106995,
  "spacing_x": 2.0,
  "spacing_y": 2.0,
  "spacing_z": 2.0,
  "summary_bg_k": 32.97344074684675,
  "summary_bg_mad": 57.667292927418295,
  "summary_bg_mean": 485.72564697265625,
  "summary_bg_median": 78.83085632324219,
  "summary_bg_n": 361428.0,
  "summary_bg_p05": 33.59094181060791,
  "summary_bg_p95": 2439.2256958007797,
  "summary_bg_stdv": 1139.107177734375,
  "summary_fg_k": 2.088257100096346,
  "summary_fg_mad": 2624.7304117682493,
  "summary_fg_mean": 7880.29443359375,
  "summary_fg_median": 7353.84814453125,
  "summary_fg_n": 147976.0,
  "summary_fg_p05": 4111.804931640625,
  "summary_fg_p95": 13443.125244140625,
  "summary_fg_stdv": 2956.7294921875,
  "tsnr": 30.878026962280273
}