{
  "aor": 0.0003212295081967213,
  "aqi": 0.007759606912568304,
  "bids_meta": {
    "AcquisitionDateTime": "2017-05-29T13:49:51.916000",
    "EchoTime": 0.0352,
    "EffectiveEchoSpacing": 0.000580013,
    "FlipAngle": 56,
    "ImageType": [
      "ORIGINAL",
      "PRIMARY",
      "M",
      "MB",
      "ND",
      "MOSAI"
    ],
    "MagneticFieldStrength": 3,
    "Manufacturer": "Siemens",
    "ManufacturersModelName": "Prisma",
    "PhaseEncodingDirection": "j-",
    "RepetitionTime": 0.955,
    "SliceTiming": [
      0.875,
      0.795,
      0.7175,
      0.6375,
      0.5575,
      0.4775,
      0.3975,
      0.3175,
      0.24,
      0.16,
      0.08,
      0,
      0.875,
      0.795,
      0.7175,
      0.6375,
      0.5575,
      0.4775,
      0.3975,
      0.3175,
      0.24,
      0.16,
      0.08,
      0,
      0.875,
      0.795,
      0.7175,
      0.6375,
      0.5575,
      0.4775,
      0.3975,
      0.3175,
      0.24,
      0.16,
      0.08,
      0,
      0.875,
      0.795,
      0.7175,
      0.6375,
      0.5575,
      0.4775,
      0.3975,
      0.3175,
      0.24,
      0.16,
      0.08,
      0,
      0.875,
      0.795,
      0.7175,
      0.6375,
      0.5575,
      0.4775,
      0.3975,
      0.3175,
      0.24,
      0.16,
      0.08,
      0
    ],
    "TaskName": "identification",
    "TotalReadoutTime": 0.0580013,
    "dataset": "ds001771",
    "modality": "bold",
    "run_id": 3,
    "subject_id": "20",
    "task_id": "identification"
  },
  "dummy_trs": 0,
  "dvars_nstd": 45.082559841424654,
  "dvars_std": 1.0730565795068499,
  "dvars_vstd": 0.9933463830684933,
  "efc": 0.5235628333224237,
  "fber": 14058.958984375,
  "fd_mean": 0.09056298666295713,
  "fd_num": 11,
  "fd_perc": 3.0054644808743167,
  "fwhm_avg": 3.1212999999999997,
  "fwhm_x": 2.923865,
  "fwhm_y": 3.24656,
  "fwhm_z": 3.193475,
  "gcor": 0.0169691,
  "gsr_x": -0.0046236044727265835,
  "gsr_y": 0.06349397450685501,
  "provenance": {
    "md5sum": "c05eb873ed48a6d34a957863ac5ef411",
    "settings": {
      "fd_thres": 0.2,
      "testing": false
    },
    "software": "mriqc",
    "version": "23.0.1",
    "webapi_port": null,
    "webapi_url": "https://mriqc.nimh.nih.gov/api/v1"
  },
  "size_t": 366,
  "size_x": 100,
  "size_y": 100,
  "size_z": 60,
  "snr": 2.6150873320323367,
  "spacing_tr": 0.9549999833106995,
  "spacing_x": 2.0,
  "spacing_y": 2.0,
  "spacing_z": 2.0,
  "summary_bg_k": 39.918080056214315,
  "summary_bg_mad": 38.26814838762466,
  "summary_bg_mean": 484.9185791015625,
  "summary_bg_median": 66.48360443115234,
  "summary_bg_n": 366780.0,
  "summary_bg_p05": 35.882511138916016,
  "summary_bg_p95": 2568.85461425781,
  "summary_bg_stdv": 1247.7498779296875,
  "summary_fg_k": 1.1637389732070629,
  "summary_fg_mad": 2857.379150177553,
  "summary_fg_mean": 8628.0712890625,
  "summary_fg_median": 8129.06005859375,
  "summary_fg_n": 145747.0,
  "summary_fg_p05": 4506.61962890625,
  "summary_fg_p95": 14503.591015624992,
  "summary_fg_stdv": 3108.5126953125,
  "tsnr": 31.940910393139347
}