{
  "aor": 0.0005485792349726776,
  "aqi": 0.01097612543715847,
  "bids_meta": {
    "AcquisitionDateTime": "2017-05-29T13:32:31.853000",
    "EchoTime": 0.0352,
    "EffectiveEchoSpacing": 0.000580013,
    "FlipAngle": 56,
    "ImageType": [
      "ORIGINAL",
      "PRIMARY",
      "M",
      "MB",
      "ND",
      "MOSAI"
    ],
    "MagneticFieldStrength": 3,
    "Manufacturer": "Siemens",
    "ManufacturersModelName": "Prisma",
    "PhaseEncodingDirection": "j-",
    "RepetitionTime": 0.955,
    "SliceTiming": [
      0.875,
      0.795,
      0.715,
      0.635,
      0.5575,
      0.4775,
      0.3975,
      0.3175,
      0.2375,
      0.1575,
      0.08,
      0,
      0.875,
      0.795,
      0.715,
      0.635,
      0.5575,
      0.4775,
      0.3975,
      0.3175,
      0.2375,
      0.1575,
      0.08,
      0,
      0.875,
      0.795,
      0.715,
      0.635,
      0.5575,
      0.4775,
      0.3975,
      0.3175,
      0.2375,
      0.1575,
      0.08,
      0,
      0.875,
      0.795,
      0.715,
      0.635,
      0.5575,
      0.4775,
      0.3975,
      0.3175,
      0.2375,
      0.1575,
      0.08,
      0,
      0.875,
      0.795,
      0.715,
      0.635,
      0.5575,
      0.4775,
      0.3975,
      0.3175,
      0.2375,
      0.1575,
      0.08,
      0
    ],
    "TaskName": "identification",
    "TotalReadoutTime": 0.0580013,
    "dataset": "ds001771",
    "modality": "bold",
    "run_id": 1,
    "subject_id": "20",
    "task_id": "identification"
  },
  "dummy_trs": 0,
  "dvars_nstd": 46.56319934386306,
  "dvars_std": 1.0638685035342463,
  "dvars_vstd": 0.9915620746027402,
  "efc": 0.5240689403893962,
  "fber": 12771.0185546875,
  "fd_mean": 0.11951606309286901,
  "fd_num": 38,
  "fd_perc": 10.382513661202186,
  "fwhm_avg": 3.20715,
  "fwhm_x": 2.99644,
  "fwhm_y": 3.341975,
  "fwhm_z": 3.283035,
  "gcor": 0.00690533,
  "gsr_x": -0.004269885364919901,
  "gsr_y": 0.06473688036203384,
  "provenance": {
    "md5sum": "57763b7560ec17e2cdeb1e752c806187",
    "settings": {
      "fd_thres": 0.2,
      "testing": false
    },
    "software": "mriqc",
    "version": "23.0.1",
    "webapi_port": null,
    "webapi_url": "https://mriqc.nimh.nih.gov/api/v1"
  },
  "size_t": 366,
  "size_x": 100,
  "size_y": 100,
  "size_z": 60,
  "snr": 2.550961271560013,
  "spacing_tr": 0.9549999833106995,
  "spacing_x": 2.0,
  "spacing_y": 2.0,
  "spacing_z": 2.0,
  "summary_bg_k": 38.445501339852306,
  "summary_bg_mad": 50.748596630577836,
  "summary_bg_mean": 476.3097839355469,
  "summary_bg_median": 70.44014739990234,
  "summary_bg_n": 364159.0,
  "summary_bg_p05": 27.06321086883545,
  "summary_bg_p95": 2509.0762939453125,
  "summary_bg_stdv": 1206.790771484375,
  "summary_fg_k": 1.4053505521057819,
  "summary_fg_mad": 2908.7848348625985,
  "summary_fg_mean": 8700.380859375,
  "summary_fg_median": 8180.4921875,
  "summary_fg_n": 147502.0,
  "summary_fg_p05": 4485.394287109375,
  "summary_fg_p95": 14758.85883789061,
  "summary_fg_stdv": 3206.81640625,
  "tsnr": 29.03960418701172
}