{
  "aor": 0.00033669918699187,
  "aqi": 0.014810817886178862,
  "bids_meta": {
    "AcquisitionDateTime": "2017-05-15T15:53:11.703000",
    "EchoTime": 0.0352,
    "EffectiveEchoSpacing": 0.000580013,
    "FlipAngle": 56,
    "ImageType": [
      "ORIGINAL",
      "PRIMARY",
      "M",
      "MB",
      "ND",
      "MOSAI"
    ],
    "MagneticFieldStrength": 3,
    "Manufacturer": "Siemens",
    "ManufacturersModelName": "Prisma",
    "PhaseEncodingDirection": "j-",
    "RepetitionTime": 0.955,
    "SliceTiming": [
      0.875,
      0.795,
      0.7175,
      0.6375,
      0.5575,
      0.4775,
      0.3975,
      0.3175,
      0.24,
      0.16,
      0.08,
      0,
      0.875,
      0.795,
      0.7175,
      0.6375,
      0.5575,
      0.4775,
      0.3975,
      0.3175,
      0.24,
      0.16,
      0.08,
      0,
      0.875,
      0.795,
      0.7175,
      0.6375,
      0.5575,
      0.4775,
      0.3975,
      0.3175,
      0.24,
      0.16,
      0.08,
      0,
      0.875,
      0.795,
      0.7175,
      0.6375,
      0.5575,
      0.4775,
      0.3975,
      0.3175,
      0.24,
      0.16,
      0.08,
      0,
      0.875,
      0.795,
      0.7175,
      0.6375,
      0.5575,
      0.4775,
      0.3975,
      0.3175,
      0.24,
      0.16,
      0.08,
      0
    ],
    "TaskName": "rest",
    "TotalReadoutTime": 0.0580013,
    "dataset": "ds001771",
    "modality": "bold",
    "subject_id": "17",
    "task_id": "rest"
  },
  "dummy_trs": 5,
  "dvars_nstd": 48.16266982477195,
  "dvars_std": 0.9970955522475567,
  "dvars_vstd": 0.9711407157654733,
  "efc": 0.576290263416427,
  "fber": 4661.67333984375,
  "fd_mean": 0.12263780715219874,
  "fd_num": 71,
  "fd_perc": 11.544715447154472,
  "fwhm_avg": 3.001806666666667,
  "fwhm_x": 2.70982,
  "fwhm_y": 3.20324,
  "fwhm_z": 3.09236,
  "gcor": 0.00326218,
  "gsr_x": -0.006248850841075182,
  "gsr_y": 0.058932751417160034,
  "provenance": {
    "md5sum": "3352850e9813578225844f35a483e027",
    "settings": {
      "fd_thres": 0.2,
      "testing": false
    },
    "software": "mriqc",
    "version": "23.0.1",
    "webapi_port": null,
    "webapi_url": "https://mriqc.nimh.nih.gov/api/v1"
  },
  "size_t": 615,
  "size_x": 100,
  "size_y": 100,
  "size_z": 60,
  "snr": 2.3457597512166304,
  "spacing_tr": 0.9549999833106995,
  "spacing_x": 2.0,
  "spacing_y": 2.0,
  "spacing_z": 2.0,
  "summary_bg_k": 24.343485807985413,
  "summary_bg_mad": 93.34126353528698,
  "summary_bg_mean": 540.3428955078125,
  "summary_bg_median": 98.6243896484375,
  "summary_bg_n": 325255.0,
  "summary_bg_p05": 26.05154438018799,
  "summary_bg_p95": 2693.6559814453126,
  "summary_bg_stdv": 1163.8526611328125,
  "summary_fg_k": 0.8829630338902192,
  "summary_fg_mad": 2838.6750517793453,
  "summary_fg_mean": 7718.5224609375,
  "summary_fg_median": 7202.25,
  "summary_fg_n": 178305.0,
  "summary_fg_p05": 3839.43349609375,
  "summary_fg_p95": 13544.237109374988,
  "summary_fg_stdv": 3070.318603515625,
  "tsnr": 24.430504925432615
}