{
  "aor": 0.001048598901098901,
  "aqi": 0.00864560967032967,
  "bids_meta": {
    "AcquisitionDateTime": "2017-05-15T13:37:11.737000",
    "EchoTime": 0.0352,
    "EffectiveEchoSpacing": 0.000580013,
    "FlipAngle": 56,
    "ImageType": [
      "ORIGINAL",
      "PRIMARY",
      "M",
      "MB",
      "ND",
      "MOSAI"
    ],
    "MagneticFieldStrength": 3,
    "Manufacturer": "Siemens",
    "ManufacturersModelName": "Prisma",
    "PhaseEncodingDirection": "j-",
    "RepetitionTime": 0.955,
    "SliceTiming": [
      0.8775,
      0.7975,
      0.7175,
      0.6375,
      0.5575,
      0.4775,
      0.4,
      0.32,
      0.24,
      0.16,
      0.08,
      0,
      0.8775,
      0.7975,
      0.7175,
      0.6375,
      0.5575,
      0.4775,
      0.4,
      0.32,
      0.24,
      0.16,
      0.08,
      0,
      0.8775,
      0.7975,
      0.7175,
      0.6375,
      0.5575,
      0.4775,
      0.4,
      0.32,
      0.24,
      0.16,
      0.08,
      0,
      0.8775,
      0.7975,
      0.7175,
      0.6375,
      0.5575,
      0.4775,
      0.4,
      0.32,
      0.24,
      0.16,
      0.08,
      0,
      0.8775,
      0.7975,
      0.7175,
      0.6375,
      0.5575,
      0.4775,
      0.4,
      0.32,
      0.24,
      0.16,
      0.08,
      0
    ],
    "TaskName": "identification",
    "TotalReadoutTime": 0.0580013,
    "dataset": "ds001771",
    "modality": "bold",
    "run_id": 1,
    "subject_id": "17",
    "task_id": "identification"
  },
  "dummy_trs": 2,
  "dvars_nstd": 44.65841756768597,
  "dvars_std": 1.011639249283747,
  "dvars_vstd": 1.0109929534159787,
  "efc": 0.5695697756044391,
  "fber": 4564.8984375,
  "fd_mean": 0.14129195981997733,
  "fd_num": 58,
  "fd_perc": 15.934065934065934,
  "fwhm_avg": 3.044561727593644,
  "fwhm_x": 2.804775,
  "fwhm_y": 3.262355,
  "fwhm_z": 3.0665551827809323,
  "gcor": 0.00547445,
  "gsr_x": -0.007810227572917938,
  "gsr_y": 0.06105731800198555,
  "provenance": {
    "md5sum": "17c6e11ed99e7ca88ab0f5fd574a5873",
    "settings": {
      "fd_thres": 0.2,
      "testing": false
    },
    "software": "mriqc",
    "version": "23.0.1",
    "webapi_port": null,
    "webapi_url": "https://mriqc.nimh.nih.gov/api/v1"
  },
  "size_t": 364,
  "size_x": 100,
  "size_y": 100,
  "size_z": 60,
  "snr": 2.143248418389248,
  "spacing_tr": 0.9549999833106995,
  "spacing_x": 2.0,
  "spacing_y": 2.0,
  "spacing_z": 1.9999998807907104,
  "summary_bg_k": 27.722251550027973,
  "summary_bg_mad": 113.6020422306821,
  "summary_bg_mean": 629.602783203125,
  "summary_bg_median": 111.24401092529297,
  "summary_bg_n": 325315.0,
  "summary_bg_p05": 19.076757621765136,
  "summary_bg_p95": 3172.4365234374986,
  "summary_bg_stdv": 1397.1011962890625,
  "summary_fg_k": 1.7358503534008154,
  "summary_fg_mad": 3310.3271586145756,
  "summary_fg_mean": 8613.54296875,
  "summary_fg_median": 7931.62744140625,
  "summary_fg_n": 177756.0,
  "summary_fg_p05": 4063.2079467773438,
  "summary_fg_p95": 15585.604736328125,
  "summary_fg_stdv": 3700.739990234375,
  "tsnr": 27.336008071899414
}