{
  "aor": 0.006173726027397261,
  "aqi": 0.008428350547945204,
  "bids_meta": {
    "AcquisitionDateTime": "2017-06-15T13:43:16.700000",
    "EchoTime": 0.0352,
    "EffectiveEchoSpacing": 0.000580013,
    "FlipAngle": 56,
    "ImageType": [
      "ORIGINAL",
      "PRIMARY",
      "M",
      "MB",
      "ND",
      "MOSAI"
    ],
    "MagneticFieldStrength": 3,
    "Manufacturer": "Siemens",
    "ManufacturersModelName": "Prisma",
    "PhaseEncodingDirection": "j-",
    "RepetitionTime": 0.955,
    "SliceTiming": [
      0.875,
      0.795,
      0.7175,
      0.6375,
      0.5575,
      0.4775,
      0.3975,
      0.3175,
      0.24,
      0.16,
      0.08,
      0,
      0.875,
      0.795,
      0.7175,
      0.6375,
      0.5575,
      0.4775,
      0.3975,
      0.3175,
      0.24,
      0.16,
      0.08,
      0,
      0.875,
      0.795,
      0.7175,
      0.6375,
      0.5575,
      0.4775,
      0.3975,
      0.3175,
      0.24,
      0.16,
      0.08,
      0,
      0.875,
      0.795,
      0.7175,
      0.6375,
      0.5575,
      0.4775,
      0.3975,
      0.3175,
      0.24,
      0.16,
      0.08,
      0,
      0.875,
      0.795,
      0.7175,
      0.6375,
      0.5575,
      0.4775,
      0.3975,
      0.3175,
      0.24,
      0.16,
      0.08,
      0
    ],
    "TaskName": "identification",
    "TotalReadoutTime": 0.0580013,
    "dataset": "ds001771",
    "modality": "bold",
    "run_id": 2,
    "subject_id": "26",
    "task_id": "identification"
  },
  "dummy_trs": 1,
  "dvars_nstd": 42.85836425159343,
  "dvars_std": 1.0491161968956046,
  "dvars_vstd": 1.0728821096703303,
  "efc": 0.5119627380560732,
  "fber": 11647.9609375,
  "fd_mean": 0.08761820793597266,
  "fd_num": 11,
  "fd_perc": 3.0136986301369864,
  "fwhm_avg": 3.0131333333333337,
  "fwhm_x": 2.866775,
  "fwhm_y": 3.158675,
  "fwhm_z": 3.01395,
  "gcor": 0.00730078,
  "gsr_x": -0.008549841120839119,
  "gsr_y": 0.04325198009610176,
  "provenance": {
    "md5sum": "58b25ab07fcdf628c54262dcd450afe0",
    "settings": {
      "fd_thres": 0.2,
      "testing": false
    },
    "software": "mriqc",
    "version": "23.0.1",
    "webapi_port": null,
    "webapi_url": "https://mriqc.nimh.nih.gov/api/v1"
  },
  "size_t": 365,
  "size_x": 100,
  "size_y": 100,
  "size_z": 60,
  "snr": 2.2572124509396607,
  "spacing_tr": 0.9549999833106995,
  "spacing_x": 2.0,
  "spacing_y": 2.0,
  "spacing_z": 2.0,
  "summary_bg_k": 84.08561096770691,
  "summary_bg_mad": 51.75781854784091,
  "summary_bg_mean": 325.7927551269531,
  "summary_bg_median": 70.53268432617188,
  "summary_bg_n": 356831.0,
  "summary_bg_p05": 25.672019004821777,
  "summary_bg_p95": 1458.7401733398438,
  "summary_bg_stdv": 843.2576293945312,
  "summary_fg_k": 1.6700435079104983,
  "summary_fg_mad": 3077.3501193722186,
  "summary_fg_mean": 8447.400390625,
  "summary_fg_median": 7743.19482421875,
  "summary_fg_n": 152738.0,
  "summary_fg_p05": 4328.71748046875,
  "summary_fg_p95": 15058.534716796872,
  "summary_fg_stdv": 3430.412353515625,
  "tsnr": 27.63226318359375
}