{
  "aor": 0.0035839967637540456,
  "aqi": 0.013235001585760518,
  "bids_meta": {
    "AcquisitionDateTime": "2017-06-15T15:57:56.656000",
    "EchoTime": 0.0352,
    "EffectiveEchoSpacing": 0.000580013,
    "FlipAngle": 56,
    "ImageType": [
      "ORIGINAL",
      "PRIMARY",
      "M",
      "MB",
      "ND",
      "MOSAI"
    ],
    "MagneticFieldStrength": 3,
    "Manufacturer": "Siemens",
    "ManufacturersModelName": "Prisma",
    "PhaseEncodingDirection": "j-",
    "RepetitionTime": 0.955,
    "SliceTiming": [
      0.875,
      0.795,
      0.715,
      0.635,
      0.5575,
      0.4775,
      0.3975,
      0.3175,
      0.2375,
      0.1575,
      0.08,
      0,
      0.875,
      0.795,
      0.715,
      0.635,
      0.5575,
      0.4775,
      0.3975,
      0.3175,
      0.2375,
      0.1575,
      0.08,
      0,
      0.875,
      0.795,
      0.715,
      0.635,
      0.5575,
      0.4775,
      0.3975,
      0.3175,
      0.2375,
      0.1575,
      0.08,
      0,
      0.875,
      0.795,
      0.715,
      0.635,
      0.5575,
      0.4775,
      0.3975,
      0.3175,
      0.2375,
      0.1575,
      0.08,
      0,
      0.875,
      0.795,
      0.715,
      0.635,
      0.5575,
      0.4775,
      0.3975,
      0.3175,
      0.2375,
      0.1575,
      0.08,
      0
    ],
    "TaskName": "rest",
    "TotalReadoutTime": 0.0580013,
    "dataset": "ds001771",
    "modality": "bold",
    "subject_id": "26",
    "task_id": "rest"
  },
  "dummy_trs": 2,
  "dvars_nstd": 44.035592343517,
  "dvars_std": 0.9952167459805502,
  "dvars_vstd": 1.0153158715883295,
  "efc": 0.5162198271849395,
  "fber": 10717.580078125,
  "fd_mean": 0.10459684031697761,
  "fd_num": 29,
  "fd_perc": 4.692556634304207,
  "fwhm_avg": 3.003235,
  "fwhm_x": 2.844605,
  "fwhm_y": 3.19157,
  "fwhm_z": 2.97353,
  "gcor": 0.00647227,
  "gsr_x": -0.0046184975653886795,
  "gsr_y": 0.041124776005744934,
  "provenance": {
    "md5sum": "48f25d442899c7423d9f08feb6916908",
    "settings": {
      "fd_thres": 0.2,
      "testing": false
    },
    "software": "mriqc",
    "version": "23.0.1",
    "webapi_port": null,
    "webapi_url": "https://mriqc.nimh.nih.gov/api/v1"
  },
  "size_t": 618,
  "size_x": 100,
  "size_y": 100,
  "size_z": 60,
  "snr": 2.40827373036959,
  "spacing_tr": 0.9549999833106995,
  "spacing_x": 2.0,
  "spacing_y": 2.0,
  "spacing_z": 2.0,
  "summary_bg_k": 55.13423048392028,
  "summary_bg_mad": 51.88796702445015,
  "summary_bg_mean": 306.2283020019531,
  "summary_bg_median": 73.40589141845703,
  "summary_bg_n": 355476.0,
  "summary_bg_p05": 31.20012331008911,
  "summary_bg_p95": 1232.4528503417969,
  "summary_bg_stdv": 747.4550170898438,
  "summary_fg_k": 2.1208308950205312,
  "summary_fg_mad": 3007.866894990194,
  "summary_fg_mean": 8353.306640625,
  "summary_fg_median": 7774.82275390625,
  "summary_fg_n": 155592.0,
  "summary_fg_p05": 4345.13466796875,
  "summary_fg_p95": 14196.680273437498,
  "summary_fg_stdv": 3228.36962890625,
  "tsnr": 24.258886337280273
}