{
  "aor": 0.00024527508090614884,
  "aqi": 0.006734372686084142,
  "bids_meta": {
    "AcquisitionDateTime": "2017-07-25T16:01:07.034000",
    "EchoTime": 0.0352,
    "EffectiveEchoSpacing": 0.000580013,
    "FlipAngle": 56,
    "ImageType": [
      "ORIGINAL",
      "PRIMARY",
      "M",
      "MB",
      "ND",
      "MOSAI"
    ],
    "MagneticFieldStrength": 3,
    "Manufacturer": "Siemens",
    "ManufacturersModelName": "Prisma",
    "PhaseEncodingDirection": "j-",
    "RepetitionTime": 0.955,
    "SliceTiming": [
      0.875,
      0.795,
      0.7175,
      0.6375,
      0.5575,
      0.4775,
      0.3975,
      0.32,
      0.24,
      0.16,
      0.08,
      0,
      0.875,
      0.795,
      0.7175,
      0.6375,
      0.5575,
      0.4775,
      0.3975,
      0.32,
      0.24,
      0.16,
      0.08,
      0,
      0.875,
      0.795,
      0.7175,
      0.6375,
      0.5575,
      0.4775,
      0.3975,
      0.32,
      0.24,
      0.16,
      0.08,
      0,
      0.875,
      0.795,
      0.7175,
      0.6375,
      0.5575,
      0.4775,
      0.3975,
      0.32,
      0.24,
      0.16,
      0.08,
      0,
      0.875,
      0.795,
      0.7175,
      0.6375,
      0.5575,
      0.4775,
      0.3975,
      0.32,
      0.24,
      0.16,
      0.08,
      0
    ],
    "TaskName": "rest",
    "TotalReadoutTime": 0.0580013,
    "dataset": "ds001771",
    "modality": "bold",
    "subject_id": "37",
    "task_id": "rest"
  },
  "dummy_trs": 2,
  "dvars_nstd": 43.37262303554293,
  "dvars_std": 1.006185312625608,
  "dvars_vstd": 0.9973671083144251,
  "efc": 0.5070377411081549,
  "fber": 13443.8095703125,
  "fd_mean": 0.08371464332350172,
  "fd_num": 3,
  "fd_perc": 0.4854368932038835,
  "fwhm_avg": 2.9469100000000004,
  "fwhm_x": 2.758935,
  "fwhm_y": 3.08844,
  "fwhm_z": 2.993355,
  "gcor": 0.00380018,
  "gsr_x": -0.007821102626621723,
  "gsr_y": 0.04853010177612305,
  "provenance": {
    "md5sum": "d7d81a538757bd1f904763f534964608",
    "settings": {
      "fd_thres": 0.2,
      "testing": false
    },
    "software": "mriqc",
    "version": "23.0.1",
    "webapi_port": null,
    "webapi_url": "https://mriqc.nimh.nih.gov/api/v1"
  },
  "size_t": 618,
  "size_x": 100,
  "size_y": 100,
  "size_z": 60,
  "snr": 2.61311001094213,
  "spacing_tr": 0.9549999833106995,
  "spacing_x": 2.0,
  "spacing_y": 2.0,
  "spacing_z": 2.0,
  "summary_bg_k": 111.89842843833274,
  "summary_bg_mad": 37.62306733888607,
  "summary_bg_mean": 284.5379638671875,
  "summary_bg_median": 63.7352294921875,
  "summary_bg_n": 365297.0,
  "summary_bg_p05": 31.87328758239746,
  "summary_bg_p95": 1132.2353515625011,
  "summary_bg_stdv": 781.013427734375,
  "summary_fg_k": 2.159261727004389,
  "summary_fg_mad": 2699.0690136305066,
  "summary_fg_mean": 7934.7734375,
  "summary_fg_median": 7546.998046875,
  "summary_fg_n": 147140.0,
  "summary_fg_p05": 4105.688208007812,
  "summary_fg_p95": 13035.537207031248,
  "summary_fg_stdv": 2888.118896484375,
  "tsnr": 29.97066879272461
}