{
  "aor": 0.00038608219178082196,
  "aqi": 0.008160111561643835,
  "bids_meta": {
    "AcquisitionDateTime": "2017-07-25T14:03:27.064000",
    "EchoTime": 0.0352,
    "EffectiveEchoSpacing": 0.000580013,
    "FlipAngle": 56,
    "ImageType": [
      "ORIGINAL",
      "PRIMARY",
      "M",
      "MB",
      "ND",
      "MOSAI"
    ],
    "MagneticFieldStrength": 3,
    "Manufacturer": "Siemens",
    "ManufacturersModelName": "Prisma",
    "PhaseEncodingDirection": "j-",
    "RepetitionTime": 0.955,
    "SliceTiming": [
      0.875,
      0.7975,
      0.7175,
      0.6375,
      0.5575,
      0.4775,
      0.3975,
      0.32,
      0.24,
      0.16,
      0.08,
      0,
      0.875,
      0.7975,
      0.7175,
      0.6375,
      0.5575,
      0.4775,
      0.3975,
      0.32,
      0.24,
      0.16,
      0.08,
      0,
      0.875,
      0.7975,
      0.7175,
      0.6375,
      0.5575,
      0.4775,
      0.3975,
      0.32,
      0.24,
      0.16,
      0.08,
      0,
      0.875,
      0.7975,
      0.7175,
      0.6375,
      0.5575,
      0.4775,
      0.3975,
      0.32,
      0.24,
      0.16,
      0.08,
      0,
      0.875,
      0.7975,
      0.7175,
      0.6375,
      0.5575,
      0.4775,
      0.3975,
      0.32,
      0.24,
      0.16,
      0.08,
      0
    ],
    "TaskName": "identification",
    "TotalReadoutTime": 0.0580013,
    "dataset": "ds001771",
    "modality": "bold",
    "run_id": 4,
    "subject_id": "37",
    "task_id": "identification"
  },
  "dummy_trs": 1,
  "dvars_nstd": 42.127233023076926,
  "dvars_std": 0.997211140576922,
  "dvars_vstd": 0.9872680339285705,
  "efc": 0.507253270133399,
  "fber": 13920.447265625,
  "fd_mean": 0.09511535118624909,
  "fd_num": 8,
  "fd_perc": 2.191780821917808,
  "fwhm_avg": 3.0200633333333333,
  "fwhm_x": 2.82721,
  "fwhm_y": 3.16363,
  "fwhm_z": 3.06935,
  "gcor": 0.00513572,
  "gsr_x": -0.01166276354342699,
  "gsr_y": 0.05699044093489647,
  "provenance": {
    "md5sum": "797c78229d0bb40371f91fc34a91ddf7",
    "settings": {
      "fd_thres": 0.2,
      "testing": false
    },
    "software": "mriqc",
    "version": "23.0.1",
    "webapi_port": null,
    "webapi_url": "https://mriqc.nimh.nih.gov/api/v1"
  },
  "size_t": 365,
  "size_x": 100,
  "size_y": 100,
  "size_z": 60,
  "snr": 2.5533412383378713,
  "spacing_tr": 0.9549999833106995,
  "spacing_x": 2.0,
  "spacing_y": 2.0,
  "spacing_z": 2.0,
  "summary_bg_k": 125.10496148771128,
  "summary_bg_mad": 40.03036452970589,
  "summary_bg_mean": 318.5748596191406,
  "summary_bg_median": 65.04170227050781,
  "summary_bg_n": 364306.0,
  "summary_bg_p05": 30.0255126953125,
  "summary_bg_p95": 1257.13330078125,
  "summary_bg_stdv": 996.253662109375,
  "summary_fg_k": 2.84762662432378,
  "summary_fg_mad": 2780.4745895440587,
  "summary_fg_mean": 8314.5947265625,
  "summary_fg_median": 7842.8603515625,
  "summary_fg_n": 147950.0,
  "summary_fg_p05": 4339.907446289062,
  "summary_fg_p95": 13767.1443359375,
  "summary_fg_stdv": 3071.596435546875,
  "tsnr": 29.92378044128418
}