{
  "aor": 0.00046300000000000003,
  "aqi": 0.014182002493670886,
  "bids_meta": {
    "AcquisitionDateTime": "2017-07-25T14:10:07.108000",
    "EchoTime": 0.0352,
    "EffectiveEchoSpacing": 0.000580013,
    "FlipAngle": 56,
    "ImageType": [
      "ORIGINAL",
      "PRIMARY",
      "M",
      "MB",
      "ND",
      "MOSAI"
    ],
    "MagneticFieldStrength": 3,
    "Manufacturer": "Siemens",
    "ManufacturersModelName": "Prisma",
    "PhaseEncodingDirection": "j-",
    "RepetitionTime": 0.955,
    "SliceTiming": [
      0.8775,
      0.7975,
      0.7175,
      0.6375,
      0.5575,
      0.4775,
      0.4,
      0.32,
      0.24,
      0.16,
      0.08,
      0,
      0.8775,
      0.7975,
      0.7175,
      0.6375,
      0.5575,
      0.4775,
      0.4,
      0.32,
      0.24,
      0.16,
      0.08,
      0,
      0.8775,
      0.7975,
      0.7175,
      0.6375,
      0.5575,
      0.4775,
      0.4,
      0.32,
      0.24,
      0.16,
      0.08,
      0,
      0.8775,
      0.7975,
      0.7175,
      0.6375,
      0.5575,
      0.4775,
      0.4,
      0.32,
      0.24,
      0.16,
      0.08,
      0,
      0.8775,
      0.7975,
      0.7175,
      0.6375,
      0.5575,
      0.4775,
      0.4,
      0.32,
      0.24,
      0.16,
      0.08,
      0
    ],
    "TaskName": "localizer",
    "TotalReadoutTime": 0.0580013,
    "dataset": "ds001771",
    "modality": "bold",
    "subject_id": "37",
    "task_id": "localizer"
  },
  "dummy_trs": 2,
  "dvars_nstd": 43.19150721626108,
  "dvars_std": 0.9863664954119137,
  "dvars_vstd": 0.979634692015209,
  "efc": 0.509167588606902,
  "fber": 12954.6328125,
  "fd_mean": 0.11449818334447259,
  "fd_num": 71,
  "fd_perc": 8.987341772151899,
  "fwhm_avg": 3.059578333333333,
  "fwhm_x": 2.85967,
  "fwhm_y": 3.220665,
  "fwhm_z": 3.0984,
  "gcor": 0.010818,
  "gsr_x": -0.012237085960805416,
  "gsr_y": 0.05827253311872482,
  "provenance": {
    "md5sum": "32071d374fe0d4ba82ece9ed6e647e20",
    "settings": {
      "fd_thres": 0.2,
      "testing": false
    },
    "software": "mriqc",
    "version": "23.0.1",
    "webapi_port": null,
    "webapi_url": "https://mriqc.nimh.nih.gov/api/v1"
  },
  "size_t": 790,
  "size_x": 100,
  "size_y": 100,
  "size_z": 60,
  "snr": 2.565424551340973,
  "spacing_tr": 0.9549999833106995,
  "spacing_x": 2.0,
  "spacing_y": 2.0,
  "spacing_z": 2.0,
  "summary_bg_k": 118.90045500467156,
  "summary_bg_mad": 39.97750372940047,
  "summary_bg_mean": 318.9809265136719,
  "summary_bg_median": 67.11222839355469,
  "summary_bg_n": 363444.0,
  "summary_bg_p05": 33.469014739990236,
  "summary_bg_p95": 1223.1514526367175,
  "summary_bg_stdv": 981.2582397460938,
  "summary_fg_k": 2.705382890413187,
  "summary_fg_mad": 2763.7754065970967,
  "summary_fg_mean": 8270.0458984375,
  "summary_fg_median": 7804.94775390625,
  "summary_fg_n": 148719.0,
  "summary_fg_p05": 4318.087255859375,
  "summary_fg_p95": 13675.18955078125,
  "summary_fg_stdv": 3042.350830078125,
  "tsnr": 24.620750427246094
}