{
  "aor": 0.00030126027397260277,
  "aqi": 0.006241115972602741,
  "bids_meta": {
    "AcquisitionDateTime": "2017-07-25T13:50:27.098000",
    "EchoTime": 0.0352,
    "EffectiveEchoSpacing": 0.000580013,
    "FlipAngle": 56,
    "ImageType": [
      "ORIGINAL",
      "PRIMARY",
      "M",
      "MB",
      "ND",
      "MOSAI"
    ],
    "MagneticFieldStrength": 3,
    "Manufacturer": "Siemens",
    "ManufacturersModelName": "Prisma",
    "PhaseEncodingDirection": "j-",
    "RepetitionTime": 0.955,
    "SliceTiming": [
      0.875,
      0.795,
      0.715,
      0.635,
      0.5575,
      0.4775,
      0.3975,
      0.3175,
      0.2375,
      0.1575,
      0.08,
      0,
      0.875,
      0.795,
      0.715,
      0.635,
      0.5575,
      0.4775,
      0.3975,
      0.3175,
      0.2375,
      0.1575,
      0.08,
      0,
      0.875,
      0.795,
      0.715,
      0.635,
      0.5575,
      0.4775,
      0.3975,
      0.3175,
      0.2375,
      0.1575,
      0.08,
      0,
      0.875,
      0.795,
      0.715,
      0.635,
      0.5575,
      0.4775,
      0.3975,
      0.3175,
      0.2375,
      0.1575,
      0.08,
      0,
      0.875,
      0.795,
      0.715,
      0.635,
      0.5575,
      0.4775,
      0.3975,
      0.3175,
      0.2375,
      0.1575,
      0.08,
      0
    ],
    "TaskName": "identification",
    "TotalReadoutTime": 0.0580013,
    "dataset": "ds001771",
    "modality": "bold",
    "run_id": 2,
    "subject_id": "37",
    "task_id": "identification"
  },
  "dummy_trs": 1,
  "dvars_nstd": 42.73872313670331,
  "dvars_std": 1.018327182527473,
  "dvars_vstd": 0.9966901387362642,
  "efc": 0.5064548793652326,
  "fber": 15081.7744140625,
  "fd_mean": 0.09247998591493359,
  "fd_num": 2,
  "fd_perc": 0.547945205479452,
  "fwhm_avg": 2.9932866666666667,
  "fwhm_x": 2.80309,
  "fwhm_y": 3.138015,
  "fwhm_z": 3.038755,
  "gcor": 0.00419073,
  "gsr_x": -0.011935318820178509,
  "gsr_y": 0.0588800422847271,
  "provenance": {
    "md5sum": "8bbd66dd560c8a1c9ad4710b0d1f9624",
    "settings": {
      "fd_thres": 0.2,
      "testing": false
    },
    "software": "mriqc",
    "version": "23.0.1",
    "webapi_port": null,
    "webapi_url": "https://mriqc.nimh.nih.gov/api/v1"
  },
  "size_t": 365,
  "size_x": 100,
  "size_y": 100,
  "size_z": 60,
  "snr": 2.5377757728830623,
  "spacing_tr": 0.9549999833106995,
  "spacing_x": 2.0,
  "spacing_y": 2.0,
  "spacing_z": 2.0,
  "summary_bg_k": 126.02778218922637,
  "summary_bg_mad": 34.4178302451839,
  "summary_bg_mean": 315.5470275878906,
  "summary_bg_median": 62.64352035522461,
  "summary_bg_n": 364195.0,
  "summary_bg_p05": 33.53976593017578,
  "summary_bg_p95": 1227.1287109374987,
  "summary_bg_stdv": 1007.1826782226562,
  "summary_fg_k": 3.014897975885421,
  "summary_fg_mad": 2781.313982743452,
  "summary_fg_mean": 8329.7109375,
  "summary_fg_median": 7845.98779296875,
  "summary_fg_n": 148122.0,
  "summary_fg_p05": 4353.407543945313,
  "summary_fg_p95": 13819.244531249999,
  "summary_fg_stdv": 3091.66845703125,
  "tsnr": 31.964847564697266
}