{
  "aor": 0.00018945638432364096,
  "aqi": 0.0067959809481668776,
  "bids_meta": {
    "AcquisitionDateTime": "2017-04-11T11:36:06.302000",
    "EchoTime": 0.0352,
    "EffectiveEchoSpacing": 0.000580013,
    "FlipAngle": 56,
    "ImageType": [
      "ORIGINAL",
      "PRIMARY",
      "M",
      "MB",
      "ND",
      "MOSAI"
    ],
    "MagneticFieldStrength": 3,
    "Manufacturer": "Siemens",
    "ManufacturersModelName": "Prisma",
    "PhaseEncodingDirection": "j-",
    "RepetitionTime": 0.955,
    "SliceTiming": [
      0.875,
      0.795,
      0.715,
      0.635,
      0.5575,
      0.4775,
      0.3975,
      0.3175,
      0.2375,
      0.1575,
      0.08,
      0,
      0.875,
      0.795,
      0.715,
      0.635,
      0.5575,
      0.4775,
      0.3975,
      0.3175,
      0.2375,
      0.1575,
      0.08,
      0,
      0.875,
      0.795,
      0.715,
      0.635,
      0.5575,
      0.4775,
      0.3975,
      0.3175,
      0.2375,
      0.1575,
      0.08,
      0,
      0.875,
      0.795,
      0.715,
      0.635,
      0.5575,
      0.4775,
      0.3975,
      0.3175,
      0.2375,
      0.1575,
      0.08,
      0,
      0.875,
      0.795,
      0.715,
      0.635,
      0.5575,
      0.4775,
      0.3975,
      0.3175,
      0.2375,
      0.1575,
      0.08,
      0
    ],
    "TaskName": "localizer",
    "TotalReadoutTime": 0.0580013,
    "dataset": "ds001771",
    "modality": "bold",
    "subject_id": "09",
    "task_id": "localizer"
  },
  "dummy_trs": 1,
  "dvars_nstd": 42.33004782474682,
  "dvars_std": 1.0138317608354426,
  "dvars_vstd": 0.9973198529240507,
  "efc": 0.5328060862428201,
  "fber": 8169.77392578125,
  "fd_mean": 0.09828143372047964,
  "fd_num": 6,
  "fd_perc": 0.7585335018963337,
  "fwhm_avg": 2.877641666666667,
  "fwhm_x": 2.700095,
  "fwhm_y": 3.06024,
  "fwhm_z": 2.87259,
  "gcor": 0.00743606,
  "gsr_x": -0.005885444115847349,
  "gsr_y": 0.05340776965022087,
  "provenance": {
    "md5sum": "dc3f36fa560bdb4f422596d869b0a6cc",
    "settings": {
      "fd_thres": 0.2,
      "testing": false
    },
    "software": "mriqc",
    "version": "23.0.1",
    "webapi_port": null,
    "webapi_url": "https://mriqc.nimh.nih.gov/api/v1"
  },
  "size_t": 791,
  "size_x": 100,
  "size_y": 100,
  "size_z": 60,
  "snr": 2.4908706625320525,
  "spacing_tr": 0.9549999833106995,
  "spacing_x": 2.0,
  "spacing_y": 2.0,
  "spacing_z": 2.0,
  "summary_bg_k": 32.640563427122025,
  "summary_bg_mad": 57.38171509072845,
  "summary_bg_mean": 490.4811706542969,
  "summary_bg_median": 78.61085510253906,
  "summary_bg_n": 361798.0,
  "summary_bg_p05": 33.26933879852295,
  "summary_bg_p95": 2461.254113769522,
  "summary_bg_stdv": 1145.3775634765625,
  "summary_fg_k": 2.1023806435506494,
  "summary_fg_mad": 2614.6700001322274,
  "summary_fg_mean": 7872.42333984375,
  "summary_fg_median": 7347.6220703125,
  "summary_fg_n": 147478.0,
  "summary_fg_p05": 4111.247875976563,
  "summary_fg_p95": 13424.065478515622,
  "summary_fg_stdv": 2949.810791015625,
  "tsnr": 30.699844360351562
}