{
  "aor": 0.00029162087912087915,
  "aqi": 0.0054630898626373625,
  "bids_meta": {
    "AcquisitionDateTime": "2017-04-11T11:16:26.299000",
    "EchoTime": 0.0352,
    "EffectiveEchoSpacing": 0.000580013,
    "FlipAngle": 56,
    "ImageType": [
      "ORIGINAL",
      "PRIMARY",
      "M",
      "MB",
      "ND",
      "MOSAI"
    ],
    "MagneticFieldStrength": 3,
    "Manufacturer": "Siemens",
    "ManufacturersModelName": "Prisma",
    "PhaseEncodingDirection": "j-",
    "RepetitionTime": 0.955,
    "SliceTiming": [
      0.875,
      0.795,
      0.715,
      0.635,
      0.555,
      0.4775,
      0.3975,
      0.3175,
      0.2375,
      0.1575,
      0.0775,
      0,
      0.875,
      0.795,
      0.715,
      0.635,
      0.555,
      0.4775,
      0.3975,
      0.3175,
      0.2375,
      0.1575,
      0.0775,
      0,
      0.875,
      0.795,
      0.715,
      0.635,
      0.555,
      0.4775,
      0.3975,
      0.3175,
      0.2375,
      0.1575,
      0.0775,
      0,
      0.875,
      0.795,
      0.715,
      0.635,
      0.555,
      0.4775,
      0.3975,
      0.3175,
      0.2375,
      0.1575,
      0.0775,
      0,
      0.875,
      0.795,
      0.715,
      0.635,
      0.555,
      0.4775,
      0.3975,
      0.3175,
      0.2375,
      0.1575,
      0.0775,
      0
    ],
    "TaskName": "identification",
    "TotalReadoutTime": 0.0580013,
    "dataset": "ds001771",
    "modality": "bold",
    "run_id": 2,
    "subject_id": "09",
    "task_id": "identification"
  },
  "dummy_trs": 2,
  "dvars_nstd": 41.81878787148758,
  "dvars_std": 1.0141300765564736,
  "dvars_vstd": 1.0014914277410476,
  "efc": 0.5321669377375347,
  "fber": 8046.11083984375,
  "fd_mean": 0.10016647160373669,
  "fd_num": 0,
  "fd_perc": 0.0,
  "fwhm_avg": 2.885686666666667,
  "fwhm_x": 2.71022,
  "fwhm_y": 3.061205,
  "fwhm_z": 2.885635,
  "gcor": 0.00664141,
  "gsr_x": -0.007651617284864187,
  "gsr_y": 0.05265050381422043,
  "provenance": {
    "md5sum": "4912ac89208441969c07fb4e0052d348",
    "settings": {
      "fd_thres": 0.2,
      "testing": false
    },
    "software": "mriqc",
    "version": "23.0.1",
    "webapi_port": null,
    "webapi_url": "https://mriqc.nimh.nih.gov/api/v1"
  },
  "size_t": 364,
  "size_x": 100,
  "size_y": 100,
  "size_z": 60,
  "snr": 2.4763276262545513,
  "spacing_tr": 0.9549999833106995,
  "spacing_x": 2.0,
  "spacing_y": 2.0,
  "spacing_z": 2.0,
  "summary_bg_k": 33.39380640492164,
  "summary_bg_mad": 58.816501374265655,
  "summary_bg_mean": 484.3834533691406,
  "summary_bg_median": 80.09981536865234,
  "summary_bg_n": 360738.0,
  "summary_bg_p05": 34.08537120819092,
  "summary_bg_p95": 2438.2148437499955,
  "summary_bg_stdv": 1139.9658203125,
  "summary_fg_k": 2.216632206397838,
  "summary_fg_mad": 2647.7234148752145,
  "summary_fg_mean": 7943.52392578125,
  "summary_fg_median": 7421.22216796875,
  "summary_fg_n": 148605.0,
  "summary_fg_p05": 4136.319921875,
  "summary_fg_p95": 13575.702734374998,
  "summary_fg_stdv": 2996.85595703125,
  "tsnr": 32.769378662109375
}