{
  "aor": 0.0004573224043715848,
  "aqi": 0.006844431885245902,
  "bids_meta": {
    "AcquisitionDateTime": "2017-04-11T11:10:06.262000",
    "EchoTime": 0.0352,
    "EffectiveEchoSpacing": 0.000580013,
    "FlipAngle": 56,
    "ImageType": [
      "ORIGINAL",
      "PRIMARY",
      "M",
      "MB",
      "ND",
      "MOSAI"
    ],
    "MagneticFieldStrength": 3,
    "Manufacturer": "Siemens",
    "ManufacturersModelName": "Prisma",
    "PhaseEncodingDirection": "j-",
    "RepetitionTime": 0.955,
    "SliceTiming": [
      0.875,
      0.795,
      0.7175,
      0.6375,
      0.5575,
      0.4775,
      0.3975,
      0.3175,
      0.24,
      0.16,
      0.08,
      0,
      0.875,
      0.795,
      0.7175,
      0.6375,
      0.5575,
      0.4775,
      0.3975,
      0.3175,
      0.24,
      0.16,
      0.08,
      0,
      0.875,
      0.795,
      0.7175,
      0.6375,
      0.5575,
      0.4775,
      0.3975,
      0.3175,
      0.24,
      0.16,
      0.08,
      0,
      0.875,
      0.795,
      0.7175,
      0.6375,
      0.5575,
      0.4775,
      0.3975,
      0.3175,
      0.24,
      0.16,
      0.08,
      0,
      0.875,
      0.795,
      0.7175,
      0.6375,
      0.5575,
      0.4775,
      0.3975,
      0.3175,
      0.24,
      0.16,
      0.08,
      0
    ],
    "TaskName": "identification",
    "TotalReadoutTime": 0.0580013,
    "dataset": "ds001771",
    "modality": "bold",
    "run_id": 1,
    "subject_id": "09",
    "task_id": "identification"
  },
  "dummy_trs": 0,
  "dvars_nstd": 41.412449541534215,
  "dvars_std": 1.0106953361643836,
  "dvars_vstd": 1.0034716253972606,
  "efc": 0.5321127356700738,
  "fber": 8118.5625,
  "fd_mean": 0.10246554638836028,
  "fd_num": 1,
  "fd_perc": 0.273224043715847,
  "fwhm_avg": 2.899543333333334,
  "fwhm_x": 2.729505,
  "fwhm_y": 3.075005,
  "fwhm_z": 2.89412,
  "gcor": 0.00940226,
  "gsr_x": -0.0063531589694321156,
  "gsr_y": 0.051262568682432175,
  "provenance": {
    "md5sum": "67934ed2ac2ff12965ac68200e2ae9a2",
    "settings": {
      "fd_thres": 0.2,
      "testing": false
    },
    "software": "mriqc",
    "version": "23.0.1",
    "webapi_port": null,
    "webapi_url": "https://mriqc.nimh.nih.gov/api/v1"
  },
  "size_t": 366,
  "size_x": 100,
  "size_y": 100,
  "size_z": 60,
  "snr": 2.482291149720922,
  "spacing_tr": 0.9549999833106995,
  "spacing_x": 2.0,
  "spacing_y": 2.0,
  "spacing_z": 2.0,
  "summary_bg_k": 33.10611906501465,
  "summary_bg_mad": 59.40341094046626,
  "summary_bg_mean": 473.93157958984375,
  "summary_bg_median": 79.28889465332031,
  "summary_bg_n": 359746.0,
  "summary_bg_p05": 32.25539016723633,
  "summary_bg_p95": 2375.3939208984375,
  "summary_bg_stdv": 1116.10791015625,
  "summary_fg_k": 2.192719822380191,
  "summary_fg_mad": 2642.9534607649935,
  "summary_fg_mean": 7929.96875,
  "summary_fg_median": 7410.11181640625,
  "summary_fg_n": 148919.0,
  "summary_fg_p05": 4114.6951171875,
  "summary_fg_p95": 13534.69267578125,
  "summary_fg_stdv": 2985.180419921875,
  "tsnr": 30.698772430419922
}