{
  "aor": 0.0011567637540453074,
  "aqi": 0.013123344417475728,
  "bids_meta": {
    "AcquisitionDateTime": "2017-07-17T16:05:20.165000",
    "EchoTime": 0.0352,
    "EffectiveEchoSpacing": 0.000580013,
    "FlipAngle": 56,
    "ImageType": [
      "ORIGINAL",
      "PRIMARY",
      "M",
      "MB",
      "ND",
      "MOSAI"
    ],
    "MagneticFieldStrength": 3,
    "Manufacturer": "Siemens",
    "ManufacturersModelName": "Prisma",
    "PhaseEncodingDirection": "j-",
    "RepetitionTime": 0.955,
    "SliceTiming": [
      0.875,
      0.7975,
      0.7175,
      0.6375,
      0.5575,
      0.4775,
      0.3975,
      0.32,
      0.24,
      0.16,
      0.08,
      0,
      0.875,
      0.7975,
      0.7175,
      0.6375,
      0.5575,
      0.4775,
      0.3975,
      0.32,
      0.24,
      0.16,
      0.08,
      0,
      0.875,
      0.7975,
      0.7175,
      0.6375,
      0.5575,
      0.4775,
      0.3975,
      0.32,
      0.24,
      0.16,
      0.08,
      0,
      0.875,
      0.7975,
      0.7175,
      0.6375,
      0.5575,
      0.4775,
      0.3975,
      0.32,
      0.24,
      0.16,
      0.08,
      0,
      0.875,
      0.7975,
      0.7175,
      0.6375,
      0.5575,
      0.4775,
      0.3975,
      0.32,
      0.24,
      0.16,
      0.08,
      0
    ],
    "TaskName": "rest",
    "TotalReadoutTime": 0.0580013,
    "dataset": "ds001771",
    "modality": "bold",
    "subject_id": "35",
    "task_id": "rest"
  },
  "dummy_trs": 2,
  "dvars_nstd": 52.3317613152674,
  "dvars_std": 1.0239509228849282,
  "dvars_vstd": 1.013139181345219,
  "efc": 0.499868806995016,
  "fber": 9844.5400390625,
  "fd_mean": 0.21365591401361425,
  "fd_num": 342,
  "fd_perc": 55.33980582524272,
  "fwhm_avg": 2.99753,
  "fwhm_x": 2.81147,
  "fwhm_y": 3.172645,
  "fwhm_z": 3.008475,
  "gcor": 0.00143534,
  "gsr_x": -0.0008933337521739304,
  "gsr_y": 0.05402149260044098,
  "provenance": {
    "md5sum": "0ff5de2f961e373789faf1a922bb1118",
    "settings": {
      "fd_thres": 0.2,
      "testing": false
    },
    "software": "mriqc",
    "version": "23.0.1",
    "webapi_port": null,
    "webapi_url": "https://mriqc.nimh.nih.gov/api/v1"
  },
  "size_t": 618,
  "size_x": 100,
  "size_y": 100,
  "size_z": 60,
  "snr": 2.6503959280968172,
  "spacing_tr": 0.9549999833106995,
  "spacing_x": 2.0,
  "spacing_y": 2.0,
  "spacing_z": 2.0,
  "summary_bg_k": 140.07340892411412,
  "summary_bg_mad": 48.32749675606408,
  "summary_bg_mean": 343.0480651855469,
  "summary_bg_median": 70.40411376953125,
  "summary_bg_n": 378875.0,
  "summary_bg_p05": 29.771257209777833,
  "summary_bg_p95": 1377.0615356445312,
  "summary_bg_stdv": 976.841064453125,
  "summary_fg_k": 1.643882517195716,
  "summary_fg_mad": 2379.3633642398945,
  "summary_fg_mean": 7539.5693359375,
  "summary_fg_median": 7059.5556640625,
  "summary_fg_n": 134904.0,
  "summary_fg_p05": 4233.504809570312,
  "summary_fg_p95": 12712.662402343745,
  "summary_fg_stdv": 2663.575439453125,
  "tsnr": 23.681926727294922
}