{
  "aor": 0.00048458791208791206,
  "aqi": 0.010783129917582417,
  "bids_meta": {
    "AcquisitionDateTime": "2017-07-17T13:56:00.157000",
    "EchoTime": 0.0352,
    "EffectiveEchoSpacing": 0.000580013,
    "FlipAngle": 56,
    "ImageType": [
      "ORIGINAL",
      "PRIMARY",
      "M",
      "MB",
      "ND",
      "MOSAI"
    ],
    "MagneticFieldStrength": 3,
    "Manufacturer": "Siemens",
    "ManufacturersModelName": "Prisma",
    "PhaseEncodingDirection": "j-",
    "RepetitionTime": 0.955,
    "SliceTiming": [
      0.875,
      0.795,
      0.7175,
      0.6375,
      0.5575,
      0.4775,
      0.3975,
      0.3175,
      0.24,
      0.16,
      0.08,
      0,
      0.875,
      0.795,
      0.7175,
      0.6375,
      0.5575,
      0.4775,
      0.3975,
      0.3175,
      0.24,
      0.16,
      0.08,
      0,
      0.875,
      0.795,
      0.7175,
      0.6375,
      0.5575,
      0.4775,
      0.3975,
      0.3175,
      0.24,
      0.16,
      0.08,
      0,
      0.875,
      0.795,
      0.7175,
      0.6375,
      0.5575,
      0.4775,
      0.3975,
      0.3175,
      0.24,
      0.16,
      0.08,
      0,
      0.875,
      0.795,
      0.7175,
      0.6375,
      0.5575,
      0.4775,
      0.3975,
      0.3175,
      0.24,
      0.16,
      0.08,
      0
    ],
    "TaskName": "identification",
    "TotalReadoutTime": 0.0580013,
    "dataset": "ds001771",
    "modality": "bold",
    "run_id": 2,
    "subject_id": "35",
    "task_id": "identification"
  },
  "dummy_trs": 2,
  "dvars_nstd": 53.46684995490359,
  "dvars_std": 1.0117696008815427,
  "dvars_vstd": 0.9890065044628095,
  "efc": 0.5037197596533629,
  "fber": 9643.4375,
  "fd_mean": 0.28938306389601687,
  "fd_num": 277,
  "fd_perc": 76.0989010989011,
  "fwhm_avg": 2.9273183333333335,
  "fwhm_x": 2.783545,
  "fwhm_y": 3.020765,
  "fwhm_z": 2.977645,
  "gcor": 0.00361302,
  "gsr_x": -0.015410405583679676,
  "gsr_y": 0.06033611297607422,
  "provenance": {
    "md5sum": "e9b4bb0f7312dd6db06d48650b8f3938",
    "settings": {
      "fd_thres": 0.2,
      "testing": false
    },
    "software": "mriqc",
    "version": "23.0.1",
    "webapi_port": null,
    "webapi_url": "https://mriqc.nimh.nih.gov/api/v1"
  },
  "size_t": 364,
  "size_x": 100,
  "size_y": 100,
  "size_z": 60,
  "snr": 2.5996006095430335,
  "spacing_tr": 0.9549999833106995,
  "spacing_x": 2.0,
  "spacing_y": 2.0,
  "spacing_z": 2.0,
  "summary_bg_k": 79.25026729490531,
  "summary_bg_mad": 51.79739981472557,
  "summary_bg_mean": 371.41900634765625,
  "summary_bg_median": 72.10440063476562,
  "summary_bg_n": 378814.0,
  "summary_bg_p05": 28.821430206298828,
  "summary_bg_p95": 1680.911444091794,
  "summary_bg_stdv": 965.5648803710938,
  "summary_fg_k": 1.0439036089093792,
  "summary_fg_mad": 2539.579600221182,
  "summary_fg_mean": 7708.62841796875,
  "summary_fg_median": 7195.7998046875,
  "summary_fg_n": 135165.0,
  "summary_fg_p05": 4244.0248046875,
  "summary_fg_p95": 13080.58515625,
  "summary_fg_stdv": 2768.0302734375,
  "tsnr": 25.162181691266596
}