{
  "aor": 0.00037608219178082193,
  "aqi": 0.007339470849315069,
  "bids_meta": {
    "AcquisitionDateTime": "2017-04-24T09:43:07.950000",
    "EchoTime": 0.0352,
    "EffectiveEchoSpacing": 0.000580013,
    "FlipAngle": 56,
    "ImageType": [
      "ORIGINAL",
      "PRIMARY",
      "M",
      "MB",
      "ND",
      "MOSAI"
    ],
    "MagneticFieldStrength": 3,
    "Manufacturer": "Siemens",
    "ManufacturersModelName": "Prisma",
    "PhaseEncodingDirection": "j-",
    "RepetitionTime": 0.955,
    "SliceTiming": [
      0.875,
      0.795,
      0.715,
      0.635,
      0.5575,
      0.4775,
      0.3975,
      0.3175,
      0.2375,
      0.1575,
      0.08,
      0,
      0.875,
      0.795,
      0.715,
      0.635,
      0.5575,
      0.4775,
      0.3975,
      0.3175,
      0.2375,
      0.1575,
      0.08,
      0,
      0.875,
      0.795,
      0.715,
      0.635,
      0.5575,
      0.4775,
      0.3975,
      0.3175,
      0.2375,
      0.1575,
      0.08,
      0,
      0.875,
      0.795,
      0.715,
      0.635,
      0.5575,
      0.4775,
      0.3975,
      0.3175,
      0.2375,
      0.1575,
      0.08,
      0,
      0.875,
      0.795,
      0.715,
      0.635,
      0.5575,
      0.4775,
      0.3975,
      0.3175,
      0.2375,
      0.1575,
      0.08,
      0
    ],
    "TaskName": "identification",
    "TotalReadoutTime": 0.0580013,
    "dataset": "ds001771",
    "modality": "bold",
    "run_id": 2,
    "subject_id": "13",
    "task_id": "identification"
  },
  "dummy_trs": 1,
  "dvars_nstd": 42.70277532645607,
  "dvars_std": 1.0180620460989016,
  "dvars_vstd": 0.9957706611538462,
  "efc": 0.5127878034431036,
  "fber": 11791.716796875,
  "fd_mean": 0.13256340885062978,
  "fd_num": 32,
  "fd_perc": 8.767123287671232,
  "fwhm_avg": 3.0350066666666664,
  "fwhm_x": 2.897785,
  "fwhm_y": 3.15677,
  "fwhm_z": 3.050465,
  "gcor": 0.00744935,
  "gsr_x": -0.0023986976593732834,
  "gsr_y": 0.04595523700118065,
  "provenance": {
    "md5sum": "0e26df866ca0dd10d3e4ae23999e3bae",
    "settings": {
      "fd_thres": 0.2,
      "testing": false
    },
    "software": "mriqc",
    "version": "23.0.1",
    "webapi_port": null,
    "webapi_url": "https://mriqc.nimh.nih.gov/api/v1"
  },
  "size_t": 365,
  "size_x": 100,
  "size_y": 100,
  "size_z": 60,
  "snr": 2.3570429358970166,
  "spacing_tr": 0.9549999833106995,
  "spacing_x": 2.0,
  "spacing_y": 2.0,
  "spacing_z": 2.0,
  "summary_bg_k": 36.46356752940716,
  "summary_bg_mad": 46.17299991644006,
  "summary_bg_mean": 386.0858154296875,
  "summary_bg_median": 70.42817687988281,
  "summary_bg_n": 363599.0,
  "summary_bg_p05": 32.313669967651364,
  "summary_bg_p95": 1913.6877929687416,
  "summary_bg_stdv": 940.6627197265625,
  "summary_fg_k": 2.589775098025626,
  "summary_fg_mad": 2917.8784421710743,
  "summary_fg_mean": 8440.9140625,
  "summary_fg_median": 7841.16015625,
  "summary_fg_n": 148544.0,
  "summary_fg_p05": 4344.384692382812,
  "summary_fg_p95": 14770.568505859375,
  "summary_fg_stdv": 3326.6826171875,
  "tsnr": 30.339345932006836
}