{
  "aor": 0.0003964010989010989,
  "aqi": 0.008031220082417582,
  "bids_meta": {
    "AcquisitionDateTime": "2017-05-30T10:25:31.348000",
    "EchoTime": 0.0352,
    "EffectiveEchoSpacing": 0.000580013,
    "FlipAngle": 56,
    "ImageType": [
      "ORIGINAL",
      "PRIMARY",
      "M",
      "MB",
      "ND",
      "MOSAI"
    ],
    "MagneticFieldStrength": 3,
    "Manufacturer": "Siemens",
    "ManufacturersModelName": "Prisma",
    "PhaseEncodingDirection": "j-",
    "RepetitionTime": 0.955,
    "SliceTiming": [
      0.875,
      0.795,
      0.715,
      0.6375,
      0.5575,
      0.4775,
      0.3975,
      0.3175,
      0.2375,
      0.16,
      0.08,
      0,
      0.875,
      0.795,
      0.715,
      0.6375,
      0.5575,
      0.4775,
      0.3975,
      0.3175,
      0.2375,
      0.16,
      0.08,
      0,
      0.875,
      0.795,
      0.715,
      0.6375,
      0.5575,
      0.4775,
      0.3975,
      0.3175,
      0.2375,
      0.16,
      0.08,
      0,
      0.875,
      0.795,
      0.715,
      0.6375,
      0.5575,
      0.4775,
      0.3975,
      0.3175,
      0.2375,
      0.16,
      0.08,
      0,
      0.875,
      0.795,
      0.715,
      0.6375,
      0.5575,
      0.4775,
      0.3975,
      0.3175,
      0.2375,
      0.16,
      0.08,
      0
    ],
    "TaskName": "identification",
    "TotalReadoutTime": 0.0580013,
    "dataset": "ds001771",
    "modality": "bold",
    "run_id": 1,
    "subject_id": "23",
    "task_id": "identification"
  },
  "dummy_trs": 2,
  "dvars_nstd": 42.68382274765846,
  "dvars_std": 0.994671027052341,
  "dvars_vstd": 0.988108082066116,
  "efc": 0.4972465924638799,
  "fber": 14722.7109375,
  "fd_mean": 0.09694813560261398,
  "fd_num": 1,
  "fd_perc": 0.27472527472527475,
  "fwhm_avg": 2.719978333333333,
  "fwhm_x": 2.47455,
  "fwhm_y": 3.0127,
  "fwhm_z": 2.672685,
  "gcor": 0.0023887,
  "gsr_x": -0.010531247593462467,
  "gsr_y": 0.05316445976495743,
  "provenance": {
    "md5sum": "72d068c4e42339bfbf5f8433256add6c",
    "settings": {
      "fd_thres": 0.2,
      "testing": false
    },
    "software": "mriqc",
    "version": "23.0.1",
    "webapi_port": null,
    "webapi_url": "https://mriqc.nimh.nih.gov/api/v1"
  },
  "size_t": 364,
  "size_x": 100,
  "size_y": 100,
  "size_z": 60,
  "snr": 3.068881509202118,
  "spacing_tr": 0.9549999833106995,
  "spacing_x": 2.0,
  "spacing_y": 2.0,
  "spacing_z": 2.0,
  "summary_bg_k": 186.80928331408086,
  "summary_bg_mad": 33.32393150748828,
  "summary_bg_mean": 268.0145263671875,
  "summary_bg_median": 58.770606994628906,
  "summary_bg_n": 374824.0,
  "summary_bg_p05": 26.44230842590332,
  "summary_bg_p95": 966.0814880371063,
  "summary_bg_stdv": 967.1277465820312,
  "summary_fg_k": 0.988676488272358,
  "summary_fg_mad": 2293.4755951447614,
  "summary_fg_mean": 7518.6162109375,
  "summary_fg_median": 7364.90966796875,
  "summary_fg_n": 135855.0,
  "summary_fg_p05": 3999.91064453125,
  "summary_fg_p95": 11578.053027343749,
  "summary_fg_stdv": 2399.85888671875,
  "tsnr": 30.328454468864948
}