{
  "aor": 0.00033947513812154697,
  "aqi": 0.009724244005524862,
  "bids_meta": {
    "AcquisitionDateTime": "2017-05-15T13:57:11.740000",
    "EchoTime": 0.0352,
    "EffectiveEchoSpacing": 0.000580013,
    "FlipAngle": 56,
    "ImageType": [
      "ORIGINAL",
      "PRIMARY",
      "M",
      "MB",
      "ND",
      "MOSAI"
    ],
    "MagneticFieldStrength": 3,
    "Manufacturer": "Siemens",
    "ManufacturersModelName": "Prisma",
    "PhaseEncodingDirection": "j-",
    "RepetitionTime": 0.955,
    "SliceTiming": [
      0.875,
      0.7975,
      0.7175,
      0.6375,
      0.5575,
      0.4775,
      0.3975,
      0.32,
      0.24,
      0.16,
      0.08,
      0,
      0.875,
      0.7975,
      0.7175,
      0.6375,
      0.5575,
      0.4775,
      0.3975,
      0.32,
      0.24,
      0.16,
      0.08,
      0,
      0.875,
      0.7975,
      0.7175,
      0.6375,
      0.5575,
      0.4775,
      0.3975,
      0.32,
      0.24,
      0.16,
      0.08,
      0,
      0.875,
      0.7975,
      0.7175,
      0.6375,
      0.5575,
      0.4775,
      0.3975,
      0.32,
      0.24,
      0.16,
      0.08,
      0,
      0.875,
      0.7975,
      0.7175,
      0.6375,
      0.5575,
      0.4775,
      0.3975,
      0.32,
      0.24,
      0.16,
      0.08,
      0
    ],
    "TaskName": "identification",
    "TotalReadoutTime": 0.0580013,
    "dataset": "ds001771",
    "modality": "bold",
    "run_id": 4,
    "subject_id": "17",
    "task_id": "identification"
  },
  "dummy_trs": 4,
  "dvars_nstd": 44.07888577321331,
  "dvars_std": 0.9894565817728526,
  "dvars_vstd": 0.976076296592798,
  "efc": 0.5717244973037255,
  "fber": 4022.467529296875,
  "fd_mean": 0.11664847627133766,
  "fd_num": 13,
  "fd_perc": 3.591160220994475,
  "fwhm_avg": 3.0997300625801127,
  "fwhm_x": 2.868335,
  "fwhm_y": 3.281095,
  "fwhm_z": 3.149760187740337,
  "gcor": 0.00407776,
  "gsr_x": -0.005808333400636911,
  "gsr_y": 0.06206786632537842,
  "provenance": {
    "md5sum": "65f599d06b9d8783054e98f8fe18c615",
    "settings": {
      "fd_thres": 0.2,
      "testing": false
    },
    "software": "mriqc",
    "version": "23.0.1",
    "webapi_port": null,
    "webapi_url": "https://mriqc.nimh.nih.gov/api/v1"
  },
  "size_t": 362,
  "size_x": 100,
  "size_y": 100,
  "size_z": 60,
  "snr": 2.118170070959979,
  "spacing_tr": 0.9549999833106995,
  "spacing_x": 2.0,
  "spacing_y": 2.0,
  "spacing_z": 1.9999998807907104,
  "summary_bg_k": 24.467873269860043,
  "summary_bg_mad": 117.1046379396582,
  "summary_bg_mean": 671.6712036132812,
  "summary_bg_median": 118.5867919921875,
  "summary_bg_n": 325062.0,
  "summary_bg_p05": 26.871692371368407,
  "summary_bg_p95": 3397.300366210939,
  "summary_bg_stdv": 1473.995361328125,
  "summary_fg_k": 1.696283476439178,
  "summary_fg_mad": 3374.2774099711905,
  "summary_fg_mean": 8680.205078125,
  "summary_fg_median": 7981.6259765625,
  "summary_fg_n": 177938.0,
  "summary_fg_p05": 4065.6041015625,
  "summary_fg_p95": 15778.859326171872,
  "summary_fg_stdv": 3768.159912109375,
  "tsnr": 27.05785369873047
}