{
  "aor": 0.0008333791208791209,
  "aqi": 0.010254765164835165,
  "bids_meta": {
    "AcquisitionDateTime": "2017-05-15T13:44:31.676000",
    "EchoTime": 0.0352,
    "EffectiveEchoSpacing": 0.000580013,
    "FlipAngle": 56,
    "ImageType": [
      "ORIGINAL",
      "PRIMARY",
      "M",
      "MB",
      "ND",
      "MOSAI"
    ],
    "MagneticFieldStrength": 3,
    "Manufacturer": "Siemens",
    "ManufacturersModelName": "Prisma",
    "PhaseEncodingDirection": "j-",
    "RepetitionTime": 0.955,
    "SliceTiming": [
      0.875,
      0.795,
      0.715,
      0.6375,
      0.5575,
      0.4775,
      0.3975,
      0.3175,
      0.2375,
      0.16,
      0.08,
      0,
      0.875,
      0.795,
      0.715,
      0.6375,
      0.5575,
      0.4775,
      0.3975,
      0.3175,
      0.2375,
      0.16,
      0.08,
      0,
      0.875,
      0.795,
      0.715,
      0.6375,
      0.5575,
      0.4775,
      0.3975,
      0.3175,
      0.2375,
      0.16,
      0.08,
      0,
      0.875,
      0.795,
      0.715,
      0.6375,
      0.5575,
      0.4775,
      0.3975,
      0.3175,
      0.2375,
      0.16,
      0.08,
      0,
      0.875,
      0.795,
      0.715,
      0.6375,
      0.5575,
      0.4775,
      0.3975,
      0.3175,
      0.2375,
      0.16,
      0.08,
      0
    ],
    "TaskName": "identification",
    "TotalReadoutTime": 0.0580013,
    "dataset": "ds001771",
    "modality": "bold",
    "run_id": 2,
    "subject_id": "17",
    "task_id": "identification"
  },
  "dummy_trs": 2,
  "dvars_nstd": 46.56211316030304,
  "dvars_std": 1.0219570941322307,
  "dvars_vstd": 0.993064706336089,
  "efc": 0.5704468636051689,
  "fber": 4520.40234375,
  "fd_mean": 0.16451178767297173,
  "fd_num": 108,
  "fd_perc": 29.67032967032967,
  "fwhm_avg": 3.12365339648724,
  "fwhm_x": 2.88349,
  "fwhm_y": 3.30883,
  "fwhm_z": 3.1786401894617193,
  "gcor": 0.00895404,
  "gsr_x": -0.006610624026507139,
  "gsr_y": 0.06308524310588837,
  "provenance": {
    "md5sum": "837a5eeedceeff8698b75bc3cc50e85d",
    "settings": {
      "fd_thres": 0.2,
      "testing": false
    },
    "software": "mriqc",
    "version": "23.0.1",
    "webapi_port": null,
    "webapi_url": "https://mriqc.nimh.nih.gov/api/v1"
  },
  "size_t": 364,
  "size_x": 100,
  "size_y": 100,
  "size_z": 60,
  "snr": 2.12807665482817,
  "spacing_tr": 0.9549999833106995,
  "spacing_x": 2.0,
  "spacing_y": 2.0,
  "spacing_z": 1.9999998807907104,
  "summary_bg_k": 24.926714736565746,
  "summary_bg_mad": 112.94630022772796,
  "summary_bg_mean": 649.9779663085938,
  "summary_bg_median": 112.21736907958984,
  "summary_bg_n": 325377.0,
  "summary_bg_p05": 24.333118438720703,
  "summary_bg_p95": 3275.3362304687507,
  "summary_bg_stdv": 1422.628173828125,
  "summary_fg_k": 1.643276778090609,
  "summary_fg_mad": 3356.59006685418,
  "summary_fg_mean": 8676.60546875,
  "summary_fg_median": 7977.9111328125,
  "summary_fg_n": 177766.0,
  "summary_fg_p05": 4082.2113647460938,
  "summary_fg_p95": 15749.7744140625,
  "summary_fg_stdv": 3748.872802734375,
  "tsnr": 26.461029052734375
}