{
  "aor": 0.0004684109589041096,
  "aqi": 0.009915641260273972,
  "bids_meta": {
    "AcquisitionDateTime": "2017-05-15T13:50:51.702000",
    "EchoTime": 0.0352,
    "EffectiveEchoSpacing": 0.000580013,
    "FlipAngle": 56,
    "ImageType": [
      "ORIGINAL",
      "PRIMARY",
      "M",
      "MB",
      "ND",
      "MOSAI"
    ],
    "MagneticFieldStrength": 3,
    "Manufacturer": "Siemens",
    "ManufacturersModelName": "Prisma",
    "PhaseEncodingDirection": "j-",
    "RepetitionTime": 0.955,
    "SliceTiming": [
      0.875,
      0.7975,
      0.7175,
      0.6375,
      0.5575,
      0.4775,
      0.3975,
      0.32,
      0.24,
      0.16,
      0.08,
      0,
      0.875,
      0.7975,
      0.7175,
      0.6375,
      0.5575,
      0.4775,
      0.3975,
      0.32,
      0.24,
      0.16,
      0.08,
      0,
      0.875,
      0.7975,
      0.7175,
      0.6375,
      0.5575,
      0.4775,
      0.3975,
      0.32,
      0.24,
      0.16,
      0.08,
      0,
      0.875,
      0.7975,
      0.7175,
      0.6375,
      0.5575,
      0.4775,
      0.3975,
      0.32,
      0.24,
      0.16,
      0.08,
      0,
      0.875,
      0.7975,
      0.7175,
      0.6375,
      0.5575,
      0.4775,
      0.3975,
      0.32,
      0.24,
      0.16,
      0.08,
      0
    ],
    "TaskName": "identification",
    "TotalReadoutTime": 0.0580013,
    "dataset": "ds001771",
    "modality": "bold",
    "run_id": 3,
    "subject_id": "17",
    "task_id": "identification"
  },
  "dummy_trs": 1,
  "dvars_nstd": 45.46847695582418,
  "dvars_std": 1.0097592814285703,
  "dvars_vstd": 1.0167400926923078,
  "efc": 0.5704580925299838,
  "fber": 4433.6669921875,
  "fd_mean": 0.1406161868282588,
  "fd_num": 61,
  "fd_perc": 16.71232876712329,
  "fwhm_avg": 3.1300967301663793,
  "fwhm_x": 2.88892,
  "fwhm_y": 3.305325,
  "fwhm_z": 3.196045190499138,
  "gcor": 0.00675473,
  "gsr_x": -0.006455357186496258,
  "gsr_y": 0.06290119886398315,
  "provenance": {
    "md5sum": "8f6a912ee9a6326cb4455b2bdc6909cf",
    "settings": {
      "fd_thres": 0.2,
      "testing": false
    },
    "software": "mriqc",
    "version": "23.0.1",
    "webapi_port": null,
    "webapi_url": "https://mriqc.nimh.nih.gov/api/v1"
  },
  "size_t": 365,
  "size_x": 100,
  "size_y": 100,
  "size_z": 60,
  "snr": 2.105101600178123,
  "spacing_tr": 0.9549999833106995,
  "spacing_x": 2.0,
  "spacing_y": 2.0,
  "spacing_z": 1.9999998807907104,
  "summary_bg_k": 25.50596104587874,
  "summary_bg_mad": 109.52137678120243,
  "summary_bg_mean": 663.5658569335938,
  "summary_bg_median": 112.86940002441406,
  "summary_bg_n": 325260.0,
  "summary_bg_p05": 28.713657951354982,
  "summary_bg_p95": 3354.1472412109374,
  "summary_bg_stdv": 1463.4862060546875,
  "summary_fg_k": 1.782368939504992,
  "summary_fg_mad": 3384.252398237201,
  "summary_fg_mean": 8698.25,
  "summary_fg_median": 7985.56298828125,
  "summary_fg_n": 177668.0,
  "summary_fg_p05": 4058.316882324219,
  "summary_fg_p95": 15825.534277343748,
  "summary_fg_stdv": 3793.4228515625,
  "tsnr": 26.43128776550293
}