{
  "aor": 0.0006057954545454546,
  "aqi": 0.013831057765151514,
  "bids_meta": {
    "AcquisitionDateTime": "2017-05-15T14:03:31.670000",
    "EchoTime": 0.0352,
    "EffectiveEchoSpacing": 0.000580013,
    "FlipAngle": 56,
    "ImageType": [
      "ORIGINAL",
      "PRIMARY",
      "M",
      "MB",
      "ND",
      "MOSAI"
    ],
    "MagneticFieldStrength": 3,
    "Manufacturer": "Siemens",
    "ManufacturersModelName": "Prisma",
    "PhaseEncodingDirection": "j-",
    "RepetitionTime": 0.955,
    "SliceTiming": [
      0.875,
      0.7975,
      0.7175,
      0.6375,
      0.5575,
      0.4775,
      0.3975,
      0.32,
      0.24,
      0.16,
      0.08,
      0,
      0.875,
      0.7975,
      0.7175,
      0.6375,
      0.5575,
      0.4775,
      0.3975,
      0.32,
      0.24,
      0.16,
      0.08,
      0,
      0.875,
      0.7975,
      0.7175,
      0.6375,
      0.5575,
      0.4775,
      0.3975,
      0.32,
      0.24,
      0.16,
      0.08,
      0,
      0.875,
      0.7975,
      0.7175,
      0.6375,
      0.5575,
      0.4775,
      0.3975,
      0.32,
      0.24,
      0.16,
      0.08,
      0,
      0.875,
      0.7975,
      0.7175,
      0.6375,
      0.5575,
      0.4775,
      0.3975,
      0.32,
      0.24,
      0.16,
      0.08,
      0
    ],
    "TaskName": "localizer",
    "TotalReadoutTime": 0.0580013,
    "dataset": "ds001771",
    "modality": "bold",
    "subject_id": "17",
    "task_id": "localizer"
  },
  "dummy_trs": 0,
  "dvars_nstd": 55.37215934310993,
  "dvars_std": 1.0366998438179522,
  "dvars_vstd": 0.9791866583944367,
  "efc": 0.5710134268243093,
  "fber": 3801.343017578125,
  "fd_mean": 0.24546726864307808,
  "fd_num": 431,
  "fd_perc": 54.41919191919192,
  "fwhm_avg": 3.1849383973979983,
  "fwhm_x": 2.94373,
  "fwhm_y": 3.386605,
  "fwhm_z": 3.224480192193996,
  "gcor": 0.0126134,
  "gsr_x": -0.0047899894416332245,
  "gsr_y": 0.058971840888261795,
  "provenance": {
    "md5sum": "33e31069fb4dfc2664cc24b1c38ab2dc",
    "settings": {
      "fd_thres": 0.2,
      "testing": false
    },
    "software": "mriqc",
    "version": "23.0.1",
    "webapi_port": null,
    "webapi_url": "https://mriqc.nimh.nih.gov/api/v1"
  },
  "size_t": 792,
  "size_x": 100,
  "size_y": 100,
  "size_z": 60,
  "snr": 2.0935159856488013,
  "spacing_tr": 0.9549999833106995,
  "spacing_x": 2.0,
  "spacing_y": 2.0,
  "spacing_z": 1.9999998807907104,
  "summary_bg_k": 22.356688570653272,
  "summary_bg_mad": 125.1077003278652,
  "summary_bg_mean": 680.361572265625,
  "summary_bg_median": 122.03034973144531,
  "summary_bg_n": 326083.0,
  "summary_bg_p05": 23.55210018157959,
  "summary_bg_p95": 3418.3531494140566,
  "summary_bg_stdv": 1449.527587890625,
  "summary_fg_k": 1.94823146176022,
  "summary_fg_mad": 3381.177156916785,
  "summary_fg_mean": 8736.125,
  "summary_fg_median": 8004.6708984375,
  "summary_fg_n": 177318.0,
  "summary_fg_p05": 4087.7169189453125,
  "summary_fg_p95": 15931.766748046872,
  "summary_fg_stdv": 3823.54296875,
  "tsnr": 23.81472396850586
}