{
  "aor": 0.0005004918032786885,
  "aqi": 0.005334104535519125,
  "bids_meta": {
    "AcquisitionDateTime": "2017-05-29T13:56:11.857000",
    "EchoTime": 0.0352,
    "EffectiveEchoSpacing": 0.000580013,
    "FlipAngle": 56,
    "ImageType": [
      "ORIGINAL",
      "PRIMARY",
      "M",
      "MB",
      "ND",
      "MOSAI"
    ],
    "MagneticFieldStrength": 3,
    "Manufacturer": "Siemens",
    "ManufacturersModelName": "Prisma",
    "PhaseEncodingDirection": "j-",
    "RepetitionTime": 0.955,
    "SliceTiming": [
      0.8775,
      0.7975,
      0.7175,
      0.6375,
      0.5575,
      0.4775,
      0.4,
      0.32,
      0.24,
      0.16,
      0.08,
      0,
      0.8775,
      0.7975,
      0.7175,
      0.6375,
      0.5575,
      0.4775,
      0.4,
      0.32,
      0.24,
      0.16,
      0.08,
      0,
      0.8775,
      0.7975,
      0.7175,
      0.6375,
      0.5575,
      0.4775,
      0.4,
      0.32,
      0.24,
      0.16,
      0.08,
      0,
      0.8775,
      0.7975,
      0.7175,
      0.6375,
      0.5575,
      0.4775,
      0.4,
      0.32,
      0.24,
      0.16,
      0.08,
      0,
      0.8775,
      0.7975,
      0.7175,
      0.6375,
      0.5575,
      0.4775,
      0.4,
      0.32,
      0.24,
      0.16,
      0.08,
      0
    ],
    "TaskName": "identification",
    "TotalReadoutTime": 0.0580013,
    "dataset": "ds001771",
    "modality": "bold",
    "run_id": 4,
    "subject_id": "20",
    "task_id": "identification"
  },
  "dummy_trs": 0,
  "dvars_nstd": 45.570187618575346,
  "dvars_std": 1.1144090526575343,
  "dvars_vstd": 1.0122514497260275,
  "efc": 0.5234874526499323,
  "fber": 14225.037109375,
  "fd_mean": 0.0778972955973211,
  "fd_num": 3,
  "fd_perc": 0.819672131147541,
  "fwhm_avg": 3.1113999999999997,
  "fwhm_x": 2.92593,
  "fwhm_y": 3.23546,
  "fwhm_z": 3.17281,
  "gcor": 0.00881589,
  "gsr_x": -0.0010907766409218311,
  "gsr_y": 0.0517067015171051,
  "provenance": {
    "md5sum": "94f72ebb4059a2a93c93bfdc7643bf98",
    "settings": {
      "fd_thres": 0.2,
      "testing": false
    },
    "software": "mriqc",
    "version": "23.0.1",
    "webapi_port": null,
    "webapi_url": "https://mriqc.nimh.nih.gov/api/v1"
  },
  "size_t": 366,
  "size_x": 100,
  "size_y": 100,
  "size_z": 60,
  "snr": 2.587054068272006,
  "spacing_tr": 0.9549999833106995,
  "spacing_x": 2.0,
  "spacing_y": 2.0,
  "spacing_z": 2.0,
  "summary_bg_k": 37.230269571712725,
  "summary_bg_mad": 38.044415396742316,
  "summary_bg_mean": 457.4836730957031,
  "summary_bg_median": 66.4132308959961,
  "summary_bg_n": 364215.0,
  "summary_bg_p05": 35.99955062866211,
  "summary_bg_p95": 2464.032812499999,
  "summary_bg_stdv": 1134.79736328125,
  "summary_fg_k": 1.237529346526859,
  "summary_fg_mad": 2898.8094846331564,
  "summary_fg_mean": 8671.3642578125,
  "summary_fg_median": 8163.806640625,
  "summary_fg_n": 146671.0,
  "summary_fg_p05": 4503.904296875,
  "summary_fg_p95": 14616.91796875,
  "summary_fg_stdv": 3155.62744140625,
  "tsnr": 34.914405822753906
}