{
  "aor": 0.00027739570164348924,
  "aqi": 0.006773661946902654,
  "bids_meta": {
    "AcquisitionDateTime": "2017-05-29T14:02:51.887000",
    "EchoTime": 0.0352,
    "EffectiveEchoSpacing": 0.000580013,
    "FlipAngle": 56,
    "ImageType": [
      "ORIGINAL",
      "PRIMARY",
      "M",
      "MB",
      "ND",
      "MOSAI"
    ],
    "MagneticFieldStrength": 3,
    "Manufacturer": "Siemens",
    "ManufacturersModelName": "Prisma",
    "PhaseEncodingDirection": "j-",
    "RepetitionTime": 0.955,
    "SliceTiming": [
      0.8775,
      0.7975,
      0.7175,
      0.6375,
      0.5575,
      0.4775,
      0.4,
      0.32,
      0.24,
      0.16,
      0.08,
      0,
      0.8775,
      0.7975,
      0.7175,
      0.6375,
      0.5575,
      0.4775,
      0.4,
      0.32,
      0.24,
      0.16,
      0.08,
      0,
      0.8775,
      0.7975,
      0.7175,
      0.6375,
      0.5575,
      0.4775,
      0.4,
      0.32,
      0.24,
      0.16,
      0.08,
      0,
      0.8775,
      0.7975,
      0.7175,
      0.6375,
      0.5575,
      0.4775,
      0.4,
      0.32,
      0.24,
      0.16,
      0.08,
      0,
      0.8775,
      0.7975,
      0.7175,
      0.6375,
      0.5575,
      0.4775,
      0.4,
      0.32,
      0.24,
      0.16,
      0.08,
      0
    ],
    "TaskName": "localizer",
    "TotalReadoutTime": 0.0580013,
    "dataset": "ds001771",
    "modality": "bold",
    "subject_id": "20",
    "task_id": "localizer"
  },
  "dummy_trs": 1,
  "dvars_nstd": 45.30042685502526,
  "dvars_std": 1.096757301392406,
  "dvars_vstd": 1.0016748130759503,
  "efc": 0.5243671938987197,
  "fber": 13390.88671875,
  "fd_mean": 0.08270672649398561,
  "fd_num": 9,
  "fd_perc": 1.1378002528445006,
  "fwhm_avg": 3.1429650000000002,
  "fwhm_x": 2.940985,
  "fwhm_y": 3.26799,
  "fwhm_z": 3.21992,
  "gcor": 0.00835568,
  "gsr_x": -0.005554989445954561,
  "gsr_y": 0.06283019483089447,
  "provenance": {
    "md5sum": "bd5616c5290650963748f941c130619f",
    "settings": {
      "fd_thres": 0.2,
      "testing": false
    },
    "software": "mriqc",
    "version": "23.0.1",
    "webapi_port": null,
    "webapi_url": "https://mriqc.nimh.nih.gov/api/v1"
  },
  "size_t": 791,
  "size_x": 100,
  "size_y": 100,
  "size_z": 60,
  "snr": 2.586742592697241,
  "spacing_tr": 0.9549999833106995,
  "spacing_x": 2.0,
  "spacing_y": 2.0,
  "spacing_z": 2.0,
  "summary_bg_k": 36.97425599161357,
  "summary_bg_mad": 42.20134201685464,
  "summary_bg_mean": 493.557373046875,
  "summary_bg_median": 68.60092163085938,
  "summary_bg_n": 366086.0,
  "summary_bg_p05": 34.11503887176514,
  "summary_bg_p95": 2635.1839599609375,
  "summary_bg_stdv": 1259.5445556640625,
  "summary_fg_k": 1.2903007058772618,
  "summary_fg_mad": 2893.7322235689526,
  "summary_fg_mean": 8668.7607421875,
  "summary_fg_median": 8154.06640625,
  "summary_fg_n": 146084.0,
  "summary_fg_p05": 4515.13935546875,
  "summary_fg_p95": 14631.170751953126,
  "summary_fg_stdv": 3152.241943359375,
  "tsnr": 33.00623321533203
}