{
  "aor": 0.0003338610662358643,
  "aqi": 0.00915550945072698,
  "bids_meta": {
    "AcquisitionDateTime": "2017-05-29T15:51:11.922000",
    "EchoTime": 0.0352,
    "EffectiveEchoSpacing": 0.000580013,
    "FlipAngle": 56,
    "ImageType": [
      "ORIGINAL",
      "PRIMARY",
      "M",
      "MB",
      "ND",
      "MOSAI"
    ],
    "MagneticFieldStrength": 3,
    "Manufacturer": "Siemens",
    "ManufacturersModelName": "Prisma",
    "PhaseEncodingDirection": "j-",
    "RepetitionTime": 0.955,
    "SliceTiming": [
      0.875,
      0.7975,
      0.7175,
      0.6375,
      0.5575,
      0.4775,
      0.4,
      0.32,
      0.24,
      0.16,
      0.08,
      0,
      0.875,
      0.7975,
      0.7175,
      0.6375,
      0.5575,
      0.4775,
      0.4,
      0.32,
      0.24,
      0.16,
      0.08,
      0,
      0.875,
      0.7975,
      0.7175,
      0.6375,
      0.5575,
      0.4775,
      0.4,
      0.32,
      0.24,
      0.16,
      0.08,
      0,
      0.875,
      0.7975,
      0.7175,
      0.6375,
      0.5575,
      0.4775,
      0.4,
      0.32,
      0.24,
      0.16,
      0.08,
      0,
      0.875,
      0.7975,
      0.7175,
      0.6375,
      0.5575,
      0.4775,
      0.4,
      0.32,
      0.24,
      0.16,
      0.08,
      0
    ],
    "TaskName": "rest",
    "TotalReadoutTime": 0.0580013,
    "dataset": "ds001771",
    "modality": "bold",
    "subject_id": "20",
    "task_id": "rest"
  },
  "dummy_trs": 1,
  "dvars_nstd": 43.90567419048544,
  "dvars_std": 1.074498616941747,
  "dvars_vstd": 0.9888490605501629,
  "efc": 0.5208582259632156,
  "fber": 13621.9833984375,
  "fd_mean": 0.0732313119614739,
  "fd_num": 2,
  "fd_perc": 0.32310177705977383,
  "fwhm_avg": 3.1864850649674774,
  "fwhm_x": 2.95406,
  "fwhm_y": 3.335475,
  "fwhm_z": 3.2699201949024315,
  "gcor": 0.00879549,
  "gsr_x": -0.004124988801777363,
  "gsr_y": 0.06507349014282227,
  "provenance": {
    "md5sum": "6f3b1db69afaafb7d18ce0165d0b3254",
    "settings": {
      "fd_thres": 0.2,
      "testing": false
    },
    "software": "mriqc",
    "version": "23.0.1",
    "webapi_port": null,
    "webapi_url": "https://mriqc.nimh.nih.gov/api/v1"
  },
  "size_t": 619,
  "size_x": 100,
  "size_y": 100,
  "size_z": 60,
  "snr": 2.5293998092490133,
  "spacing_tr": 0.9549999833106995,
  "spacing_x": 2.0,
  "spacing_y": 2.0,
  "spacing_z": 1.9999998807907104,
  "summary_bg_k": 28.52730521068217,
  "summary_bg_mad": 49.216818286393575,
  "summary_bg_mean": 491.4424133300781,
  "summary_bg_median": 69.19189453125,
  "summary_bg_n": 368405.0,
  "summary_bg_p05": 27.771660614013673,
  "summary_bg_p95": 2703.02568359375,
  "summary_bg_stdv": 1176.64404296875,
  "summary_fg_k": 1.3056510263978662,
  "summary_fg_mad": 2999.298496621917,
  "summary_fg_mean": 8820.2001953125,
  "summary_fg_median": 8265.080078125,
  "summary_fg_n": 145243.0,
  "summary_fg_p05": 4561.267822265625,
  "summary_fg_p95": 15057.186328124999,
  "summary_fg_stdv": 3267.593994140625,
  "tsnr": 31.40977668762207
}