{
  "aor": 0.0004948618784530387,
  "aqi": 0.01186145287292818,
  "bids_meta": {
    "AcquisitionDateTime": "2017-05-29T13:43:31.890000",
    "EchoTime": 0.0352,
    "EffectiveEchoSpacing": 0.000580013,
    "FlipAngle": 56,
    "ImageType": [
      "ORIGINAL",
      "PRIMARY",
      "M",
      "MB",
      "ND",
      "MOSAI"
    ],
    "MagneticFieldStrength": 3,
    "Manufacturer": "Siemens",
    "ManufacturersModelName": "Prisma",
    "PhaseEncodingDirection": "j-",
    "RepetitionTime": 0.955,
    "SliceTiming": [
      0.875,
      0.7975,
      0.7175,
      0.6375,
      0.5575,
      0.4775,
      0.3975,
      0.32,
      0.24,
      0.16,
      0.08,
      0,
      0.875,
      0.7975,
      0.7175,
      0.6375,
      0.5575,
      0.4775,
      0.3975,
      0.32,
      0.24,
      0.16,
      0.08,
      0,
      0.875,
      0.7975,
      0.7175,
      0.6375,
      0.5575,
      0.4775,
      0.3975,
      0.32,
      0.24,
      0.16,
      0.08,
      0,
      0.875,
      0.7975,
      0.7175,
      0.6375,
      0.5575,
      0.4775,
      0.3975,
      0.32,
      0.24,
      0.16,
      0.08,
      0,
      0.875,
      0.7975,
      0.7175,
      0.6375,
      0.5575,
      0.4775,
      0.3975,
      0.32,
      0.24,
      0.16,
      0.08,
      0
    ],
    "TaskName": "identification",
    "TotalReadoutTime": 0.0580013,
    "dataset": "ds001771",
    "modality": "bold",
    "run_id": 2,
    "subject_id": "20",
    "task_id": "identification"
  },
  "dummy_trs": 4,
  "dvars_nstd": 45.076924426980604,
  "dvars_std": 1.0477117509141294,
  "dvars_vstd": 0.9829253198614959,
  "efc": 0.525423044487325,
  "fber": 11803.7587890625,
  "fd_mean": 0.11442719311439133,
  "fd_num": 28,
  "fd_perc": 7.734806629834254,
  "fwhm_avg": 3.1239033333333333,
  "fwhm_x": 2.929355,
  "fwhm_y": 3.310805,
  "fwhm_z": 3.13155,
  "gcor": 0.0303022,
  "gsr_x": -0.007776058278977871,
  "gsr_y": 0.06271285563707352,
  "provenance": {
    "md5sum": "aed5140efcc7f17fe93bcc0beed49d40",
    "settings": {
      "fd_thres": 0.2,
      "testing": false
    },
    "software": "mriqc",
    "version": "23.0.1",
    "webapi_port": null,
    "webapi_url": "https://mriqc.nimh.nih.gov/api/v1"
  },
  "size_t": 362,
  "size_x": 100,
  "size_y": 100,
  "size_z": 60,
  "snr": 2.634053053180999,
  "spacing_tr": 0.9549999833106995,
  "spacing_x": 2.0,
  "spacing_y": 2.0,
  "spacing_z": 2.0,
  "summary_bg_k": 41.322778664104746,
  "summary_bg_mad": 53.40235415685041,
  "summary_bg_mean": 486.3736267089844,
  "summary_bg_median": 72.76795959472656,
  "summary_bg_n": 365383.0,
  "summary_bg_p05": 27.284530639648438,
  "summary_bg_p95": 2520.4771240234363,
  "summary_bg_stdv": 1243.226806640625,
  "summary_fg_k": 1.0968358504040774,
  "summary_fg_mad": 2865.0839037964765,
  "summary_fg_mean": 8653.548828125,
  "summary_fg_median": 8172.4560546875,
  "summary_fg_n": 145917.0,
  "summary_fg_p05": 4528.21806640625,
  "summary_fg_p95": 14483.3203125,
  "summary_fg_stdv": 3102.605712890625,
  "tsnr": 28.94859100319445
}