{
  "aor": 0.00042936986301369873,
  "aqi": 0.00829824715068493,
  "bids_meta": {
    "AcquisitionDateTime": "2017-09-08T14:46:58.966000",
    "EchoTime": 0.0352,
    "EffectiveEchoSpacing": 0.000580013,
    "FlipAngle": 56,
    "ImageType": [
      "ORIGINAL",
      "PRIMARY",
      "M",
      "MB",
      "ND",
      "MOSAI"
    ],
    "MagneticFieldStrength": 3,
    "Manufacturer": "Siemens",
    "ManufacturersModelName": "Prisma",
    "PhaseEncodingDirection": "j-",
    "RepetitionTime": 0.955,
    "SliceTiming": [
      0.875,
      0.795,
      0.715,
      0.635,
      0.5575,
      0.4775,
      0.3975,
      0.3175,
      0.2375,
      0.1575,
      0.08,
      0,
      0.875,
      0.795,
      0.715,
      0.635,
      0.5575,
      0.4775,
      0.3975,
      0.3175,
      0.2375,
      0.1575,
      0.08,
      0,
      0.875,
      0.795,
      0.715,
      0.635,
      0.5575,
      0.4775,
      0.3975,
      0.3175,
      0.2375,
      0.1575,
      0.08,
      0,
      0.875,
      0.795,
      0.715,
      0.635,
      0.5575,
      0.4775,
      0.3975,
      0.3175,
      0.2375,
      0.1575,
      0.08,
      0,
      0.875,
      0.795,
      0.715,
      0.635,
      0.5575,
      0.4775,
      0.3975,
      0.3175,
      0.2375,
      0.1575,
      0.08,
      0
    ],
    "TaskName": "identification",
    "TotalReadoutTime": 0.0580013,
    "dataset": "ds001771",
    "modality": "bold",
    "run_id": 3,
    "subject_id": "42",
    "task_id": "identification"
  },
  "dummy_trs": 1,
  "dvars_nstd": 49.549565011373616,
  "dvars_std": 1.0438056076923068,
  "dvars_vstd": 1.004967189120879,
  "efc": 0.4761928322302854,
  "fber": 15064.671875,
  "fd_mean": 0.14789164100344582,
  "fd_num": 74,
  "fd_perc": 20.273972602739725,
  "fwhm_avg": 2.695453333333333,
  "fwhm_x": 2.530165,
  "fwhm_y": 2.908605,
  "fwhm_z": 2.64759,
  "gcor": 0.00900186,
  "gsr_x": -0.008209792897105217,
  "gsr_y": 0.03683033585548401,
  "provenance": {
    "md5sum": "456b06c3cf876153a035e5789282aa75",
    "settings": {
      "fd_thres": 0.2,
      "testing": false
    },
    "software": "mriqc",
    "version": "23.0.1",
    "webapi_port": null,
    "webapi_url": "https://mriqc.nimh.nih.gov/api/v1"
  },
  "size_t": 365,
  "size_x": 100,
  "size_y": 100,
  "size_z": 60,
  "snr": 3.055030132875412,
  "spacing_tr": 0.9549999833106995,
  "spacing_x": 2.0,
  "spacing_y": 2.0,
  "spacing_z": 2.0,
  "summary_bg_k": 176.98337264402647,
  "summary_bg_mad": 25.50075928943208,
  "summary_bg_mean": 233.59181213378906,
  "summary_bg_median": 57.04383850097656,
  "summary_bg_n": 391545.0,
  "summary_bg_p05": 34.44931411743164,
  "summary_bg_p95": 931.414807128906,
  "summary_bg_stdv": 682.7377319335938,
  "summary_fg_k": 0.4419892231048186,
  "summary_fg_mad": 2325.1159046482358,
  "summary_fg_mean": 7354.94677734375,
  "summary_fg_median": 7110.9521484375,
  "summary_fg_n": 124068.0,
  "summary_fg_p05": 4052.1367919921877,
  "summary_fg_p95": 11451.5548828125,
  "summary_fg_stdv": 2327.611572265625,
  "tsnr": 29.015579704893753
}