{
  "aor": 0.00041079452054794527,
  "aqi": 0.009623531479452056,
  "bids_meta": {
    "AcquisitionDateTime": "2017-09-08T14:33:39.011000",
    "EchoTime": 0.0352,
    "EffectiveEchoSpacing": 0.000580013,
    "FlipAngle": 56,
    "ImageType": [
      "ORIGINAL",
      "PRIMARY",
      "M",
      "MB",
      "ND",
      "MOSAI"
    ],
    "MagneticFieldStrength": 3,
    "Manufacturer": "Siemens",
    "ManufacturersModelName": "Prisma",
    "PhaseEncodingDirection": "j-",
    "RepetitionTime": 0.955,
    "SliceTiming": [
      0.8775,
      0.7975,
      0.7175,
      0.6375,
      0.5575,
      0.4775,
      0.4,
      0.32,
      0.24,
      0.16,
      0.08,
      0,
      0.8775,
      0.7975,
      0.7175,
      0.6375,
      0.5575,
      0.4775,
      0.4,
      0.32,
      0.24,
      0.16,
      0.08,
      0,
      0.8775,
      0.7975,
      0.7175,
      0.6375,
      0.5575,
      0.4775,
      0.4,
      0.32,
      0.24,
      0.16,
      0.08,
      0,
      0.8775,
      0.7975,
      0.7175,
      0.6375,
      0.5575,
      0.4775,
      0.4,
      0.32,
      0.24,
      0.16,
      0.08,
      0,
      0.8775,
      0.7975,
      0.7175,
      0.6375,
      0.5575,
      0.4775,
      0.4,
      0.32,
      0.24,
      0.16,
      0.08,
      0
    ],
    "TaskName": "identification",
    "TotalReadoutTime": 0.0580013,
    "dataset": "ds001771",
    "modality": "bold",
    "run_id": 1,
    "subject_id": "42",
    "task_id": "identification"
  },
  "dummy_trs": 1,
  "dvars_nstd": 50.013660871044,
  "dvars_std": 1.0407488098076925,
  "dvars_vstd": 1.0074570145604396,
  "efc": 0.47704315085329196,
  "fber": 15355.6171875,
  "fd_mean": 0.16282646758069946,
  "fd_num": 121,
  "fd_perc": 33.15068493150685,
  "fwhm_avg": 2.7325033333333333,
  "fwhm_x": 2.551945,
  "fwhm_y": 2.965845,
  "fwhm_z": 2.67972,
  "gcor": 0.0121003,
  "gsr_x": -0.009860842488706112,
  "gsr_y": 0.037509042769670486,
  "provenance": {
    "md5sum": "96f652e69381f5235244cc7c0d8589c7",
    "settings": {
      "fd_thres": 0.2,
      "testing": false
    },
    "software": "mriqc",
    "version": "23.0.1",
    "webapi_port": null,
    "webapi_url": "https://mriqc.nimh.nih.gov/api/v1"
  },
  "size_t": 365,
  "size_x": 100,
  "size_y": 100,
  "size_z": 60,
  "snr": 3.01870761117784,
  "spacing_tr": 0.9549999833106995,
  "spacing_x": 2.0,
  "spacing_y": 2.0,
  "spacing_z": 2.0,
  "summary_bg_k": 188.12951516683881,
  "summary_bg_mad": 26.512178437842508,
  "summary_bg_mean": 235.7344512939453,
  "summary_bg_median": 56.81370162963867,
  "summary_bg_n": 390854.0,
  "summary_bg_p05": 31.946987247467046,
  "summary_bg_p95": 936.9216705322264,
  "summary_bg_stdv": 683.9021606445312,
  "summary_fg_k": 0.49156048588021495,
  "summary_fg_mad": 2338.360508597781,
  "summary_fg_mean": 7395.345703125,
  "summary_fg_median": 7135.15380859375,
  "summary_fg_n": 124725.0,
  "summary_fg_p05": 4061.715185546875,
  "summary_fg_p95": 11553.1333984375,
  "summary_fg_stdv": 2363.6357421875,
  "tsnr": 27.78009379794821
}