{
  "aor": 0.000388551912568306,
  "aqi": 0.008173227896174863,
  "bids_meta": {
    "AcquisitionDateTime": "2017-09-08T14:40:39.042000",
    "EchoTime": 0.0352,
    "EffectiveEchoSpacing": 0.000580013,
    "FlipAngle": 56,
    "ImageType": [
      "ORIGINAL",
      "PRIMARY",
      "M",
      "MB",
      "ND",
      "MOSAI"
    ],
    "MagneticFieldStrength": 3,
    "Manufacturer": "Siemens",
    "ManufacturersModelName": "Prisma",
    "PhaseEncodingDirection": "j-",
    "RepetitionTime": 0.955,
    "SliceTiming": [
      0.875,
      0.795,
      0.715,
      0.635,
      0.5575,
      0.4775,
      0.3975,
      0.3175,
      0.2375,
      0.1575,
      0.08,
      0,
      0.875,
      0.795,
      0.715,
      0.635,
      0.5575,
      0.4775,
      0.3975,
      0.3175,
      0.2375,
      0.1575,
      0.08,
      0,
      0.875,
      0.795,
      0.715,
      0.635,
      0.5575,
      0.4775,
      0.3975,
      0.3175,
      0.2375,
      0.1575,
      0.08,
      0,
      0.875,
      0.795,
      0.715,
      0.635,
      0.5575,
      0.4775,
      0.3975,
      0.3175,
      0.2375,
      0.1575,
      0.08,
      0,
      0.875,
      0.795,
      0.715,
      0.635,
      0.5575,
      0.4775,
      0.3975,
      0.3175,
      0.2375,
      0.1575,
      0.08,
      0
    ],
    "TaskName": "identification",
    "TotalReadoutTime": 0.0580013,
    "dataset": "ds001771",
    "modality": "bold",
    "run_id": 2,
    "subject_id": "42",
    "task_id": "identification"
  },
  "dummy_trs": 0,
  "dvars_nstd": 49.868939982410964,
  "dvars_std": 1.0470386901917808,
  "dvars_vstd": 1.0056005830136978,
  "efc": 0.47667894517796733,
  "fber": 14823.2744140625,
  "fd_mean": 0.15025746610520993,
  "fd_num": 80,
  "fd_perc": 21.85792349726776,
  "fwhm_avg": 2.695105,
  "fwhm_x": 2.526995,
  "fwhm_y": 2.915545,
  "fwhm_z": 2.642775,
  "gcor": 0.0087577,
  "gsr_x": -0.009351312182843685,
  "gsr_y": 0.038396600633859634,
  "provenance": {
    "md5sum": "bc25841bd53c6bc23666d6e14e6615d5",
    "settings": {
      "fd_thres": 0.2,
      "testing": false
    },
    "software": "mriqc",
    "version": "23.0.1",
    "webapi_port": null,
    "webapi_url": "https://mriqc.nimh.nih.gov/api/v1"
  },
  "size_t": 366,
  "size_x": 100,
  "size_y": 100,
  "size_z": 60,
  "snr": 3.0491414981814224,
  "spacing_tr": 0.9549999833106995,
  "spacing_x": 2.0,
  "spacing_y": 2.0,
  "spacing_z": 2.0,
  "summary_bg_k": 171.2687981562202,
  "summary_bg_mad": 27.60637409866614,
  "summary_bg_mean": 234.2127685546875,
  "summary_bg_median": 57.46174621582031,
  "summary_bg_n": 391116.0,
  "summary_bg_p05": 31.80327796936035,
  "summary_bg_p95": 933.4951934814453,
  "summary_bg_stdv": 688.5947875976562,
  "summary_fg_k": 0.4608127073567112,
  "summary_fg_mad": 2313.6898049823258,
  "summary_fg_mean": 7352.3388671875,
  "summary_fg_median": 7099.62548828125,
  "summary_fg_n": 124367.0,
  "summary_fg_p05": 4054.382373046875,
  "summary_fg_p95": 11446.1529296875,
  "summary_fg_stdv": 2328.39208984375,
  "tsnr": 28.933558247750625
}