{
  "aor": 0.0019825956284153005,
  "aqi": 0.006808280027322404,
  "bids_meta": {
    "AcquisitionDateTime": "2017-04-06T13:45:05.817000",
    "EchoTime": 0.0352,
    "EffectiveEchoSpacing": 0.000580013,
    "FlipAngle": 56,
    "ImageType": [
      "ORIGINAL",
      "PRIMARY",
      "M",
      "MB",
      "ND",
      "MOSAI"
    ],
    "MagneticFieldStrength": 3,
    "Manufacturer": "Siemens",
    "ManufacturersModelName": "Prisma",
    "PhaseEncodingDirection": "j-",
    "RepetitionTime": 0.955,
    "SliceTiming": [
      0.875,
      0.795,
      0.715,
      0.635,
      0.5575,
      0.4775,
      0.3975,
      0.3175,
      0.2375,
      0.1575,
      0.08,
      0,
      0.875,
      0.795,
      0.715,
      0.635,
      0.5575,
      0.4775,
      0.3975,
      0.3175,
      0.2375,
      0.1575,
      0.08,
      0,
      0.875,
      0.795,
      0.715,
      0.635,
      0.5575,
      0.4775,
      0.3975,
      0.3175,
      0.2375,
      0.1575,
      0.08,
      0,
      0.875,
      0.795,
      0.715,
      0.635,
      0.5575,
      0.4775,
      0.3975,
      0.3175,
      0.2375,
      0.1575,
      0.08,
      0,
      0.875,
      0.795,
      0.715,
      0.635,
      0.5575,
      0.4775,
      0.3975,
      0.3175,
      0.2375,
      0.1575,
      0.08,
      0
    ],
    "TaskName": "identification",
    "TotalReadoutTime": 0.0580013,
    "dataset": "ds001771",
    "modality": "bold",
    "run_id": 2,
    "subject_id": "06",
    "task_id": "identification"
  },
  "dummy_trs": 0,
  "dvars_nstd": 44.75707010761645,
  "dvars_std": 1.0756583635068495,
  "dvars_vstd": 1.0257044649315068,
  "efc": 0.5287773659646192,
  "fber": 7025.005859375,
  "fd_mean": 0.17302153784197616,
  "fd_num": 68,
  "fd_perc": 18.579234972677597,
  "fwhm_avg": 3.25651,
  "fwhm_x": 3.07105,
  "fwhm_y": 3.47322,
  "fwhm_z": 3.22526,
  "gcor": 0.0147535,
  "gsr_x": 0.012549200095236301,
  "gsr_y": 0.03368130698800087,
  "provenance": {
    "md5sum": "1b6de1ca76c03c12f468a8ef5986d331",
    "settings": {
      "fd_thres": 0.2,
      "testing": false
    },
    "software": "mriqc",
    "version": "23.0.1",
    "webapi_port": null,
    "webapi_url": "https://mriqc.nimh.nih.gov/api/v1"
  },
  "size_t": 366,
  "size_x": 100,
  "size_y": 100,
  "size_z": 60,
  "snr": 2.1592846695067758,
  "spacing_tr": 0.9549999833106995,
  "spacing_x": 2.0,
  "spacing_y": 2.0,
  "spacing_z": 2.0,
  "summary_bg_k": 29.107524017447822,
  "summary_bg_mad": 97.48488517142472,
  "summary_bg_mean": 625.568115234375,
  "summary_bg_median": 102.24539947509766,
  "summary_bg_n": 359945.0,
  "summary_bg_p05": 23.34112968444824,
  "summary_bg_p95": 3235.396142578125,
  "summary_bg_stdv": 1408.47998046875,
  "summary_fg_k": 2.5329149147476606,
  "summary_fg_mad": 3619.028395737852,
  "summary_fg_mean": 9516.75390625,
  "summary_fg_median": 8782.4658203125,
  "summary_fg_n": 149771.0,
  "summary_fg_p05": 4583.248046875,
  "summary_fg_p95": 17120.6171875,
  "summary_fg_stdv": 4067.289794921875,
  "tsnr": 31.320899963378906
}