{
  "aor": 0.002360770202020202,
  "aqi": 0.010581230681818182,
  "bids_meta": {
    "AcquisitionDateTime": "2017-04-06T14:04:45.815000",
    "EchoTime": 0.0352,
    "EffectiveEchoSpacing": 0.000580013,
    "FlipAngle": 56,
    "ImageType": [
      "ORIGINAL",
      "PRIMARY",
      "M",
      "MB",
      "ND",
      "MOSAI"
    ],
    "MagneticFieldStrength": 3,
    "Manufacturer": "Siemens",
    "ManufacturersModelName": "Prisma",
    "PhaseEncodingDirection": "j-",
    "RepetitionTime": 0.955,
    "SliceTiming": [
      0.875,
      0.795,
      0.715,
      0.635,
      0.5575,
      0.4775,
      0.3975,
      0.3175,
      0.2375,
      0.1575,
      0.08,
      0,
      0.875,
      0.795,
      0.715,
      0.635,
      0.5575,
      0.4775,
      0.3975,
      0.3175,
      0.2375,
      0.1575,
      0.08,
      0,
      0.875,
      0.795,
      0.715,
      0.635,
      0.5575,
      0.4775,
      0.3975,
      0.3175,
      0.2375,
      0.1575,
      0.08,
      0,
      0.875,
      0.795,
      0.715,
      0.635,
      0.5575,
      0.4775,
      0.3975,
      0.3175,
      0.2375,
      0.1575,
      0.08,
      0,
      0.875,
      0.795,
      0.715,
      0.635,
      0.5575,
      0.4775,
      0.3975,
      0.3175,
      0.2375,
      0.1575,
      0.08,
      0
    ],
    "TaskName": "localizer",
    "TotalReadoutTime": 0.0580013,
    "dataset": "ds001771",
    "modality": "bold",
    "subject_id": "06",
    "task_id": "localizer"
  },
  "dummy_trs": 0,
  "dvars_nstd": 45.39801100618208,
  "dvars_std": 1.0485676623261693,
  "dvars_vstd": 1.18781526539823,
  "efc": 0.5294993337128431,
  "fber": 5844.119140625,
  "fd_mean": 0.1986683571977943,
  "fd_num": 188,
  "fd_perc": 23.737373737373737,
  "fwhm_avg": 3.2397783333333336,
  "fwhm_x": 3.05049,
  "fwhm_y": 3.43693,
  "fwhm_z": 3.231915,
  "gcor": 0.0131327,
  "gsr_x": 0.013154067099094391,
  "gsr_y": 0.031489625573158264,
  "provenance": {
    "md5sum": "2de1a3f36cdfb9e1fe1c7d43d83345cc",
    "settings": {
      "fd_thres": 0.2,
      "testing": false
    },
    "software": "mriqc",
    "version": "23.0.1",
    "webapi_port": null,
    "webapi_url": "https://mriqc.nimh.nih.gov/api/v1"
  },
  "size_t": 792,
  "size_x": 100,
  "size_y": 100,
  "size_z": 60,
  "snr": 2.1841518370378283,
  "spacing_tr": 0.9549999833106995,
  "spacing_x": 2.0,
  "spacing_y": 2.0,
  "spacing_z": 2.0,
  "summary_bg_k": 26.808654193284042,
  "summary_bg_mad": 114.96642379880691,
  "summary_bg_mean": 629.6578369140625,
  "summary_bg_median": 112.36546325683594,
  "summary_bg_n": 361537.0,
  "summary_bg_p05": 18.401367568969725,
  "summary_bg_p95": 3255.253369140625,
  "summary_bg_stdv": 1380.3668212890625,
  "summary_fg_k": 2.4647124060153116,
  "summary_fg_mad": 3573.143739284951,
  "summary_fg_mean": 9414.6826171875,
  "summary_fg_median": 8705.2490234375,
  "summary_fg_n": 148759.0,
  "summary_fg_p05": 4540.600683593751,
  "summary_fg_p95": 16839.555468750004,
  "summary_fg_stdv": 3985.62939453125,
  "tsnr": 27.482818603515625
}