{
  "aor": 0.0002167888748419722,
  "aqi": 0.010315021340075852,
  "bids_meta": {
    "AcquisitionDateTime": "2017-09-08T15:01:38.978000",
    "EchoTime": 0.0352,
    "EffectiveEchoSpacing": 0.000580013,
    "FlipAngle": 56,
    "ImageType": [
      "ORIGINAL",
      "PRIMARY",
      "M",
      "MB",
      "ND",
      "MOSAI"
    ],
    "MagneticFieldStrength": 3,
    "Manufacturer": "Siemens",
    "ManufacturersModelName": "Prisma",
    "PhaseEncodingDirection": "j-",
    "RepetitionTime": 0.955,
    "SliceTiming": [
      0.875,
      0.7975,
      0.7175,
      0.6375,
      0.5575,
      0.4775,
      0.3975,
      0.32,
      0.24,
      0.16,
      0.08,
      0,
      0.875,
      0.7975,
      0.7175,
      0.6375,
      0.5575,
      0.4775,
      0.3975,
      0.32,
      0.24,
      0.16,
      0.08,
      0,
      0.875,
      0.7975,
      0.7175,
      0.6375,
      0.5575,
      0.4775,
      0.3975,
      0.32,
      0.24,
      0.16,
      0.08,
      0,
      0.875,
      0.7975,
      0.7175,
      0.6375,
      0.5575,
      0.4775,
      0.3975,
      0.32,
      0.24,
      0.16,
      0.08,
      0,
      0.875,
      0.7975,
      0.7175,
      0.6375,
      0.5575,
      0.4775,
      0.3975,
      0.32,
      0.24,
      0.16,
      0.08,
      0
    ],
    "TaskName": "localizer",
    "TotalReadoutTime": 0.0580013,
    "dataset": "ds001771",
    "modality": "bold",
    "subject_id": "42",
    "task_id": "localizer"
  },
  "dummy_trs": 1,
  "dvars_nstd": 49.922637413227854,
  "dvars_std": 1.0290180525316461,
  "dvars_vstd": 0.991852795101267,
  "efc": 0.47743189907314876,
  "fber": 13526.6083984375,
  "fd_mean": 0.15196729740978454,
  "fd_num": 200,
  "fd_perc": 25.284450063211125,
  "fwhm_avg": 2.7579849999999997,
  "fwhm_x": 2.575665,
  "fwhm_y": 2.977505,
  "fwhm_z": 2.720785,
  "gcor": 0.00734965,
  "gsr_x": -0.009557086043059826,
  "gsr_y": 0.03612098842859268,
  "provenance": {
    "md5sum": "c042aaa206c0eef549cd657f47469c69",
    "settings": {
      "fd_thres": 0.2,
      "testing": false
    },
    "software": "mriqc",
    "version": "23.0.1",
    "webapi_port": null,
    "webapi_url": "https://mriqc.nimh.nih.gov/api/v1"
  },
  "size_t": 791,
  "size_x": 100,
  "size_y": 100,
  "size_z": 60,
  "snr": 3.0224291620131325,
  "spacing_tr": 0.9549999833106995,
  "spacing_x": 2.0,
  "spacing_y": 2.0,
  "spacing_z": 2.0,
  "summary_bg_k": 164.6860241597768,
  "summary_bg_mad": 30.64169763931898,
  "summary_bg_mean": 238.35626220703125,
  "summary_bg_median": 60.23514938354492,
  "summary_bg_n": 391011.0,
  "summary_bg_p05": 32.15423583984375,
  "summary_bg_p95": 956.8419799804688,
  "summary_bg_stdv": 685.0189819335938,
  "summary_fg_k": 0.4726015963285124,
  "summary_fg_mad": 2353.155763891096,
  "summary_fg_mean": 7373.02734375,
  "summary_fg_median": 7122.8603515625,
  "summary_fg_n": 124476.0,
  "summary_fg_p05": 4032.2814331054688,
  "summary_fg_p95": 11503.484375,
  "summary_fg_stdv": 2356.657958984375,
  "tsnr": 27.116450339206494
}