{
  "aor": 0.00027061389337641354,
  "aqi": 0.014977277075928918,
  "bids_meta": {
    "AcquisitionDateTime": "2017-09-08T16:10:39.040000",
    "EchoTime": 0.0352,
    "EffectiveEchoSpacing": 0.000580013,
    "FlipAngle": 56,
    "ImageType": [
      "ORIGINAL",
      "PRIMARY",
      "M",
      "MB",
      "ND",
      "MOSAI"
    ],
    "MagneticFieldStrength": 3,
    "Manufacturer": "Siemens",
    "ManufacturersModelName": "Prisma",
    "PhaseEncodingDirection": "j-",
    "RepetitionTime": 0.955,
    "SliceTiming": [
      0.875,
      0.795,
      0.715,
      0.635,
      0.555,
      0.475,
      0.3975,
      0.3175,
      0.2375,
      0.1575,
      0.0775,
      0,
      0.875,
      0.795,
      0.715,
      0.635,
      0.555,
      0.475,
      0.3975,
      0.3175,
      0.2375,
      0.1575,
      0.0775,
      0,
      0.875,
      0.795,
      0.715,
      0.635,
      0.555,
      0.475,
      0.3975,
      0.3175,
      0.2375,
      0.1575,
      0.0775,
      0,
      0.875,
      0.795,
      0.715,
      0.635,
      0.555,
      0.475,
      0.3975,
      0.3175,
      0.2375,
      0.1575,
      0.0775,
      0,
      0.875,
      0.795,
      0.715,
      0.635,
      0.555,
      0.475,
      0.3975,
      0.3175,
      0.2375,
      0.1575,
      0.0775,
      0
    ],
    "TaskName": "rest",
    "TotalReadoutTime": 0.0580013,
    "dataset": "ds001771",
    "modality": "bold",
    "subject_id": "42",
    "task_id": "rest"
  },
  "dummy_trs": 1,
  "dvars_nstd": 50.17822205127832,
  "dvars_std": 1.0143712318284788,
  "dvars_vstd": 0.9743040528640787,
  "efc": 0.4751302063832474,
  "fber": 13888.4765625,
  "fd_mean": 0.19087117568024065,
  "fd_num": 284,
  "fd_perc": 45.880452342487885,
  "fwhm_avg": 2.707763333333333,
  "fwhm_x": 2.5119,
  "fwhm_y": 2.901775,
  "fwhm_z": 2.709615,
  "gcor": 0.00971923,
  "gsr_x": -0.0076163653284311295,
  "gsr_y": 0.028425142168998718,
  "provenance": {
    "md5sum": "366ed80cd4dade1b1ba09fddbeca9e1e",
    "settings": {
      "fd_thres": 0.2,
      "testing": false
    },
    "software": "mriqc",
    "version": "23.0.1",
    "webapi_port": null,
    "webapi_url": "https://mriqc.nimh.nih.gov/api/v1"
  },
  "size_t": 619,
  "size_x": 100,
  "size_y": 100,
  "size_z": 60,
  "snr": 3.1171182421419656,
  "spacing_tr": 0.9549999833106995,
  "spacing_x": 2.0,
  "spacing_y": 2.0,
  "spacing_z": 2.0,
  "summary_bg_k": 88.80428638971695,
  "summary_bg_mad": 34.533370103894576,
  "summary_bg_mean": 224.14451599121094,
  "summary_bg_median": 60.93861389160156,
  "summary_bg_n": 393663.0,
  "summary_bg_p05": 28.113086700439453,
  "summary_bg_p95": 954.5295898437488,
  "summary_bg_stdv": 527.956298828125,
  "summary_fg_k": 0.22386436554030764,
  "summary_fg_mad": 2342.5549408507213,
  "summary_fg_mean": 7461.0244140625,
  "summary_fg_median": 7240.14013671875,
  "summary_fg_n": 122572.0,
  "summary_fg_p05": 4152.717944335937,
  "summary_fg_p95": 11552.26806640625,
  "summary_fg_stdv": 2322.693603515625,
  "tsnr": 24.575479492661543
}