{
  "aor": 0.00026057692307692305,
  "aqi": 0.008995597472527473,
  "bids_meta": {
    "AcquisitionDateTime": "2017-09-08T14:53:39.000000",
    "EchoTime": 0.0352,
    "EffectiveEchoSpacing": 0.000580013,
    "FlipAngle": 56,
    "ImageType": [
      "ORIGINAL",
      "PRIMARY",
      "M",
      "MB",
      "ND",
      "MOSAI"
    ],
    "MagneticFieldStrength": 3,
    "Manufacturer": "Siemens",
    "ManufacturersModelName": "Prisma",
    "PhaseEncodingDirection": "j-",
    "RepetitionTime": 0.955,
    "SliceTiming": [
      0.875,
      0.795,
      0.715,
      0.635,
      0.5575,
      0.4775,
      0.3975,
      0.3175,
      0.2375,
      0.1575,
      0.08,
      0,
      0.875,
      0.795,
      0.715,
      0.635,
      0.5575,
      0.4775,
      0.3975,
      0.3175,
      0.2375,
      0.1575,
      0.08,
      0,
      0.875,
      0.795,
      0.715,
      0.635,
      0.5575,
      0.4775,
      0.3975,
      0.3175,
      0.2375,
      0.1575,
      0.08,
      0,
      0.875,
      0.795,
      0.715,
      0.635,
      0.5575,
      0.4775,
      0.3975,
      0.3175,
      0.2375,
      0.1575,
      0.08,
      0,
      0.875,
      0.795,
      0.715,
      0.635,
      0.5575,
      0.4775,
      0.3975,
      0.3175,
      0.2375,
      0.1575,
      0.08,
      0
    ],
    "TaskName": "identification",
    "TotalReadoutTime": 0.0580013,
    "dataset": "ds001771",
    "modality": "bold",
    "run_id": 4,
    "subject_id": "42",
    "task_id": "identification"
  },
  "dummy_trs": 2,
  "dvars_nstd": 49.92178914322319,
  "dvars_std": 1.0324249411845732,
  "dvars_vstd": 0.9934185827823697,
  "efc": 0.4766200999264058,
  "fber": 14413.81640625,
  "fd_mean": 0.15796103571681266,
  "fd_num": 97,
  "fd_perc": 26.64835164835165,
  "fwhm_avg": 2.7105200000000003,
  "fwhm_x": 2.539555,
  "fwhm_y": 2.91964,
  "fwhm_z": 2.672365,
  "gcor": 0.0079687,
  "gsr_x": -0.009121788665652275,
  "gsr_y": 0.03781925141811371,
  "provenance": {
    "md5sum": "6d7d10e9c6c3e5637cc70debb5356518",
    "settings": {
      "fd_thres": 0.2,
      "testing": false
    },
    "software": "mriqc",
    "version": "23.0.1",
    "webapi_port": null,
    "webapi_url": "https://mriqc.nimh.nih.gov/api/v1"
  },
  "size_t": 364,
  "size_x": 100,
  "size_y": 100,
  "size_z": 60,
  "snr": 3.0598019041699085,
  "spacing_tr": 0.9549999833106995,
  "spacing_x": 2.0,
  "spacing_y": 2.0,
  "spacing_z": 2.0,
  "summary_bg_k": 170.85499116256338,
  "summary_bg_mad": 29.110326503996003,
  "summary_bg_mean": 234.56126403808594,
  "summary_bg_median": 58.252750396728516,
  "summary_bg_n": 391540.0,
  "summary_bg_p05": 30.85439682006836,
  "summary_bg_p95": 936.6553802490231,
  "summary_bg_stdv": 682.8065185546875,
  "summary_fg_k": 0.38697978103304154,
  "summary_fg_mad": 2313.5073754124705,
  "summary_fg_mean": 7338.8408203125,
  "summary_fg_median": 7093.6376953125,
  "summary_fg_n": 124139.0,
  "summary_fg_p05": 4043.5805908203124,
  "summary_fg_p95": 11414.001367187499,
  "summary_fg_stdv": 2318.322998046875,
  "tsnr": 28.037569117732346
}