{
  "aor": 0.0005783977900552487,
  "aqi": 0.005806963425414364,
  "bids_meta": {
    "AcquisitionDateTime": "2017-06-02T13:48:30.711000",
    "EchoTime": 0.0352,
    "EffectiveEchoSpacing": 0.000580013,
    "FlipAngle": 56,
    "ImageType": [
      "ORIGINAL",
      "PRIMARY",
      "M",
      "MB",
      "ND",
      "MOSAI"
    ],
    "MagneticFieldStrength": 3,
    "Manufacturer": "Siemens",
    "ManufacturersModelName": "Prisma",
    "PhaseEncodingDirection": "j-",
    "RepetitionTime": 0.955,
    "SliceTiming": [
      0.875,
      0.795,
      0.7175,
      0.6375,
      0.5575,
      0.4775,
      0.3975,
      0.3175,
      0.24,
      0.16,
      0.08,
      0,
      0.875,
      0.795,
      0.7175,
      0.6375,
      0.5575,
      0.4775,
      0.3975,
      0.3175,
      0.24,
      0.16,
      0.08,
      0,
      0.875,
      0.795,
      0.7175,
      0.6375,
      0.5575,
      0.4775,
      0.3975,
      0.3175,
      0.24,
      0.16,
      0.08,
      0,
      0.875,
      0.795,
      0.7175,
      0.6375,
      0.5575,
      0.4775,
      0.3975,
      0.3175,
      0.24,
      0.16,
      0.08,
      0,
      0.875,
      0.795,
      0.7175,
      0.6375,
      0.5575,
      0.4775,
      0.3975,
      0.3175,
      0.24,
      0.16,
      0.08,
      0
    ],
    "TaskName": "identification",
    "TotalReadoutTime": 0.0580013,
    "dataset": "ds001771",
    "modality": "bold",
    "run_id": 2,
    "subject_id": "24",
    "task_id": "identification"
  },
  "dummy_trs": 4,
  "dvars_nstd": 41.850625289390564,
  "dvars_std": 1.018051957673131,
  "dvars_vstd": 1.00541898232687,
  "efc": 0.5126519666184444,
  "fber": 13685.1904296875,
  "fd_mean": 0.09946313501217356,
  "fd_num": 17,
  "fd_perc": 4.696132596685083,
  "fwhm_avg": 2.925656666666667,
  "fwhm_x": 2.717175,
  "fwhm_y": 3.096255,
  "fwhm_z": 2.96354,
  "gcor": 0.00800267,
  "gsr_x": -0.004539384040981531,
  "gsr_y": 0.034967582672834396,
  "provenance": {
    "md5sum": "d1f9cddaae0e2a3ce0fb4243d24f4b52",
    "settings": {
      "fd_thres": 0.2,
      "testing": false
    },
    "software": "mriqc",
    "version": "23.0.1",
    "webapi_port": null,
    "webapi_url": "https://mriqc.nimh.nih.gov/api/v1"
  },
  "size_t": 362,
  "size_x": 100,
  "size_y": 100,
  "size_z": 60,
  "snr": 2.3821795737493217,
  "spacing_tr": 0.9549999833106995,
  "spacing_x": 2.0,
  "spacing_y": 2.0,
  "spacing_z": 2.0,
  "summary_bg_k": 95.14848426648132,
  "summary_bg_mad": 36.53549730557624,
  "summary_bg_mean": 266.46685791015625,
  "summary_bg_median": 64.4610595703125,
  "summary_bg_n": 353827.0,
  "summary_bg_p05": 34.870412826538086,
  "summary_bg_p95": 1061.5130493164063,
  "summary_bg_stdv": 643.4931030273438,
  "summary_fg_k": 1.3630358320246216,
  "summary_fg_mad": 3064.243061526929,
  "summary_fg_mean": 8332.921875,
  "summary_fg_median": 7764.7568359375,
  "summary_fg_n": 154876.0,
  "summary_fg_p05": 4274.7156982421875,
  "summary_fg_p95": 14334.216064453125,
  "summary_fg_stdv": 3259.50732421875,
  "tsnr": 30.964191436767578
}