{
  "aor": 0.0016616910569105688,
  "aqi": 0.01091567,
  "bids_meta": {
    "AcquisitionDateTime": "2017-06-02T15:52:50.751000",
    "EchoTime": 0.0352,
    "EffectiveEchoSpacing": 0.000580013,
    "FlipAngle": 56,
    "ImageType": [
      "ORIGINAL",
      "PRIMARY",
      "M",
      "MB",
      "ND",
      "MOSAI"
    ],
    "MagneticFieldStrength": 3,
    "Manufacturer": "Siemens",
    "ManufacturersModelName": "Prisma",
    "PhaseEncodingDirection": "j-",
    "RepetitionTime": 0.955,
    "SliceTiming": [
      0.875,
      0.795,
      0.715,
      0.635,
      0.555,
      0.4775,
      0.3975,
      0.3175,
      0.2375,
      0.1575,
      0.0775,
      0,
      0.875,
      0.795,
      0.715,
      0.635,
      0.555,
      0.4775,
      0.3975,
      0.3175,
      0.2375,
      0.1575,
      0.0775,
      0,
      0.875,
      0.795,
      0.715,
      0.635,
      0.555,
      0.4775,
      0.3975,
      0.3175,
      0.2375,
      0.1575,
      0.0775,
      0,
      0.875,
      0.795,
      0.715,
      0.635,
      0.555,
      0.4775,
      0.3975,
      0.3175,
      0.2375,
      0.1575,
      0.0775,
      0,
      0.875,
      0.795,
      0.715,
      0.635,
      0.555,
      0.4775,
      0.3975,
      0.3175,
      0.2375,
      0.1575,
      0.0775,
      0
    ],
    "TaskName": "rest",
    "TotalReadoutTime": 0.0580013,
    "dataset": "ds001771",
    "modality": "bold",
    "subject_id": "24",
    "task_id": "rest"
  },
  "dummy_trs": 5,
  "dvars_nstd": 43.35927823464173,
  "dvars_std": 0.9889171690553734,
  "dvars_vstd": 0.9872270925732886,
  "efc": 0.5169937701674331,
  "fber": 12061.619140625,
  "fd_mean": 0.09961855605605138,
  "fd_num": 33,
  "fd_perc": 5.365853658536586,
  "fwhm_avg": 2.9461983333333333,
  "fwhm_x": 2.714705,
  "fwhm_y": 3.11367,
  "fwhm_z": 3.01022,
  "gcor": 0.00342871,
  "gsr_x": -0.0036615259014070034,
  "gsr_y": 0.03139050677418709,
  "provenance": {
    "md5sum": "3e3d32c7c51262979ad7384855742607",
    "settings": {
      "fd_thres": 0.2,
      "testing": false
    },
    "software": "mriqc",
    "version": "23.0.1",
    "webapi_port": null,
    "webapi_url": "https://mriqc.nimh.nih.gov/api/v1"
  },
  "size_t": 615,
  "size_x": 100,
  "size_y": 100,
  "size_z": 60,
  "snr": 2.3956011764380083,
  "spacing_tr": 0.9549999833106995,
  "spacing_x": 2.0,
  "spacing_y": 2.0,
  "spacing_z": 2.0,
  "summary_bg_k": 53.321711832997565,
  "summary_bg_mad": 39.75426278255884,
  "summary_bg_mean": 242.3848876953125,
  "summary_bg_median": 65.59408569335938,
  "summary_bg_n": 350574.0,
  "summary_bg_p05": 32.30346088409424,
  "summary_bg_p95": 987.8468200683593,
  "summary_bg_stdv": 530.7547607421875,
  "summary_fg_k": 1.7847474836117172,
  "summary_fg_mad": 2867.189807045321,
  "summary_fg_mean": 7973.66748046875,
  "summary_fg_median": 7439.94140625,
  "summary_fg_n": 157987.0,
  "summary_fg_p05": 4130.214990234375,
  "summary_fg_p95": 13607.451367187497,
  "summary_fg_stdv": 3105.657958984375,
  "tsnr": 25.581802368164062
}