{
  "aor": 0.00061267217630854,
  "aqi": 0.007238773663911846,
  "bids_meta": {
    "AcquisitionDateTime": "2017-06-02T13:42:10.678000",
    "EchoTime": 0.0352,
    "EffectiveEchoSpacing": 0.000580013,
    "FlipAngle": 56,
    "ImageType": [
      "ORIGINAL",
      "PRIMARY",
      "M",
      "MB",
      "ND",
      "MOSAI"
    ],
    "MagneticFieldStrength": 3,
    "Manufacturer": "Siemens",
    "ManufacturersModelName": "Prisma",
    "PhaseEncodingDirection": "j-",
    "RepetitionTime": 0.955,
    "SliceTiming": [
      0.875,
      0.795,
      0.715,
      0.635,
      0.555,
      0.4775,
      0.3975,
      0.3175,
      0.2375,
      0.1575,
      0.0775,
      0,
      0.875,
      0.795,
      0.715,
      0.635,
      0.555,
      0.4775,
      0.3975,
      0.3175,
      0.2375,
      0.1575,
      0.0775,
      0,
      0.875,
      0.795,
      0.715,
      0.635,
      0.555,
      0.4775,
      0.3975,
      0.3175,
      0.2375,
      0.1575,
      0.0775,
      0,
      0.875,
      0.795,
      0.715,
      0.635,
      0.555,
      0.4775,
      0.3975,
      0.3175,
      0.2375,
      0.1575,
      0.0775,
      0,
      0.875,
      0.795,
      0.715,
      0.635,
      0.555,
      0.4775,
      0.3975,
      0.3175,
      0.2375,
      0.1575,
      0.0775,
      0
    ],
    "TaskName": "identification",
    "TotalReadoutTime": 0.0580013,
    "dataset": "ds001771",
    "modality": "bold",
    "run_id": 1,
    "subject_id": "24",
    "task_id": "identification"
  },
  "dummy_trs": 3,
  "dvars_nstd": 41.874956615662995,
  "dvars_std": 0.9935495167955801,
  "dvars_vstd": 0.9877250469337014,
  "efc": 0.5130218578253208,
  "fber": 12885.6845703125,
  "fd_mean": 0.11313154932524697,
  "fd_num": 15,
  "fd_perc": 4.132231404958677,
  "fwhm_avg": 2.945555,
  "fwhm_x": 2.72424,
  "fwhm_y": 3.135585,
  "fwhm_z": 2.97684,
  "gcor": 0.00344852,
  "gsr_x": -0.004371343646198511,
  "gsr_y": 0.03470117226243019,
  "provenance": {
    "md5sum": "2750fd7d882aecf41959913fc482c46c",
    "settings": {
      "fd_thres": 0.2,
      "testing": false
    },
    "software": "mriqc",
    "version": "23.0.1",
    "webapi_port": null,
    "webapi_url": "https://mriqc.nimh.nih.gov/api/v1"
  },
  "size_t": 363,
  "size_x": 100,
  "size_y": 100,
  "size_z": 60,
  "snr": 2.3627890808031613,
  "spacing_tr": 0.9549999833106995,
  "spacing_x": 2.0,
  "spacing_y": 2.0,
  "spacing_z": 2.0,
  "summary_bg_k": 122.74847357891792,
  "summary_bg_mad": 43.6291831270355,
  "summary_bg_mean": 261.62713623046875,
  "summary_bg_median": 66.25558471679688,
  "summary_bg_n": 352703.0,
  "summary_bg_p05": 29.026628303527833,
  "summary_bg_p95": 1037.0228881835894,
  "summary_bg_stdv": 623.335205078125,
  "summary_fg_k": 1.4132668118608942,
  "summary_fg_mad": 3065.8889092533805,
  "summary_fg_mean": 8323.2958984375,
  "summary_fg_median": 7748.67578125,
  "summary_fg_n": 155358.0,
  "summary_fg_p05": 4250.408154296875,
  "summary_fg_p95": 14354.320751953122,
  "summary_fg_stdv": 3279.450927734375,
  "tsnr": 29.10490608215332
}