{
  "aor": 0.00030183544303797466,
  "aqi": 0.009447130316455696,
  "bids_meta": {
    "AcquisitionDateTime": "2017-06-02T14:08:10.708000",
    "EchoTime": 0.0352,
    "EffectiveEchoSpacing": 0.000580013,
    "FlipAngle": 56,
    "ImageType": [
      "ORIGINAL",
      "PRIMARY",
      "M",
      "MB",
      "ND",
      "MOSAI"
    ],
    "MagneticFieldStrength": 3,
    "Manufacturer": "Siemens",
    "ManufacturersModelName": "Prisma",
    "PhaseEncodingDirection": "j-",
    "RepetitionTime": 0.955,
    "SliceTiming": [
      0.875,
      0.795,
      0.715,
      0.635,
      0.555,
      0.4775,
      0.3975,
      0.3175,
      0.2375,
      0.1575,
      0.0775,
      0,
      0.875,
      0.795,
      0.715,
      0.635,
      0.555,
      0.4775,
      0.3975,
      0.3175,
      0.2375,
      0.1575,
      0.0775,
      0,
      0.875,
      0.795,
      0.715,
      0.635,
      0.555,
      0.4775,
      0.3975,
      0.3175,
      0.2375,
      0.1575,
      0.0775,
      0,
      0.875,
      0.795,
      0.715,
      0.635,
      0.555,
      0.4775,
      0.3975,
      0.3175,
      0.2375,
      0.1575,
      0.0775,
      0,
      0.875,
      0.795,
      0.715,
      0.635,
      0.555,
      0.4775,
      0.3975,
      0.3175,
      0.2375,
      0.1575,
      0.0775,
      0
    ],
    "TaskName": "localizer",
    "TotalReadoutTime": 0.0580013,
    "dataset": "ds001771",
    "modality": "bold",
    "subject_id": "24",
    "task_id": "localizer"
  },
  "dummy_trs": 2,
  "dvars_nstd": 43.98488171172374,
  "dvars_std": 0.9863888582509499,
  "dvars_vstd": 0.9729332621166039,
  "efc": 0.5144902884868712,
  "fber": 11066.271484375,
  "fd_mean": 0.12275891861617126,
  "fd_num": 109,
  "fd_perc": 13.79746835443038,
  "fwhm_avg": 2.987365,
  "fwhm_x": 2.76602,
  "fwhm_y": 3.170075,
  "fwhm_z": 3.026,
  "gcor": 0.00768275,
  "gsr_x": -0.004976469557732344,
  "gsr_y": 0.03545683994889259,
  "provenance": {
    "md5sum": "2e90caba0501114569be444df05ee718",
    "settings": {
      "fd_thres": 0.2,
      "testing": false
    },
    "software": "mriqc",
    "version": "23.0.1",
    "webapi_port": null,
    "webapi_url": "https://mriqc.nimh.nih.gov/api/v1"
  },
  "size_t": 790,
  "size_x": 100,
  "size_y": 100,
  "size_z": 60,
  "snr": 2.354410699289024,
  "spacing_tr": 0.9549999833106995,
  "spacing_x": 2.0,
  "spacing_y": 2.0,
  "spacing_z": 2.0,
  "summary_bg_k": 88.34435473024213,
  "summary_bg_mad": 50.91176295902284,
  "summary_bg_mean": 273.1948547363281,
  "summary_bg_median": 71.27139282226562,
  "summary_bg_n": 352771.0,
  "summary_bg_p05": 28.178513526916504,
  "summary_bg_p95": 1100.1912231445312,
  "summary_bg_stdv": 638.0838623046875,
  "summary_fg_k": 1.4606449202254073,
  "summary_fg_mad": 3065.2934794073253,
  "summary_fg_mean": 8330.53125,
  "summary_fg_median": 7744.427734375,
  "summary_fg_n": 155858.0,
  "summary_fg_p05": 4261.106713867188,
  "summary_fg_p95": 14411.978320312497,
  "summary_fg_stdv": 3289.31689453125,
  "tsnr": 26.8852481842041
}