{
  "aor": 0.003544273972602741,
  "aqi": 0.011121897287671233,
  "bids_meta": {
    "AcquisitionDateTime": "2017-07-13T14:04:07.052000",
    "EchoTime": 0.0352,
    "EffectiveEchoSpacing": 0.000580013,
    "FlipAngle": 56,
    "ImageType": [
      "ORIGINAL",
      "PRIMARY",
      "M",
      "MB",
      "ND",
      "MOSAI"
    ],
    "MagneticFieldStrength": 3,
    "Manufacturer": "Siemens",
    "ManufacturersModelName": "Prisma",
    "PhaseEncodingDirection": "j-",
    "RepetitionTime": 0.955,
    "SliceTiming": [
      0.875,
      0.795,
      0.715,
      0.6375,
      0.5575,
      0.4775,
      0.3975,
      0.3175,
      0.2375,
      0.16,
      0.08,
      0,
      0.875,
      0.795,
      0.715,
      0.6375,
      0.5575,
      0.4775,
      0.3975,
      0.3175,
      0.2375,
      0.16,
      0.08,
      0,
      0.875,
      0.795,
      0.715,
      0.6375,
      0.5575,
      0.4775,
      0.3975,
      0.3175,
      0.2375,
      0.16,
      0.08,
      0,
      0.875,
      0.795,
      0.715,
      0.6375,
      0.5575,
      0.4775,
      0.3975,
      0.3175,
      0.2375,
      0.16,
      0.08,
      0,
      0.875,
      0.795,
      0.715,
      0.6375,
      0.5575,
      0.4775,
      0.3975,
      0.3175,
      0.2375,
      0.16,
      0.08,
      0
    ],
    "TaskName": "identification",
    "TotalReadoutTime": 0.0580013,
    "dataset": "ds001771",
    "modality": "bold",
    "run_id": 3,
    "subject_id": "34",
    "task_id": "identification"
  },
  "dummy_trs": 1,
  "dvars_nstd": 46.88476409491761,
  "dvars_std": 1.0113603408516483,
  "dvars_vstd": 1.005723904120879,
  "efc": 0.542503044581053,
  "fber": 6149.44287109375,
  "fd_mean": 0.17098571538032037,
  "fd_num": 34,
  "fd_perc": 9.315068493150685,
  "fwhm_avg": 3.0612783333333335,
  "fwhm_x": 2.84126,
  "fwhm_y": 3.224085,
  "fwhm_z": 3.11849,
  "gcor": 0.00339912,
  "gsr_x": -0.03137606754899025,
  "gsr_y": 0.0856594666838646,
  "provenance": {
    "md5sum": "2464ce61db99b67df8beafdbe67321f3",
    "settings": {
      "fd_thres": 0.2,
      "testing": false
    },
    "software": "mriqc",
    "version": "23.0.1",
    "webapi_port": null,
    "webapi_url": "https://mriqc.nimh.nih.gov/api/v1"
  },
  "size_t": 365,
  "size_x": 100,
  "size_y": 100,
  "size_z": 60,
  "snr": 2.2643540528953463,
  "spacing_tr": 0.9549999833106995,
  "spacing_x": 2.0,
  "spacing_y": 2.0,
  "spacing_z": 2.0,
  "summary_bg_k": 28.216691261174507,
  "summary_bg_mad": 87.9595657740053,
  "summary_bg_mean": 624.0487060546875,
  "summary_bg_median": 96.77416229248047,
  "summary_bg_n": 357900.0,
  "summary_bg_p05": 31.550649547576906,
  "summary_bg_p95": 3125.1349487304688,
  "summary_bg_stdv": 1287.574462890625,
  "summary_fg_k": 2.262964849945961,
  "summary_fg_mad": 3110.967473142655,
  "summary_fg_mean": 8618.966796875,
  "summary_fg_median": 8007.4599609375,
  "summary_fg_n": 152398.0,
  "summary_fg_p05": 4178.27685546875,
  "summary_fg_p95": 15148.481494140624,
  "summary_fg_stdv": 3536.29931640625,
  "tsnr": 25.778470993041992
}