{
  "aor": 0.002128571428571429,
  "aqi": 0.020845720604395605,
  "bids_meta": {
    "AcquisitionDateTime": "2017-07-13T14:10:07.088000",
    "EchoTime": 0.0352,
    "EffectiveEchoSpacing": 0.000580013,
    "FlipAngle": 56,
    "ImageType": [
      "ORIGINAL",
      "PRIMARY",
      "M",
      "MB",
      "ND",
      "MOSAI"
    ],
    "MagneticFieldStrength": 3,
    "Manufacturer": "Siemens",
    "ManufacturersModelName": "Prisma",
    "PhaseEncodingDirection": "j-",
    "RepetitionTime": 0.955,
    "SliceTiming": [
      0.875,
      0.795,
      0.715,
      0.6375,
      0.5575,
      0.4775,
      0.3975,
      0.3175,
      0.2375,
      0.16,
      0.08,
      0,
      0.875,
      0.795,
      0.715,
      0.6375,
      0.5575,
      0.4775,
      0.3975,
      0.3175,
      0.2375,
      0.16,
      0.08,
      0,
      0.875,
      0.795,
      0.715,
      0.6375,
      0.5575,
      0.4775,
      0.3975,
      0.3175,
      0.2375,
      0.16,
      0.08,
      0,
      0.875,
      0.795,
      0.715,
      0.6375,
      0.5575,
      0.4775,
      0.3975,
      0.3175,
      0.2375,
      0.16,
      0.08,
      0,
      0.875,
      0.795,
      0.715,
      0.6375,
      0.5575,
      0.4775,
      0.3975,
      0.3175,
      0.2375,
      0.16,
      0.08,
      0
    ],
    "TaskName": "identification",
    "TotalReadoutTime": 0.0580013,
    "dataset": "ds001771",
    "modality": "bold",
    "run_id": 4,
    "subject_id": "34",
    "task_id": "identification"
  },
  "dummy_trs": 2,
  "dvars_nstd": 47.97570158688704,
  "dvars_std": 0.9350888724517904,
  "dvars_vstd": 0.9429807538567501,
  "efc": 0.5433160282135359,
  "fber": 5021.62451171875,
  "fd_mean": 0.2281961985265188,
  "fd_num": 66,
  "fd_perc": 18.13186813186813,
  "fwhm_avg": 3.1443933333333334,
  "fwhm_x": 2.900585,
  "fwhm_y": 3.2907,
  "fwhm_z": 3.241895,
  "gcor": 0.00426722,
  "gsr_x": -0.03023388609290123,
  "gsr_y": 0.08805118501186371,
  "provenance": {
    "md5sum": "061c5ee3bc427490c3f5720febbeda26",
    "settings": {
      "fd_thres": 0.2,
      "testing": false
    },
    "software": "mriqc",
    "version": "23.0.1",
    "webapi_port": null,
    "webapi_url": "https://mriqc.nimh.nih.gov/api/v1"
  },
  "size_t": 364,
  "size_x": 100,
  "size_y": 100,
  "size_z": 60,
  "snr": 2.254346171193747,
  "spacing_tr": 0.9549999833106995,
  "spacing_x": 2.0,
  "spacing_y": 2.0,
  "spacing_z": 2.0,
  "summary_bg_k": 23.937678508205195,
  "summary_bg_mad": 106.60659554700757,
  "summary_bg_mean": 628.128173828125,
  "summary_bg_median": 109.82044219970703,
  "summary_bg_n": 357936.0,
  "summary_bg_p05": 30.370580196380615,
  "summary_bg_p95": 3098.9602661132812,
  "summary_bg_stdv": 1246.322265625,
  "summary_fg_k": 2.170847626137511,
  "summary_fg_mad": 3136.760625361525,
  "summary_fg_mean": 8593.51171875,
  "summary_fg_median": 7978.333984375,
  "summary_fg_n": 152181.0,
  "summary_fg_p05": 4139.9697265625,
  "summary_fg_p95": 15109.9951171875,
  "summary_fg_stdv": 3539.078369140625,
  "tsnr": 21.603168487548828
}