{
  "aor": 0.001565041095890411,
  "aqi": 0.009064919260273972,
  "bids_meta": {
    "AcquisitionDateTime": "2017-06-20T09:37:59.493000",
    "EchoTime": 0.0352,
    "EffectiveEchoSpacing": 0.000580013,
    "FlipAngle": 56,
    "ImageType": [
      "ORIGINAL",
      "PRIMARY",
      "M",
      "MB",
      "ND",
      "MOSAI"
    ],
    "MagneticFieldStrength": 3,
    "Manufacturer": "Siemens",
    "ManufacturersModelName": "Prisma",
    "PhaseEncodingDirection": "j-",
    "RepetitionTime": 0.955,
    "SliceTiming": [
      0.875,
      0.795,
      0.7175,
      0.6375,
      0.5575,
      0.4775,
      0.3975,
      0.3175,
      0.24,
      0.16,
      0.08,
      0,
      0.875,
      0.795,
      0.7175,
      0.6375,
      0.5575,
      0.4775,
      0.3975,
      0.3175,
      0.24,
      0.16,
      0.08,
      0,
      0.875,
      0.795,
      0.7175,
      0.6375,
      0.5575,
      0.4775,
      0.3975,
      0.3175,
      0.24,
      0.16,
      0.08,
      0,
      0.875,
      0.795,
      0.7175,
      0.6375,
      0.5575,
      0.4775,
      0.3975,
      0.3175,
      0.24,
      0.16,
      0.08,
      0,
      0.875,
      0.795,
      0.7175,
      0.6375,
      0.5575,
      0.4775,
      0.3975,
      0.3175,
      0.24,
      0.16,
      0.08,
      0
    ],
    "TaskName": "identification",
    "TotalReadoutTime": 0.0580013,
    "dataset": "ds001771",
    "modality": "bold",
    "run_id": 4,
    "subject_id": "28",
    "task_id": "identification"
  },
  "dummy_trs": 1,
  "dvars_nstd": 41.425770392967024,
  "dvars_std": 1.021794561538461,
  "dvars_vstd": 1.0097995603296703,
  "efc": 0.5562431739235145,
  "fber": 5204.5,
  "fd_mean": 0.15211252367501696,
  "fd_num": 62,
  "fd_perc": 16.986301369863014,
  "fwhm_avg": 3.018015,
  "fwhm_x": 2.905125,
  "fwhm_y": 3.133305,
  "fwhm_z": 3.015615,
  "gcor": 0.00983479,
  "gsr_x": -0.0025479760952293873,
  "gsr_y": 0.06331939250230789,
  "provenance": {
    "md5sum": "bfc9821ca038ca4c527c76002317276c",
    "settings": {
      "fd_thres": 0.2,
      "testing": false
    },
    "software": "mriqc",
    "version": "23.0.1",
    "webapi_port": null,
    "webapi_url": "https://mriqc.nimh.nih.gov/api/v1"
  },
  "size_t": 365,
  "size_x": 100,
  "size_y": 100,
  "size_z": 60,
  "snr": 2.13712648399494,
  "spacing_tr": 0.9549999833106995,
  "spacing_x": 2.0,
  "spacing_y": 2.0,
  "spacing_z": 2.0,
  "summary_bg_k": 24.519906848220455,
  "summary_bg_mad": 110.75428927175815,
  "summary_bg_mean": 751.9078369140625,
  "summary_bg_median": 115.771728515625,
  "summary_bg_n": 342088.0,
  "summary_bg_p05": 33.404174995422366,
  "summary_bg_p95": 3919.1504150390588,
  "summary_bg_stdv": 1616.4404296875,
  "summary_fg_k": 2.432654342700702,
  "summary_fg_mad": 3549.300484075625,
  "summary_fg_mean": 9461.0771484375,
  "summary_fg_median": 8657.2421875,
  "summary_fg_n": 165745.0,
  "summary_fg_p05": 4509.1205078125,
  "summary_fg_p95": 17055.987109375,
  "summary_fg_stdv": 4050.867431640625,
  "tsnr": 28.099803924560547
}