{
  "aor": 0.0015296582278481012,
  "aqi": 0.009042654607594937,
  "bids_meta": {
    "AcquisitionDateTime": "2017-06-20T09:44:39.547000",
    "EchoTime": 0.0352,
    "EffectiveEchoSpacing": 0.000580013,
    "FlipAngle": 56,
    "ImageType": [
      "ORIGINAL",
      "PRIMARY",
      "M",
      "MB",
      "ND",
      "MOSAI"
    ],
    "MagneticFieldStrength": 3,
    "Manufacturer": "Siemens",
    "ManufacturersModelName": "Prisma",
    "PhaseEncodingDirection": "j-",
    "RepetitionTime": 0.955,
    "SliceTiming": [
      0.8775,
      0.7975,
      0.7175,
      0.6375,
      0.5575,
      0.4775,
      0.4,
      0.32,
      0.24,
      0.16,
      0.08,
      0,
      0.8775,
      0.7975,
      0.7175,
      0.6375,
      0.5575,
      0.4775,
      0.4,
      0.32,
      0.24,
      0.16,
      0.08,
      0,
      0.8775,
      0.7975,
      0.7175,
      0.6375,
      0.5575,
      0.4775,
      0.4,
      0.32,
      0.24,
      0.16,
      0.08,
      0,
      0.8775,
      0.7975,
      0.7175,
      0.6375,
      0.5575,
      0.4775,
      0.4,
      0.32,
      0.24,
      0.16,
      0.08,
      0,
      0.8775,
      0.7975,
      0.7175,
      0.6375,
      0.5575,
      0.4775,
      0.4,
      0.32,
      0.24,
      0.16,
      0.08,
      0
    ],
    "TaskName": "localizer",
    "TotalReadoutTime": 0.0580013,
    "dataset": "ds001771",
    "modality": "bold",
    "subject_id": "28",
    "task_id": "localizer"
  },
  "dummy_trs": 2,
  "dvars_nstd": 44.47955654903678,
  "dvars_std": 1.0550278765019019,
  "dvars_vstd": 1.1648821241191385,
  "efc": 0.5576556494787088,
  "fber": 4471.8408203125,
  "fd_mean": 0.1640286977558714,
  "fd_num": 223,
  "fd_perc": 28.227848101265824,
  "fwhm_avg": 3.023483333333333,
  "fwhm_x": 2.811665,
  "fwhm_y": 3.16972,
  "fwhm_z": 3.089065,
  "gcor": 0.0138695,
  "gsr_x": -0.005747605115175247,
  "gsr_y": 0.06396011263132095,
  "provenance": {
    "md5sum": "261fe8c88671eba644b7067ac947a074",
    "settings": {
      "fd_thres": 0.2,
      "testing": false
    },
    "software": "mriqc",
    "version": "23.0.1",
    "webapi_port": null,
    "webapi_url": "https://mriqc.nimh.nih.gov/api/v1"
  },
  "size_t": 790,
  "size_x": 100,
  "size_y": 100,
  "size_z": 60,
  "snr": 2.0961909490524695,
  "spacing_tr": 0.9549999833106995,
  "spacing_x": 2.0,
  "spacing_y": 2.0,
  "spacing_z": 2.0,
  "summary_bg_k": 27.577786759961292,
  "summary_bg_mad": 131.05566442835186,
  "summary_bg_mean": 695.6339721679688,
  "summary_bg_median": 123.28411865234375,
  "summary_bg_n": 336004.0,
  "summary_bg_p05": 17.923801994323732,
  "summary_bg_p95": 3537.566613769528,
  "summary_bg_stdv": 1501.6319580078125,
  "summary_fg_k": 2.508372779426063,
  "summary_fg_mad": 3559.934245788334,
  "summary_fg_mean": 9396.2587890625,
  "summary_fg_median": 8604.79296875,
  "summary_fg_n": 169822.0,
  "summary_fg_p05": 4398.907275390625,
  "summary_fg_p95": 17060.195898437494,
  "summary_fg_stdv": 4104.9541015625,
  "tsnr": 27.674396514892578
}