{
  "aor": 0.00037224657534246574,
  "aqi": 0.013027321479452056,
  "bids_meta": {
    "AcquisitionDateTime": "2017-05-30T09:13:51.290000",
    "EchoTime": 0.0352,
    "EffectiveEchoSpacing": 0.000580013,
    "FlipAngle": 56,
    "ImageType": [
      "ORIGINAL",
      "PRIMARY",
      "M",
      "MB",
      "ND",
      "MOSAI"
    ],
    "MagneticFieldStrength": 3,
    "Manufacturer": "Siemens",
    "ManufacturersModelName": "Prisma",
    "PhaseEncodingDirection": "j-",
    "RepetitionTime": 0.955,
    "SliceTiming": [
      0.875,
      0.795,
      0.715,
      0.635,
      0.555,
      0.4775,
      0.3975,
      0.3175,
      0.2375,
      0.1575,
      0.0775,
      0,
      0.875,
      0.795,
      0.715,
      0.635,
      0.555,
      0.4775,
      0.3975,
      0.3175,
      0.2375,
      0.1575,
      0.0775,
      0,
      0.875,
      0.795,
      0.715,
      0.635,
      0.555,
      0.4775,
      0.3975,
      0.3175,
      0.2375,
      0.1575,
      0.0775,
      0,
      0.875,
      0.795,
      0.715,
      0.635,
      0.555,
      0.4775,
      0.3975,
      0.3175,
      0.2375,
      0.1575,
      0.0775,
      0,
      0.875,
      0.795,
      0.715,
      0.635,
      0.555,
      0.4775,
      0.3975,
      0.3175,
      0.2375,
      0.1575,
      0.0775,
      0
    ],
    "TaskName": "identification",
    "TotalReadoutTime": 0.0580013,
    "dataset": "ds001771",
    "modality": "bold",
    "run_id": 2,
    "subject_id": "22",
    "task_id": "identification"
  },
  "dummy_trs": 1,
  "dvars_nstd": 49.94281131598903,
  "dvars_std": 0.9900224517307701,
  "dvars_vstd": 0.9624997273626363,
  "efc": 0.4946697674262993,
  "fber": 11512.0302734375,
  "fd_mean": 0.2020171566338994,
  "fd_num": 172,
  "fd_perc": 47.12328767123287,
  "fwhm_avg": 3.0861899999999998,
  "fwhm_x": 2.862225,
  "fwhm_y": 3.26889,
  "fwhm_z": 3.127455,
  "gcor": 0.0133895,
  "gsr_x": -0.015518714673817158,
  "gsr_y": 0.05968563258647919,
  "provenance": {
    "md5sum": "4fd0824e4c1fa26ac613c374e4eb1d85",
    "settings": {
      "fd_thres": 0.2,
      "testing": false
    },
    "software": "mriqc",
    "version": "23.0.1",
    "webapi_port": null,
    "webapi_url": "https://mriqc.nimh.nih.gov/api/v1"
  },
  "size_t": 365,
  "size_x": 100,
  "size_y": 100,
  "size_z": 60,
  "snr": 2.1227193042997357,
  "spacing_tr": 0.9549999833106995,
  "spacing_x": 2.0,
  "spacing_y": 2.0,
  "spacing_z": 2.0,
  "summary_bg_k": 104.21252017527948,
  "summary_bg_mad": 41.421160944867175,
  "summary_bg_mean": 329.5316467285156,
  "summary_bg_median": 67.08894348144531,
  "summary_bg_n": 369226.0,
  "summary_bg_p05": 33.02467155456543,
  "summary_bg_p95": 1400.8100280761719,
  "summary_bg_stdv": 919.416748046875,
  "summary_fg_k": 4.229697266310821,
  "summary_fg_mad": 2756.4557820700898,
  "summary_fg_mean": 8102.35205078125,
  "summary_fg_median": 7463.40625,
  "summary_fg_n": 142251.0,
  "summary_fg_p05": 3842.8255615234375,
  "summary_fg_p95": 14699.9248046875,
  "summary_fg_stdv": 3515.952392578125,
  "tsnr": 24.571346282958984
}