{
  "aor": 0.000991095890410959,
  "aqi": 0.009291261232876711,
  "bids_meta": {
    "AcquisitionDateTime": "2017-05-30T09:07:31.351000",
    "EchoTime": 0.0352,
    "EffectiveEchoSpacing": 0.000580013,
    "FlipAngle": 56,
    "ImageType": [
      "ORIGINAL",
      "PRIMARY",
      "M",
      "MB",
      "ND",
      "MOSAI"
    ],
    "MagneticFieldStrength": 3,
    "Manufacturer": "Siemens",
    "ManufacturersModelName": "Prisma",
    "PhaseEncodingDirection": "j-",
    "RepetitionTime": 0.955,
    "SliceTiming": [
      0.875,
      0.795,
      0.7175,
      0.6375,
      0.5575,
      0.4775,
      0.3975,
      0.3175,
      0.24,
      0.16,
      0.08,
      0,
      0.875,
      0.795,
      0.7175,
      0.6375,
      0.5575,
      0.4775,
      0.3975,
      0.3175,
      0.24,
      0.16,
      0.08,
      0,
      0.875,
      0.795,
      0.7175,
      0.6375,
      0.5575,
      0.4775,
      0.3975,
      0.3175,
      0.24,
      0.16,
      0.08,
      0,
      0.875,
      0.795,
      0.7175,
      0.6375,
      0.5575,
      0.4775,
      0.3975,
      0.3175,
      0.24,
      0.16,
      0.08,
      0,
      0.875,
      0.795,
      0.7175,
      0.6375,
      0.5575,
      0.4775,
      0.3975,
      0.3175,
      0.24,
      0.16,
      0.08,
      0
    ],
    "TaskName": "identification",
    "TotalReadoutTime": 0.0580013,
    "dataset": "ds001771",
    "modality": "bold",
    "run_id": 1,
    "subject_id": "22",
    "task_id": "identification"
  },
  "dummy_trs": 1,
  "dvars_nstd": 46.14890433936815,
  "dvars_std": 1.0322084379945056,
  "dvars_vstd": 1.0034314179395603,
  "efc": 0.49481996021812696,
  "fber": 11588.6201171875,
  "fd_mean": 0.15789663241823026,
  "fd_num": 104,
  "fd_perc": 28.493150684931507,
  "fwhm_avg": 3.0887049999999996,
  "fwhm_x": 2.863885,
  "fwhm_y": 3.30182,
  "fwhm_z": 3.10041,
  "gcor": 0.0104526,
  "gsr_x": -0.017022548243403435,
  "gsr_y": 0.05934664607048035,
  "provenance": {
    "md5sum": "1a80ca7482303923c976e7f0e2040edb",
    "settings": {
      "fd_thres": 0.2,
      "testing": false
    },
    "software": "mriqc",
    "version": "23.0.1",
    "webapi_port": null,
    "webapi_url": "https://mriqc.nimh.nih.gov/api/v1"
  },
  "size_t": 365,
  "size_x": 100,
  "size_y": 100,
  "size_z": 60,
  "snr": 2.1162517416146724,
  "spacing_tr": 0.9549999833106995,
  "spacing_x": 2.0,
  "spacing_y": 2.0,
  "spacing_z": 2.0,
  "summary_bg_k": 101.99081518430941,
  "summary_bg_mad": 42.229283897120936,
  "summary_bg_mean": 327.3335266113281,
  "summary_bg_median": 67.04742431640625,
  "summary_bg_n": 368175.0,
  "summary_bg_p05": 31.556603622436523,
  "summary_bg_p95": 1384.5102661132805,
  "summary_bg_stdv": 913.7661743164062,
  "summary_fg_k": 4.397203021414272,
  "summary_fg_mad": 2783.9780336048293,
  "summary_fg_mean": 8181.0732421875,
  "summary_fg_median": 7523.23876953125,
  "summary_fg_n": 142787.0,
  "summary_fg_p05": 3919.2923583984375,
  "summary_fg_p95": 14853.414355468738,
  "summary_fg_stdv": 3554.970458984375,
  "tsnr": 27.24605941772461
}