{
  "aor": 0.001707664835164835,
  "aqi": 0.009410563708791208,
  "bids_meta": {
    "AcquisitionDateTime": "2017-05-30T09:30:31.321000",
    "EchoTime": 0.0352,
    "EffectiveEchoSpacing": 0.000580013,
    "FlipAngle": 56,
    "ImageType": [
      "ORIGINAL",
      "PRIMARY",
      "M",
      "MB",
      "ND",
      "MOSAI"
    ],
    "MagneticFieldStrength": 3,
    "Manufacturer": "Siemens",
    "ManufacturersModelName": "Prisma",
    "PhaseEncodingDirection": "j-",
    "RepetitionTime": 0.955,
    "SliceTiming": [
      0.875,
      0.795,
      0.715,
      0.6375,
      0.5575,
      0.4775,
      0.3975,
      0.3175,
      0.2375,
      0.16,
      0.08,
      0,
      0.875,
      0.795,
      0.715,
      0.6375,
      0.5575,
      0.4775,
      0.3975,
      0.3175,
      0.2375,
      0.16,
      0.08,
      0,
      0.875,
      0.795,
      0.715,
      0.6375,
      0.5575,
      0.4775,
      0.3975,
      0.3175,
      0.2375,
      0.16,
      0.08,
      0,
      0.875,
      0.795,
      0.715,
      0.6375,
      0.5575,
      0.4775,
      0.3975,
      0.3175,
      0.2375,
      0.16,
      0.08,
      0,
      0.875,
      0.795,
      0.715,
      0.6375,
      0.5575,
      0.4775,
      0.3975,
      0.3175,
      0.2375,
      0.16,
      0.08,
      0
    ],
    "TaskName": "identification",
    "TotalReadoutTime": 0.0580013,
    "dataset": "ds001771",
    "modality": "bold",
    "run_id": 3,
    "subject_id": "22",
    "task_id": "identification"
  },
  "dummy_trs": 2,
  "dvars_nstd": 49.89533550972451,
  "dvars_std": 1.042638125206611,
  "dvars_vstd": 1.023146141432507,
  "efc": 0.5074597496875899,
  "fber": 9515.091796875,
  "fd_mean": 0.21821529096015285,
  "fd_num": 204,
  "fd_perc": 56.043956043956044,
  "fwhm_avg": 2.765951666666666,
  "fwhm_x": 2.525575,
  "fwhm_y": 3.01029,
  "fwhm_z": 2.76199,
  "gcor": 0.00410259,
  "gsr_x": -0.01627349480986595,
  "gsr_y": 0.04828159511089325,
  "provenance": {
    "md5sum": "27f83e107d88b5a28de970c0d09a4384",
    "settings": {
      "fd_thres": 0.2,
      "testing": false
    },
    "software": "mriqc",
    "version": "23.0.1",
    "webapi_port": null,
    "webapi_url": "https://mriqc.nimh.nih.gov/api/v1"
  },
  "size_t": 364,
  "size_x": 100,
  "size_y": 100,
  "size_z": 60,
  "snr": 2.533603817653825,
  "spacing_tr": 0.9549999833106995,
  "spacing_x": 2.0,
  "spacing_y": 2.0,
  "spacing_z": 2.0,
  "summary_bg_k": 153.42608813566443,
  "summary_bg_mad": 47.42678751681521,
  "summary_bg_mean": 292.31427001953125,
  "summary_bg_median": 69.51066589355469,
  "summary_bg_n": 367276.0,
  "summary_bg_p05": 28.13913631439209,
  "summary_bg_p95": 1117.6361083984375,
  "summary_bg_stdv": 875.5553588867188,
  "summary_fg_k": 1.8649786357639702,
  "summary_fg_mad": 2395.6325346293406,
  "summary_fg_mean": 7438.0888671875,
  "summary_fg_median": 7028.8828125,
  "summary_fg_n": 144152.0,
  "summary_fg_p05": 3760.0010498046877,
  "summary_fg_p95": 12587.736816406239,
  "summary_fg_stdv": 2774.253173828125,
  "tsnr": 27.361461639404297
}