{
  "aor": 0.00028303079416531606,
  "aqi": 0.008364699400324149,
  "bids_meta": {
    "AcquisitionDateTime": "2017-05-30T11:30:31.324000",
    "EchoTime": 0.0352,
    "EffectiveEchoSpacing": 0.000580013,
    "FlipAngle": 56,
    "ImageType": [
      "ORIGINAL",
      "PRIMARY",
      "M",
      "MB",
      "ND",
      "MOSAI"
    ],
    "MagneticFieldStrength": 3,
    "Manufacturer": "Siemens",
    "ManufacturersModelName": "Prisma",
    "PhaseEncodingDirection": "j-",
    "RepetitionTime": 0.955,
    "SliceTiming": [
      0.875,
      0.7975,
      0.7175,
      0.6375,
      0.5575,
      0.4775,
      0.3975,
      0.32,
      0.24,
      0.16,
      0.08,
      0,
      0.875,
      0.7975,
      0.7175,
      0.6375,
      0.5575,
      0.4775,
      0.3975,
      0.32,
      0.24,
      0.16,
      0.08,
      0,
      0.875,
      0.7975,
      0.7175,
      0.6375,
      0.5575,
      0.4775,
      0.3975,
      0.32,
      0.24,
      0.16,
      0.08,
      0,
      0.875,
      0.7975,
      0.7175,
      0.6375,
      0.5575,
      0.4775,
      0.3975,
      0.32,
      0.24,
      0.16,
      0.08,
      0,
      0.875,
      0.7975,
      0.7175,
      0.6375,
      0.5575,
      0.4775,
      0.3975,
      0.32,
      0.24,
      0.16,
      0.08,
      0
    ],
    "TaskName": "rest",
    "TotalReadoutTime": 0.0580013,
    "dataset": "ds001771",
    "modality": "bold",
    "subject_id": "22",
    "task_id": "rest"
  },
  "dummy_trs": 3,
  "dvars_nstd": 48.38606674016239,
  "dvars_std": 1.0239325540422088,
  "dvars_vstd": 0.9962137195616895,
  "efc": 0.5031282274748241,
  "fber": 10469.1162109375,
  "fd_mean": 0.16279167382262458,
  "fd_num": 222,
  "fd_perc": 35.980551053484604,
  "fwhm_avg": 2.9110483333333335,
  "fwhm_x": 2.67985,
  "fwhm_y": 3.18481,
  "fwhm_z": 2.868485,
  "gcor": 0.003202,
  "gsr_x": -0.011345219798386097,
  "gsr_y": 0.05549309402704239,
  "provenance": {
    "md5sum": "0bae9e376eaaf7adb1f9c86a5acd2b5a",
    "settings": {
      "fd_thres": 0.2,
      "testing": false
    },
    "software": "mriqc",
    "version": "23.0.1",
    "webapi_port": null,
    "webapi_url": "https://mriqc.nimh.nih.gov/api/v1"
  },
  "size_t": 617,
  "size_x": 100,
  "size_y": 100,
  "size_z": 60,
  "snr": 2.423179816547054,
  "spacing_tr": 0.9549999833106995,
  "spacing_x": 2.0,
  "spacing_y": 2.0,
  "spacing_z": 2.0,
  "summary_bg_k": 100.58890602451518,
  "summary_bg_mad": 44.35908238817236,
  "summary_bg_mean": 293.48760986328125,
  "summary_bg_median": 67.0882568359375,
  "summary_bg_n": 367247.0,
  "summary_bg_p05": 28.1968936920166,
  "summary_bg_p95": 1141.604345703126,
  "summary_bg_stdv": 841.7266845703125,
  "summary_fg_k": 2.160985423950499,
  "summary_fg_mad": 2496.6188843740156,
  "summary_fg_mean": 7595.0478515625,
  "summary_fg_median": 7109.435546875,
  "summary_fg_n": 143674.0,
  "summary_fg_p05": 3837.424060058594,
  "summary_fg_p95": 13128.275439453131,
  "summary_fg_stdv": 2933.91796875,
  "tsnr": 27.899898529052734
}