{
  "aor": 0.0006267341772151899,
  "aqi": 0.015682166202531645,
  "bids_meta": {
    "AcquisitionDateTime": "2017-05-30T09:43:51.286000",
    "EchoTime": 0.0352,
    "EffectiveEchoSpacing": 0.000580013,
    "FlipAngle": 56,
    "ImageType": [
      "ORIGINAL",
      "PRIMARY",
      "M",
      "MB",
      "ND",
      "MOSAI"
    ],
    "MagneticFieldStrength": 3,
    "Manufacturer": "Siemens",
    "ManufacturersModelName": "Prisma",
    "PhaseEncodingDirection": "j-",
    "RepetitionTime": 0.955,
    "SliceTiming": [
      0.875,
      0.795,
      0.715,
      0.635,
      0.555,
      0.4775,
      0.3975,
      0.3175,
      0.2375,
      0.1575,
      0.0775,
      0,
      0.875,
      0.795,
      0.715,
      0.635,
      0.555,
      0.4775,
      0.3975,
      0.3175,
      0.2375,
      0.1575,
      0.0775,
      0,
      0.875,
      0.795,
      0.715,
      0.635,
      0.555,
      0.4775,
      0.3975,
      0.3175,
      0.2375,
      0.1575,
      0.0775,
      0,
      0.875,
      0.795,
      0.715,
      0.635,
      0.555,
      0.4775,
      0.3975,
      0.3175,
      0.2375,
      0.1575,
      0.0775,
      0,
      0.875,
      0.795,
      0.715,
      0.635,
      0.555,
      0.4775,
      0.3975,
      0.3175,
      0.2375,
      0.1575,
      0.0775,
      0
    ],
    "TaskName": "localizer",
    "TotalReadoutTime": 0.0580013,
    "dataset": "ds001771",
    "modality": "bold",
    "subject_id": "22",
    "task_id": "localizer"
  },
  "dummy_trs": 2,
  "dvars_nstd": 49.93981823334601,
  "dvars_std": 1.0065245315969584,
  "dvars_vstd": 0.9880237970342205,
  "efc": 0.5064589066167484,
  "fber": 8937.2080078125,
  "fd_mean": 0.20923554566285807,
  "fd_num": 420,
  "fd_perc": 53.164556962025316,
  "fwhm_avg": 2.8021899999999995,
  "fwhm_x": 2.550435,
  "fwhm_y": 3.02776,
  "fwhm_z": 2.828375,
  "gcor": 0.00544529,
  "gsr_x": -0.015000724233686924,
  "gsr_y": 0.04671395942568779,
  "provenance": {
    "md5sum": "99bbb70d0bbd0f7d716ed841f49a48d7",
    "settings": {
      "fd_thres": 0.2,
      "testing": false
    },
    "software": "mriqc",
    "version": "23.0.1",
    "webapi_port": null,
    "webapi_url": "https://mriqc.nimh.nih.gov/api/v1"
  },
  "size_t": 790,
  "size_x": 100,
  "size_y": 100,
  "size_z": 60,
  "snr": 2.55452593254467,
  "spacing_tr": 0.9549999833106995,
  "spacing_x": 2.0,
  "spacing_y": 2.0,
  "spacing_z": 2.0,
  "summary_bg_k": 170.67140130580384,
  "summary_bg_mad": 48.05329248909704,
  "summary_bg_mean": 288.90228271484375,
  "summary_bg_median": 71.33162689208984,
  "summary_bg_n": 368489.0,
  "summary_bg_p05": 31.13681564331055,
  "summary_bg_p95": 1099.4862060546857,
  "summary_bg_stdv": 848.2801513671875,
  "summary_fg_k": 1.8394599514938905,
  "summary_fg_mad": 2373.952010927722,
  "summary_fg_mean": 7393.48291015625,
  "summary_fg_median": 6993.517578125,
  "summary_fg_n": 142796.0,
  "summary_fg_p05": 3762.9835815429688,
  "summary_fg_p95": 12454.224365234375,
  "summary_fg_stdv": 2737.687255859375,
  "tsnr": 23.90433120727539
}