{
  "aor": 0.0006201652892561983,
  "aqi": 0.00801259393939394,
  "bids_meta": {
    "AcquisitionDateTime": "2017-05-30T09:36:51.358000",
    "EchoTime": 0.0352,
    "EffectiveEchoSpacing": 0.000580013,
    "FlipAngle": 56,
    "ImageType": [
      "ORIGINAL",
      "PRIMARY",
      "M",
      "MB",
      "ND",
      "MOSAI"
    ],
    "MagneticFieldStrength": 3,
    "Manufacturer": "Siemens",
    "ManufacturersModelName": "Prisma",
    "PhaseEncodingDirection": "j-",
    "RepetitionTime": 0.955,
    "SliceTiming": [
      0.875,
      0.795,
      0.715,
      0.635,
      0.555,
      0.4775,
      0.3975,
      0.3175,
      0.2375,
      0.1575,
      0.0775,
      0,
      0.875,
      0.795,
      0.715,
      0.635,
      0.555,
      0.4775,
      0.3975,
      0.3175,
      0.2375,
      0.1575,
      0.0775,
      0,
      0.875,
      0.795,
      0.715,
      0.635,
      0.555,
      0.4775,
      0.3975,
      0.3175,
      0.2375,
      0.1575,
      0.0775,
      0,
      0.875,
      0.795,
      0.715,
      0.635,
      0.555,
      0.4775,
      0.3975,
      0.3175,
      0.2375,
      0.1575,
      0.0775,
      0,
      0.875,
      0.795,
      0.715,
      0.635,
      0.555,
      0.4775,
      0.3975,
      0.3175,
      0.2375,
      0.1575,
      0.0775,
      0
    ],
    "TaskName": "identification",
    "TotalReadoutTime": 0.0580013,
    "dataset": "ds001771",
    "modality": "bold",
    "run_id": 4,
    "subject_id": "22",
    "task_id": "identification"
  },
  "dummy_trs": 3,
  "dvars_nstd": 50.060569879005534,
  "dvars_std": 1.035860467348066,
  "dvars_vstd": 1.0076086365193375,
  "efc": 0.5073146264947292,
  "fber": 9219.552734375,
  "fd_mean": 0.19358633995878033,
  "fd_num": 169,
  "fd_perc": 46.5564738292011,
  "fwhm_avg": 2.7445533333333336,
  "fwhm_x": 2.50856,
  "fwhm_y": 2.979765,
  "fwhm_z": 2.745335,
  "gcor": 0.0024739,
  "gsr_x": -0.015323012135922909,
  "gsr_y": 0.04912572354078293,
  "provenance": {
    "md5sum": "f58485efeab376ef805a085bbb5e4efe",
    "settings": {
      "fd_thres": 0.2,
      "testing": false
    },
    "software": "mriqc",
    "version": "23.0.1",
    "webapi_port": null,
    "webapi_url": "https://mriqc.nimh.nih.gov/api/v1"
  },
  "size_t": 363,
  "size_x": 100,
  "size_y": 100,
  "size_z": 60,
  "snr": 2.541895935248822,
  "spacing_tr": 0.9549999833106995,
  "spacing_x": 2.0,
  "spacing_y": 2.0,
  "spacing_z": 2.0,
  "summary_bg_k": 158.0161194108849,
  "summary_bg_mad": 48.86869995542488,
  "summary_bg_mean": 290.4424743652344,
  "summary_bg_median": 70.36251831054688,
  "summary_bg_n": 367082.0,
  "summary_bg_p05": 26.45789461135864,
  "summary_bg_p95": 1104.8861755371095,
  "summary_bg_stdv": 883.873779296875,
  "summary_fg_k": 1.927500056425119,
  "summary_fg_mad": 2388.4935298550276,
  "summary_fg_mean": 7428.81005859375,
  "summary_fg_median": 7020.7880859375,
  "summary_fg_n": 144172.0,
  "summary_fg_p05": 3777.1250732421877,
  "summary_fg_p95": 12544.312988281239,
  "summary_fg_stdv": 2762.0185546875,
  "tsnr": 28.607608795166016
}