{
  "aor": 0.00034504854368932043,
  "aqi": 0.006411087702265372,
  "bids_meta": {
    "AcquisitionDateTime": "2017-04-03T16:54:55.888000",
    "EchoTime": 0.0352,
    "EffectiveEchoSpacing": 0.000580013,
    "FlipAngle": 56,
    "ImageType": [
      "ORIGINAL",
      "PRIMARY",
      "M",
      "MB",
      "ND",
      "MOSAI"
    ],
    "MagneticFieldStrength": 3,
    "Manufacturer": "Siemens",
    "ManufacturersModelName": "Prisma",
    "PhaseEncodingDirection": "j-",
    "RepetitionTime": 0.955,
    "SliceTiming": [
      0.875,
      0.795,
      0.715,
      0.635,
      0.555,
      0.4775,
      0.3975,
      0.3175,
      0.2375,
      0.1575,
      0.0775,
      0,
      0.875,
      0.795,
      0.715,
      0.635,
      0.555,
      0.4775,
      0.3975,
      0.3175,
      0.2375,
      0.1575,
      0.0775,
      0,
      0.875,
      0.795,
      0.715,
      0.635,
      0.555,
      0.4775,
      0.3975,
      0.3175,
      0.2375,
      0.1575,
      0.0775,
      0,
      0.875,
      0.795,
      0.715,
      0.635,
      0.555,
      0.4775,
      0.3975,
      0.3175,
      0.2375,
      0.1575,
      0.0775,
      0,
      0.875,
      0.795,
      0.715,
      0.635,
      0.555,
      0.4775,
      0.3975,
      0.3175,
      0.2375,
      0.1575,
      0.0775,
      0
    ],
    "TaskName": "rest",
    "TotalReadoutTime": 0.0580013,
    "dataset": "ds001771",
    "modality": "bold",
    "subject_id": "04",
    "task_id": "rest"
  },
  "dummy_trs": 2,
  "dvars_nstd": 46.54226499087522,
  "dvars_std": 1.0494103667585093,
  "dvars_vstd": 1.0070177628849273,
  "efc": 0.516424222044228,
  "fber": 11958.4208984375,
  "fd_mean": 0.0733075301574503,
  "fd_num": 0,
  "fd_perc": 0.0,
  "fwhm_avg": 2.7556666666666665,
  "fwhm_x": 2.56499,
  "fwhm_y": 2.908765,
  "fwhm_z": 2.793245,
  "gcor": 0.00547876,
  "gsr_x": -0.007438830099999905,
  "gsr_y": 0.02861248329281807,
  "provenance": {
    "md5sum": "b3d98558bef9c00932141429ada1aaac",
    "settings": {
      "fd_thres": 0.2,
      "testing": false
    },
    "software": "mriqc",
    "version": "23.0.1",
    "webapi_port": null,
    "webapi_url": "https://mriqc.nimh.nih.gov/api/v1"
  },
  "size_t": 618,
  "size_x": 100,
  "size_y": 100,
  "size_z": 60,
  "snr": 2.784428379059295,
  "spacing_tr": 0.9549999833106995,
  "spacing_x": 2.0,
  "spacing_y": 2.0,
  "spacing_z": 2.0,
  "summary_bg_k": 39.594764083255576,
  "summary_bg_mad": 36.11384101323472,
  "summary_bg_mean": 273.79425048828125,
  "summary_bg_median": 63.232200622558594,
  "summary_bg_n": 363542.0,
  "summary_bg_p05": 32.27839756011963,
  "summary_bg_p95": 1253.743225097657,
  "summary_bg_stdv": 614.1749267578125,
  "summary_fg_k": 0.5372698040209616,
  "summary_fg_mad": 2480.2686341757453,
  "summary_fg_mean": 7398.59716796875,
  "summary_fg_median": 7100.421875,
  "summary_fg_n": 147064.0,
  "summary_fg_p05": 3886.933435058594,
  "summary_fg_p95": 11926.524365234378,
  "summary_fg_stdv": 2550.037841796875,
  "tsnr": 31.071328846388496
}