{
  "aor": 0.0004304098360655738,
  "aqi": 0.0063009263934426215,
  "bids_meta": {
    "AcquisitionDateTime": "2017-04-24T09:49:27.976000",
    "EchoTime": 0.0352,
    "EffectiveEchoSpacing": 0.000580013,
    "FlipAngle": 56,
    "ImageType": [
      "ORIGINAL",
      "PRIMARY",
      "M",
      "MB",
      "ND",
      "MOSAI"
    ],
    "MagneticFieldStrength": 3,
    "Manufacturer": "Siemens",
    "ManufacturersModelName": "Prisma",
    "PhaseEncodingDirection": "j-",
    "RepetitionTime": 0.955,
    "SliceTiming": [
      0.875,
      0.795,
      0.715,
      0.635,
      0.555,
      0.4775,
      0.3975,
      0.3175,
      0.2375,
      0.1575,
      0.0775,
      0,
      0.875,
      0.795,
      0.715,
      0.635,
      0.555,
      0.4775,
      0.3975,
      0.3175,
      0.2375,
      0.1575,
      0.0775,
      0,
      0.875,
      0.795,
      0.715,
      0.635,
      0.555,
      0.4775,
      0.3975,
      0.3175,
      0.2375,
      0.1575,
      0.0775,
      0,
      0.875,
      0.795,
      0.715,
      0.635,
      0.555,
      0.4775,
      0.3975,
      0.3175,
      0.2375,
      0.1575,
      0.0775,
      0,
      0.875,
      0.795,
      0.715,
      0.635,
      0.555,
      0.4775,
      0.3975,
      0.3175,
      0.2375,
      0.1575,
      0.0775,
      0
    ],
    "TaskName": "identification",
    "TotalReadoutTime": 0.0580013,
    "dataset": "ds001771",
    "modality": "bold",
    "run_id": 3,
    "subject_id": "13",
    "task_id": "identification"
  },
  "dummy_trs": 0,
  "dvars_nstd": 42.702342014958894,
  "dvars_std": 1.0366079879452057,
  "dvars_vstd": 1.0196136778904117,
  "efc": 0.512508122670183,
  "fber": 12754.1494140625,
  "fd_mean": 0.12074607176460213,
  "fd_num": 14,
  "fd_perc": 3.8251366120218577,
  "fwhm_avg": 3.0263233333333335,
  "fwhm_x": 2.88337,
  "fwhm_y": 3.158035,
  "fwhm_z": 3.037565,
  "gcor": 0.0108685,
  "gsr_x": -0.0033028230536729097,
  "gsr_y": 0.04620717465877533,
  "provenance": {
    "md5sum": "fd2bf700f52e38ca3606cd330aab0576",
    "settings": {
      "fd_thres": 0.2,
      "testing": false
    },
    "software": "mriqc",
    "version": "23.0.1",
    "webapi_port": null,
    "webapi_url": "https://mriqc.nimh.nih.gov/api/v1"
  },
  "size_t": 366,
  "size_x": 100,
  "size_y": 100,
  "size_z": 60,
  "snr": 2.3580365117830895,
  "spacing_tr": 0.9549999833106995,
  "spacing_x": 2.0,
  "spacing_y": 2.0,
  "spacing_z": 2.0,
  "summary_bg_k": 34.62017868130828,
  "summary_bg_mad": 41.88656673924289,
  "summary_bg_mean": 397.32330322265625,
  "summary_bg_median": 68.04315185546875,
  "summary_bg_n": 364881.0,
  "summary_bg_p05": 34.14185333251953,
  "summary_bg_p95": 2000.3818359375,
  "summary_bg_stdv": 963.3805541992188,
  "summary_fg_k": 2.57138061530196,
  "summary_fg_mad": 2922.7743595557195,
  "summary_fg_mean": 8463.48828125,
  "summary_fg_median": 7856.6484375,
  "summary_fg_n": 147914.0,
  "summary_fg_p05": 4363.9236328125,
  "summary_fg_p95": 14807.125048828126,
  "summary_fg_stdv": 3331.84912109375,
  "tsnr": 31.979846954345703
}