{
  "aor": 0.0003518739903069467,
  "aqi": 0.007328128562197092,
  "bids_meta": {
    "AcquisitionDateTime": "2017-04-24T11:00:47.974000",
    "EchoTime": 0.0352,
    "EffectiveEchoSpacing": 0.000580013,
    "FlipAngle": 56,
    "ImageType": [
      "ORIGINAL",
      "PRIMARY",
      "M",
      "MB",
      "ND",
      "MOSAI"
    ],
    "MagneticFieldStrength": 3,
    "Manufacturer": "Siemens",
    "ManufacturersModelName": "Prisma",
    "PhaseEncodingDirection": "j-",
    "RepetitionTime": 0.955,
    "SliceTiming": [
      0.875,
      0.795,
      0.715,
      0.635,
      0.555,
      0.4775,
      0.3975,
      0.3175,
      0.2375,
      0.1575,
      0.0775,
      0,
      0.875,
      0.795,
      0.715,
      0.635,
      0.555,
      0.4775,
      0.3975,
      0.3175,
      0.2375,
      0.1575,
      0.0775,
      0,
      0.875,
      0.795,
      0.715,
      0.635,
      0.555,
      0.4775,
      0.3975,
      0.3175,
      0.2375,
      0.1575,
      0.0775,
      0,
      0.875,
      0.795,
      0.715,
      0.635,
      0.555,
      0.4775,
      0.3975,
      0.3175,
      0.2375,
      0.1575,
      0.0775,
      0,
      0.875,
      0.795,
      0.715,
      0.635,
      0.555,
      0.4775,
      0.3975,
      0.3175,
      0.2375,
      0.1575,
      0.0775,
      0
    ],
    "TaskName": "rest",
    "TotalReadoutTime": 0.0580013,
    "dataset": "ds001771",
    "modality": "bold",
    "subject_id": "13",
    "task_id": "rest"
  },
  "dummy_trs": 1,
  "dvars_nstd": 42.09133271014565,
  "dvars_std": 1.0117259370873788,
  "dvars_vstd": 0.9942807214886729,
  "efc": 0.5140707436377753,
  "fber": 12090.9130859375,
  "fd_mean": 0.13278946251423587,
  "fd_num": 72,
  "fd_perc": 11.631663974151857,
  "fwhm_avg": 3.0495516666666664,
  "fwhm_x": 2.911445,
  "fwhm_y": 3.166765,
  "fwhm_z": 3.070445,
  "gcor": 0.00760003,
  "gsr_x": -0.0006589810363948345,
  "gsr_y": 0.03878539055585861,
  "provenance": {
    "md5sum": "ae6bc218fe2458ab9d36233826c952ff",
    "settings": {
      "fd_thres": 0.2,
      "testing": false
    },
    "software": "mriqc",
    "version": "23.0.1",
    "webapi_port": null,
    "webapi_url": "https://mriqc.nimh.nih.gov/api/v1"
  },
  "size_t": 619,
  "size_x": 100,
  "size_y": 100,
  "size_z": 60,
  "snr": 2.3340457392662586,
  "spacing_tr": 0.9549999833106995,
  "spacing_x": 2.0,
  "spacing_y": 2.0,
  "spacing_z": 2.0,
  "summary_bg_k": 31.827232617020016,
  "summary_bg_mad": 42.962893283438376,
  "summary_bg_mean": 379.5917053222656,
  "summary_bg_median": 69.4093246459961,
  "summary_bg_n": 361926.0,
  "summary_bg_p05": 35.77833080291748,
  "summary_bg_p95": 1881.8826904296875,
  "summary_bg_stdv": 893.9984130859375,
  "summary_fg_k": 2.8374527669884744,
  "summary_fg_mad": 2964.492454939964,
  "summary_fg_mean": 8491.80859375,
  "summary_fg_median": 7897.6787109375,
  "summary_fg_n": 149690.0,
  "summary_fg_p05": 4317.4124755859375,
  "summary_fg_p95": 14868.30776367187,
  "summary_fg_stdv": 3383.675048828125,
  "tsnr": 29.963096618652344
}