{
  "aor": 0.0011604918032786882,
  "aqi": 0.007194706830601094,
  "bids_meta": {
    "AcquisitionDateTime": "2017-04-24T09:36:27.910000",
    "EchoTime": 0.0352,
    "EffectiveEchoSpacing": 0.000580013,
    "FlipAngle": 56,
    "ImageType": [
      "ORIGINAL",
      "PRIMARY",
      "M",
      "MB",
      "ND",
      "MOSAI"
    ],
    "MagneticFieldStrength": 3,
    "Manufacturer": "Siemens",
    "ManufacturersModelName": "Prisma",
    "PhaseEncodingDirection": "j-",
    "RepetitionTime": 0.955,
    "SliceTiming": [
      0.875,
      0.795,
      0.715,
      0.635,
      0.5575,
      0.4775,
      0.3975,
      0.3175,
      0.2375,
      0.1575,
      0.08,
      0,
      0.875,
      0.795,
      0.715,
      0.635,
      0.5575,
      0.4775,
      0.3975,
      0.3175,
      0.2375,
      0.1575,
      0.08,
      0,
      0.875,
      0.795,
      0.715,
      0.635,
      0.5575,
      0.4775,
      0.3975,
      0.3175,
      0.2375,
      0.1575,
      0.08,
      0,
      0.875,
      0.795,
      0.715,
      0.635,
      0.5575,
      0.4775,
      0.3975,
      0.3175,
      0.2375,
      0.1575,
      0.08,
      0,
      0.875,
      0.795,
      0.715,
      0.635,
      0.5575,
      0.4775,
      0.3975,
      0.3175,
      0.2375,
      0.1575,
      0.08,
      0
    ],
    "TaskName": "identification",
    "TotalReadoutTime": 0.0580013,
    "dataset": "ds001771",
    "modality": "bold",
    "run_id": 1,
    "subject_id": "13",
    "task_id": "identification"
  },
  "dummy_trs": 0,
  "dvars_nstd": 42.618181317698614,
  "dvars_std": 1.0355046929863019,
  "dvars_vstd": 1.0130456069315068,
  "efc": 0.5123696799768958,
  "fber": 12954.8466796875,
  "fd_mean": 0.13748237280198966,
  "fd_num": 35,
  "fd_perc": 9.562841530054644,
  "fwhm_avg": 3.0282850000000003,
  "fwhm_x": 2.893245,
  "fwhm_y": 3.147615,
  "fwhm_z": 3.043995,
  "gcor": 0.00747696,
  "gsr_x": -0.003365044482052326,
  "gsr_y": 0.04666707292199135,
  "provenance": {
    "md5sum": "0fccb73086dafe6d3e3f7ab1ab725214",
    "settings": {
      "fd_thres": 0.2,
      "testing": false
    },
    "software": "mriqc",
    "version": "23.0.1",
    "webapi_port": null,
    "webapi_url": "https://mriqc.nimh.nih.gov/api/v1"
  },
  "size_t": 366,
  "size_x": 100,
  "size_y": 100,
  "size_z": 60,
  "snr": 2.354151163253385,
  "spacing_tr": 0.9549999833106995,
  "spacing_x": 2.0,
  "spacing_y": 2.0,
  "spacing_z": 2.0,
  "summary_bg_k": 40.16791860100757,
  "summary_bg_mad": 43.21530622064809,
  "summary_bg_mean": 383.57275390625,
  "summary_bg_median": 67.48933410644531,
  "summary_bg_n": 363508.0,
  "summary_bg_p05": 31.357461547851564,
  "summary_bg_p95": 1883.4349975585922,
  "summary_bg_stdv": 936.385498046875,
  "summary_fg_k": 2.498641548132891,
  "summary_fg_mad": 2927.4646817108455,
  "summary_fg_mean": 8455.0224609375,
  "summary_fg_median": 7856.5185546875,
  "summary_fg_n": 148628.0,
  "summary_fg_p05": 4338.8909912109375,
  "summary_fg_p95": 14788.441357421874,
  "summary_fg_stdv": 3337.29296875,
  "tsnr": 30.4254207611084
}