{
  "aor": 0.0005303825136612023,
  "aqi": 0.007042104699453553,
  "bids_meta": {
    "AcquisitionDateTime": "2017-04-24T09:55:47.905000",
    "EchoTime": 0.0352,
    "EffectiveEchoSpacing": 0.000580013,
    "FlipAngle": 56,
    "ImageType": [
      "ORIGINAL",
      "PRIMARY",
      "M",
      "MB",
      "ND",
      "MOSAI"
    ],
    "MagneticFieldStrength": 3,
    "Manufacturer": "Siemens",
    "ManufacturersModelName": "Prisma",
    "PhaseEncodingDirection": "j-",
    "RepetitionTime": 0.955,
    "SliceTiming": [
      0.875,
      0.795,
      0.715,
      0.6375,
      0.5575,
      0.4775,
      0.3975,
      0.3175,
      0.2375,
      0.16,
      0.08,
      0,
      0.875,
      0.795,
      0.715,
      0.6375,
      0.5575,
      0.4775,
      0.3975,
      0.3175,
      0.2375,
      0.16,
      0.08,
      0,
      0.875,
      0.795,
      0.715,
      0.6375,
      0.5575,
      0.4775,
      0.3975,
      0.3175,
      0.2375,
      0.16,
      0.08,
      0,
      0.875,
      0.795,
      0.715,
      0.6375,
      0.5575,
      0.4775,
      0.3975,
      0.3175,
      0.2375,
      0.16,
      0.08,
      0,
      0.875,
      0.795,
      0.715,
      0.6375,
      0.5575,
      0.4775,
      0.3975,
      0.3175,
      0.2375,
      0.16,
      0.08,
      0
    ],
    "TaskName": "identification",
    "TotalReadoutTime": 0.0580013,
    "dataset": "ds001771",
    "modality": "bold",
    "run_id": 4,
    "subject_id": "13",
    "task_id": "identification"
  },
  "dummy_trs": 0,
  "dvars_nstd": 43.229325271150714,
  "dvars_std": 1.0361011087397258,
  "dvars_vstd": 1.00902787019178,
  "efc": 0.51331234110819,
  "fber": 12094.3203125,
  "fd_mean": 0.1269500444150148,
  "fd_num": 26,
  "fd_perc": 7.103825136612022,
  "fwhm_avg": 3.0463849999999995,
  "fwhm_x": 2.90661,
  "fwhm_y": 3.172175,
  "fwhm_z": 3.06037,
  "gcor": 0.0160057,
  "gsr_x": -0.002090141410008073,
  "gsr_y": 0.04469329118728638,
  "provenance": {
    "md5sum": "ba7821e0e14db0103ef755986812d117",
    "settings": {
      "fd_thres": 0.2,
      "testing": false
    },
    "software": "mriqc",
    "version": "23.0.1",
    "webapi_port": null,
    "webapi_url": "https://mriqc.nimh.nih.gov/api/v1"
  },
  "size_t": 366,
  "size_x": 100,
  "size_y": 100,
  "size_z": 60,
  "snr": 2.353142083023824,
  "spacing_tr": 0.9549999833106995,
  "spacing_x": 2.0,
  "spacing_y": 2.0,
  "spacing_z": 2.0,
  "summary_bg_k": 33.70335821826505,
  "summary_bg_mad": 41.54779724504783,
  "summary_bg_mean": 393.7417297363281,
  "summary_bg_median": 69.31615447998047,
  "summary_bg_n": 363773.0,
  "summary_bg_p05": 36.88187026977539,
  "summary_bg_p95": 1979.3801025390565,
  "summary_bg_stdv": 952.2609252929688,
  "summary_fg_k": 2.6154353850450898,
  "summary_fg_mad": 2920.816861314099,
  "summary_fg_mean": 8451.140625,
  "summary_fg_median": 7843.1357421875,
  "summary_fg_n": 148374.0,
  "summary_fg_p05": 4355.70126953125,
  "summary_fg_p95": 14791.27094726563,
  "summary_fg_stdv": 3333.036865234375,
  "tsnr": 30.83695411682129
}