{
  "aor": 0.0007080555555555555,
  "aqi": 0.007943295568181819,
  "bids_meta": {
    "AcquisitionDateTime": "2017-04-24T10:02:27.941000",
    "EchoTime": 0.0352,
    "EffectiveEchoSpacing": 0.000580013,
    "FlipAngle": 56,
    "ImageType": [
      "ORIGINAL",
      "PRIMARY",
      "M",
      "MB",
      "ND",
      "MOSAI"
    ],
    "MagneticFieldStrength": 3,
    "Manufacturer": "Siemens",
    "ManufacturersModelName": "Prisma",
    "PhaseEncodingDirection": "j-",
    "RepetitionTime": 0.955,
    "SliceTiming": [
      0.875,
      0.795,
      0.715,
      0.6375,
      0.5575,
      0.4775,
      0.3975,
      0.3175,
      0.2375,
      0.16,
      0.08,
      0,
      0.875,
      0.795,
      0.715,
      0.6375,
      0.5575,
      0.4775,
      0.3975,
      0.3175,
      0.2375,
      0.16,
      0.08,
      0,
      0.875,
      0.795,
      0.715,
      0.6375,
      0.5575,
      0.4775,
      0.3975,
      0.3175,
      0.2375,
      0.16,
      0.08,
      0,
      0.875,
      0.795,
      0.715,
      0.6375,
      0.5575,
      0.4775,
      0.3975,
      0.3175,
      0.2375,
      0.16,
      0.08,
      0,
      0.875,
      0.795,
      0.715,
      0.6375,
      0.5575,
      0.4775,
      0.3975,
      0.3175,
      0.2375,
      0.16,
      0.08,
      0
    ],
    "TaskName": "localizer",
    "TotalReadoutTime": 0.0580013,
    "dataset": "ds001771",
    "modality": "bold",
    "subject_id": "13",
    "task_id": "localizer"
  },
  "dummy_trs": 0,
  "dvars_nstd": 43.0484568598104,
  "dvars_std": 1.0382648738305962,
  "dvars_vstd": 1.0082925961567635,
  "efc": 0.5129984997665288,
  "fber": 11789.6435546875,
  "fd_mean": 0.1407740163931259,
  "fd_num": 166,
  "fd_perc": 20.95959595959596,
  "fwhm_avg": 3.0671366666666664,
  "fwhm_x": 2.92902,
  "fwhm_y": 3.179065,
  "fwhm_z": 3.093325,
  "gcor": 0.0123313,
  "gsr_x": -0.002859750296920538,
  "gsr_y": 0.04353908449411392,
  "provenance": {
    "md5sum": "a2cb5f151d93125ed862dc6412ec5ac9",
    "settings": {
      "fd_thres": 0.2,
      "testing": false
    },
    "software": "mriqc",
    "version": "23.0.1",
    "webapi_port": null,
    "webapi_url": "https://mriqc.nimh.nih.gov/api/v1"
  },
  "size_t": 792,
  "size_x": 100,
  "size_y": 100,
  "size_z": 60,
  "snr": 2.341320695907595,
  "spacing_tr": 0.9549999833106995,
  "spacing_x": 2.0,
  "spacing_y": 2.0,
  "spacing_z": 2.0,
  "summary_bg_k": 34.15494512070971,
  "summary_bg_mad": 51.31279016356529,
  "summary_bg_mean": 388.4544372558594,
  "summary_bg_median": 70.93174743652344,
  "summary_bg_n": 363360.0,
  "summary_bg_p05": 26.44237937927246,
  "summary_bg_p95": 1934.6482971191406,
  "summary_bg_stdv": 926.5769653320312,
  "summary_fg_k": 2.5041151933750054,
  "summary_fg_mad": 2940.3042485797005,
  "summary_fg_mean": 8470.3662109375,
  "summary_fg_median": 7857.953125,
  "summary_fg_n": 148609.0,
  "summary_fg_p05": 4344.4236328125,
  "summary_fg_p95": 14884.7951171875,
  "summary_fg_stdv": 3356.194091796875,
  "tsnr": 29.648822784423828
}