{
  "aor": 0.0002558481012658228,
  "aqi": 0.015479356835443039,
  "bids_meta": {
    "AcquisitionDateTime": "2017-07-17T14:15:20.135000",
    "EchoTime": 0.0352,
    "EffectiveEchoSpacing": 0.000580013,
    "FlipAngle": 56,
    "ImageType": [
      "ORIGINAL",
      "PRIMARY",
      "M",
      "MB",
      "ND",
      "MOSAI"
    ],
    "MagneticFieldStrength": 3,
    "Manufacturer": "Siemens",
    "ManufacturersModelName": "Prisma",
    "PhaseEncodingDirection": "j-",
    "RepetitionTime": 0.955,
    "SliceTiming": [
      0.8775,
      0.7975,
      0.7175,
      0.6375,
      0.5575,
      0.4775,
      0.4,
      0.32,
      0.24,
      0.16,
      0.08,
      0,
      0.8775,
      0.7975,
      0.7175,
      0.6375,
      0.5575,
      0.4775,
      0.4,
      0.32,
      0.24,
      0.16,
      0.08,
      0,
      0.8775,
      0.7975,
      0.7175,
      0.6375,
      0.5575,
      0.4775,
      0.4,
      0.32,
      0.24,
      0.16,
      0.08,
      0,
      0.8775,
      0.7975,
      0.7175,
      0.6375,
      0.5575,
      0.4775,
      0.4,
      0.32,
      0.24,
      0.16,
      0.08,
      0,
      0.8775,
      0.7975,
      0.7175,
      0.6375,
      0.5575,
      0.4775,
      0.4,
      0.32,
      0.24,
      0.16,
      0.08,
      0
    ],
    "TaskName": "localizer",
    "TotalReadoutTime": 0.0580013,
    "dataset": "ds001771",
    "modality": "bold",
    "subject_id": "35",
    "task_id": "localizer"
  },
  "dummy_trs": 2,
  "dvars_nstd": 58.79585608415717,
  "dvars_std": 0.9955173511660319,
  "dvars_vstd": 0.9757218508238269,
  "efc": 0.5042318365284649,
  "fber": 8282.640625,
  "fd_mean": 0.3620239903317488,
  "fd_num": 617,
  "fd_perc": 78.10126582278481,
  "fwhm_avg": 3.0019666666666667,
  "fwhm_x": 2.83518,
  "fwhm_y": 3.076945,
  "fwhm_z": 3.093775,
  "gcor": 0.00452013,
  "gsr_x": -0.013753477483987808,
  "gsr_y": 0.05768907815217972,
  "provenance": {
    "md5sum": "ea956d31ff7a2381e9fd71005b2fcadc",
    "settings": {
      "fd_thres": 0.2,
      "testing": false
    },
    "software": "mriqc",
    "version": "23.0.1",
    "webapi_port": null,
    "webapi_url": "https://mriqc.nimh.nih.gov/api/v1"
  },
  "size_t": 790,
  "size_x": 100,
  "size_y": 100,
  "size_z": 60,
  "snr": 2.596125246704187,
  "spacing_tr": 0.9549999833106995,
  "spacing_x": 2.0,
  "spacing_y": 2.0,
  "spacing_z": 2.0,
  "summary_bg_k": 68.2379189945645,
  "summary_bg_mad": 55.349853158655115,
  "summary_bg_mean": 370.25347900390625,
  "summary_bg_median": 77.65569305419922,
  "summary_bg_n": 379057.0,
  "summary_bg_p05": 31.115190505981445,
  "summary_bg_p95": 1653.4750000000001,
  "summary_bg_stdv": 929.4691772460938,
  "summary_fg_k": 1.0760218749723345,
  "summary_fg_mad": 2521.352569626683,
  "summary_fg_mean": 7686.09716796875,
  "summary_fg_median": 7170.037109375,
  "summary_fg_n": 134850.0,
  "summary_fg_p05": 4218.567846679687,
  "summary_fg_p95": 13077.667236328123,
  "summary_fg_stdv": 2761.812255859375,
  "tsnr": 22.253938348498195
}