{
  "aor": 0.0005088493150684931,
  "aqi": 0.00983432293150685,
  "bids_meta": {
    "AcquisitionDateTime": "2017-07-17T14:08:40.204000",
    "EchoTime": 0.0352,
    "EffectiveEchoSpacing": 0.000580013,
    "FlipAngle": 56,
    "ImageType": [
      "ORIGINAL",
      "PRIMARY",
      "M",
      "MB",
      "ND",
      "MOSAI"
    ],
    "MagneticFieldStrength": 3,
    "Manufacturer": "Siemens",
    "ManufacturersModelName": "Prisma",
    "PhaseEncodingDirection": "j-",
    "RepetitionTime": 0.955,
    "SliceTiming": [
      0.8775,
      0.7975,
      0.7175,
      0.6375,
      0.5575,
      0.4775,
      0.4,
      0.32,
      0.24,
      0.16,
      0.08,
      0,
      0.8775,
      0.7975,
      0.7175,
      0.6375,
      0.5575,
      0.4775,
      0.4,
      0.32,
      0.24,
      0.16,
      0.08,
      0,
      0.8775,
      0.7975,
      0.7175,
      0.6375,
      0.5575,
      0.4775,
      0.4,
      0.32,
      0.24,
      0.16,
      0.08,
      0,
      0.8775,
      0.7975,
      0.7175,
      0.6375,
      0.5575,
      0.4775,
      0.4,
      0.32,
      0.24,
      0.16,
      0.08,
      0,
      0.8775,
      0.7975,
      0.7175,
      0.6375,
      0.5575,
      0.4775,
      0.4,
      0.32,
      0.24,
      0.16,
      0.08,
      0
    ],
    "TaskName": "identification",
    "TotalReadoutTime": 0.0580013,
    "dataset": "ds001771",
    "modality": "bold",
    "run_id": 4,
    "subject_id": "35",
    "task_id": "identification"
  },
  "dummy_trs": 1,
  "dvars_nstd": 55.83679265236266,
  "dvars_std": 1.0383024761263733,
  "dvars_vstd": 1.0019293523626371,
  "efc": 0.5035120482340025,
  "fber": 9492.9169921875,
  "fd_mean": 0.30975110905326386,
  "fd_num": 303,
  "fd_perc": 83.01369863013699,
  "fwhm_avg": 2.9300333333333337,
  "fwhm_x": 2.76881,
  "fwhm_y": 3.02196,
  "fwhm_z": 2.99933,
  "gcor": 0.00530731,
  "gsr_x": -0.014457512646913528,
  "gsr_y": 0.06106427684426308,
  "provenance": {
    "md5sum": "bda22e791488c0c6b02a38731ffea764",
    "settings": {
      "fd_thres": 0.2,
      "testing": false
    },
    "software": "mriqc",
    "version": "23.0.1",
    "webapi_port": null,
    "webapi_url": "https://mriqc.nimh.nih.gov/api/v1"
  },
  "size_t": 365,
  "size_x": 100,
  "size_y": 100,
  "size_z": 60,
  "snr": 2.6034665368880066,
  "spacing_tr": 0.9549999833106995,
  "spacing_x": 2.0,
  "spacing_y": 2.0,
  "spacing_z": 2.0,
  "summary_bg_k": 77.53390211838453,
  "summary_bg_mad": 48.499372829597654,
  "summary_bg_mean": 368.5421447753906,
  "summary_bg_median": 72.2109603881836,
  "summary_bg_n": 378467.0,
  "summary_bg_p05": 31.435617446899414,
  "summary_bg_p95": 1673.089587402344,
  "summary_bg_stdv": 971.5325317382812,
  "summary_fg_k": 1.0691109279939495,
  "summary_fg_mad": 2526.443947264744,
  "summary_fg_mean": 7680.63818359375,
  "summary_fg_median": 7171.958984375,
  "summary_fg_n": 135371.0,
  "summary_fg_p05": 4243.708251953125,
  "summary_fg_p95": 13051.8701171875,
  "summary_fg_stdv": 2754.7626953125,
  "tsnr": 25.817043333663605
}