{
  "aor": 0.0005082465753424658,
  "aqi": 0.0101127818630137,
  "bids_meta": {
    "AcquisitionDateTime": "2017-07-17T14:02:20.161000",
    "EchoTime": 0.0352,
    "EffectiveEchoSpacing": 0.000580013,
    "FlipAngle": 56,
    "ImageType": [
      "ORIGINAL",
      "PRIMARY",
      "M",
      "MB",
      "ND",
      "MOSAI"
    ],
    "MagneticFieldStrength": 3,
    "Manufacturer": "Siemens",
    "ManufacturersModelName": "Prisma",
    "PhaseEncodingDirection": "j-",
    "RepetitionTime": 0.955,
    "SliceTiming": [
      0.8775,
      0.7975,
      0.7175,
      0.6375,
      0.5575,
      0.4775,
      0.4,
      0.32,
      0.24,
      0.16,
      0.08,
      0,
      0.8775,
      0.7975,
      0.7175,
      0.6375,
      0.5575,
      0.4775,
      0.4,
      0.32,
      0.24,
      0.16,
      0.08,
      0,
      0.8775,
      0.7975,
      0.7175,
      0.6375,
      0.5575,
      0.4775,
      0.4,
      0.32,
      0.24,
      0.16,
      0.08,
      0,
      0.8775,
      0.7975,
      0.7175,
      0.6375,
      0.5575,
      0.4775,
      0.4,
      0.32,
      0.24,
      0.16,
      0.08,
      0,
      0.8775,
      0.7975,
      0.7175,
      0.6375,
      0.5575,
      0.4775,
      0.4,
      0.32,
      0.24,
      0.16,
      0.08,
      0
    ],
    "TaskName": "identification",
    "TotalReadoutTime": 0.0580013,
    "dataset": "ds001771",
    "modality": "bold",
    "run_id": 3,
    "subject_id": "35",
    "task_id": "identification"
  },
  "dummy_trs": 1,
  "dvars_nstd": 53.70544115005491,
  "dvars_std": 1.0239206043956033,
  "dvars_vstd": 1.0004178932967038,
  "efc": 0.503510579471685,
  "fber": 10026.02734375,
  "fd_mean": 0.29188062586197316,
  "fd_num": 289,
  "fd_perc": 79.17808219178082,
  "fwhm_avg": 2.9019049999999997,
  "fwhm_x": 2.75456,
  "fwhm_y": 3.00813,
  "fwhm_z": 2.943025,
  "gcor": 0.00423439,
  "gsr_x": -0.014926431700587273,
  "gsr_y": 0.06031590327620506,
  "provenance": {
    "md5sum": "85a5647cf80e105104047378195e031b",
    "settings": {
      "fd_thres": 0.2,
      "testing": false
    },
    "software": "mriqc",
    "version": "23.0.1",
    "webapi_port": null,
    "webapi_url": "https://mriqc.nimh.nih.gov/api/v1"
  },
  "size_t": 365,
  "size_x": 100,
  "size_y": 100,
  "size_z": 60,
  "snr": 2.6016652337528727,
  "spacing_tr": 0.9549999833106995,
  "spacing_x": 2.0,
  "spacing_y": 2.0,
  "spacing_z": 2.0,
  "summary_bg_k": 77.61769471510905,
  "summary_bg_mad": 47.11019676636356,
  "summary_bg_mean": 371.6213073730469,
  "summary_bg_median": 70.66849517822266,
  "summary_bg_n": 378939.0,
  "summary_bg_p05": 31.57232933044434,
  "summary_bg_p95": 1677.2068725585927,
  "summary_bg_stdv": 964.6123046875,
  "summary_fg_k": 1.0403629229219131,
  "summary_fg_mad": 2529.6523911282293,
  "summary_fg_mean": 7694.2958984375,
  "summary_fg_median": 7181.38232421875,
  "summary_fg_n": 134922.0,
  "summary_fg_p05": 4230.411083984375,
  "summary_fg_p95": 13071.433984374999,
  "summary_fg_stdv": 2760.2919921875,
  "tsnr": 25.575204323627986
}