{
  "aor": 0.00023345205479452052,
  "aqi": 0.008688750904109588,
  "bids_meta": {
    "AcquisitionDateTime": "2017-07-17T13:49:20.193000",
    "EchoTime": 0.0352,
    "EffectiveEchoSpacing": 0.000580013,
    "FlipAngle": 56,
    "ImageType": [
      "ORIGINAL",
      "PRIMARY",
      "M",
      "MB",
      "ND",
      "MOSAI"
    ],
    "MagneticFieldStrength": 3,
    "Manufacturer": "Siemens",
    "ManufacturersModelName": "Prisma",
    "PhaseEncodingDirection": "j-",
    "RepetitionTime": 0.955,
    "SliceTiming": [
      0.875,
      0.795,
      0.715,
      0.635,
      0.555,
      0.4775,
      0.3975,
      0.3175,
      0.2375,
      0.1575,
      0.0775,
      0,
      0.875,
      0.795,
      0.715,
      0.635,
      0.555,
      0.4775,
      0.3975,
      0.3175,
      0.2375,
      0.1575,
      0.0775,
      0,
      0.875,
      0.795,
      0.715,
      0.635,
      0.555,
      0.4775,
      0.3975,
      0.3175,
      0.2375,
      0.1575,
      0.0775,
      0,
      0.875,
      0.795,
      0.715,
      0.635,
      0.555,
      0.4775,
      0.3975,
      0.3175,
      0.2375,
      0.1575,
      0.0775,
      0,
      0.875,
      0.795,
      0.715,
      0.635,
      0.555,
      0.4775,
      0.3975,
      0.3175,
      0.2375,
      0.1575,
      0.0775,
      0
    ],
    "TaskName": "identification",
    "TotalReadoutTime": 0.0580013,
    "dataset": "ds001771",
    "modality": "bold",
    "run_id": 1,
    "subject_id": "35",
    "task_id": "identification"
  },
  "dummy_trs": 1,
  "dvars_nstd": 52.98426463590663,
  "dvars_std": 1.0217818731593409,
  "dvars_vstd": 0.9955904768406592,
  "efc": 0.5034295606470713,
  "fber": 11007.6650390625,
  "fd_mean": 0.28545736614230116,
  "fd_num": 271,
  "fd_perc": 74.24657534246575,
  "fwhm_avg": 2.905975,
  "fwhm_x": 2.761175,
  "fwhm_y": 3.01665,
  "fwhm_z": 2.9401,
  "gcor": 0.0033653,
  "gsr_x": -0.0156738068908453,
  "gsr_y": 0.06327450275421143,
  "provenance": {
    "md5sum": "dbd3b951b439301851594f0d02185fc8",
    "settings": {
      "fd_thres": 0.2,
      "testing": false
    },
    "software": "mriqc",
    "version": "23.0.1",
    "webapi_port": null,
    "webapi_url": "https://mriqc.nimh.nih.gov/api/v1"
  },
  "size_t": 365,
  "size_x": 100,
  "size_y": 100,
  "size_z": 60,
  "snr": 2.602288374025942,
  "spacing_tr": 0.9549999833106995,
  "spacing_x": 2.0,
  "spacing_y": 2.0,
  "spacing_z": 2.0,
  "summary_bg_k": 90.02590286370234,
  "summary_bg_mad": 40.44457229329309,
  "summary_bg_mean": 367.570068359375,
  "summary_bg_median": 67.17534637451172,
  "summary_bg_n": 377842.0,
  "summary_bg_p05": 33.863014221191406,
  "summary_bg_p95": 1643.0213989257845,
  "summary_bg_stdv": 989.8045043945312,
  "summary_fg_k": 0.9486640385554783,
  "summary_fg_mad": 2549.5176682171023,
  "summary_fg_mean": 7694.25341796875,
  "summary_fg_median": 7187.33984375,
  "summary_fg_n": 135762.0,
  "summary_fg_p05": 4215.1590576171875,
  "summary_fg_p95": 13045.809326171875,
  "summary_fg_stdv": 2761.92041015625,
  "tsnr": 26.993580404436216
}