{
  "aor": 0.00015021601016518426,
  "aqi": 0.009705114841168996,
  "bids_meta": {
    "AcquisitionDateTime": "2017-05-15T15:13:31.685000",
    "EchoTime": 0.0352,
    "EffectiveEchoSpacing": 0.000580013,
    "FlipAngle": 56,
    "ImageType": [
      "ORIGINAL",
      "PRIMARY",
      "M",
      "MB",
      "ND",
      "MOSAI"
    ],
    "MagneticFieldStrength": 3,
    "Manufacturer": "Siemens",
    "ManufacturersModelName": "Prisma",
    "PhaseEncodingDirection": "j-",
    "RepetitionTime": 0.955,
    "SliceTiming": [
      0.875,
      0.795,
      0.7175,
      0.6375,
      0.5575,
      0.4775,
      0.3975,
      0.3175,
      0.24,
      0.16,
      0.08,
      0,
      0.875,
      0.795,
      0.7175,
      0.6375,
      0.5575,
      0.4775,
      0.3975,
      0.3175,
      0.24,
      0.16,
      0.08,
      0,
      0.875,
      0.795,
      0.7175,
      0.6375,
      0.5575,
      0.4775,
      0.3975,
      0.3175,
      0.24,
      0.16,
      0.08,
      0,
      0.875,
      0.795,
      0.7175,
      0.6375,
      0.5575,
      0.4775,
      0.3975,
      0.3175,
      0.24,
      0.16,
      0.08,
      0,
      0.875,
      0.795,
      0.7175,
      0.6375,
      0.5575,
      0.4775,
      0.3975,
      0.3175,
      0.24,
      0.16,
      0.08,
      0
    ],
    "TaskName": "localizer",
    "TotalReadoutTime": 0.0580013,
    "dataset": "ds001771",
    "modality": "bold",
    "subject_id": "18",
    "task_id": "localizer"
  },
  "dummy_trs": 5,
  "dvars_nstd": 41.248575593944025,
  "dvars_std": 0.9803308204707373,
  "dvars_vstd": 0.9790175043765906,
  "efc": 0.4926845219466872,
  "fber": 13475.0673828125,
  "fd_mean": 0.09110003291299945,
  "fd_num": 2,
  "fd_perc": 0.25412960609911056,
  "fwhm_avg": 2.88678,
  "fwhm_x": 2.69021,
  "fwhm_y": 3.055195,
  "fwhm_z": 2.914935,
  "gcor": 0.0034706,
  "gsr_x": -0.012777785770595074,
  "gsr_y": 0.04297285154461861,
  "provenance": {
    "md5sum": "3dd6c34e919d6a63d3252dad0831347c",
    "settings": {
      "fd_thres": 0.2,
      "testing": false
    },
    "software": "mriqc",
    "version": "23.0.1",
    "webapi_port": null,
    "webapi_url": "https://mriqc.nimh.nih.gov/api/v1"
  },
  "size_t": 787,
  "size_x": 100,
  "size_y": 100,
  "size_z": 60,
  "snr": 2.798627587945319,
  "spacing_tr": 0.9549999833106995,
  "spacing_x": 2.0,
  "spacing_y": 2.0,
  "spacing_z": 2.0,
  "summary_bg_k": 49.918061768192274,
  "summary_bg_mad": 37.4418311172216,
  "summary_bg_mean": 305.6977844238281,
  "summary_bg_median": 61.0991096496582,
  "summary_bg_n": 383712.0,
  "summary_bg_p05": 26.520392036437986,
  "summary_bg_p95": 1415.1929870605477,
  "summary_bg_stdv": 819.1047973632812,
  "summary_fg_k": 1.2070903412911624,
  "summary_fg_mad": 2367.7617123093423,
  "summary_fg_mean": 7584.150390625,
  "summary_fg_median": 7183.8603515625,
  "summary_fg_n": 131782.0,
  "summary_fg_p05": 4238.524829101562,
  "summary_fg_p95": 12326.097949218749,
  "summary_fg_stdv": 2566.912841796875,
  "tsnr": 28.375018525868654
}