{
  "aor": 0.005640245901639344,
  "aqi": 0.02102483057377049,
  "bids_meta": {
    "AcquisitionDateTime": "2017-07-17T15:18:40.203000",
    "EchoTime": 0.0352,
    "EffectiveEchoSpacing": 0.000580013,
    "FlipAngle": 56,
    "ImageType": [
      "ORIGINAL",
      "PRIMARY",
      "M",
      "MB",
      "ND",
      "MOSAI"
    ],
    "MagneticFieldStrength": 3,
    "Manufacturer": "Siemens",
    "ManufacturersModelName": "Prisma",
    "PhaseEncodingDirection": "j-",
    "RepetitionTime": 0.955,
    "SliceTiming": [
      0.875,
      0.795,
      0.715,
      0.635,
      0.555,
      0.4775,
      0.3975,
      0.3175,
      0.2375,
      0.1575,
      0.0775,
      0,
      0.875,
      0.795,
      0.715,
      0.635,
      0.555,
      0.4775,
      0.3975,
      0.3175,
      0.2375,
      0.1575,
      0.0775,
      0,
      0.875,
      0.795,
      0.715,
      0.635,
      0.555,
      0.4775,
      0.3975,
      0.3175,
      0.2375,
      0.1575,
      0.0775,
      0,
      0.875,
      0.795,
      0.715,
      0.635,
      0.555,
      0.4775,
      0.3975,
      0.3175,
      0.2375,
      0.1575,
      0.0775,
      0,
      0.875,
      0.795,
      0.715,
      0.635,
      0.555,
      0.4775,
      0.3975,
      0.3175,
      0.2375,
      0.1575,
      0.0775,
      0
    ],
    "TaskName": "identification",
    "TotalReadoutTime": 0.0580013,
    "dataset": "ds001771",
    "modality": "bold",
    "run_id": 4,
    "subject_id": "36",
    "task_id": "identification"
  },
  "dummy_trs": 0,
  "dvars_nstd": 81.29222906438353,
  "dvars_std": 1.1650049259726034,
  "dvars_vstd": 1.0287106883287669,
  "efc": 0.5032100517497409,
  "fber": 7674.2744140625,
  "fd_mean": 1.0523525293227955,
  "fd_num": 334,
  "fd_perc": 91.2568306010929,
  "fwhm_avg": 3.225561666666666,
  "fwhm_x": 3.006285,
  "fwhm_y": 3.45146,
  "fwhm_z": 3.21894,
  "gcor": 0.00515267,
  "gsr_x": -0.004480516538023949,
  "gsr_y": 0.04965290054678917,
  "provenance": {
    "md5sum": "9f62e102b005d98da822da7e593036bb",
    "settings": {
      "fd_thres": 0.2,
      "testing": false
    },
    "software": "mriqc",
    "version": "23.0.1",
    "webapi_port": null,
    "webapi_url": "https://mriqc.nimh.nih.gov/api/v1"
  },
  "size_t": 366,
  "size_x": 100,
  "size_y": 100,
  "size_z": 60,
  "snr": 2.6325791317556164,
  "spacing_tr": 0.9549999833106995,
  "spacing_x": 2.0,
  "spacing_y": 2.0,
  "spacing_z": 2.0,
  "summary_bg_k": 52.10939644878112,
  "summary_bg_mad": 72.09156398106737,
  "summary_bg_mean": 418.19610595703125,
  "summary_bg_median": 90.0122299194336,
  "summary_bg_n": 381536.0,
  "summary_bg_p05": 30.84777307510376,
  "summary_bg_p95": 1952.2013549804688,
  "summary_bg_stdv": 1010.471435546875,
  "summary_fg_k": 1.2159255258312154,
  "summary_fg_mad": 2950.4580467812434,
  "summary_fg_mean": 8475.2060546875,
  "summary_fg_median": 8071.59326171875,
  "summary_fg_n": 132558.0,
  "summary_fg_p05": 4371.491455078125,
  "summary_fg_p95": 14058.526318359374,
  "summary_fg_stdv": 3066.028564453125,
  "tsnr": 19.974327087402344
}