{
  "aor": 0.0004940000000000001,
  "aqi": 0.009125599643835617,
  "bids_meta": {
    "AcquisitionDateTime": "2017-05-15T15:00:31.704000",
    "EchoTime": 0.0352,
    "EffectiveEchoSpacing": 0.000580013,
    "FlipAngle": 56,
    "ImageType": [
      "ORIGINAL",
      "PRIMARY",
      "M",
      "MB",
      "ND",
      "MOSAI"
    ],
    "MagneticFieldStrength": 3,
    "Manufacturer": "Siemens",
    "ManufacturersModelName": "Prisma",
    "PhaseEncodingDirection": "j-",
    "RepetitionTime": 0.955,
    "SliceTiming": [
      0.875,
      0.7975,
      0.7175,
      0.6375,
      0.5575,
      0.4775,
      0.3975,
      0.32,
      0.24,
      0.16,
      0.08,
      0,
      0.875,
      0.7975,
      0.7175,
      0.6375,
      0.5575,
      0.4775,
      0.3975,
      0.32,
      0.24,
      0.16,
      0.08,
      0,
      0.875,
      0.7975,
      0.7175,
      0.6375,
      0.5575,
      0.4775,
      0.3975,
      0.32,
      0.24,
      0.16,
      0.08,
      0,
      0.875,
      0.7975,
      0.7175,
      0.6375,
      0.5575,
      0.4775,
      0.3975,
      0.32,
      0.24,
      0.16,
      0.08,
      0,
      0.875,
      0.7975,
      0.7175,
      0.6375,
      0.5575,
      0.4775,
      0.3975,
      0.32,
      0.24,
      0.16,
      0.08,
      0
    ],
    "TaskName": "identification",
    "TotalReadoutTime": 0.0580013,
    "dataset": "ds001771",
    "modality": "bold",
    "run_id": 3,
    "subject_id": "18",
    "task_id": "identification"
  },
  "dummy_trs": 1,
  "dvars_nstd": 43.4799305317857,
  "dvars_std": 1.00661994326923,
  "dvars_vstd": 0.9945751579670328,
  "efc": 0.4915996277677378,
  "fber": 14686.6767578125,
  "fd_mean": 0.10216603607978435,
  "fd_num": 7,
  "fd_perc": 1.917808219178082,
  "fwhm_avg": 2.8963033333333335,
  "fwhm_x": 2.699125,
  "fwhm_y": 3.067165,
  "fwhm_z": 2.92262,
  "gcor": 0.00324084,
  "gsr_x": -0.010543341748416424,
  "gsr_y": 0.043711107224226,
  "provenance": {
    "md5sum": "39a0fa243698c8b4a9f4f0be7a9e34ae",
    "settings": {
      "fd_thres": 0.2,
      "testing": false
    },
    "software": "mriqc",
    "version": "23.0.1",
    "webapi_port": null,
    "webapi_url": "https://mriqc.nimh.nih.gov/api/v1"
  },
  "size_t": 365,
  "size_x": 100,
  "size_y": 100,
  "size_z": 60,
  "snr": 2.7867174857986026,
  "spacing_tr": 0.9549999833106995,
  "spacing_x": 2.0,
  "spacing_y": 2.0,
  "spacing_z": 2.0,
  "summary_bg_k": 56.77757318043547,
  "summary_bg_mad": 33.59617325397108,
  "summary_bg_mean": 299.56365966796875,
  "summary_bg_median": 58.39452362060547,
  "summary_bg_n": 383364.0,
  "summary_bg_p05": 26.89904127120972,
  "summary_bg_p95": 1370.4472900390622,
  "summary_bg_stdv": 819.803466796875,
  "summary_fg_k": 1.1469050827641416,
  "summary_fg_mad": 2356.342127985213,
  "summary_fg_mean": 7552.5029296875,
  "summary_fg_median": 7144.0712890625,
  "summary_fg_n": 131797.0,
  "summary_fg_p05": 4212.12392578125,
  "summary_fg_p95": 12285.320312499998,
  "summary_fg_stdv": 2563.60546875,
  "tsnr": 28.985218521091156
}