{
  "aor": 0.0005316208791208792,
  "aqi": 0.00691384,
  "bids_meta": {
    "AcquisitionDateTime": "2017-05-15T15:06:51.740000",
    "EchoTime": 0.0352,
    "EffectiveEchoSpacing": 0.000580013,
    "FlipAngle": 56,
    "ImageType": [
      "ORIGINAL",
      "PRIMARY",
      "M",
      "MB",
      "ND",
      "MOSAI"
    ],
    "MagneticFieldStrength": 3,
    "Manufacturer": "Siemens",
    "ManufacturersModelName": "Prisma",
    "PhaseEncodingDirection": "j-",
    "RepetitionTime": 0.955,
    "SliceTiming": [
      0.875,
      0.795,
      0.715,
      0.635,
      0.5575,
      0.4775,
      0.3975,
      0.3175,
      0.2375,
      0.1575,
      0.08,
      0,
      0.875,
      0.795,
      0.715,
      0.635,
      0.5575,
      0.4775,
      0.3975,
      0.3175,
      0.2375,
      0.1575,
      0.08,
      0,
      0.875,
      0.795,
      0.715,
      0.635,
      0.5575,
      0.4775,
      0.3975,
      0.3175,
      0.2375,
      0.1575,
      0.08,
      0,
      0.875,
      0.795,
      0.715,
      0.635,
      0.5575,
      0.4775,
      0.3975,
      0.3175,
      0.2375,
      0.1575,
      0.08,
      0,
      0.875,
      0.795,
      0.715,
      0.635,
      0.5575,
      0.4775,
      0.3975,
      0.3175,
      0.2375,
      0.1575,
      0.08,
      0
    ],
    "TaskName": "identification",
    "TotalReadoutTime": 0.0580013,
    "dataset": "ds001771",
    "modality": "bold",
    "run_id": 4,
    "subject_id": "18",
    "task_id": "identification"
  },
  "dummy_trs": 2,
  "dvars_nstd": 42.11050936258954,
  "dvars_std": 1.0129951446005503,
  "dvars_vstd": 1.0033434414876028,
  "efc": 0.49153542864063166,
  "fber": 15030.57421875,
  "fd_mean": 0.09670920646549637,
  "fd_num": 5,
  "fd_perc": 1.3736263736263736,
  "fwhm_avg": 2.84976,
  "fwhm_x": 2.673945,
  "fwhm_y": 3.01189,
  "fwhm_z": 2.863445,
  "gcor": 0.00302368,
  "gsr_x": -0.011629099026322365,
  "gsr_y": 0.042947959154844284,
  "provenance": {
    "md5sum": "575898e075b92dbc11add92f0571fd72",
    "settings": {
      "fd_thres": 0.2,
      "testing": false
    },
    "software": "mriqc",
    "version": "23.0.1",
    "webapi_port": null,
    "webapi_url": "https://mriqc.nimh.nih.gov/api/v1"
  },
  "size_t": 364,
  "size_x": 100,
  "size_y": 100,
  "size_z": 60,
  "snr": 2.797106871607372,
  "spacing_tr": 0.9549999833106995,
  "spacing_x": 2.0,
  "spacing_y": 2.0,
  "spacing_z": 2.0,
  "summary_bg_k": 54.14286124577045,
  "summary_bg_mad": 30.808800320089727,
  "summary_bg_mean": 303.80523681640625,
  "summary_bg_median": 57.651100158691406,
  "summary_bg_n": 383889.0,
  "summary_bg_p05": 28.791210174560547,
  "summary_bg_p95": 1399.0830078124998,
  "summary_bg_stdv": 833.4700927734375,
  "summary_fg_k": 1.1432460021386177,
  "summary_fg_mad": 2367.0765155320887,
  "summary_fg_mean": 7562.53759765625,
  "summary_fg_median": 7156.927734375,
  "summary_fg_n": 131570.0,
  "summary_fg_p05": 4216.529321289063,
  "summary_fg_p95": 12264.834277343745,
  "summary_fg_stdv": 2558.6796875,
  "tsnr": 31.14065588777885
}