{
  "aor": 0.00029282967032967034,
  "aqi": 0.01050263217032967,
  "bids_meta": {
    "AcquisitionDateTime": "2017-05-15T14:54:11.672000",
    "EchoTime": 0.0352,
    "EffectiveEchoSpacing": 0.000580013,
    "FlipAngle": 56,
    "ImageType": [
      "ORIGINAL",
      "PRIMARY",
      "M",
      "MB",
      "ND",
      "MOSAI"
    ],
    "MagneticFieldStrength": 3,
    "Manufacturer": "Siemens",
    "ManufacturersModelName": "Prisma",
    "PhaseEncodingDirection": "j-",
    "RepetitionTime": 0.955,
    "SliceTiming": [
      0.875,
      0.7975,
      0.7175,
      0.6375,
      0.5575,
      0.4775,
      0.3975,
      0.32,
      0.24,
      0.16,
      0.08,
      0,
      0.875,
      0.7975,
      0.7175,
      0.6375,
      0.5575,
      0.4775,
      0.3975,
      0.32,
      0.24,
      0.16,
      0.08,
      0,
      0.875,
      0.7975,
      0.7175,
      0.6375,
      0.5575,
      0.4775,
      0.3975,
      0.32,
      0.24,
      0.16,
      0.08,
      0,
      0.875,
      0.7975,
      0.7175,
      0.6375,
      0.5575,
      0.4775,
      0.3975,
      0.32,
      0.24,
      0.16,
      0.08,
      0,
      0.875,
      0.7975,
      0.7175,
      0.6375,
      0.5575,
      0.4775,
      0.3975,
      0.32,
      0.24,
      0.16,
      0.08,
      0
    ],
    "TaskName": "identification",
    "TotalReadoutTime": 0.0580013,
    "dataset": "ds001771",
    "modality": "bold",
    "run_id": 2,
    "subject_id": "18",
    "task_id": "identification"
  },
  "dummy_trs": 2,
  "dvars_nstd": 44.14965449366391,
  "dvars_std": 0.9923787056473832,
  "dvars_vstd": 0.9744265825068865,
  "efc": 0.4912505361304551,
  "fber": 15259.5234375,
  "fd_mean": 0.09148763223223529,
  "fd_num": 4,
  "fd_perc": 1.098901098901099,
  "fwhm_avg": 2.89838,
  "fwhm_x": 2.67771,
  "fwhm_y": 3.076175,
  "fwhm_z": 2.941255,
  "gcor": 0.00260823,
  "gsr_x": -0.010851706378161907,
  "gsr_y": 0.043565768748521805,
  "provenance": {
    "md5sum": "0d7f7766614b34f9291fadf343da4a81",
    "settings": {
      "fd_thres": 0.2,
      "testing": false
    },
    "software": "mriqc",
    "version": "23.0.1",
    "webapi_port": null,
    "webapi_url": "https://mriqc.nimh.nih.gov/api/v1"
  },
  "size_t": 364,
  "size_x": 100,
  "size_y": 100,
  "size_z": 60,
  "snr": 2.7938789593193536,
  "spacing_tr": 0.9549999833106995,
  "spacing_x": 2.0,
  "spacing_y": 2.0,
  "spacing_z": 2.0,
  "summary_bg_k": 57.90793603722134,
  "summary_bg_mad": 28.12057143257374,
  "summary_bg_mean": 290.4664001464844,
  "summary_bg_median": 57.07966995239258,
  "summary_bg_n": 382898.0,
  "summary_bg_p05": 32.010990142822266,
  "summary_bg_p95": 1312.8325866699213,
  "summary_bg_stdv": 790.79833984375,
  "summary_fg_k": 1.1472499598948556,
  "summary_fg_mad": 2349.289270507776,
  "summary_fg_mean": 7538.408203125,
  "summary_fg_median": 7136.8271484375,
  "summary_fg_n": 131916.0,
  "summary_fg_p05": 4216.9766845703125,
  "summary_fg_p95": 12250.43798828125,
  "summary_fg_stdv": 2554.44140625,
  "tsnr": 28.082481902092695
}