{
  "aor": 0.0002347734627831715,
  "aqi": 0.007730805307443365,
  "bids_meta": {
    "AcquisitionDateTime": "2017-05-15T16:45:51.737000",
    "EchoTime": 0.0352,
    "EffectiveEchoSpacing": 0.000580013,
    "FlipAngle": 56,
    "ImageType": [
      "ORIGINAL",
      "PRIMARY",
      "M",
      "MB",
      "ND",
      "MOSAI"
    ],
    "MagneticFieldStrength": 3,
    "Manufacturer": "Siemens",
    "ManufacturersModelName": "Prisma",
    "PhaseEncodingDirection": "j-",
    "RepetitionTime": 0.955,
    "SliceTiming": [
      0.875,
      0.795,
      0.715,
      0.6375,
      0.5575,
      0.4775,
      0.3975,
      0.3175,
      0.2375,
      0.16,
      0.08,
      0,
      0.875,
      0.795,
      0.715,
      0.6375,
      0.5575,
      0.4775,
      0.3975,
      0.3175,
      0.2375,
      0.16,
      0.08,
      0,
      0.875,
      0.795,
      0.715,
      0.6375,
      0.5575,
      0.4775,
      0.3975,
      0.3175,
      0.2375,
      0.16,
      0.08,
      0,
      0.875,
      0.795,
      0.715,
      0.6375,
      0.5575,
      0.4775,
      0.3975,
      0.3175,
      0.2375,
      0.16,
      0.08,
      0,
      0.875,
      0.795,
      0.715,
      0.6375,
      0.5575,
      0.4775,
      0.3975,
      0.3175,
      0.2375,
      0.16,
      0.08,
      0
    ],
    "TaskName": "rest",
    "TotalReadoutTime": 0.0580013,
    "dataset": "ds001771",
    "modality": "bold",
    "subject_id": "18",
    "task_id": "rest"
  },
  "dummy_trs": 2,
  "dvars_nstd": 38.56866632518638,
  "dvars_std": 1.0039911671312804,
  "dvars_vstd": 0.9902287470178285,
  "efc": 0.48511816917807504,
  "fber": 17789.908203125,
  "fd_mean": 0.08318293895269215,
  "fd_num": 0,
  "fd_perc": 0.0,
  "fwhm_avg": 2.9292466666666663,
  "fwhm_x": 2.7598,
  "fwhm_y": 3.111355,
  "fwhm_z": 2.916585,
  "gcor": 0.00550758,
  "gsr_x": -0.00911419466137886,
  "gsr_y": 0.040404077619314194,
  "provenance": {
    "md5sum": "d50ca995b92d7b3b91c82cab45902139",
    "settings": {
      "fd_thres": 0.2,
      "testing": false
    },
    "software": "mriqc",
    "version": "23.0.1",
    "webapi_port": null,
    "webapi_url": "https://mriqc.nimh.nih.gov/api/v1"
  },
  "size_t": 618,
  "size_x": 100,
  "size_y": 100,
  "size_z": 60,
  "snr": 2.6452866831740285,
  "spacing_tr": 0.9549999833106995,
  "spacing_x": 2.0,
  "spacing_y": 2.0,
  "spacing_z": 2.0,
  "summary_bg_k": 33.87687047100982,
  "summary_bg_mad": 31.603100793774352,
  "summary_bg_mean": 341.17529296875,
  "summary_bg_median": 58.853187561035156,
  "summary_bg_n": 386724.0,
  "summary_bg_p05": 30.871320247650146,
  "summary_bg_p95": 1716.321936035154,
  "summary_bg_stdv": 887.9863891601562,
  "summary_fg_k": 2.4191776835940155,
  "summary_fg_mad": 2743.6401047877634,
  "summary_fg_mean": 8388.3740234375,
  "summary_fg_median": 7967.14990234375,
  "summary_fg_n": 129425.0,
  "summary_fg_p05": 4443.189550781251,
  "summary_fg_p95": 13916.4189453125,
  "summary_fg_stdv": 3011.81689453125,
  "tsnr": 31.45943832397461
}