{
  "aor": 0.0017650819672131149,
  "aqi": 0.012787323606557377,
  "bids_meta": {
    "AcquisitionDateTime": "2017-04-26T15:12:39.580000",
    "EchoTime": 0.0352,
    "EffectiveEchoSpacing": 0.000580013,
    "FlipAngle": 56,
    "ImageType": [
      "ORIGINAL",
      "PRIMARY",
      "M",
      "MB",
      "ND",
      "MOSAI"
    ],
    "MagneticFieldStrength": 3,
    "Manufacturer": "Siemens",
    "ManufacturersModelName": "Prisma",
    "PhaseEncodingDirection": "j-",
    "RepetitionTime": 0.955,
    "SliceTiming": [
      0.875,
      0.795,
      0.715,
      0.6375,
      0.5575,
      0.4775,
      0.3975,
      0.3175,
      0.2375,
      0.16,
      0.08,
      0,
      0.875,
      0.795,
      0.715,
      0.6375,
      0.5575,
      0.4775,
      0.3975,
      0.3175,
      0.2375,
      0.16,
      0.08,
      0,
      0.875,
      0.795,
      0.715,
      0.6375,
      0.5575,
      0.4775,
      0.3975,
      0.3175,
      0.2375,
      0.16,
      0.08,
      0,
      0.875,
      0.795,
      0.715,
      0.6375,
      0.5575,
      0.4775,
      0.3975,
      0.3175,
      0.2375,
      0.16,
      0.08,
      0,
      0.875,
      0.795,
      0.715,
      0.6375,
      0.5575,
      0.4775,
      0.3975,
      0.3175,
      0.2375,
      0.16,
      0.08,
      0
    ],
    "TaskName": "identification",
    "TotalReadoutTime": 0.0580013,
    "dataset": "ds001771",
    "modality": "bold",
    "run_id": 3,
    "subject_id": "15",
    "task_id": "identification"
  },
  "dummy_trs": 0,
  "dvars_nstd": 49.084533524164335,
  "dvars_std": 1.0281534441643836,
  "dvars_vstd": 1.0131834123013699,
  "efc": 0.47015688241713854,
  "fber": 15571.7294921875,
  "fd_mean": 0.17826781739315775,
  "fd_num": 77,
  "fd_perc": 21.038251366120218,
  "fwhm_avg": 2.9920266666666664,
  "fwhm_x": 2.82331,
  "fwhm_y": 3.13172,
  "fwhm_z": 3.02105,
  "gcor": 0.00669087,
  "gsr_x": -0.00459660030901432,
  "gsr_y": 0.02986440248787403,
  "provenance": {
    "md5sum": "59214ab12e79c82a61ca284701268c4b",
    "settings": {
      "fd_thres": 0.2,
      "testing": false
    },
    "software": "mriqc",
    "version": "23.0.1",
    "webapi_port": null,
    "webapi_url": "https://mriqc.nimh.nih.gov/api/v1"
  },
  "size_t": 366,
  "size_x": 100,
  "size_y": 100,
  "size_z": 60,
  "snr": 2.7472402913840623,
  "spacing_tr": 0.9549999833106995,
  "spacing_x": 2.0,
  "spacing_y": 2.0,
  "spacing_z": 2.0,
  "summary_bg_k": 42.30711648086013,
  "summary_bg_mad": 22.356507378385803,
  "summary_bg_mean": 267.7103271484375,
  "summary_bg_median": 55.0792350769043,
  "summary_bg_n": 397519.0,
  "summary_bg_p05": 34.60928726196289,
  "summary_bg_p95": 1244.6234741210935,
  "summary_bg_stdv": 694.8181762695312,
  "summary_fg_k": 2.095828939782872,
  "summary_fg_mad": 2172.9077476420994,
  "summary_fg_mean": 7457.279296875,
  "summary_fg_median": 6996.47802734375,
  "summary_fg_n": 117919.0,
  "summary_fg_p05": 4304.126220703125,
  "summary_fg_p95": 12253.817871093746,
  "summary_fg_stdv": 2546.71875,
  "tsnr": 26.13634020090103
}