{
  "aor": 0.0025077862595419844,
  "aqi": 0.015106137391857505,
  "bids_meta": {
    "AcquisitionDateTime": "2017-04-26T15:27:39.544000",
    "EchoTime": 0.0352,
    "EffectiveEchoSpacing": 0.000580013,
    "FlipAngle": 56,
    "ImageType": [
      "ORIGINAL",
      "PRIMARY",
      "M",
      "MB",
      "ND",
      "MOSAI"
    ],
    "MagneticFieldStrength": 3,
    "Manufacturer": "Siemens",
    "ManufacturersModelName": "Prisma",
    "PhaseEncodingDirection": "j-",
    "RepetitionTime": 0.955,
    "SliceTiming": [
      0.875,
      0.795,
      0.715,
      0.635,
      0.555,
      0.4775,
      0.3975,
      0.3175,
      0.2375,
      0.1575,
      0.0775,
      0,
      0.875,
      0.795,
      0.715,
      0.635,
      0.555,
      0.4775,
      0.3975,
      0.3175,
      0.2375,
      0.1575,
      0.0775,
      0,
      0.875,
      0.795,
      0.715,
      0.635,
      0.555,
      0.4775,
      0.3975,
      0.3175,
      0.2375,
      0.1575,
      0.0775,
      0,
      0.875,
      0.795,
      0.715,
      0.635,
      0.555,
      0.4775,
      0.3975,
      0.3175,
      0.2375,
      0.1575,
      0.0775,
      0,
      0.875,
      0.795,
      0.715,
      0.635,
      0.555,
      0.4775,
      0.3975,
      0.3175,
      0.2375,
      0.1575,
      0.0775,
      0
    ],
    "TaskName": "localizer",
    "TotalReadoutTime": 0.0580013,
    "dataset": "ds001771",
    "modality": "bold",
    "subject_id": "15",
    "task_id": "localizer"
  },
  "dummy_trs": 6,
  "dvars_nstd": 49.35366463147777,
  "dvars_std": 1.04363275365605,
  "dvars_vstd": 1.0232598948025466,
  "efc": 0.47241602837926033,
  "fber": 14208.923828125,
  "fd_mean": 0.18671923900829074,
  "fd_num": 141,
  "fd_perc": 17.938931297709924,
  "fwhm_avg": 3.0291416666666664,
  "fwhm_x": 2.84263,
  "fwhm_y": 3.17132,
  "fwhm_z": 3.073475,
  "gcor": 0.00912132,
  "gsr_x": -0.0049651977606117725,
  "gsr_y": 0.0304998941719532,
  "provenance": {
    "md5sum": "749850b1c2e3faa77c9be7aa0d6c362f",
    "settings": {
      "fd_thres": 0.2,
      "testing": false
    },
    "software": "mriqc",
    "version": "23.0.1",
    "webapi_port": null,
    "webapi_url": "https://mriqc.nimh.nih.gov/api/v1"
  },
  "size_t": 786,
  "size_x": 100,
  "size_y": 100,
  "size_z": 60,
  "snr": 2.7376271087299395,
  "spacing_tr": 0.9549999833106995,
  "spacing_x": 2.0,
  "spacing_y": 2.0,
  "spacing_z": 2.0,
  "summary_bg_k": 38.58674485087742,
  "summary_bg_mad": 25.709759237486033,
  "summary_bg_mean": 279.5447082519531,
  "summary_bg_median": 57.94020462036133,
  "summary_bg_n": 397615.0,
  "summary_bg_p05": 36.20445289611816,
  "summary_bg_p95": 1315.9254638671873,
  "summary_bg_stdv": 719.0654907226562,
  "summary_fg_k": 2.001104939298089,
  "summary_fg_mad": 2181.9452506185758,
  "summary_fg_mean": 7472.0166015625,
  "summary_fg_median": 7023.04833984375,
  "summary_fg_n": 118699.0,
  "summary_fg_p05": 4293.225390625,
  "summary_fg_p95": 12315.303515624999,
  "summary_fg_stdv": 2565.3671875,
  "tsnr": 24.79370543314144
}