{
  "aor": 0.00030964383561643837,
  "aqi": 0.004831401972602739,
  "bids_meta": {
    "AcquisitionDateTime": "2017-05-29T14:59:31.919000",
    "EchoTime": 0.0352,
    "EffectiveEchoSpacing": 0.000580013,
    "FlipAngle": 56,
    "ImageType": [
      "ORIGINAL",
      "PRIMARY",
      "M",
      "MB",
      "ND",
      "MOSAI"
    ],
    "MagneticFieldStrength": 3,
    "Manufacturer": "Siemens",
    "ManufacturersModelName": "Prisma",
    "PhaseEncodingDirection": "j-",
    "RepetitionTime": 0.955,
    "SliceTiming": [
      0.875,
      0.7975,
      0.7175,
      0.6375,
      0.5575,
      0.4775,
      0.3975,
      0.32,
      0.24,
      0.16,
      0.08,
      0,
      0.875,
      0.7975,
      0.7175,
      0.6375,
      0.5575,
      0.4775,
      0.3975,
      0.32,
      0.24,
      0.16,
      0.08,
      0,
      0.875,
      0.7975,
      0.7175,
      0.6375,
      0.5575,
      0.4775,
      0.3975,
      0.32,
      0.24,
      0.16,
      0.08,
      0,
      0.875,
      0.7975,
      0.7175,
      0.6375,
      0.5575,
      0.4775,
      0.3975,
      0.32,
      0.24,
      0.16,
      0.08,
      0,
      0.875,
      0.7975,
      0.7175,
      0.6375,
      0.5575,
      0.4775,
      0.3975,
      0.32,
      0.24,
      0.16,
      0.08,
      0
    ],
    "TaskName": "identification",
    "TotalReadoutTime": 0.0580013,
    "dataset": "ds001771",
    "modality": "bold",
    "run_id": 3,
    "subject_id": "21",
    "task_id": "identification"
  },
  "dummy_trs": 1,
  "dvars_nstd": 42.240502231620894,
  "dvars_std": 1.0400735537637358,
  "dvars_vstd": 1.0023294097802202,
  "efc": 0.5235897922178654,
  "fber": 10051.7412109375,
  "fd_mean": 0.09031335914286924,
  "fd_num": 0,
  "fd_perc": 0.0,
  "fwhm_avg": 3.2033066666666663,
  "fwhm_x": 3.07032,
  "fwhm_y": 3.292255,
  "fwhm_z": 3.247345,
  "gcor": 0.0103306,
  "gsr_x": -0.006305496674031019,
  "gsr_y": 0.06022651493549347,
  "provenance": {
    "md5sum": "ed7c9dbaa14d9414ef6fe26119d3158d",
    "settings": {
      "fd_thres": 0.2,
      "testing": false
    },
    "software": "mriqc",
    "version": "23.0.1",
    "webapi_port": null,
    "webapi_url": "https://mriqc.nimh.nih.gov/api/v1"
  },
  "size_t": 365,
  "size_x": 100,
  "size_y": 100,
  "size_z": 60,
  "snr": 2.0409172828062734,
  "spacing_tr": 0.9549999833106995,
  "spacing_x": 2.0,
  "spacing_y": 2.0,
  "spacing_z": 2.0,
  "summary_bg_k": 52.035274299923614,
  "summary_bg_mad": 58.068028864511355,
  "summary_bg_mean": 503.19140625,
  "summary_bg_median": 78.45818328857422,
  "summary_bg_n": 353369.0,
  "summary_bg_p05": 31.41841812133789,
  "summary_bg_p95": 2601.0202148437465,
  "summary_bg_stdv": 1243.5316162109375,
  "summary_fg_k": 3.6443586114796602,
  "summary_fg_mad": 3282.914943963241,
  "summary_fg_mean": 8911.201171875,
  "summary_fg_median": 8088.572265625,
  "summary_fg_n": 155962.0,
  "summary_fg_p05": 4305.6866455078125,
  "summary_fg_p95": 16564.534277343744,
  "summary_fg_stdv": 3963.191650390625,
  "tsnr": 33.663841247558594
}