{
  "aor": 0.0002707142857142857,
  "aqi": 0.004880540357142857,
  "bids_meta": {
    "AcquisitionDateTime": "2017-05-29T14:53:31.880000",
    "EchoTime": 0.0352,
    "EffectiveEchoSpacing": 0.000580013,
    "FlipAngle": 56,
    "ImageType": [
      "ORIGINAL",
      "PRIMARY",
      "M",
      "MB",
      "ND",
      "MOSAI"
    ],
    "MagneticFieldStrength": 3,
    "Manufacturer": "Siemens",
    "ManufacturersModelName": "Prisma",
    "PhaseEncodingDirection": "j-",
    "RepetitionTime": 0.955,
    "SliceTiming": [
      0.875,
      0.795,
      0.7175,
      0.6375,
      0.5575,
      0.4775,
      0.3975,
      0.3175,
      0.24,
      0.16,
      0.08,
      0,
      0.875,
      0.795,
      0.7175,
      0.6375,
      0.5575,
      0.4775,
      0.3975,
      0.3175,
      0.24,
      0.16,
      0.08,
      0,
      0.875,
      0.795,
      0.7175,
      0.6375,
      0.5575,
      0.4775,
      0.3975,
      0.3175,
      0.24,
      0.16,
      0.08,
      0,
      0.875,
      0.795,
      0.7175,
      0.6375,
      0.5575,
      0.4775,
      0.3975,
      0.3175,
      0.24,
      0.16,
      0.08,
      0,
      0.875,
      0.795,
      0.7175,
      0.6375,
      0.5575,
      0.4775,
      0.3975,
      0.3175,
      0.24,
      0.16,
      0.08,
      0
    ],
    "TaskName": "identification",
    "TotalReadoutTime": 0.0580013,
    "dataset": "ds001771",
    "modality": "bold",
    "run_id": 2,
    "subject_id": "21",
    "task_id": "identification"
  },
  "dummy_trs": 2,
  "dvars_nstd": 42.188564983663944,
  "dvars_std": 1.0319703979614316,
  "dvars_vstd": 0.9934708324242418,
  "efc": 0.5240580431205886,
  "fber": 9951.984375,
  "fd_mean": 0.07575750498028677,
  "fd_num": 0,
  "fd_perc": 0.0,
  "fwhm_avg": 3.1833666666666667,
  "fwhm_x": 3.05453,
  "fwhm_y": 3.28229,
  "fwhm_z": 3.21328,
  "gcor": 0.00513089,
  "gsr_x": -0.005957222077995539,
  "gsr_y": 0.06256040930747986,
  "provenance": {
    "md5sum": "1a0267b6b8ca1c4f32411db0dee22642",
    "settings": {
      "fd_thres": 0.2,
      "testing": false
    },
    "software": "mriqc",
    "version": "23.0.1",
    "webapi_port": null,
    "webapi_url": "https://mriqc.nimh.nih.gov/api/v1"
  },
  "size_t": 364,
  "size_x": 100,
  "size_y": 100,
  "size_z": 60,
  "snr": 2.047226357864023,
  "spacing_tr": 0.9549999833106995,
  "spacing_x": 2.0,
  "spacing_y": 2.0,
  "spacing_z": 2.0,
  "summary_bg_k": 54.67064250638372,
  "summary_bg_mad": 58.38155706498543,
  "summary_bg_mean": 501.3849182128906,
  "summary_bg_median": 78.4247055053711,
  "summary_bg_n": 352899.0,
  "summary_bg_p05": 31.279111862182617,
  "summary_bg_p95": 2577.318603515617,
  "summary_bg_stdv": 1248.3677978515625,
  "summary_fg_k": 3.6639541752441476,
  "summary_fg_mad": 3269.314167996359,
  "summary_fg_mean": 8872.57421875,
  "summary_fg_median": 8062.416015625,
  "summary_fg_n": 156404.0,
  "summary_fg_p05": 4290.957690429687,
  "summary_fg_p95": 16455.5826171875,
  "summary_fg_stdv": 3938.20166015625,
  "tsnr": 33.12886428833008
}