{
  "aor": 0.00048038772213247164,
  "aqi": 0.010507344539579968,
  "bids_meta": {
    "AcquisitionDateTime": "2017-05-29T16:39:51.848000",
    "EchoTime": 0.0352,
    "EffectiveEchoSpacing": 0.000580013,
    "FlipAngle": 56,
    "ImageType": [
      "ORIGINAL",
      "PRIMARY",
      "M",
      "MB",
      "ND",
      "MOSAI"
    ],
    "MagneticFieldStrength": 3,
    "Manufacturer": "Siemens",
    "ManufacturersModelName": "Prisma",
    "PhaseEncodingDirection": "j-",
    "RepetitionTime": 0.955,
    "SliceTiming": [
      0.875,
      0.795,
      0.715,
      0.6375,
      0.5575,
      0.4775,
      0.3975,
      0.3175,
      0.2375,
      0.16,
      0.08,
      0,
      0.875,
      0.795,
      0.715,
      0.6375,
      0.5575,
      0.4775,
      0.3975,
      0.3175,
      0.2375,
      0.16,
      0.08,
      0,
      0.875,
      0.795,
      0.715,
      0.6375,
      0.5575,
      0.4775,
      0.3975,
      0.3175,
      0.2375,
      0.16,
      0.08,
      0,
      0.875,
      0.795,
      0.715,
      0.6375,
      0.5575,
      0.4775,
      0.3975,
      0.3175,
      0.2375,
      0.16,
      0.08,
      0,
      0.875,
      0.795,
      0.715,
      0.6375,
      0.5575,
      0.4775,
      0.3975,
      0.3175,
      0.2375,
      0.16,
      0.08,
      0
    ],
    "TaskName": "rest",
    "TotalReadoutTime": 0.0580013,
    "dataset": "ds001771",
    "modality": "bold",
    "subject_id": "21",
    "task_id": "rest"
  },
  "dummy_trs": 1,
  "dvars_nstd": 43.1176412266505,
  "dvars_std": 0.9909331970064732,
  "dvars_vstd": 0.9771493456634306,
  "efc": 0.5317680976991734,
  "fber": 10096.4052734375,
  "fd_mean": 0.11159005127939015,
  "fd_num": 27,
  "fd_perc": 4.361873990306947,
  "fwhm_avg": 3.184413333333333,
  "fwhm_x": 3.02801,
  "fwhm_y": 3.250245,
  "fwhm_z": 3.274985,
  "gcor": 0.00594982,
  "gsr_x": -0.002958200639113784,
  "gsr_y": 0.06284496188163757,
  "provenance": {
    "md5sum": "03e42c1bc5bc48b613906563dc569ab3",
    "settings": {
      "fd_thres": 0.2,
      "testing": false
    },
    "software": "mriqc",
    "version": "23.0.1",
    "webapi_port": null,
    "webapi_url": "https://mriqc.nimh.nih.gov/api/v1"
  },
  "size_t": 619,
  "size_x": 100,
  "size_y": 100,
  "size_z": 60,
  "snr": 2.166723327105731,
  "spacing_tr": 0.9549999833106995,
  "spacing_x": 2.0,
  "spacing_y": 2.0,
  "spacing_z": 2.0,
  "summary_bg_k": 36.69237098348843,
  "summary_bg_mad": 54.232709581794545,
  "summary_bg_mean": 459.8257141113281,
  "summary_bg_median": 72.1856918334961,
  "summary_bg_n": 351255.0,
  "summary_bg_p05": 27.277546310424807,
  "summary_bg_p95": 2421.6676025390598,
  "summary_bg_stdv": 1084.37060546875,
  "summary_fg_k": 2.508872212730431,
  "summary_fg_mad": 2882.921461737872,
  "summary_fg_mean": 8144.61865234375,
  "summary_fg_median": 7440.9111328125,
  "summary_fg_n": 158199.0,
  "summary_fg_p05": 4077.7360595703126,
  "summary_fg_p95": 14896.128808593754,
  "summary_fg_stdv": 3434.166015625,
  "tsnr": 26.74127960205078
}