{
  "aor": 0.00039442332065906205,
  "aqi": 0.0054082525982256015,
  "bids_meta": {
    "AcquisitionDateTime": "2017-05-29T15:12:51.881000",
    "EchoTime": 0.0352,
    "EffectiveEchoSpacing": 0.000580013,
    "FlipAngle": 56,
    "ImageType": [
      "ORIGINAL",
      "PRIMARY",
      "M",
      "MB",
      "ND",
      "MOSAI"
    ],
    "MagneticFieldStrength": 3,
    "Manufacturer": "Siemens",
    "ManufacturersModelName": "Prisma",
    "PhaseEncodingDirection": "j-",
    "RepetitionTime": 0.955,
    "SliceTiming": [
      0.875,
      0.795,
      0.7175,
      0.6375,
      0.5575,
      0.4775,
      0.3975,
      0.3175,
      0.24,
      0.16,
      0.08,
      0,
      0.875,
      0.795,
      0.7175,
      0.6375,
      0.5575,
      0.4775,
      0.3975,
      0.3175,
      0.24,
      0.16,
      0.08,
      0,
      0.875,
      0.795,
      0.7175,
      0.6375,
      0.5575,
      0.4775,
      0.3975,
      0.3175,
      0.24,
      0.16,
      0.08,
      0,
      0.875,
      0.795,
      0.7175,
      0.6375,
      0.5575,
      0.4775,
      0.3975,
      0.3175,
      0.24,
      0.16,
      0.08,
      0,
      0.875,
      0.795,
      0.7175,
      0.6375,
      0.5575,
      0.4775,
      0.3975,
      0.3175,
      0.24,
      0.16,
      0.08,
      0
    ],
    "TaskName": "localizer",
    "TotalReadoutTime": 0.0580013,
    "dataset": "ds001771",
    "modality": "bold",
    "subject_id": "21",
    "task_id": "localizer"
  },
  "dummy_trs": 3,
  "dvars_nstd": 40.98926653604056,
  "dvars_std": 1.0298882933375644,
  "dvars_vstd": 1.0049099229441638,
  "efc": 0.5250924782070154,
  "fber": 9028.8037109375,
  "fd_mean": 0.09532294114043942,
  "fd_num": 14,
  "fd_perc": 1.7743979721166032,
  "fwhm_avg": 3.205065,
  "fwhm_x": 3.059345,
  "fwhm_y": 3.30554,
  "fwhm_z": 3.25031,
  "gcor": 0.0166131,
  "gsr_x": -0.005915140267461538,
  "gsr_y": 0.060433052480220795,
  "provenance": {
    "md5sum": "5db7f85ac48f85691696c9b7b5acbea5",
    "settings": {
      "fd_thres": 0.2,
      "testing": false
    },
    "software": "mriqc",
    "version": "23.0.1",
    "webapi_port": null,
    "webapi_url": "https://mriqc.nimh.nih.gov/api/v1"
  },
  "size_t": 789,
  "size_x": 100,
  "size_y": 100,
  "size_z": 60,
  "snr": 2.0361120064695477,
  "spacing_tr": 0.9549999833106995,
  "spacing_x": 2.0,
  "spacing_y": 2.0,
  "spacing_z": 2.0,
  "summary_bg_k": 48.147159477701294,
  "summary_bg_mad": 68.4221200968588,
  "summary_bg_mean": 515.81640625,
  "summary_bg_median": 82.55992126464844,
  "summary_bg_n": 353112.0,
  "summary_bg_p05": 24.61088018417358,
  "summary_bg_p95": 2663.7484375000013,
  "summary_bg_stdv": 1259.724853515625,
  "summary_fg_k": 3.677411107459549,
  "summary_fg_mad": 3267.2165899064566,
  "summary_fg_mean": 8877.9638671875,
  "summary_fg_median": 8056.61328125,
  "summary_fg_n": 156287.0,
  "summary_fg_p05": 4283.503515625,
  "summary_fg_p95": 16522.39707031249,
  "summary_fg_stdv": 3956.848876953125,
  "tsnr": 32.327178955078125
}