{
  "aor": 0.0007959418457648547,
  "aqi": 0.009407316068268015,
  "bids_meta": {
    "AcquisitionDateTime": "2017-04-11T10:28:46.317000",
    "EchoTime": 0.0352,
    "EffectiveEchoSpacing": 0.000580013,
    "FlipAngle": 56,
    "ImageType": [
      "ORIGINAL",
      "PRIMARY",
      "M",
      "MB",
      "ND",
      "MOSAI"
    ],
    "MagneticFieldStrength": 3,
    "Manufacturer": "Siemens",
    "ManufacturersModelName": "Prisma",
    "PhaseEncodingDirection": "j-",
    "RepetitionTime": 0.955,
    "SliceTiming": [
      0.875,
      0.795,
      0.715,
      0.6375,
      0.5575,
      0.4775,
      0.3975,
      0.3175,
      0.2375,
      0.16,
      0.08,
      0,
      0.875,
      0.795,
      0.715,
      0.6375,
      0.5575,
      0.4775,
      0.3975,
      0.3175,
      0.2375,
      0.16,
      0.08,
      0,
      0.875,
      0.795,
      0.715,
      0.6375,
      0.5575,
      0.4775,
      0.3975,
      0.3175,
      0.2375,
      0.16,
      0.08,
      0,
      0.875,
      0.795,
      0.715,
      0.6375,
      0.5575,
      0.4775,
      0.3975,
      0.3175,
      0.2375,
      0.16,
      0.08,
      0,
      0.875,
      0.795,
      0.715,
      0.6375,
      0.5575,
      0.4775,
      0.3975,
      0.3175,
      0.2375,
      0.16,
      0.08,
      0
    ],
    "TaskName": "localizer",
    "TotalReadoutTime": 0.0580013,
    "dataset": "ds001771",
    "modality": "bold",
    "subject_id": "08",
    "task_id": "localizer"
  },
  "dummy_trs": 1,
  "dvars_nstd": 44.45682684501268,
  "dvars_std": 1.0268027830126576,
  "dvars_vstd": 1.0043084876202533,
  "efc": 0.506289572535363,
  "fber": 14591.8173828125,
  "fd_mean": 0.11889074179161009,
  "fd_num": 81,
  "fd_perc": 10.240202275600506,
  "fwhm_avg": 2.810938333333333,
  "fwhm_x": 2.60013,
  "fwhm_y": 3.01456,
  "fwhm_z": 2.818125,
  "gcor": 0.0170816,
  "gsr_x": -0.012015413492918015,
  "gsr_y": 0.04358809068799019,
  "provenance": {
    "md5sum": "8387d34ee624be4909486210e8952b4e",
    "settings": {
      "fd_thres": 0.2,
      "testing": false
    },
    "software": "mriqc",
    "version": "23.0.1",
    "webapi_port": null,
    "webapi_url": "https://mriqc.nimh.nih.gov/api/v1"
  },
  "size_t": 791,
  "size_x": 100,
  "size_y": 100,
  "size_z": 60,
  "snr": 2.9325791436841704,
  "spacing_tr": 0.9549999833106995,
  "spacing_x": 2.0,
  "spacing_y": 2.0,
  "spacing_z": 2.0,
  "summary_bg_k": 154.00520618688782,
  "summary_bg_mad": 34.669013072291825,
  "summary_bg_mean": 283.1531066894531,
  "summary_bg_median": 60.63938522338867,
  "summary_bg_n": 370036.0,
  "summary_bg_p05": 27.03950834274292,
  "summary_bg_p95": 1287.2544250488281,
  "summary_bg_stdv": 811.3855590820312,
  "summary_fg_k": 1.0623823136789472,
  "summary_fg_mad": 2339.297993887315,
  "summary_fg_mean": 7746.76171875,
  "summary_fg_median": 7423.298828125,
  "summary_fg_n": 142666.0,
  "summary_fg_p05": 4279.385986328125,
  "summary_fg_p95": 12218.81884765625,
  "summary_fg_stdv": 2531.31201171875,
  "tsnr": 28.623571395874023
}