{
  "aor": 0.00032828478964401297,
  "aqi": 0.010227254983818771,
  "bids_meta": {
    "AcquisitionDateTime": "2017-07-06T15:53:37.085000",
    "EchoTime": 0.0352,
    "EffectiveEchoSpacing": 0.000580013,
    "FlipAngle": 56,
    "ImageType": [
      "ORIGINAL",
      "PRIMARY",
      "M",
      "MB",
      "ND",
      "MOSAI"
    ],
    "MagneticFieldStrength": 3,
    "Manufacturer": "Siemens",
    "ManufacturersModelName": "Prisma",
    "PhaseEncodingDirection": "j-",
    "RepetitionTime": 0.955,
    "SliceTiming": [
      0.8775,
      0.7975,
      0.7175,
      0.6375,
      0.5575,
      0.4775,
      0.4,
      0.32,
      0.24,
      0.16,
      0.08,
      0,
      0.8775,
      0.7975,
      0.7175,
      0.6375,
      0.5575,
      0.4775,
      0.4,
      0.32,
      0.24,
      0.16,
      0.08,
      0,
      0.8775,
      0.7975,
      0.7175,
      0.6375,
      0.5575,
      0.4775,
      0.4,
      0.32,
      0.24,
      0.16,
      0.08,
      0,
      0.8775,
      0.7975,
      0.7175,
      0.6375,
      0.5575,
      0.4775,
      0.4,
      0.32,
      0.24,
      0.16,
      0.08,
      0,
      0.8775,
      0.7975,
      0.7175,
      0.6375,
      0.5575,
      0.4775,
      0.4,
      0.32,
      0.24,
      0.16,
      0.08,
      0
    ],
    "TaskName": "rest",
    "TotalReadoutTime": 0.0580013,
    "dataset": "ds001771",
    "modality": "bold",
    "subject_id": "32",
    "task_id": "rest"
  },
  "dummy_trs": 2,
  "dvars_nstd": 48.51224237755267,
  "dvars_std": 1.0053890508914114,
  "dvars_vstd": 0.9978946369854139,
  "efc": 0.487662491926951,
  "fber": 12989.6416015625,
  "fd_mean": 0.14522416975542282,
  "fd_num": 137,
  "fd_perc": 22.168284789644012,
  "fwhm_avg": 2.6696833333333334,
  "fwhm_x": 2.512075,
  "fwhm_y": 2.86295,
  "fwhm_z": 2.634025,
  "gcor": 0.00222227,
  "gsr_x": -0.007254794705659151,
  "gsr_y": 0.04339366406202316,
  "provenance": {
    "md5sum": "b327ecaac64bbe1d29cb2f1f6217d968",
    "settings": {
      "fd_thres": 0.2,
      "testing": false
    },
    "software": "mriqc",
    "version": "23.0.1",
    "webapi_port": null,
    "webapi_url": "https://mriqc.nimh.nih.gov/api/v1"
  },
  "size_t": 618,
  "size_x": 100,
  "size_y": 100,
  "size_z": 60,
  "snr": 2.9143542709367396,
  "spacing_tr": 0.9549999833106995,
  "spacing_x": 2.0,
  "spacing_y": 2.0,
  "spacing_z": 2.0,
  "summary_bg_k": 83.97769451733396,
  "summary_bg_mad": 35.07865670322547,
  "summary_bg_mean": 251.3694305419922,
  "summary_bg_median": 61.160194396972656,
  "summary_bg_n": 384163.0,
  "summary_bg_p05": 27.215211868286133,
  "summary_bg_p95": 1016.3482788085927,
  "summary_bg_stdv": 697.0255737304688,
  "summary_fg_k": 1.362049440246465,
  "summary_fg_mad": 2306.0740943677365,
  "summary_fg_mean": 7418.24560546875,
  "summary_fg_median": 7057.59912109375,
  "summary_fg_n": 130409.0,
  "summary_fg_p05": 4291.9849609375,
  "summary_fg_p95": 11805.329492187499,
  "summary_fg_stdv": 2421.658935546875,
  "tsnr": 25.620049143210053
}