{
  "aor": 0.0012536065573770495,
  "aqi": 0.011939543251366121,
  "bids_meta": {
    "AcquisitionDateTime": "2017-07-06T13:30:17.043000",
    "EchoTime": 0.0352,
    "EffectiveEchoSpacing": 0.000580013,
    "FlipAngle": 56,
    "ImageType": [
      "ORIGINAL",
      "PRIMARY",
      "M",
      "MB",
      "ND",
      "MOSAI"
    ],
    "MagneticFieldStrength": 3,
    "Manufacturer": "Siemens",
    "ManufacturersModelName": "Prisma",
    "PhaseEncodingDirection": "j-",
    "RepetitionTime": 0.955,
    "SliceTiming": [
      0.875,
      0.795,
      0.715,
      0.635,
      0.555,
      0.4775,
      0.3975,
      0.3175,
      0.2375,
      0.1575,
      0.0775,
      0,
      0.875,
      0.795,
      0.715,
      0.635,
      0.555,
      0.4775,
      0.3975,
      0.3175,
      0.2375,
      0.1575,
      0.0775,
      0,
      0.875,
      0.795,
      0.715,
      0.635,
      0.555,
      0.4775,
      0.3975,
      0.3175,
      0.2375,
      0.1575,
      0.0775,
      0,
      0.875,
      0.795,
      0.715,
      0.635,
      0.555,
      0.4775,
      0.3975,
      0.3175,
      0.2375,
      0.1575,
      0.0775,
      0,
      0.875,
      0.795,
      0.715,
      0.635,
      0.555,
      0.4775,
      0.3975,
      0.3175,
      0.2375,
      0.1575,
      0.0775,
      0
    ],
    "TaskName": "identification",
    "TotalReadoutTime": 0.0580013,
    "dataset": "ds001771",
    "modality": "bold",
    "run_id": 1,
    "subject_id": "32",
    "task_id": "identification"
  },
  "dummy_trs": 0,
  "dvars_nstd": 50.95206080430139,
  "dvars_std": 1.0257498468493147,
  "dvars_vstd": 1.0162447212876717,
  "efc": 0.492379872214368,
  "fber": 12301.0322265625,
  "fd_mean": 0.18624882953183472,
  "fd_num": 108,
  "fd_perc": 29.508196721311474,
  "fwhm_avg": 2.6724133333333335,
  "fwhm_x": 2.491805,
  "fwhm_y": 2.856065,
  "fwhm_z": 2.66937,
  "gcor": 0.00337876,
  "gsr_x": -0.014685489237308502,
  "gsr_y": 0.05109703913331032,
  "provenance": {
    "md5sum": "5e20adda947a78becc50d596c2c179e7",
    "settings": {
      "fd_thres": 0.2,
      "testing": false
    },
    "software": "mriqc",
    "version": "23.0.1",
    "webapi_port": null,
    "webapi_url": "https://mriqc.nimh.nih.gov/api/v1"
  },
  "size_t": 366,
  "size_x": 100,
  "size_y": 100,
  "size_z": 60,
  "snr": 2.944859111809881,
  "spacing_tr": 0.9549999833106995,
  "spacing_x": 2.0,
  "spacing_y": 2.0,
  "spacing_z": 2.0,
  "summary_bg_k": 132.15809704871694,
  "summary_bg_mad": 34.31454624206214,
  "summary_bg_mean": 275.33819580078125,
  "summary_bg_median": 63.185791015625,
  "summary_bg_n": 382409.0,
  "summary_bg_p05": 33.37158203125,
  "summary_bg_p95": 1079.2993896484368,
  "summary_bg_stdv": 849.3672485351562,
  "summary_fg_k": 1.1857743559693876,
  "summary_fg_mad": 2319.9908644109746,
  "summary_fg_mean": 7500.50048828125,
  "summary_fg_median": 7139.671875,
  "summary_fg_n": 132030.0,
  "summary_fg_p05": 4341.398413085937,
  "summary_fg_p95": 11918.9228515625,
  "summary_fg_stdv": 2424.443603515625,
  "tsnr": 24.61214880726766
}