{
  "aor": 0.0004728950695322377,
  "aqi": 0.007043766801517066,
  "bids_meta": {
    "AcquisitionDateTime": "2017-07-28T09:54:17.579000",
    "EchoTime": 0.0352,
    "EffectiveEchoSpacing": 0.000580013,
    "FlipAngle": 56,
    "ImageType": [
      "ORIGINAL",
      "PRIMARY",
      "M",
      "MB",
      "ND",
      "MOSAI"
    ],
    "MagneticFieldStrength": 3,
    "Manufacturer": "Siemens",
    "ManufacturersModelName": "Prisma",
    "PhaseEncodingDirection": "j-",
    "RepetitionTime": 0.955,
    "SliceTiming": [
      0.875,
      0.795,
      0.7175,
      0.6375,
      0.5575,
      0.4775,
      0.3975,
      0.3175,
      0.24,
      0.16,
      0.08,
      0,
      0.875,
      0.795,
      0.7175,
      0.6375,
      0.5575,
      0.4775,
      0.3975,
      0.3175,
      0.24,
      0.16,
      0.08,
      0,
      0.875,
      0.795,
      0.7175,
      0.6375,
      0.5575,
      0.4775,
      0.3975,
      0.3175,
      0.24,
      0.16,
      0.08,
      0,
      0.875,
      0.795,
      0.7175,
      0.6375,
      0.5575,
      0.4775,
      0.3975,
      0.3175,
      0.24,
      0.16,
      0.08,
      0,
      0.875,
      0.795,
      0.7175,
      0.6375,
      0.5575,
      0.4775,
      0.3975,
      0.3175,
      0.24,
      0.16,
      0.08,
      0
    ],
    "TaskName": "localizer",
    "TotalReadoutTime": 0.0580013,
    "dataset": "ds001771",
    "modality": "bold",
    "subject_id": "41",
    "task_id": "localizer"
  },
  "dummy_trs": 1,
  "dvars_nstd": 41.10886952377216,
  "dvars_std": 1.0082046597215186,
  "dvars_vstd": 1.0054538021898751,
  "efc": 0.5014417092988313,
  "fber": 14437.5859375,
  "fd_mean": 0.07359731062327862,
  "fd_num": 7,
  "fd_perc": 0.8849557522123894,
  "fwhm_avg": 2.8511433333333334,
  "fwhm_x": 2.630865,
  "fwhm_y": 3.10757,
  "fwhm_z": 2.814995,
  "gcor": 0.01128,
  "gsr_x": -0.007009056396782398,
  "gsr_y": 0.04501444473862648,
  "provenance": {
    "md5sum": "3cf58b7643d0604eb0ce514d810bd6e5",
    "settings": {
      "fd_thres": 0.2,
      "testing": false
    },
    "software": "mriqc",
    "version": "23.0.1",
    "webapi_port": null,
    "webapi_url": "https://mriqc.nimh.nih.gov/api/v1"
  },
  "size_t": 791,
  "size_x": 100,
  "size_y": 100,
  "size_z": 60,
  "snr": 3.0425060638499315,
  "spacing_tr": 0.9549999833106995,
  "spacing_x": 2.0,
  "spacing_y": 2.0,
  "spacing_z": 2.0,
  "summary_bg_k": 133.02245024035557,
  "summary_bg_mad": 32.50479129326534,
  "summary_bg_mean": 289.88531494140625,
  "summary_bg_median": 61.108726501464844,
  "summary_bg_n": 375404.0,
  "summary_bg_p05": 30.931732177734375,
  "summary_bg_p95": 1216.4704223632802,
  "summary_bg_stdv": 849.5133666992188,
  "summary_fg_k": 0.4630802754735446,
  "summary_fg_mad": 2476.822018373838,
  "summary_fg_mean": 7769.79248046875,
  "summary_fg_median": 7583.2744140625,
  "summary_fg_n": 136082.0,
  "summary_fg_p05": 4174.703662109375,
  "summary_fg_p95": 12045.493457031249,
  "summary_fg_stdv": 2492.434326171875,
  "tsnr": 30.747355009429157
}