{
  "aor": 0.00021972536348949923,
  "aqi": 0.00889345465266559,
  "bids_meta": {
    "AcquisitionDateTime": "2017-07-28T11:02:37.503000",
    "EchoTime": 0.0352,
    "EffectiveEchoSpacing": 0.000580013,
    "FlipAngle": 56,
    "ImageType": [
      "ORIGINAL",
      "PRIMARY",
      "M",
      "MB",
      "ND",
      "MOSAI"
    ],
    "MagneticFieldStrength": 3,
    "Manufacturer": "Siemens",
    "ManufacturersModelName": "Prisma",
    "PhaseEncodingDirection": "j-",
    "RepetitionTime": 0.955,
    "SliceTiming": [
      0.875,
      0.795,
      0.715,
      0.635,
      0.555,
      0.4775,
      0.3975,
      0.3175,
      0.2375,
      0.1575,
      0.0775,
      0,
      0.875,
      0.795,
      0.715,
      0.635,
      0.555,
      0.4775,
      0.3975,
      0.3175,
      0.2375,
      0.1575,
      0.0775,
      0,
      0.875,
      0.795,
      0.715,
      0.635,
      0.555,
      0.4775,
      0.3975,
      0.3175,
      0.2375,
      0.1575,
      0.0775,
      0,
      0.875,
      0.795,
      0.715,
      0.635,
      0.555,
      0.4775,
      0.3975,
      0.3175,
      0.2375,
      0.1575,
      0.0775,
      0,
      0.875,
      0.795,
      0.715,
      0.635,
      0.555,
      0.4775,
      0.3975,
      0.3175,
      0.2375,
      0.1575,
      0.0775,
      0
    ],
    "TaskName": "rest",
    "TotalReadoutTime": 0.0580013,
    "dataset": "ds001771",
    "modality": "bold",
    "subject_id": "41",
    "task_id": "rest"
  },
  "dummy_trs": 1,
  "dvars_nstd": 40.498190901310714,
  "dvars_std": 0.9782915029449852,
  "dvars_vstd": 0.978870737491909,
  "efc": 0.4971331187299912,
  "fber": 15959.763671875,
  "fd_mean": 0.08345103915784279,
  "fd_num": 7,
  "fd_perc": 1.1308562197092085,
  "fwhm_avg": 2.881675,
  "fwhm_x": 2.665375,
  "fwhm_y": 3.12262,
  "fwhm_z": 2.85703,
  "gcor": 0.00489081,
  "gsr_x": -0.004532304592430592,
  "gsr_y": 0.03755408897995949,
  "provenance": {
    "md5sum": "38c18b2954d4b0e92c3ae77f574c63d3",
    "settings": {
      "fd_thres": 0.2,
      "testing": false
    },
    "software": "mriqc",
    "version": "23.0.1",
    "webapi_port": null,
    "webapi_url": "https://mriqc.nimh.nih.gov/api/v1"
  },
  "size_t": 619,
  "size_x": 100,
  "size_y": 100,
  "size_z": 60,
  "snr": 3.0316147704534955,
  "spacing_tr": 0.9549999833106995,
  "spacing_x": 2.0,
  "spacing_y": 2.0,
  "spacing_z": 2.0,
  "summary_bg_k": 63.859669761698825,
  "summary_bg_mad": 29.831680034724524,
  "summary_bg_mean": 269.4392395019531,
  "summary_bg_median": 59.58158493041992,
  "summary_bg_n": 377596.0,
  "summary_bg_p05": 33.1793212890625,
  "summary_bg_p95": 1153.159912109375,
  "summary_bg_stdv": 665.8604125976562,
  "summary_fg_k": 0.7358423191243482,
  "summary_fg_mad": 2538.086501063141,
  "summary_fg_mean": 8007.25537109375,
  "summary_fg_median": 7811.26513671875,
  "summary_fg_n": 133904.0,
  "summary_fg_p05": 4347.436254882812,
  "summary_fg_p95": 12387.412451171875,
  "summary_fg_stdv": 2576.592529296875,
  "tsnr": 29.378512770636007
}