{
  "aor": 0.0002519945355191257,
  "aqi": 0.005546938770491804,
  "bids_meta": {
    "AcquisitionDateTime": "2017-07-28T09:34:37.574000",
    "EchoTime": 0.0352,
    "EffectiveEchoSpacing": 0.000580013,
    "FlipAngle": 56,
    "ImageType": [
      "ORIGINAL",
      "PRIMARY",
      "M",
      "MB",
      "ND",
      "MOSAI"
    ],
    "MagneticFieldStrength": 3,
    "Manufacturer": "Siemens",
    "ManufacturersModelName": "Prisma",
    "PhaseEncodingDirection": "j-",
    "RepetitionTime": 0.955,
    "SliceTiming": [
      0.875,
      0.795,
      0.715,
      0.635,
      0.555,
      0.4775,
      0.3975,
      0.3175,
      0.2375,
      0.1575,
      0.0775,
      0,
      0.875,
      0.795,
      0.715,
      0.635,
      0.555,
      0.4775,
      0.3975,
      0.3175,
      0.2375,
      0.1575,
      0.0775,
      0,
      0.875,
      0.795,
      0.715,
      0.635,
      0.555,
      0.4775,
      0.3975,
      0.3175,
      0.2375,
      0.1575,
      0.0775,
      0,
      0.875,
      0.795,
      0.715,
      0.635,
      0.555,
      0.4775,
      0.3975,
      0.3175,
      0.2375,
      0.1575,
      0.0775,
      0,
      0.875,
      0.795,
      0.715,
      0.635,
      0.555,
      0.4775,
      0.3975,
      0.3175,
      0.2375,
      0.1575,
      0.0775,
      0
    ],
    "TaskName": "identification",
    "TotalReadoutTime": 0.0580013,
    "dataset": "ds001771",
    "modality": "bold",
    "run_id": 2,
    "subject_id": "41",
    "task_id": "identification"
  },
  "dummy_trs": 0,
  "dvars_nstd": 41.22961923249315,
  "dvars_std": 1.0122086076438352,
  "dvars_vstd": 1.0067583669041091,
  "efc": 0.500439776501109,
  "fber": 15917.1083984375,
  "fd_mean": 0.07183083032175024,
  "fd_num": 0,
  "fd_perc": 0.0,
  "fwhm_avg": 2.811688333333333,
  "fwhm_x": 2.595595,
  "fwhm_y": 3.056985,
  "fwhm_z": 2.782485,
  "gcor": 0.00743396,
  "gsr_x": -0.007617789786309004,
  "gsr_y": 0.04539542272686958,
  "provenance": {
    "md5sum": "c44d245ed76dd50cfcd38ff1b10c8dec",
    "settings": {
      "fd_thres": 0.2,
      "testing": false
    },
    "software": "mriqc",
    "version": "23.0.1",
    "webapi_port": null,
    "webapi_url": "https://mriqc.nimh.nih.gov/api/v1"
  },
  "size_t": 366,
  "size_x": 100,
  "size_y": 100,
  "size_z": 60,
  "snr": 3.0622299950736043,
  "spacing_tr": 0.9549999833106995,
  "spacing_x": 2.0,
  "spacing_y": 2.0,
  "spacing_z": 2.0,
  "summary_bg_k": 170.65382705267535,
  "summary_bg_mad": 25.94267139478316,
  "summary_bg_mean": 286.69561767578125,
  "summary_bg_median": 58.32365036010742,
  "summary_bg_n": 375237.0,
  "summary_bg_p05": 36.07051162719726,
  "summary_bg_p95": 1188.2857910156251,
  "summary_bg_stdv": 888.6903686523438,
  "summary_fg_k": 0.45028063411618735,
  "summary_fg_mad": 2467.859441827838,
  "summary_fg_mean": 7777.88671875,
  "summary_fg_median": 7594.9765625,
  "summary_fg_n": 136124.0,
  "summary_fg_p05": 4200.823071289063,
  "summary_fg_p95": 12018.985791015624,
  "summary_fg_stdv": 2480.201904296875,
  "tsnr": 32.868934631347656
}