{
  "aor": 0.0022622527472527473,
  "aqi": 0.010525498021978021,
  "bids_meta": {
    "AcquisitionDateTime": "2017-04-26T14:07:39.512000",
    "EchoTime": 0.0352,
    "EffectiveEchoSpacing": 0.000580013,
    "FlipAngle": 56,
    "ImageType": [
      "ORIGINAL",
      "PRIMARY",
      "M",
      "MB",
      "ND",
      "MOSAI"
    ],
    "MagneticFieldStrength": 3,
    "Manufacturer": "Siemens",
    "ManufacturersModelName": "Prisma",
    "PhaseEncodingDirection": "j-",
    "RepetitionTime": 0.955,
    "SliceTiming": [
      0.875,
      0.795,
      0.715,
      0.6375,
      0.5575,
      0.4775,
      0.3975,
      0.3175,
      0.2375,
      0.16,
      0.08,
      0,
      0.875,
      0.795,
      0.715,
      0.6375,
      0.5575,
      0.4775,
      0.3975,
      0.3175,
      0.2375,
      0.16,
      0.08,
      0,
      0.875,
      0.795,
      0.715,
      0.6375,
      0.5575,
      0.4775,
      0.3975,
      0.3175,
      0.2375,
      0.16,
      0.08,
      0,
      0.875,
      0.795,
      0.715,
      0.6375,
      0.5575,
      0.4775,
      0.3975,
      0.3175,
      0.2375,
      0.16,
      0.08,
      0,
      0.875,
      0.795,
      0.715,
      0.6375,
      0.5575,
      0.4775,
      0.3975,
      0.3175,
      0.2375,
      0.16,
      0.08,
      0
    ],
    "TaskName": "identification",
    "TotalReadoutTime": 0.0580013,
    "dataset": "ds001771",
    "modality": "bold",
    "run_id": 4,
    "subject_id": "14",
    "task_id": "identification"
  },
  "dummy_trs": 2,
  "dvars_nstd": 55.5758026690909,
  "dvars_std": 1.0457145862809916,
  "dvars_vstd": 1.0301354689531677,
  "efc": 0.515672168358209,
  "fber": 8102.724609375,
  "fd_mean": 0.24975895744693066,
  "fd_num": 233,
  "fd_perc": 64.01098901098901,
  "fwhm_avg": 3.0051083333333337,
  "fwhm_x": 2.77889,
  "fwhm_y": 3.151285,
  "fwhm_z": 3.08515,
  "gcor": 0.00183872,
  "gsr_x": -0.0076105063781142235,
  "gsr_y": 0.04056910052895546,
  "provenance": {
    "md5sum": "4e61526d7e9be5ed14c0b4d125f13097",
    "settings": {
      "fd_thres": 0.2,
      "testing": false
    },
    "software": "mriqc",
    "version": "23.0.1",
    "webapi_port": null,
    "webapi_url": "https://mriqc.nimh.nih.gov/api/v1"
  },
  "size_t": 364,
  "size_x": 100,
  "size_y": 100,
  "size_z": 60,
  "snr": 2.5510818707906484,
  "spacing_tr": 0.9549999833106995,
  "spacing_x": 2.0,
  "spacing_y": 2.0,
  "spacing_z": 2.0,
  "summary_bg_k": 51.40907789249431,
  "summary_bg_mad": 51.33713786006289,
  "summary_bg_mean": 281.802734375,
  "summary_bg_median": 72.67857360839844,
  "summary_bg_n": 362743.0,
  "summary_bg_p05": 28.58241844177246,
  "summary_bg_p95": 1194.3481567382694,
  "summary_bg_stdv": 628.8965454101562,
  "summary_fg_k": 0.7410801156879172,
  "summary_fg_mad": 2443.8315852680626,
  "summary_fg_mean": 7164.2978515625,
  "summary_fg_median": 6709.3076171875,
  "summary_fg_n": 147712.0,
  "summary_fg_p05": 3811.1955078125,
  "summary_fg_p95": 12173.0470703125,
  "summary_fg_stdv": 2629.976318359375,
  "tsnr": 24.44474069424905
}