{
  "aor": 0.000497221324717286,
  "aqi": 0.015907737447495962,
  "bids_meta": {
    "AcquisitionDateTime": "2017-04-26T16:07:39.572000",
    "EchoTime": 0.0352,
    "EffectiveEchoSpacing": 0.000580013,
    "FlipAngle": 56,
    "ImageType": [
      "ORIGINAL",
      "PRIMARY",
      "M",
      "MB",
      "ND",
      "MOSAI"
    ],
    "MagneticFieldStrength": 3,
    "Manufacturer": "Siemens",
    "ManufacturersModelName": "Prisma",
    "PhaseEncodingDirection": "j-",
    "RepetitionTime": 0.955,
    "SliceTiming": [
      0.875,
      0.795,
      0.7175,
      0.6375,
      0.5575,
      0.4775,
      0.3975,
      0.3175,
      0.24,
      0.16,
      0.08,
      0,
      0.875,
      0.795,
      0.7175,
      0.6375,
      0.5575,
      0.4775,
      0.3975,
      0.3175,
      0.24,
      0.16,
      0.08,
      0,
      0.875,
      0.795,
      0.7175,
      0.6375,
      0.5575,
      0.4775,
      0.3975,
      0.3175,
      0.24,
      0.16,
      0.08,
      0,
      0.875,
      0.795,
      0.7175,
      0.6375,
      0.5575,
      0.4775,
      0.3975,
      0.3175,
      0.24,
      0.16,
      0.08,
      0,
      0.875,
      0.795,
      0.7175,
      0.6375,
      0.5575,
      0.4775,
      0.3975,
      0.3175,
      0.24,
      0.16,
      0.08,
      0
    ],
    "TaskName": "rest",
    "TotalReadoutTime": 0.0580013,
    "dataset": "ds001771",
    "modality": "bold",
    "subject_id": "14",
    "task_id": "rest"
  },
  "dummy_trs": 1,
  "dvars_nstd": 55.591835447961124,
  "dvars_std": 0.9890636861003225,
  "dvars_vstd": 0.975783396893204,
  "efc": 0.5190777069988991,
  "fber": 7021.46484375,
  "fd_mean": 0.24810510158141127,
  "fd_num": 388,
  "fd_perc": 62.68174474959612,
  "fwhm_avg": 3.2103933333333337,
  "fwhm_x": 2.99417,
  "fwhm_y": 3.30566,
  "fwhm_z": 3.33135,
  "gcor": 0.0111049,
  "gsr_x": -0.007681533694267273,
  "gsr_y": 0.04620324447751045,
  "provenance": {
    "md5sum": "b8420554d7e428a6de55dcf21e6a6cd9",
    "settings": {
      "fd_thres": 0.2,
      "testing": false
    },
    "software": "mriqc",
    "version": "23.0.1",
    "webapi_port": null,
    "webapi_url": "https://mriqc.nimh.nih.gov/api/v1"
  },
  "size_t": 619,
  "size_x": 100,
  "size_y": 100,
  "size_z": 60,
  "snr": 2.3504049267238485,
  "spacing_tr": 0.9549999833106995,
  "spacing_x": 2.0,
  "spacing_y": 2.0,
  "spacing_z": 2.0,
  "summary_bg_k": 39.01641846696155,
  "summary_bg_mad": 57.661012296300854,
  "summary_bg_mean": 320.16009521484375,
  "summary_bg_median": 78.89176177978516,
  "summary_bg_n": 360261.0,
  "summary_bg_p05": 33.04523468017578,
  "summary_bg_p95": 1403.996826171875,
  "summary_bg_stdv": 705.7661743164062,
  "summary_fg_k": 1.346533370541831,
  "summary_fg_mad": 2492.3187587988577,
  "summary_fg_mean": 7324.93798828125,
  "summary_fg_median": 6747.3876953125,
  "summary_fg_n": 150409.0,
  "summary_fg_p05": 3850.61396484375,
  "summary_fg_p95": 13030.427343750001,
  "summary_fg_stdv": 2870.724609375,
  "tsnr": 21.7326991581358
}