{
  "aor": 0.0005272876712328767,
  "aqi": 0.008700840520547945,
  "bids_meta": {
    "AcquisitionDateTime": "2017-04-26T13:54:19.541000",
    "EchoTime": 0.0352,
    "EffectiveEchoSpacing": 0.000580013,
    "FlipAngle": 56,
    "ImageType": [
      "ORIGINAL",
      "PRIMARY",
      "M",
      "MB",
      "ND",
      "MOSAI"
    ],
    "MagneticFieldStrength": 3,
    "Manufacturer": "Siemens",
    "ManufacturersModelName": "Prisma",
    "PhaseEncodingDirection": "j-",
    "RepetitionTime": 0.955,
    "SliceTiming": [
      0.875,
      0.7975,
      0.7175,
      0.6375,
      0.5575,
      0.4775,
      0.3975,
      0.32,
      0.24,
      0.16,
      0.08,
      0,
      0.875,
      0.7975,
      0.7175,
      0.6375,
      0.5575,
      0.4775,
      0.3975,
      0.32,
      0.24,
      0.16,
      0.08,
      0,
      0.875,
      0.7975,
      0.7175,
      0.6375,
      0.5575,
      0.4775,
      0.3975,
      0.32,
      0.24,
      0.16,
      0.08,
      0,
      0.875,
      0.7975,
      0.7175,
      0.6375,
      0.5575,
      0.4775,
      0.3975,
      0.32,
      0.24,
      0.16,
      0.08,
      0,
      0.875,
      0.7975,
      0.7175,
      0.6375,
      0.5575,
      0.4775,
      0.3975,
      0.32,
      0.24,
      0.16,
      0.08,
      0
    ],
    "TaskName": "identification",
    "TotalReadoutTime": 0.0580013,
    "dataset": "ds001771",
    "modality": "bold",
    "run_id": 2,
    "subject_id": "14",
    "task_id": "identification"
  },
  "dummy_trs": 1,
  "dvars_nstd": 57.759431346126405,
  "dvars_std": 1.0444994357692308,
  "dvars_vstd": 1.0318719105769243,
  "efc": 0.5176606356390338,
  "fber": 8919.865234375,
  "fd_mean": 0.2834907483620398,
  "fd_num": 257,
  "fd_perc": 70.41095890410959,
  "fwhm_avg": 2.9782883333333334,
  "fwhm_x": 2.738255,
  "fwhm_y": 3.15025,
  "fwhm_z": 3.04636,
  "gcor": 0.00185866,
  "gsr_x": -0.009518587030470371,
  "gsr_y": 0.03878917172551155,
  "provenance": {
    "md5sum": "05e47f8f712614b2fffacd4985327e3e",
    "settings": {
      "fd_thres": 0.2,
      "testing": false
    },
    "software": "mriqc",
    "version": "23.0.1",
    "webapi_port": null,
    "webapi_url": "https://mriqc.nimh.nih.gov/api/v1"
  },
  "size_t": 365,
  "size_x": 100,
  "size_y": 100,
  "size_z": 60,
  "snr": 2.5524553870652094,
  "spacing_tr": 0.9549999833106995,
  "spacing_x": 2.0,
  "spacing_y": 2.0,
  "spacing_z": 2.0,
  "summary_bg_k": 51.273274374519644,
  "summary_bg_mad": 45.60322422864584,
  "summary_bg_mean": 287.12835693359375,
  "summary_bg_median": 69.3095932006836,
  "summary_bg_n": 361455.0,
  "summary_bg_p05": 30.347946166992188,
  "summary_bg_p95": 1215.741699218749,
  "summary_bg_stdv": 657.4461059570312,
  "summary_fg_k": 0.7443566998444338,
  "summary_fg_mad": 2459.736258481231,
  "summary_fg_mean": 7219.42041015625,
  "summary_fg_median": 6765.7138671875,
  "summary_fg_n": 149056.0,
  "summary_fg_p05": 3824.6268920898438,
  "summary_fg_p95": 12260.078125,
  "summary_fg_stdv": 2650.659912109375,
  "tsnr": 25.77438716753386
}