{
  "aor": 0.00026484931506849316,
  "aqi": 0.009838116328767124,
  "bids_meta": {
    "AcquisitionDateTime": "2017-04-26T13:47:59.512000",
    "EchoTime": 0.0352,
    "EffectiveEchoSpacing": 0.000580013,
    "FlipAngle": 56,
    "ImageType": [
      "ORIGINAL",
      "PRIMARY",
      "M",
      "MB",
      "ND",
      "MOSAI"
    ],
    "MagneticFieldStrength": 3,
    "Manufacturer": "Siemens",
    "ManufacturersModelName": "Prisma",
    "PhaseEncodingDirection": "j-",
    "RepetitionTime": 0.955,
    "SliceTiming": [
      0.875,
      0.795,
      0.715,
      0.635,
      0.5575,
      0.4775,
      0.3975,
      0.3175,
      0.2375,
      0.1575,
      0.08,
      0,
      0.875,
      0.795,
      0.715,
      0.635,
      0.5575,
      0.4775,
      0.3975,
      0.3175,
      0.2375,
      0.1575,
      0.08,
      0,
      0.875,
      0.795,
      0.715,
      0.635,
      0.5575,
      0.4775,
      0.3975,
      0.3175,
      0.2375,
      0.1575,
      0.08,
      0,
      0.875,
      0.795,
      0.715,
      0.635,
      0.5575,
      0.4775,
      0.3975,
      0.3175,
      0.2375,
      0.1575,
      0.08,
      0,
      0.875,
      0.795,
      0.715,
      0.635,
      0.5575,
      0.4775,
      0.3975,
      0.3175,
      0.2375,
      0.1575,
      0.08,
      0
    ],
    "TaskName": "identification",
    "TotalReadoutTime": 0.0580013,
    "dataset": "ds001771",
    "modality": "bold",
    "run_id": 1,
    "subject_id": "14",
    "task_id": "identification"
  },
  "dummy_trs": 1,
  "dvars_nstd": 56.60893763002752,
  "dvars_std": 1.0216462918956035,
  "dvars_vstd": 0.9991942014835159,
  "efc": 0.5183808977277922,
  "fber": 8282.052734375,
  "fd_mean": 0.2560017982915163,
  "fd_num": 236,
  "fd_perc": 64.65753424657534,
  "fwhm_avg": 3.0135066666666663,
  "fwhm_x": 2.769005,
  "fwhm_y": 3.171935,
  "fwhm_z": 3.09958,
  "gcor": 0.00311355,
  "gsr_x": -0.009877300821244717,
  "gsr_y": 0.03749901056289673,
  "provenance": {
    "md5sum": "6134d5abebee7d7783e7062c308a3259",
    "settings": {
      "fd_thres": 0.2,
      "testing": false
    },
    "software": "mriqc",
    "version": "23.0.1",
    "webapi_port": null,
    "webapi_url": "https://mriqc.nimh.nih.gov/api/v1"
  },
  "size_t": 365,
  "size_x": 100,
  "size_y": 100,
  "size_z": 60,
  "snr": 2.539776201282643,
  "spacing_tr": 0.9549999833106995,
  "spacing_x": 2.0,
  "spacing_y": 2.0,
  "spacing_z": 2.0,
  "summary_bg_k": 49.80021271619198,
  "summary_bg_mad": 48.97868028204331,
  "summary_bg_mean": 286.42462158203125,
  "summary_bg_median": 71.80548095703125,
  "summary_bg_n": 360719.0,
  "summary_bg_p05": 31.153425216674805,
  "summary_bg_p95": 1214.2170288085929,
  "summary_bg_stdv": 650.6007080078125,
  "summary_fg_k": 0.8227053967043392,
  "summary_fg_mad": 2462.596131559457,
  "summary_fg_mean": 7239.2470703125,
  "summary_fg_median": 6776.0810546875,
  "summary_fg_n": 149674.0,
  "summary_fg_p05": 3844.9144165039065,
  "summary_fg_p95": 12334.471289062501,
  "summary_fg_stdv": 2667.974609375,
  "tsnr": 25.116325517068617
}