{
  "aor": 0.0003506953223767383,
  "aqi": 0.015112451201011378,
  "bids_meta": {
    "AcquisitionDateTime": "2017-04-26T14:15:39.548000",
    "EchoTime": 0.0352,
    "EffectiveEchoSpacing": 0.000580013,
    "FlipAngle": 56,
    "ImageType": [
      "ORIGINAL",
      "PRIMARY",
      "M",
      "MB",
      "ND",
      "MOSAI"
    ],
    "MagneticFieldStrength": 3,
    "Manufacturer": "Siemens",
    "ManufacturersModelName": "Prisma",
    "PhaseEncodingDirection": "j-",
    "RepetitionTime": 0.955,
    "SliceTiming": [
      0.8775,
      0.7975,
      0.7175,
      0.6375,
      0.5575,
      0.4775,
      0.4,
      0.32,
      0.24,
      0.16,
      0.08,
      0,
      0.8775,
      0.7975,
      0.7175,
      0.6375,
      0.5575,
      0.4775,
      0.4,
      0.32,
      0.24,
      0.16,
      0.08,
      0,
      0.8775,
      0.7975,
      0.7175,
      0.6375,
      0.5575,
      0.4775,
      0.4,
      0.32,
      0.24,
      0.16,
      0.08,
      0,
      0.8775,
      0.7975,
      0.7175,
      0.6375,
      0.5575,
      0.4775,
      0.4,
      0.32,
      0.24,
      0.16,
      0.08,
      0,
      0.8775,
      0.7975,
      0.7175,
      0.6375,
      0.5575,
      0.4775,
      0.4,
      0.32,
      0.24,
      0.16,
      0.08,
      0
    ],
    "TaskName": "localizer",
    "TotalReadoutTime": 0.0580013,
    "dataset": "ds001771",
    "modality": "bold",
    "subject_id": "14",
    "task_id": "localizer"
  },
  "dummy_trs": 1,
  "dvars_nstd": 56.622211325860754,
  "dvars_std": 0.9983810012911395,
  "dvars_vstd": 0.9753338032658231,
  "efc": 0.5187316002656812,
  "fber": 6743.94482421875,
  "fd_mean": 0.27689455719059025,
  "fd_num": 548,
  "fd_perc": 69.27939317319849,
  "fwhm_avg": 3.05832,
  "fwhm_x": 2.87494,
  "fwhm_y": 3.167835,
  "fwhm_z": 3.132185,
  "gcor": 0.0111638,
  "gsr_x": -0.006468349136412144,
  "gsr_y": 0.04378826543688774,
  "provenance": {
    "md5sum": "1bcd8f56a20d8a9114de73590aece97e",
    "settings": {
      "fd_thres": 0.2,
      "testing": false
    },
    "software": "mriqc",
    "version": "23.0.1",
    "webapi_port": null,
    "webapi_url": "https://mriqc.nimh.nih.gov/api/v1"
  },
  "size_t": 791,
  "size_x": 100,
  "size_y": 100,
  "size_z": 60,
  "snr": 2.5338776523490996,
  "spacing_tr": 0.9549999833106995,
  "spacing_x": 2.0,
  "spacing_y": 2.0,
  "spacing_z": 2.0,
  "summary_bg_k": 31.21300120696261,
  "summary_bg_mad": 59.841089770363574,
  "summary_bg_mean": 349.4298095703125,
  "summary_bg_median": 80.93489074707031,
  "summary_bg_n": 367570.0,
  "summary_bg_p05": 33.32800273895264,
  "summary_bg_p95": 1550.9909301757798,
  "summary_bg_stdv": 798.5042114257812,
  "summary_fg_k": 0.9423867526769434,
  "summary_fg_mad": 2442.5505966813216,
  "summary_fg_mean": 7229.6123046875,
  "summary_fg_median": 6728.67333984375,
  "summary_fg_n": 145666.0,
  "summary_fg_p05": 3894.827880859375,
  "summary_fg_p95": 12395.740234375,
  "summary_fg_stdv": 2655.4755859375,
  "tsnr": 22.10119686741382
}