{
  "aor": 0.0010160989010989012,
  "aqi": 0.01466993967032967,
  "bids_meta": {
    "AcquisitionDateTime": "2017-06-20T10:49:59.559000",
    "EchoTime": 0.0352,
    "EffectiveEchoSpacing": 0.000580013,
    "FlipAngle": 56,
    "ImageType": [
      "ORIGINAL",
      "PRIMARY",
      "M",
      "MB",
      "ND",
      "MOSAI"
    ],
    "MagneticFieldStrength": 3,
    "Manufacturer": "Siemens",
    "ManufacturersModelName": "Prisma",
    "PhaseEncodingDirection": "j-",
    "RepetitionTime": 0.955,
    "SliceTiming": [
      0.875,
      0.795,
      0.715,
      0.635,
      0.555,
      0.4775,
      0.3975,
      0.3175,
      0.2375,
      0.1575,
      0.0775,
      0,
      0.875,
      0.795,
      0.715,
      0.635,
      0.555,
      0.4775,
      0.3975,
      0.3175,
      0.2375,
      0.1575,
      0.0775,
      0,
      0.875,
      0.795,
      0.715,
      0.635,
      0.555,
      0.4775,
      0.3975,
      0.3175,
      0.2375,
      0.1575,
      0.0775,
      0,
      0.875,
      0.795,
      0.715,
      0.635,
      0.555,
      0.4775,
      0.3975,
      0.3175,
      0.2375,
      0.1575,
      0.0775,
      0,
      0.875,
      0.795,
      0.715,
      0.635,
      0.555,
      0.4775,
      0.3975,
      0.3175,
      0.2375,
      0.1575,
      0.0775,
      0
    ],
    "TaskName": "identification",
    "TotalReadoutTime": 0.0580013,
    "dataset": "ds001771",
    "modality": "bold",
    "run_id": 4,
    "subject_id": "29",
    "task_id": "identification"
  },
  "dummy_trs": 2,
  "dvars_nstd": 50.29401701396695,
  "dvars_std": 0.9855709093663912,
  "dvars_vstd": 1.863926100358125,
  "efc": 0.5498747152734444,
  "fber": 4740.08447265625,
  "fd_mean": 0.19871590477591694,
  "fd_num": 131,
  "fd_perc": 35.989010989010985,
  "fwhm_avg": 3.0178016666666667,
  "fwhm_x": 2.631715,
  "fwhm_y": 3.24007,
  "fwhm_z": 3.18162,
  "gcor": 0.0125365,
  "gsr_x": 0.014107650145888329,
  "gsr_y": 0.04047004133462906,
  "provenance": {
    "md5sum": "8c5e0e77e3ce4da87b949837b9d94f97",
    "settings": {
      "fd_thres": 0.2,
      "testing": false
    },
    "software": "mriqc",
    "version": "23.0.1",
    "webapi_port": null,
    "webapi_url": "https://mriqc.nimh.nih.gov/api/v1"
  },
  "size_t": 364,
  "size_x": 100,
  "size_y": 100,
  "size_z": 60,
  "snr": 2.1792933452238588,
  "spacing_tr": 0.9549999833106995,
  "spacing_x": 2.0,
  "spacing_y": 2.0,
  "spacing_z": 2.0,
  "summary_bg_k": 70.58594590087847,
  "summary_bg_mad": 105.95057641580061,
  "summary_bg_mean": 553.4498901367188,
  "summary_bg_median": 111.76092529296875,
  "summary_bg_n": 339097.0,
  "summary_bg_p05": 30.899660491943358,
  "summary_bg_p95": 2541.0206054687533,
  "summary_bg_stdv": 1377.7193603515625,
  "summary_fg_k": 1.4296788714140947,
  "summary_fg_mad": 3260.0855483276537,
  "summary_fg_mean": 8770.0595703125,
  "summary_fg_median": 8080.0458984375,
  "summary_fg_n": 166562.0,
  "summary_fg_p05": 4152.857885742187,
  "summary_fg_p95": 15788.50649414062,
  "summary_fg_stdv": 3707.6337890625,
  "tsnr": 24.262910842895508
}