{
  "aor": 0.001714808743169399,
  "aqi": 0.011417402595628415,
  "bids_meta": {
    "AcquisitionDateTime": "2017-06-20T10:30:19.565000",
    "EchoTime": 0.0352,
    "EffectiveEchoSpacing": 0.000580013,
    "FlipAngle": 56,
    "ImageType": [
      "ORIGINAL",
      "PRIMARY",
      "M",
      "MB",
      "ND",
      "MOSAI"
    ],
    "MagneticFieldStrength": 3,
    "Manufacturer": "Siemens",
    "ManufacturersModelName": "Prisma",
    "PhaseEncodingDirection": "j-",
    "RepetitionTime": 0.955,
    "SliceTiming": [
      0.875,
      0.795,
      0.715,
      0.6375,
      0.5575,
      0.4775,
      0.3975,
      0.3175,
      0.2375,
      0.16,
      0.08,
      0,
      0.875,
      0.795,
      0.715,
      0.6375,
      0.5575,
      0.4775,
      0.3975,
      0.3175,
      0.2375,
      0.16,
      0.08,
      0,
      0.875,
      0.795,
      0.715,
      0.6375,
      0.5575,
      0.4775,
      0.3975,
      0.3175,
      0.2375,
      0.16,
      0.08,
      0,
      0.875,
      0.795,
      0.715,
      0.6375,
      0.5575,
      0.4775,
      0.3975,
      0.3175,
      0.2375,
      0.16,
      0.08,
      0,
      0.875,
      0.795,
      0.715,
      0.6375,
      0.5575,
      0.4775,
      0.3975,
      0.3175,
      0.2375,
      0.16,
      0.08,
      0
    ],
    "TaskName": "identification",
    "TotalReadoutTime": 0.0580013,
    "dataset": "ds001771",
    "modality": "bold",
    "run_id": 1,
    "subject_id": "29",
    "task_id": "identification"
  },
  "dummy_trs": 0,
  "dvars_nstd": 49.525702949397264,
  "dvars_std": 1.0392042402191772,
  "dvars_vstd": 1.0052476544657545,
  "efc": 0.5512912180801546,
  "fber": 4189.265625,
  "fd_mean": 0.1790923829757962,
  "fd_num": 96,
  "fd_perc": 26.229508196721312,
  "fwhm_avg": 3.0431983333333332,
  "fwhm_x": 2.653855,
  "fwhm_y": 3.270185,
  "fwhm_z": 3.205555,
  "gcor": 0.00452206,
  "gsr_x": 0.009043543599545956,
  "gsr_y": 0.03880412131547928,
  "provenance": {
    "md5sum": "61d1485676b9bb5678065e2abd0e55a7",
    "settings": {
      "fd_thres": 0.2,
      "testing": false
    },
    "software": "mriqc",
    "version": "23.0.1",
    "webapi_port": null,
    "webapi_url": "https://mriqc.nimh.nih.gov/api/v1"
  },
  "size_t": 366,
  "size_x": 100,
  "size_y": 100,
  "size_z": 60,
  "snr": 2.189840865686333,
  "spacing_tr": 0.9549999833106995,
  "spacing_x": 2.0,
  "spacing_y": 2.0,
  "spacing_z": 2.0,
  "summary_bg_k": 71.98313593739954,
  "summary_bg_mad": 125.64366071313697,
  "summary_bg_mean": 534.5068359375,
  "summary_bg_median": 121.0254898071289,
  "summary_bg_n": 336194.0,
  "summary_bg_p05": 18.73456029891968,
  "summary_bg_p95": 2428.575451660154,
  "summary_bg_stdv": 1313.6722412109375,
  "summary_fg_k": 1.627956124644049,
  "summary_fg_mad": 3308.903556435527,
  "summary_fg_mean": 8917.251953125,
  "summary_fg_median": 8229.873046875,
  "summary_fg_n": 168372.0,
  "summary_fg_p05": 4266.8306884765625,
  "summary_fg_p95": 16027.314306640625,
  "summary_fg_stdv": 3758.19482421875,
  "tsnr": 25.614892959594727
}