{
  "aor": 0.0008831818181818182,
  "aqi": 0.015211737083333333,
  "bids_meta": {
    "AcquisitionDateTime": "2017-06-20T10:56:39.494000",
    "EchoTime": 0.0352,
    "EffectiveEchoSpacing": 0.000580013,
    "FlipAngle": 56,
    "ImageType": [
      "ORIGINAL",
      "PRIMARY",
      "M",
      "MB",
      "ND",
      "MOSAI"
    ],
    "MagneticFieldStrength": 3,
    "Manufacturer": "Siemens",
    "ManufacturersModelName": "Prisma",
    "PhaseEncodingDirection": "j-",
    "RepetitionTime": 0.955,
    "SliceTiming": [
      0.875,
      0.795,
      0.715,
      0.6375,
      0.5575,
      0.4775,
      0.3975,
      0.3175,
      0.2375,
      0.16,
      0.08,
      0,
      0.875,
      0.795,
      0.715,
      0.6375,
      0.5575,
      0.4775,
      0.3975,
      0.3175,
      0.2375,
      0.16,
      0.08,
      0,
      0.875,
      0.795,
      0.715,
      0.6375,
      0.5575,
      0.4775,
      0.3975,
      0.3175,
      0.2375,
      0.16,
      0.08,
      0,
      0.875,
      0.795,
      0.715,
      0.6375,
      0.5575,
      0.4775,
      0.3975,
      0.3175,
      0.2375,
      0.16,
      0.08,
      0,
      0.875,
      0.795,
      0.715,
      0.6375,
      0.5575,
      0.4775,
      0.3975,
      0.3175,
      0.2375,
      0.16,
      0.08,
      0
    ],
    "TaskName": "localizer",
    "TotalReadoutTime": 0.0580013,
    "dataset": "ds001771",
    "modality": "bold",
    "subject_id": "29",
    "task_id": "localizer"
  },
  "dummy_trs": 0,
  "dvars_nstd": 50.23765556249055,
  "dvars_std": 0.9995269311883707,
  "dvars_vstd": 0.975227339936789,
  "efc": 0.5505053354814021,
  "fber": 4471.876953125,
  "fd_mean": 0.21369760884703237,
  "fd_num": 293,
  "fd_perc": 36.994949494949495,
  "fwhm_avg": 3.0570816666666665,
  "fwhm_x": 2.66374,
  "fwhm_y": 3.28251,
  "fwhm_z": 3.224995,
  "gcor": 0.00956864,
  "gsr_x": 0.014264208264648914,
  "gsr_y": 0.0409109927713871,
  "provenance": {
    "md5sum": "87c1f6499e2872138d133355e8a412e9",
    "settings": {
      "fd_thres": 0.2,
      "testing": false
    },
    "software": "mriqc",
    "version": "23.0.1",
    "webapi_port": null,
    "webapi_url": "https://mriqc.nimh.nih.gov/api/v1"
  },
  "size_t": 792,
  "size_x": 100,
  "size_y": 100,
  "size_z": 60,
  "snr": 2.1484724954360206,
  "spacing_tr": 0.9549999833106995,
  "spacing_x": 2.0,
  "spacing_y": 2.0,
  "spacing_z": 2.0,
  "summary_bg_k": 65.9000104945432,
  "summary_bg_mad": 107.75371422060155,
  "summary_bg_mean": 553.4115600585938,
  "summary_bg_median": 114.22972869873047,
  "summary_bg_n": 337885.0,
  "summary_bg_p05": 30.97131233215332,
  "summary_bg_p95": 2543.1453124999994,
  "summary_bg_stdv": 1372.56396484375,
  "summary_fg_k": 1.4667299219782777,
  "summary_fg_mad": 3296.854517702711,
  "summary_fg_mean": 8785.712890625,
  "summary_fg_median": 8074.6650390625,
  "summary_fg_n": 167960.0,
  "summary_fg_p05": 4136.252026367188,
  "summary_fg_p95": 15915.647216796875,
  "summary_fg_stdv": 3758.317138671875,
  "tsnr": 23.484277725219727
}