{
  "aor": 0.0011535068493150685,
  "aqi": 0.008724675753424657,
  "bids_meta": {
    "AcquisitionDateTime": "2017-06-20T10:43:39.532000",
    "EchoTime": 0.0352,
    "EffectiveEchoSpacing": 0.000580013,
    "FlipAngle": 56,
    "ImageType": [
      "ORIGINAL",
      "PRIMARY",
      "M",
      "MB",
      "ND",
      "MOSAI"
    ],
    "MagneticFieldStrength": 3,
    "Manufacturer": "Siemens",
    "ManufacturersModelName": "Prisma",
    "PhaseEncodingDirection": "j-",
    "RepetitionTime": 0.955,
    "SliceTiming": [
      0.875,
      0.795,
      0.7175,
      0.6375,
      0.5575,
      0.4775,
      0.3975,
      0.3175,
      0.24,
      0.16,
      0.08,
      0,
      0.875,
      0.795,
      0.7175,
      0.6375,
      0.5575,
      0.4775,
      0.3975,
      0.3175,
      0.24,
      0.16,
      0.08,
      0,
      0.875,
      0.795,
      0.7175,
      0.6375,
      0.5575,
      0.4775,
      0.3975,
      0.3175,
      0.24,
      0.16,
      0.08,
      0,
      0.875,
      0.795,
      0.7175,
      0.6375,
      0.5575,
      0.4775,
      0.3975,
      0.3175,
      0.24,
      0.16,
      0.08,
      0,
      0.875,
      0.795,
      0.7175,
      0.6375,
      0.5575,
      0.4775,
      0.3975,
      0.3175,
      0.24,
      0.16,
      0.08,
      0
    ],
    "TaskName": "identification",
    "TotalReadoutTime": 0.0580013,
    "dataset": "ds001771",
    "modality": "bold",
    "run_id": 3,
    "subject_id": "29",
    "task_id": "identification"
  },
  "dummy_trs": 1,
  "dvars_nstd": 48.959326136153855,
  "dvars_std": 1.0582789716483512,
  "dvars_vstd": 1.0087033932967036,
  "efc": 0.5515027198538829,
  "fber": 4851.42919921875,
  "fd_mean": 0.15834012160295025,
  "fd_num": 104,
  "fd_perc": 28.493150684931507,
  "fwhm_avg": 3.0208399999999997,
  "fwhm_x": 2.64699,
  "fwhm_y": 3.23858,
  "fwhm_z": 3.17695,
  "gcor": 0.0101227,
  "gsr_x": 0.014089800417423248,
  "gsr_y": 0.03253649175167084,
  "provenance": {
    "md5sum": "5f4c53d44371e1aced861a605f89f7b7",
    "settings": {
      "fd_thres": 0.2,
      "testing": false
    },
    "software": "mriqc",
    "version": "23.0.1",
    "webapi_port": null,
    "webapi_url": "https://mriqc.nimh.nih.gov/api/v1"
  },
  "size_t": 365,
  "size_x": 100,
  "size_y": 100,
  "size_z": 60,
  "snr": 2.1323387846321067,
  "spacing_tr": 0.9549999833106995,
  "spacing_x": 2.0,
  "spacing_y": 2.0,
  "spacing_z": 2.0,
  "summary_bg_k": 46.12374872416688,
  "summary_bg_mad": 102.67162886252743,
  "summary_bg_mean": 530.9022827148438,
  "summary_bg_median": 111.05372619628906,
  "summary_bg_n": 334438.0,
  "summary_bg_p05": 33.0807300567627,
  "summary_bg_p95": 2514.1127563476552,
  "summary_bg_stdv": 1219.3055419921875,
  "summary_fg_k": 1.6422489000010438,
  "summary_fg_mad": 3365.5374409360256,
  "summary_fg_mean": 8937.599609375,
  "summary_fg_median": 8213.4013671875,
  "summary_fg_n": 168491.0,
  "summary_fg_p05": 4212.442138671875,
  "summary_fg_p95": 16246.6201171875,
  "summary_fg_stdv": 3851.816162109375,
  "tsnr": 27.87531280517578
}