{
  "aor": 0.0002644749596122779,
  "aqi": 0.007977079095315023,
  "bids_meta": {
    "AcquisitionDateTime": "2017-06-27T17:14:33.398000",
    "EchoTime": 0.0352,
    "EffectiveEchoSpacing": 0.000580013,
    "FlipAngle": 56,
    "ImageType": [
      "ORIGINAL",
      "PRIMARY",
      "M",
      "MB",
      "ND",
      "MOSAI"
    ],
    "MagneticFieldStrength": 3,
    "Manufacturer": "Siemens",
    "ManufacturersModelName": "Prisma",
    "PhaseEncodingDirection": "j-",
    "RepetitionTime": 0.955,
    "SliceTiming": [
      0.875,
      0.795,
      0.715,
      0.6375,
      0.5575,
      0.4775,
      0.3975,
      0.3175,
      0.2375,
      0.16,
      0.08,
      0,
      0.875,
      0.795,
      0.715,
      0.6375,
      0.5575,
      0.4775,
      0.3975,
      0.3175,
      0.2375,
      0.16,
      0.08,
      0,
      0.875,
      0.795,
      0.715,
      0.6375,
      0.5575,
      0.4775,
      0.3975,
      0.3175,
      0.2375,
      0.16,
      0.08,
      0,
      0.875,
      0.795,
      0.715,
      0.6375,
      0.5575,
      0.4775,
      0.3975,
      0.3175,
      0.2375,
      0.16,
      0.08,
      0,
      0.875,
      0.795,
      0.715,
      0.6375,
      0.5575,
      0.4775,
      0.3975,
      0.3175,
      0.2375,
      0.16,
      0.08,
      0
    ],
    "TaskName": "rest",
    "TotalReadoutTime": 0.0580013,
    "dataset": "ds001771",
    "modality": "bold",
    "subject_id": "31",
    "task_id": "rest"
  },
  "dummy_trs": 1,
  "dvars_nstd": 42.56555543069578,
  "dvars_std": 1.0171974389482201,
  "dvars_vstd": 0.9985929863106795,
  "efc": 0.5095056882165179,
  "fber": 14567.365234375,
  "fd_mean": 0.07919976102059129,
  "fd_num": 8,
  "fd_perc": 1.2924071082390953,
  "fwhm_avg": 2.8589683333333333,
  "fwhm_x": 2.593105,
  "fwhm_y": 3.091675,
  "fwhm_z": 2.892125,
  "gcor": 0.0152002,
  "gsr_x": -0.006948912050575018,
  "gsr_y": 0.04574538767337799,
  "provenance": {
    "md5sum": "1983dbb5c69b980408b1ce7852116b74",
    "settings": {
      "fd_thres": 0.2,
      "testing": false
    },
    "software": "mriqc",
    "version": "23.0.1",
    "webapi_port": null,
    "webapi_url": "https://mriqc.nimh.nih.gov/api/v1"
  },
  "size_t": 619,
  "size_x": 100,
  "size_y": 100,
  "size_z": 60,
  "snr": 3.0921608602964006,
  "spacing_tr": 0.9549999833106995,
  "spacing_x": 2.0,
  "spacing_y": 2.0,
  "spacing_z": 2.0,
  "summary_bg_k": 112.20526946210838,
  "summary_bg_mad": 37.73809818652014,
  "summary_bg_mean": 284.57098388671875,
  "summary_bg_median": 62.903072357177734,
  "summary_bg_n": 369997.0,
  "summary_bg_p05": 29.592891693115234,
  "summary_bg_p95": 1202.2536865234376,
  "summary_bg_stdv": 755.4943237304688,
  "summary_fg_k": 0.3759534428812987,
  "summary_fg_mad": 2480.3971311941946,
  "summary_fg_mean": 7980.09912109375,
  "summary_fg_median": 7736.1982421875,
  "summary_fg_n": 143386.0,
  "summary_fg_p05": 4410.1378173828125,
  "summary_fg_p95": 12322.345947265625,
  "summary_fg_stdv": 2501.86572265625,
  "tsnr": 30.948927585501224
}