{
  "aor": 0.000509013698630137,
  "aqi": 0.007091657342465754,
  "bids_meta": {
    "AcquisitionDateTime": "2017-06-27T15:25:53.298000",
    "EchoTime": 0.0352,
    "EffectiveEchoSpacing": 0.000580013,
    "FlipAngle": 56,
    "ImageType": [
      "ORIGINAL",
      "PRIMARY",
      "M",
      "MB",
      "ND",
      "MOSAI"
    ],
    "MagneticFieldStrength": 3,
    "Manufacturer": "Siemens",
    "ManufacturersModelName": "Prisma",
    "PhaseEncodingDirection": "j-",
    "RepetitionTime": 0.955,
    "SliceTiming": [
      0.875,
      0.795,
      0.7175,
      0.6375,
      0.5575,
      0.4775,
      0.3975,
      0.3175,
      0.24,
      0.16,
      0.08,
      0,
      0.875,
      0.795,
      0.7175,
      0.6375,
      0.5575,
      0.4775,
      0.3975,
      0.3175,
      0.24,
      0.16,
      0.08,
      0,
      0.875,
      0.795,
      0.7175,
      0.6375,
      0.5575,
      0.4775,
      0.3975,
      0.3175,
      0.24,
      0.16,
      0.08,
      0,
      0.875,
      0.795,
      0.7175,
      0.6375,
      0.5575,
      0.4775,
      0.3975,
      0.3175,
      0.24,
      0.16,
      0.08,
      0,
      0.875,
      0.795,
      0.7175,
      0.6375,
      0.5575,
      0.4775,
      0.3975,
      0.3175,
      0.24,
      0.16,
      0.08,
      0
    ],
    "TaskName": "identification",
    "TotalReadoutTime": 0.0580013,
    "dataset": "ds001771",
    "modality": "bold",
    "run_id": 4,
    "subject_id": "31",
    "task_id": "identification"
  },
  "dummy_trs": 1,
  "dvars_nstd": 44.023847422884614,
  "dvars_std": 1.0353358509615391,
  "dvars_vstd": 1.0084344447802198,
  "efc": 0.5095187175596575,
  "fber": 14847.8251953125,
  "fd_mean": 0.09464539823399624,
  "fd_num": 12,
  "fd_perc": 3.287671232876712,
  "fwhm_avg": 2.8613816666666665,
  "fwhm_x": 2.592025,
  "fwhm_y": 3.085975,
  "fwhm_z": 2.906145,
  "gcor": 0.00722028,
  "gsr_x": -0.008775454945862293,
  "gsr_y": 0.05326405540108681,
  "provenance": {
    "md5sum": "a9eb673f37c4000dad887c2e98cd6c1e",
    "settings": {
      "fd_thres": 0.2,
      "testing": false
    },
    "software": "mriqc",
    "version": "23.0.1",
    "webapi_port": null,
    "webapi_url": "https://mriqc.nimh.nih.gov/api/v1"
  },
  "size_t": 365,
  "size_x": 100,
  "size_y": 100,
  "size_z": 60,
  "snr": 3.067259961750368,
  "spacing_tr": 0.9549999833106995,
  "spacing_x": 2.0,
  "spacing_y": 2.0,
  "spacing_z": 2.0,
  "summary_bg_k": 108.11703000745341,
  "summary_bg_mad": 35.34279951791162,
  "summary_bg_mean": 305.7736511230469,
  "summary_bg_median": 62.106849670410156,
  "summary_bg_n": 370961.0,
  "summary_bg_p05": 31.76986312866211,
  "summary_bg_p95": 1268.83837890625,
  "summary_bg_stdv": 879.2068481445312,
  "summary_fg_k": 0.35792821564625354,
  "summary_fg_mad": 2470.0681426914416,
  "summary_fg_mean": 7953.802734375,
  "summary_fg_median": 7701.30419921875,
  "summary_fg_n": 142677.0,
  "summary_fg_p05": 4369.2333984375,
  "summary_fg_p95": 12333.410156249987,
  "summary_fg_stdv": 2510.80029296875,
  "tsnr": 32.24946752830874
}