{
  "aor": 0.0005884109589041096,
  "aqi": 0.009358581999999999,
  "bids_meta": {
    "AcquisitionDateTime": "2017-06-27T15:06:53.304000",
    "EchoTime": 0.0352,
    "EffectiveEchoSpacing": 0.000580013,
    "FlipAngle": 56,
    "ImageType": [
      "ORIGINAL",
      "PRIMARY",
      "M",
      "MB",
      "ND",
      "MOSAI"
    ],
    "MagneticFieldStrength": 3,
    "Manufacturer": "Siemens",
    "ManufacturersModelName": "Prisma",
    "PhaseEncodingDirection": "j-",
    "RepetitionTime": 0.955,
    "SliceTiming": [
      0.875,
      0.795,
      0.7175,
      0.6375,
      0.5575,
      0.4775,
      0.3975,
      0.3175,
      0.24,
      0.16,
      0.08,
      0,
      0.875,
      0.795,
      0.7175,
      0.6375,
      0.5575,
      0.4775,
      0.3975,
      0.3175,
      0.24,
      0.16,
      0.08,
      0,
      0.875,
      0.795,
      0.7175,
      0.6375,
      0.5575,
      0.4775,
      0.3975,
      0.3175,
      0.24,
      0.16,
      0.08,
      0,
      0.875,
      0.795,
      0.7175,
      0.6375,
      0.5575,
      0.4775,
      0.3975,
      0.3175,
      0.24,
      0.16,
      0.08,
      0,
      0.875,
      0.795,
      0.7175,
      0.6375,
      0.5575,
      0.4775,
      0.3975,
      0.3175,
      0.24,
      0.16,
      0.08,
      0
    ],
    "TaskName": "identification",
    "TotalReadoutTime": 0.0580013,
    "dataset": "ds001771",
    "modality": "bold",
    "run_id": 1,
    "subject_id": "31",
    "task_id": "identification"
  },
  "dummy_trs": 1,
  "dvars_nstd": 44.1068133470055,
  "dvars_std": 1.013347672994506,
  "dvars_vstd": 0.9985356335989007,
  "efc": 0.5098100062928298,
  "fber": 12744.3740234375,
  "fd_mean": 0.11521481981216183,
  "fd_num": 23,
  "fd_perc": 6.301369863013699,
  "fwhm_avg": 2.8713433333333334,
  "fwhm_x": 2.597125,
  "fwhm_y": 3.11261,
  "fwhm_z": 2.904295,
  "gcor": 0.00541774,
  "gsr_x": -0.00967339612543583,
  "gsr_y": 0.05482108145952225,
  "provenance": {
    "md5sum": "fa04927f72e60386baf148206ecb8377",
    "settings": {
      "fd_thres": 0.2,
      "testing": false
    },
    "software": "mriqc",
    "version": "23.0.1",
    "webapi_port": null,
    "webapi_url": "https://mriqc.nimh.nih.gov/api/v1"
  },
  "size_t": 365,
  "size_x": 100,
  "size_y": 100,
  "size_z": 60,
  "snr": 3.048455516115925,
  "spacing_tr": 0.9549999833106995,
  "spacing_x": 2.0,
  "spacing_y": 2.0,
  "spacing_z": 2.0,
  "summary_bg_k": 121.30504266963946,
  "summary_bg_mad": 49.42549586076568,
  "summary_bg_mean": 306.0480651855469,
  "summary_bg_median": 67.4383544921875,
  "summary_bg_n": 370077.0,
  "summary_bg_p05": 22.860275268554688,
  "summary_bg_p95": 1235.891015625001,
  "summary_bg_stdv": 899.9188232421875,
  "summary_fg_k": 0.40693759984210276,
  "summary_fg_mad": 2486.3485339472877,
  "summary_fg_mean": 7985.130859375,
  "summary_fg_median": 7725.087890625,
  "summary_fg_n": 143143.0,
  "summary_fg_p05": 4377.12744140625,
  "summary_fg_p95": 12397.1759765625,
  "summary_fg_stdv": 2534.090087890625,
  "tsnr": 30.36663876939565
}