{
  "aor": 0.00027637362637362637,
  "aqi": 0.006786998461538462,
  "bids_meta": {
    "AcquisitionDateTime": "2017-06-27T15:13:13.349000",
    "EchoTime": 0.0352,
    "EffectiveEchoSpacing": 0.000580013,
    "FlipAngle": 56,
    "ImageType": [
      "ORIGINAL",
      "PRIMARY",
      "M",
      "MB",
      "ND",
      "MOSAI"
    ],
    "MagneticFieldStrength": 3,
    "Manufacturer": "Siemens",
    "ManufacturersModelName": "Prisma",
    "PhaseEncodingDirection": "j-",
    "RepetitionTime": 0.955,
    "SliceTiming": [
      0.8775,
      0.7975,
      0.7175,
      0.6375,
      0.5575,
      0.4775,
      0.4,
      0.32,
      0.24,
      0.16,
      0.08,
      0,
      0.8775,
      0.7975,
      0.7175,
      0.6375,
      0.5575,
      0.4775,
      0.4,
      0.32,
      0.24,
      0.16,
      0.08,
      0,
      0.8775,
      0.7975,
      0.7175,
      0.6375,
      0.5575,
      0.4775,
      0.4,
      0.32,
      0.24,
      0.16,
      0.08,
      0,
      0.8775,
      0.7975,
      0.7175,
      0.6375,
      0.5575,
      0.4775,
      0.4,
      0.32,
      0.24,
      0.16,
      0.08,
      0,
      0.8775,
      0.7975,
      0.7175,
      0.6375,
      0.5575,
      0.4775,
      0.4,
      0.32,
      0.24,
      0.16,
      0.08,
      0
    ],
    "TaskName": "identification",
    "TotalReadoutTime": 0.0580013,
    "dataset": "ds001771",
    "modality": "bold",
    "run_id": 2,
    "subject_id": "31",
    "task_id": "identification"
  },
  "dummy_trs": 2,
  "dvars_nstd": 42.98151770771351,
  "dvars_std": 1.0201390438842983,
  "dvars_vstd": 0.9992513016804405,
  "efc": 0.5091807127089009,
  "fber": 15060.0546875,
  "fd_mean": 0.09385632856668741,
  "fd_num": 3,
  "fd_perc": 0.8241758241758241,
  "fwhm_avg": 2.8398049999999997,
  "fwhm_x": 2.578,
  "fwhm_y": 3.069625,
  "fwhm_z": 2.87179,
  "gcor": 0.00262364,
  "gsr_x": -0.009218540973961353,
  "gsr_y": 0.0557161383330822,
  "provenance": {
    "md5sum": "2b3ff59fc1a75544f57b7cd18f7abf2f",
    "settings": {
      "fd_thres": 0.2,
      "testing": false
    },
    "software": "mriqc",
    "version": "23.0.1",
    "webapi_port": null,
    "webapi_url": "https://mriqc.nimh.nih.gov/api/v1"
  },
  "size_t": 364,
  "size_x": 100,
  "size_y": 100,
  "size_z": 60,
  "snr": 3.0659974913081025,
  "spacing_tr": 0.9549999833106995,
  "spacing_x": 2.0,
  "spacing_y": 2.0,
  "spacing_z": 2.0,
  "summary_bg_k": 103.81806888139242,
  "summary_bg_mad": 34.201675863664335,
  "summary_bg_mean": 312.20306396484375,
  "summary_bg_median": 61.81318664550781,
  "summary_bg_n": 371253.0,
  "summary_bg_p05": 33.17857360839844,
  "summary_bg_p95": 1291.215429687499,
  "summary_bg_stdv": 916.2930297851562,
  "summary_fg_k": 0.3860227486703094,
  "summary_fg_mad": 2475.978281613258,
  "summary_fg_mean": 7978.03466796875,
  "summary_fg_median": 7718.24462890625,
  "summary_fg_n": 142401.0,
  "summary_fg_p05": 4402.9833984375,
  "summary_fg_p95": 12370.263671875,
  "summary_fg_stdv": 2517.359375,
  "tsnr": 33.49039800534956
}