{
  "aor": 0.002336174863387978,
  "aqi": 0.007248984043715847,
  "bids_meta": {
    "AcquisitionDateTime": "2017-04-06T13:58:05.772000",
    "EchoTime": 0.0352,
    "EffectiveEchoSpacing": 0.000580013,
    "FlipAngle": 56,
    "ImageType": [
      "ORIGINAL",
      "PRIMARY",
      "M",
      "MB",
      "ND",
      "MOSAI"
    ],
    "MagneticFieldStrength": 3,
    "Manufacturer": "Siemens",
    "ManufacturersModelName": "Prisma",
    "PhaseEncodingDirection": "j-",
    "RepetitionTime": 0.955,
    "SliceTiming": [
      0.875,
      0.795,
      0.715,
      0.6375,
      0.5575,
      0.4775,
      0.3975,
      0.3175,
      0.2375,
      0.16,
      0.08,
      0,
      0.875,
      0.795,
      0.715,
      0.6375,
      0.5575,
      0.4775,
      0.3975,
      0.3175,
      0.2375,
      0.16,
      0.08,
      0,
      0.875,
      0.795,
      0.715,
      0.6375,
      0.5575,
      0.4775,
      0.3975,
      0.3175,
      0.2375,
      0.16,
      0.08,
      0,
      0.875,
      0.795,
      0.715,
      0.6375,
      0.5575,
      0.4775,
      0.3975,
      0.3175,
      0.2375,
      0.16,
      0.08,
      0,
      0.875,
      0.795,
      0.715,
      0.6375,
      0.5575,
      0.4775,
      0.3975,
      0.3175,
      0.2375,
      0.16,
      0.08,
      0
    ],
    "TaskName": "identification",
    "TotalReadoutTime": 0.0580013,
    "dataset": "ds001771",
    "modality": "bold",
    "run_id": 4,
    "subject_id": "06",
    "task_id": "identification"
  },
  "dummy_trs": 0,
  "dvars_nstd": 44.216334481726,
  "dvars_std": 1.0808143763561637,
  "dvars_vstd": 1.031887469013698,
  "efc": 0.5296925944061759,
  "fber": 6257.72265625,
  "fd_mean": 0.18817891417563481,
  "fd_num": 110,
  "fd_perc": 30.05464480874317,
  "fwhm_avg": 3.2381716666666667,
  "fwhm_x": 3.08194,
  "fwhm_y": 3.451365,
  "fwhm_z": 3.18121,
  "gcor": 0.0123233,
  "gsr_x": 0.015775805339217186,
  "gsr_y": 0.030821161344647408,
  "provenance": {
    "md5sum": "8caa83ce040759eb532aab6d10907639",
    "settings": {
      "fd_thres": 0.2,
      "testing": false
    },
    "software": "mriqc",
    "version": "23.0.1",
    "webapi_port": null,
    "webapi_url": "https://mriqc.nimh.nih.gov/api/v1"
  },
  "size_t": 366,
  "size_x": 100,
  "size_y": 100,
  "size_z": 60,
  "snr": 2.175859103398703,
  "spacing_tr": 0.9549999833106995,
  "spacing_x": 2.0,
  "spacing_y": 2.0,
  "spacing_z": 2.0,
  "summary_bg_k": 25.02394407881815,
  "summary_bg_mad": 112.72017488478556,
  "summary_bg_mean": 662.2727661132812,
  "summary_bg_median": 109.71251678466797,
  "summary_bg_n": 362650.0,
  "summary_bg_p05": 16.960274410247802,
  "summary_bg_p95": 3441.8885009765613,
  "summary_bg_stdv": 1465.3828125,
  "summary_fg_k": 2.530153464996639,
  "summary_fg_mad": 3624.978350637216,
  "summary_fg_mean": 9567.783203125,
  "summary_fg_median": 8819.220703125,
  "summary_fg_n": 148203.0,
  "summary_fg_p05": 4646.21484375,
  "summary_fg_p95": 17205.369335937496,
  "summary_fg_stdv": 4053.199462890625,
  "tsnr": 30.872371673583984
}