{
  "aor": 0.0014203278688524593,
  "aqi": 0.007147180519125684,
  "bids_meta": {
    "AcquisitionDateTime": "2017-04-06T13:51:45.843000",
    "EchoTime": 0.0352,
    "EffectiveEchoSpacing": 0.000580013,
    "FlipAngle": 56,
    "ImageType": [
      "ORIGINAL",
      "PRIMARY",
      "M",
      "MB",
      "ND",
      "MOSAI"
    ],
    "MagneticFieldStrength": 3,
    "Manufacturer": "Siemens",
    "ManufacturersModelName": "Prisma",
    "PhaseEncodingDirection": "j-",
    "RepetitionTime": 0.955,
    "SliceTiming": [
      0.875,
      0.795,
      0.7175,
      0.6375,
      0.5575,
      0.4775,
      0.3975,
      0.3175,
      0.24,
      0.16,
      0.08,
      0,
      0.875,
      0.795,
      0.7175,
      0.6375,
      0.5575,
      0.4775,
      0.3975,
      0.3175,
      0.24,
      0.16,
      0.08,
      0,
      0.875,
      0.795,
      0.7175,
      0.6375,
      0.5575,
      0.4775,
      0.3975,
      0.3175,
      0.24,
      0.16,
      0.08,
      0,
      0.875,
      0.795,
      0.7175,
      0.6375,
      0.5575,
      0.4775,
      0.3975,
      0.3175,
      0.24,
      0.16,
      0.08,
      0,
      0.875,
      0.795,
      0.7175,
      0.6375,
      0.5575,
      0.4775,
      0.3975,
      0.3175,
      0.24,
      0.16,
      0.08,
      0
    ],
    "TaskName": "identification",
    "TotalReadoutTime": 0.0580013,
    "dataset": "ds001771",
    "modality": "bold",
    "run_id": 3,
    "subject_id": "06",
    "task_id": "identification"
  },
  "dummy_trs": 0,
  "dvars_nstd": 44.31222493410958,
  "dvars_std": 1.0614495038904113,
  "dvars_vstd": 1.0133877945205485,
  "efc": 0.5288050355515047,
  "fber": 7181.18798828125,
  "fd_mean": 0.16401597065849577,
  "fd_num": 68,
  "fd_perc": 18.579234972677597,
  "fwhm_avg": 3.2647783333333336,
  "fwhm_x": 3.092755,
  "fwhm_y": 3.460725,
  "fwhm_z": 3.240855,
  "gcor": 0.0121192,
  "gsr_x": 0.012147683650255203,
  "gsr_y": 0.03402615338563919,
  "provenance": {
    "md5sum": "57eca87b5d4f50a7903054fbc273b1a6",
    "settings": {
      "fd_thres": 0.2,
      "testing": false
    },
    "software": "mriqc",
    "version": "23.0.1",
    "webapi_port": null,
    "webapi_url": "https://mriqc.nimh.nih.gov/api/v1"
  },
  "size_t": 366,
  "size_x": 100,
  "size_y": 100,
  "size_z": 60,
  "snr": 2.1736252961118834,
  "spacing_tr": 0.9549999833106995,
  "spacing_x": 2.0,
  "spacing_y": 2.0,
  "spacing_z": 2.0,
  "summary_bg_k": 27.86525636323224,
  "summary_bg_mad": 90.72539057231037,
  "summary_bg_mean": 628.9019775390625,
  "summary_bg_median": 100.5193099975586,
  "summary_bg_n": 360686.0,
  "summary_bg_p05": 27.980912685394287,
  "summary_bg_p95": 3267.8413696289062,
  "summary_bg_stdv": 1418.006103515625,
  "summary_fg_k": 2.5111527034693673,
  "summary_fg_mad": 3597.681964284202,
  "summary_fg_mean": 9491.34375,
  "summary_fg_median": 8761.5478515625,
  "summary_fg_n": 149087.0,
  "summary_fg_p05": 4606.9712890625,
  "summary_fg_p95": 17034.434765625,
  "summary_fg_stdv": 4030.83203125,
  "tsnr": 31.26378631591797
}