{
  "aor": 0.0009383521809369951,
  "aqi": 0.010644796930533117,
  "bids_meta": {
    "AcquisitionDateTime": "2017-04-06T15:57:45.842000",
    "EchoTime": 0.0352,
    "EffectiveEchoSpacing": 0.000580013,
    "FlipAngle": 56,
    "ImageType": [
      "ORIGINAL",
      "PRIMARY",
      "M",
      "MB",
      "ND",
      "MOSAI"
    ],
    "MagneticFieldStrength": 3,
    "Manufacturer": "Siemens",
    "ManufacturersModelName": "Prisma",
    "PhaseEncodingDirection": "j-",
    "RepetitionTime": 0.955,
    "SliceTiming": [
      0.875,
      0.795,
      0.715,
      0.6375,
      0.5575,
      0.4775,
      0.3975,
      0.3175,
      0.2375,
      0.16,
      0.08,
      0,
      0.875,
      0.795,
      0.715,
      0.6375,
      0.5575,
      0.4775,
      0.3975,
      0.3175,
      0.2375,
      0.16,
      0.08,
      0,
      0.875,
      0.795,
      0.715,
      0.6375,
      0.5575,
      0.4775,
      0.3975,
      0.3175,
      0.2375,
      0.16,
      0.08,
      0,
      0.875,
      0.795,
      0.715,
      0.6375,
      0.5575,
      0.4775,
      0.3975,
      0.3175,
      0.2375,
      0.16,
      0.08,
      0,
      0.875,
      0.795,
      0.715,
      0.6375,
      0.5575,
      0.4775,
      0.3975,
      0.3175,
      0.2375,
      0.16,
      0.08,
      0
    ],
    "TaskName": "rest",
    "TotalReadoutTime": 0.0580013,
    "dataset": "ds001771",
    "modality": "bold",
    "subject_id": "06",
    "task_id": "rest"
  },
  "dummy_trs": 1,
  "dvars_nstd": 46.14604106161809,
  "dvars_std": 1.0196177219093858,
  "dvars_vstd": 0.9948167688673136,
  "efc": 0.5253257271389294,
  "fber": 6438.91796875,
  "fd_mean": 0.14741887358980188,
  "fd_num": 93,
  "fd_perc": 15.024232633279484,
  "fwhm_avg": 3.315835,
  "fwhm_x": 3.035435,
  "fwhm_y": 3.53823,
  "fwhm_z": 3.37384,
  "gcor": 0.0201174,
  "gsr_x": 0.013136370107531548,
  "gsr_y": 0.030512822791934013,
  "provenance": {
    "md5sum": "9e641aef8d63404b29880b5ff60c8493",
    "settings": {
      "fd_thres": 0.2,
      "testing": false
    },
    "software": "mriqc",
    "version": "23.0.1",
    "webapi_port": null,
    "webapi_url": "https://mriqc.nimh.nih.gov/api/v1"
  },
  "size_t": 619,
  "size_x": 100,
  "size_y": 100,
  "size_z": 60,
  "snr": 2.1380543251794086,
  "spacing_tr": 0.9549999833106995,
  "spacing_x": 2.0,
  "spacing_y": 2.0,
  "spacing_z": 2.0,
  "summary_bg_k": 41.537253343884004,
  "summary_bg_mad": 85.3048269874906,
  "summary_bg_mean": 509.80279541015625,
  "summary_bg_median": 94.61790466308594,
  "summary_bg_n": 359729.0,
  "summary_bg_p05": 25.06146240234375,
  "summary_bg_p95": 2581.3254882812466,
  "summary_bg_stdv": 1162.3515625,
  "summary_fg_k": 2.2941566784223335,
  "summary_fg_mad": 3026.129398001054,
  "summary_fg_mean": 8543.47265625,
  "summary_fg_median": 7806.3896484375,
  "summary_fg_n": 149996.0,
  "summary_fg_p05": 4244.983154296875,
  "summary_fg_p95": 15793.77587890625,
  "summary_fg_stdv": 3651.153076171875,
  "tsnr": 27.385578155517578
}