{
  "aor": 0.001457185792349727,
  "aqi": 0.007942339590163933,
  "bids_meta": {
    "AcquisitionDateTime": "2017-04-06T13:38:25.798000",
    "EchoTime": 0.0352,
    "EffectiveEchoSpacing": 0.000580013,
    "FlipAngle": 56,
    "ImageType": [
      "ORIGINAL",
      "PRIMARY",
      "M",
      "MB",
      "ND",
      "MOSAI"
    ],
    "MagneticFieldStrength": 3,
    "Manufacturer": "Siemens",
    "ManufacturersModelName": "Prisma",
    "PhaseEncodingDirection": "j-",
    "RepetitionTime": 0.955,
    "SliceTiming": [
      0.875,
      0.795,
      0.715,
      0.6375,
      0.5575,
      0.4775,
      0.3975,
      0.3175,
      0.2375,
      0.16,
      0.08,
      0,
      0.875,
      0.795,
      0.715,
      0.6375,
      0.5575,
      0.4775,
      0.3975,
      0.3175,
      0.2375,
      0.16,
      0.08,
      0,
      0.875,
      0.795,
      0.715,
      0.6375,
      0.5575,
      0.4775,
      0.3975,
      0.3175,
      0.2375,
      0.16,
      0.08,
      0,
      0.875,
      0.795,
      0.715,
      0.6375,
      0.5575,
      0.4775,
      0.3975,
      0.3175,
      0.2375,
      0.16,
      0.08,
      0,
      0.875,
      0.795,
      0.715,
      0.6375,
      0.5575,
      0.4775,
      0.3975,
      0.3175,
      0.2375,
      0.16,
      0.08,
      0
    ],
    "TaskName": "identification",
    "TotalReadoutTime": 0.0580013,
    "dataset": "ds001771",
    "modality": "bold",
    "run_id": 1,
    "subject_id": "06",
    "task_id": "identification"
  },
  "dummy_trs": 0,
  "dvars_nstd": 44.33037314241098,
  "dvars_std": 1.045231218328767,
  "dvars_vstd": 1.0039941501095901,
  "efc": 0.5279719156614425,
  "fber": 6705.07177734375,
  "fd_mean": 0.20483230781382547,
  "fd_num": 89,
  "fd_perc": 24.316939890710383,
  "fwhm_avg": 3.2754083333333335,
  "fwhm_x": 3.07161,
  "fwhm_y": 3.49285,
  "fwhm_z": 3.261765,
  "gcor": 0.0108021,
  "gsr_x": 0.011916370131075382,
  "gsr_y": 0.03381698206067085,
  "provenance": {
    "md5sum": "2b159d355c0584463a42545b4ad05170",
    "settings": {
      "fd_thres": 0.2,
      "testing": false
    },
    "software": "mriqc",
    "version": "23.0.1",
    "webapi_port": null,
    "webapi_url": "https://mriqc.nimh.nih.gov/api/v1"
  },
  "size_t": 366,
  "size_x": 100,
  "size_y": 100,
  "size_z": 60,
  "snr": 2.152554756311348,
  "spacing_tr": 0.9549999833106995,
  "spacing_x": 2.0,
  "spacing_y": 2.0,
  "spacing_z": 2.0,
  "summary_bg_k": 29.932838914404243,
  "summary_bg_mad": 99.84212960637839,
  "summary_bg_mean": 612.57763671875,
  "summary_bg_median": 105.13743591308594,
  "summary_bg_n": 359674.0,
  "summary_bg_p05": 26.357635974884033,
  "summary_bg_p95": 3128.622045898436,
  "summary_bg_stdv": 1372.2333984375,
  "summary_fg_k": 2.47801128984229,
  "summary_fg_mad": 3639.705918768699,
  "summary_fg_mean": 9545.9560546875,
  "summary_fg_median": 8811.525390625,
  "summary_fg_n": 150073.0,
  "summary_fg_p05": 4574.77080078125,
  "summary_fg_p95": 17241.170703124993,
  "summary_fg_stdv": 4093.506103515625,
  "tsnr": 29.766342163085938
}