{
  "aor": 0.00025871753246753246,
  "aqi": 0.005634795584415584,
  "bids_meta": {
    "AcquisitionDateTime": "2017-06-02T16:43:30.695000",
    "EchoTime": 0.0352,
    "EffectiveEchoSpacing": 0.000580013,
    "FlipAngle": 56,
    "ImageType": [
      "ORIGINAL",
      "PRIMARY",
      "M",
      "MB",
      "ND",
      "MOSAI"
    ],
    "MagneticFieldStrength": 3,
    "Manufacturer": "Siemens",
    "ManufacturersModelName": "Prisma",
    "PhaseEncodingDirection": "j-",
    "RepetitionTime": 0.955,
    "SliceTiming": [
      0.875,
      0.795,
      0.715,
      0.635,
      0.5575,
      0.4775,
      0.3975,
      0.3175,
      0.2375,
      0.1575,
      0.08,
      0,
      0.875,
      0.795,
      0.715,
      0.635,
      0.5575,
      0.4775,
      0.3975,
      0.3175,
      0.2375,
      0.1575,
      0.08,
      0,
      0.875,
      0.795,
      0.715,
      0.635,
      0.5575,
      0.4775,
      0.3975,
      0.3175,
      0.2375,
      0.1575,
      0.08,
      0,
      0.875,
      0.795,
      0.715,
      0.635,
      0.5575,
      0.4775,
      0.3975,
      0.3175,
      0.2375,
      0.1575,
      0.08,
      0,
      0.875,
      0.795,
      0.715,
      0.635,
      0.5575,
      0.4775,
      0.3975,
      0.3175,
      0.2375,
      0.1575,
      0.08,
      0
    ],
    "TaskName": "rest",
    "TotalReadoutTime": 0.0580013,
    "dataset": "ds001771",
    "modality": "bold",
    "subject_id": "25",
    "task_id": "rest"
  },
  "dummy_trs": 4,
  "dvars_nstd": 38.268218888748024,
  "dvars_std": 1.006603060308942,
  "dvars_vstd": 0.9967793872357725,
  "efc": 0.4844078093901028,
  "fber": 20187.640625,
  "fd_mean": 0.0613152420442782,
  "fd_num": 0,
  "fd_perc": 0.0,
  "fwhm_avg": 2.8562133333333333,
  "fwhm_x": 2.69155,
  "fwhm_y": 3.044885,
  "fwhm_z": 2.832205,
  "gcor": 0.00443311,
  "gsr_x": -0.006447192281484604,
  "gsr_y": 0.03752216696739197,
  "provenance": {
    "md5sum": "1a25b0e8380e492ae64ded48e637d6c0",
    "settings": {
      "fd_thres": 0.2,
      "testing": false
    },
    "software": "mriqc",
    "version": "23.0.1",
    "webapi_port": null,
    "webapi_url": "https://mriqc.nimh.nih.gov/api/v1"
  },
  "size_t": 616,
  "size_x": 100,
  "size_y": 100,
  "size_z": 60,
  "snr": 2.803724833984322,
  "spacing_tr": 0.9549999833106995,
  "spacing_x": 2.0,
  "spacing_y": 2.0,
  "spacing_z": 2.0,
  "summary_bg_k": 136.50587220930137,
  "summary_bg_mad": 25.228308282840015,
  "summary_bg_mean": 219.46615600585938,
  "summary_bg_median": 54.425323486328125,
  "summary_bg_n": 378582.0,
  "summary_bg_p05": 28.714284896850586,
  "summary_bg_p95": 897.2660949707035,
  "summary_bg_stdv": 601.0526123046875,
  "summary_fg_k": 1.3835665717623868,
  "summary_fg_mad": 2617.341652225682,
  "summary_fg_mean": 8176.05224609375,
  "summary_fg_median": 7852.345703125,
  "summary_fg_n": 135419.0,
  "summary_fg_p05": 4366.500830078125,
  "summary_fg_p95": 13153.129687499999,
  "summary_fg_stdv": 2800.673095703125,
  "tsnr": 33.92105267406441
}