{
  "aor": 0.0002904109589041096,
  "aqi": 0.00553504208219178,
  "bids_meta": {
    "AcquisitionDateTime": "2017-06-02T14:50:10.682000",
    "EchoTime": 0.0352,
    "EffectiveEchoSpacing": 0.000580013,
    "FlipAngle": 56,
    "ImageType": [
      "ORIGINAL",
      "PRIMARY",
      "M",
      "MB",
      "ND",
      "MOSAI"
    ],
    "MagneticFieldStrength": 3,
    "Manufacturer": "Siemens",
    "ManufacturersModelName": "Prisma",
    "PhaseEncodingDirection": "j-",
    "RepetitionTime": 0.955,
    "SliceTiming": [
      0.875,
      0.795,
      0.715,
      0.6375,
      0.5575,
      0.4775,
      0.3975,
      0.3175,
      0.24,
      0.16,
      0.08,
      0,
      0.875,
      0.795,
      0.715,
      0.6375,
      0.5575,
      0.4775,
      0.3975,
      0.3175,
      0.24,
      0.16,
      0.08,
      0,
      0.875,
      0.795,
      0.715,
      0.6375,
      0.5575,
      0.4775,
      0.3975,
      0.3175,
      0.24,
      0.16,
      0.08,
      0,
      0.875,
      0.795,
      0.715,
      0.6375,
      0.5575,
      0.4775,
      0.3975,
      0.3175,
      0.24,
      0.16,
      0.08,
      0,
      0.875,
      0.795,
      0.715,
      0.6375,
      0.5575,
      0.4775,
      0.3975,
      0.3175,
      0.24,
      0.16,
      0.08,
      0
    ],
    "TaskName": "identification",
    "TotalReadoutTime": 0.0580013,
    "dataset": "ds001771",
    "modality": "bold",
    "run_id": 1,
    "subject_id": "25",
    "task_id": "identification"
  },
  "dummy_trs": 1,
  "dvars_nstd": 42.12652975656594,
  "dvars_std": 1.0390589320879124,
  "dvars_vstd": 1.0019791245879124,
  "efc": 0.4867827506781636,
  "fber": 18674.798828125,
  "fd_mean": 0.08303451985929745,
  "fd_num": 0,
  "fd_perc": 0.0,
  "fwhm_avg": 2.812101666666667,
  "fwhm_x": 2.643895,
  "fwhm_y": 2.99283,
  "fwhm_z": 2.79958,
  "gcor": 0.00829264,
  "gsr_x": -0.010041018016636372,
  "gsr_y": 0.04522443935275078,
  "provenance": {
    "md5sum": "c7d6d4ff94db568f6c7090136e4d1480",
    "settings": {
      "fd_thres": 0.2,
      "testing": false
    },
    "software": "mriqc",
    "version": "23.0.1",
    "webapi_port": null,
    "webapi_url": "https://mriqc.nimh.nih.gov/api/v1"
  },
  "size_t": 365,
  "size_x": 100,
  "size_y": 100,
  "size_z": 60,
  "snr": 2.836677235768183,
  "spacing_tr": 0.9549999833106995,
  "spacing_x": 2.0,
  "spacing_y": 2.0,
  "spacing_z": 2.0,
  "summary_bg_k": 189.52179006555986,
  "summary_bg_mad": 26.443125429622427,
  "summary_bg_mean": 240.41204833984375,
  "summary_bg_median": 56.706851959228516,
  "summary_bg_n": 378001.0,
  "summary_bg_p05": 30.898630142211914,
  "summary_bg_p95": 919.2493286132812,
  "summary_bg_stdv": 778.4404907226562,
  "summary_fg_k": 1.1965529532339136,
  "summary_fg_mad": 2605.6748468773244,
  "summary_fg_mean": 8147.6484375,
  "summary_fg_median": 7841.2958984375,
  "summary_fg_n": 135871.0,
  "summary_fg_p05": 4352.68798828125,
  "summary_fg_p95": 13022.4111328125,
  "summary_fg_stdv": 2764.24365234375,
  "tsnr": 34.045333220623434
}