{
  "aor": 0.000537840909090909,
  "aqi": 0.006627320357142857,
  "bids_meta": {
    "AcquisitionDateTime": "2017-06-27T16:10:33.298000",
    "EchoTime": 0.0352,
    "EffectiveEchoSpacing": 0.000580013,
    "FlipAngle": 56,
    "ImageType": [
      "ORIGINAL",
      "PRIMARY",
      "M",
      "MB",
      "ND",
      "MOSAI"
    ],
    "MagneticFieldStrength": 3,
    "Manufacturer": "Siemens",
    "ManufacturersModelName": "Prisma",
    "PhaseEncodingDirection": "j-",
    "RepetitionTime": 0.955,
    "SliceTiming": [
      0.875,
      0.795,
      0.715,
      0.6375,
      0.5575,
      0.4775,
      0.3975,
      0.3175,
      0.2375,
      0.16,
      0.08,
      0,
      0.875,
      0.795,
      0.715,
      0.6375,
      0.5575,
      0.4775,
      0.3975,
      0.3175,
      0.2375,
      0.16,
      0.08,
      0,
      0.875,
      0.795,
      0.715,
      0.6375,
      0.5575,
      0.4775,
      0.3975,
      0.3175,
      0.2375,
      0.16,
      0.08,
      0,
      0.875,
      0.795,
      0.715,
      0.6375,
      0.5575,
      0.4775,
      0.3975,
      0.3175,
      0.2375,
      0.16,
      0.08,
      0,
      0.875,
      0.795,
      0.715,
      0.6375,
      0.5575,
      0.4775,
      0.3975,
      0.3175,
      0.2375,
      0.16,
      0.08,
      0
    ],
    "TaskName": "rest",
    "TotalReadoutTime": 0.0580013,
    "dataset": "ds001771",
    "modality": "bold",
    "subject_id": "30",
    "task_id": "rest"
  },
  "dummy_trs": 4,
  "dvars_nstd": 40.49545146666666,
  "dvars_std": 1.0146679386341468,
  "dvars_vstd": 0.9961840405528445,
  "efc": 0.5469712564482109,
  "fber": 7859.3623046875,
  "fd_mean": 0.06228728116854869,
  "fd_num": 0,
  "fd_perc": 0.0,
  "fwhm_avg": 3.1088883333333333,
  "fwhm_x": 2.887285,
  "fwhm_y": 3.290075,
  "fwhm_z": 3.149305,
  "gcor": 0.00867886,
  "gsr_x": -0.00735099334269762,
  "gsr_y": 0.06611595302820206,
  "provenance": {
    "md5sum": "bb05b0de25c2438ea166556c9938ed3f",
    "settings": {
      "fd_thres": 0.2,
      "testing": false
    },
    "software": "mriqc",
    "version": "23.0.1",
    "webapi_port": null,
    "webapi_url": "https://mriqc.nimh.nih.gov/api/v1"
  },
  "size_t": 616,
  "size_x": 100,
  "size_y": 100,
  "size_z": 60,
  "snr": 2.130700485734027,
  "spacing_tr": 0.9549999833106995,
  "spacing_x": 2.0,
  "spacing_y": 2.0,
  "spacing_z": 2.0,
  "summary_bg_k": 28.523648317944357,
  "summary_bg_mad": 68.48321556524796,
  "summary_bg_mean": 577.4485473632812,
  "summary_bg_median": 86.61461639404297,
  "summary_bg_n": 341163.0,
  "summary_bg_p05": 32.63108253479004,
  "summary_bg_p95": 3141.35327148437,
  "summary_bg_stdv": 1313.6121826171875,
  "summary_fg_k": 3.1204638409821728,
  "summary_fg_mad": 3245.6989497493514,
  "summary_fg_mean": 8768.890625,
  "summary_fg_median": 8069.8349609375,
  "summary_fg_n": 165972.0,
  "summary_fg_p05": 4174.978491210937,
  "summary_fg_p95": 15812.702734374998,
  "summary_fg_stdv": 3787.39794921875,
  "tsnr": 30.835147857666016
}