{
  "aor": 0.00024263736263736263,
  "aqi": 0.010508820494505494,
  "bids_meta": {
    "AcquisitionDateTime": "2017-06-27T13:49:33.375000",
    "EchoTime": 0.0352,
    "EffectiveEchoSpacing": 0.000580013,
    "FlipAngle": 56,
    "ImageType": [
      "ORIGINAL",
      "PRIMARY",
      "M",
      "MB",
      "ND",
      "MOSAI"
    ],
    "MagneticFieldStrength": 3,
    "Manufacturer": "Siemens",
    "ManufacturersModelName": "Prisma",
    "PhaseEncodingDirection": "j-",
    "RepetitionTime": 0.955,
    "SliceTiming": [
      0.875,
      0.795,
      0.715,
      0.6375,
      0.5575,
      0.4775,
      0.3975,
      0.3175,
      0.2375,
      0.16,
      0.08,
      0,
      0.875,
      0.795,
      0.715,
      0.6375,
      0.5575,
      0.4775,
      0.3975,
      0.3175,
      0.2375,
      0.16,
      0.08,
      0,
      0.875,
      0.795,
      0.715,
      0.6375,
      0.5575,
      0.4775,
      0.3975,
      0.3175,
      0.2375,
      0.16,
      0.08,
      0,
      0.875,
      0.795,
      0.715,
      0.6375,
      0.5575,
      0.4775,
      0.3975,
      0.3175,
      0.2375,
      0.16,
      0.08,
      0,
      0.875,
      0.795,
      0.715,
      0.6375,
      0.5575,
      0.4775,
      0.3975,
      0.3175,
      0.2375,
      0.16,
      0.08,
      0
    ],
    "TaskName": "identification",
    "TotalReadoutTime": 0.0580013,
    "dataset": "ds001771",
    "modality": "bold",
    "run_id": 3,
    "subject_id": "30",
    "task_id": "identification"
  },
  "dummy_trs": 2,
  "dvars_nstd": 39.90704484404961,
  "dvars_std": 0.9714295063360876,
  "dvars_vstd": 0.9662530459228649,
  "efc": 0.5450161916652531,
  "fber": 7833.736328125,
  "fd_mean": 0.07930117051635449,
  "fd_num": 0,
  "fd_perc": 0.0,
  "fwhm_avg": 3.139301666666667,
  "fwhm_x": 2.928325,
  "fwhm_y": 3.272625,
  "fwhm_z": 3.216955,
  "gcor": 0.00273532,
  "gsr_x": -0.010549234226346016,
  "gsr_y": 0.0751715749502182,
  "provenance": {
    "md5sum": "24994d68ab19866e37e7cd2dd727af93",
    "settings": {
      "fd_thres": 0.2,
      "testing": false
    },
    "software": "mriqc",
    "version": "23.0.1",
    "webapi_port": null,
    "webapi_url": "https://mriqc.nimh.nih.gov/api/v1"
  },
  "size_t": 364,
  "size_x": 100,
  "size_y": 100,
  "size_z": 60,
  "snr": 2.132443656911148,
  "spacing_tr": 0.9549999833106995,
  "spacing_x": 2.0,
  "spacing_y": 2.0,
  "spacing_z": 2.0,
  "summary_bg_k": 32.412928154548304,
  "summary_bg_mad": 70.77705701493188,
  "summary_bg_mean": 615.1769409179688,
  "summary_bg_median": 87.38975524902344,
  "summary_bg_n": 343987.0,
  "summary_bg_p05": 31.87400665283203,
  "summary_bg_p95": 3293.4236328125003,
  "summary_bg_stdv": 1463.3214111328125,
  "summary_fg_k": 3.383912047264401,
  "summary_fg_mad": 3268.336504765846,
  "summary_fg_mean": 8881.96875,
  "summary_fg_median": 8144.56396484375,
  "summary_fg_n": 163105.0,
  "summary_fg_p05": 4311.44404296875,
  "summary_fg_p95": 15995.00664062499,
  "summary_fg_stdv": 3819.345458984375,
  "tsnr": 28.923553466796875
}