{
  "aor": 0.0008574175824175826,
  "aqi": 0.007387058653846153,
  "bids_meta": {
    "AcquisitionDateTime": "2017-06-27T13:55:53.293000",
    "EchoTime": 0.0352,
    "EffectiveEchoSpacing": 0.000580013,
    "FlipAngle": 56,
    "ImageType": [
      "ORIGINAL",
      "PRIMARY",
      "M",
      "MB",
      "ND",
      "MOSAI"
    ],
    "MagneticFieldStrength": 3,
    "Manufacturer": "Siemens",
    "ManufacturersModelName": "Prisma",
    "PhaseEncodingDirection": "j-",
    "RepetitionTime": 0.955,
    "SliceTiming": [
      0.875,
      0.795,
      0.715,
      0.635,
      0.555,
      0.4775,
      0.3975,
      0.3175,
      0.2375,
      0.1575,
      0.0775,
      0,
      0.875,
      0.795,
      0.715,
      0.635,
      0.555,
      0.4775,
      0.3975,
      0.3175,
      0.2375,
      0.1575,
      0.0775,
      0,
      0.875,
      0.795,
      0.715,
      0.635,
      0.555,
      0.4775,
      0.3975,
      0.3175,
      0.2375,
      0.1575,
      0.0775,
      0,
      0.875,
      0.795,
      0.715,
      0.635,
      0.555,
      0.4775,
      0.3975,
      0.3175,
      0.2375,
      0.1575,
      0.0775,
      0,
      0.875,
      0.795,
      0.715,
      0.635,
      0.555,
      0.4775,
      0.3975,
      0.3175,
      0.2375,
      0.1575,
      0.0775,
      0
    ],
    "TaskName": "identification",
    "TotalReadoutTime": 0.0580013,
    "dataset": "ds001771",
    "modality": "bold",
    "run_id": 4,
    "subject_id": "30",
    "task_id": "identification"
  },
  "dummy_trs": 2,
  "dvars_nstd": 40.18237370870525,
  "dvars_std": 1.019017654462811,
  "dvars_vstd": 1.002717066198346,
  "efc": 0.5447390693815307,
  "fber": 7234.91796875,
  "fd_mean": 0.07109055097165033,
  "fd_num": 0,
  "fd_perc": 0.0,
  "fwhm_avg": 3.110595,
  "fwhm_x": 2.904195,
  "fwhm_y": 3.247255,
  "fwhm_z": 3.180335,
  "gcor": 0.00616,
  "gsr_x": -0.01285700872540474,
  "gsr_y": 0.07658227533102036,
  "provenance": {
    "md5sum": "8e3085e22ab994921ef8d002203704d2",
    "settings": {
      "fd_thres": 0.2,
      "testing": false
    },
    "software": "mriqc",
    "version": "23.0.1",
    "webapi_port": null,
    "webapi_url": "https://mriqc.nimh.nih.gov/api/v1"
  },
  "size_t": 364,
  "size_x": 100,
  "size_y": 100,
  "size_z": 60,
  "snr": 2.11266876511969,
  "spacing_tr": 0.9549999833106995,
  "spacing_x": 2.0,
  "spacing_y": 2.0,
  "spacing_z": 2.0,
  "summary_bg_k": 35.39542182454443,
  "summary_bg_mad": 77.39152587480355,
  "summary_bg_mean": 618.57763671875,
  "summary_bg_median": 91.6834487915039,
  "summary_bg_n": 343745.0,
  "summary_bg_p05": 30.526643371582033,
  "summary_bg_p95": 3299.34814453125,
  "summary_bg_stdv": 1487.059814453125,
  "summary_fg_k": 3.452768544390308,
  "summary_fg_mad": 3282.849066618571,
  "summary_fg_mean": 8882.0537109375,
  "summary_fg_median": 8142.14306640625,
  "summary_fg_n": 163303.0,
  "summary_fg_p05": 4263.672216796875,
  "summary_fg_p95": 16050.790429687499,
  "summary_fg_stdv": 3853.94921875,
  "tsnr": 30.674938201904297
}