{
  "aor": 0.0008772969543147207,
  "aqi": 0.0113062388071066,
  "bids_meta": {
    "AcquisitionDateTime": "2017-06-27T14:02:53.335000",
    "EchoTime": 0.0352,
    "EffectiveEchoSpacing": 0.000580013,
    "FlipAngle": 56,
    "ImageType": [
      "ORIGINAL",
      "PRIMARY",
      "M",
      "MB",
      "ND",
      "MOSAI"
    ],
    "MagneticFieldStrength": 3,
    "Manufacturer": "Siemens",
    "ManufacturersModelName": "Prisma",
    "PhaseEncodingDirection": "j-",
    "RepetitionTime": 0.955,
    "SliceTiming": [
      0.875,
      0.7975,
      0.7175,
      0.6375,
      0.5575,
      0.4775,
      0.3975,
      0.32,
      0.24,
      0.16,
      0.08,
      0,
      0.875,
      0.7975,
      0.7175,
      0.6375,
      0.5575,
      0.4775,
      0.3975,
      0.32,
      0.24,
      0.16,
      0.08,
      0,
      0.875,
      0.7975,
      0.7175,
      0.6375,
      0.5575,
      0.4775,
      0.3975,
      0.32,
      0.24,
      0.16,
      0.08,
      0,
      0.875,
      0.7975,
      0.7175,
      0.6375,
      0.5575,
      0.4775,
      0.3975,
      0.32,
      0.24,
      0.16,
      0.08,
      0,
      0.875,
      0.7975,
      0.7175,
      0.6375,
      0.5575,
      0.4775,
      0.3975,
      0.32,
      0.24,
      0.16,
      0.08,
      0
    ],
    "TaskName": "localizer",
    "TotalReadoutTime": 0.0580013,
    "dataset": "ds001771",
    "modality": "bold",
    "subject_id": "30",
    "task_id": "localizer"
  },
  "dummy_trs": 4,
  "dvars_nstd": 42.30486107598471,
  "dvars_std": 1.0169012910927586,
  "dvars_vstd": 0.9917372671410427,
  "efc": 0.5450573643895743,
  "fber": 7047.89794921875,
  "fd_mean": 0.08905663568960817,
  "fd_num": 10,
  "fd_perc": 1.2690355329949239,
  "fwhm_avg": 3.1455,
  "fwhm_x": 2.953755,
  "fwhm_y": 3.273845,
  "fwhm_z": 3.2089,
  "gcor": 0.00571027,
  "gsr_x": -0.012551998719573021,
  "gsr_y": 0.07574228197336197,
  "provenance": {
    "md5sum": "2573dc015dfea26741f6a0e239f6acd6",
    "settings": {
      "fd_thres": 0.2,
      "testing": false
    },
    "software": "mriqc",
    "version": "23.0.1",
    "webapi_port": null,
    "webapi_url": "https://mriqc.nimh.nih.gov/api/v1"
  },
  "size_t": 788,
  "size_x": 100,
  "size_y": 100,
  "size_z": 60,
  "snr": 2.1063020792542377,
  "spacing_tr": 0.9549999833106995,
  "spacing_x": 2.0,
  "spacing_y": 2.0,
  "spacing_z": 2.0,
  "summary_bg_k": 30.990646578420204,
  "summary_bg_mad": 79.54115317512804,
  "summary_bg_mean": 627.3554077148438,
  "summary_bg_median": 92.94995880126953,
  "summary_bg_n": 344021.0,
  "summary_bg_p05": 30.996135711669922,
  "summary_bg_p95": 3334.205078125,
  "summary_bg_stdv": 1475.4088134765625,
  "summary_fg_k": 3.4557655015519995,
  "summary_fg_mad": 3313.688713009903,
  "summary_fg_mean": 8946.3798828125,
  "summary_fg_median": 8189.607421875,
  "summary_fg_n": 162528.0,
  "summary_fg_p05": 4297.995947265625,
  "summary_fg_p95": 16208.846679687498,
  "summary_fg_stdv": 3888.1328125,
  "tsnr": 27.797149658203125
}