{
  "aor": 0.0002584426229508197,
  "aqi": 0.005528210163934427,
  "bids_meta": {
    "AcquisitionDateTime": "2017-07-28T09:47:17.547000",
    "EchoTime": 0.0352,
    "EffectiveEchoSpacing": 0.000580013,
    "FlipAngle": 56,
    "ImageType": [
      "ORIGINAL",
      "PRIMARY",
      "M",
      "MB",
      "ND",
      "MOSAI"
    ],
    "MagneticFieldStrength": 3,
    "Manufacturer": "Siemens",
    "ManufacturersModelName": "Prisma",
    "PhaseEncodingDirection": "j-",
    "RepetitionTime": 0.955,
    "SliceTiming": [
      0.875,
      0.795,
      0.715,
      0.635,
      0.555,
      0.4775,
      0.3975,
      0.3175,
      0.2375,
      0.1575,
      0.0775,
      0,
      0.875,
      0.795,
      0.715,
      0.635,
      0.555,
      0.4775,
      0.3975,
      0.3175,
      0.2375,
      0.1575,
      0.0775,
      0,
      0.875,
      0.795,
      0.715,
      0.635,
      0.555,
      0.4775,
      0.3975,
      0.3175,
      0.2375,
      0.1575,
      0.0775,
      0,
      0.875,
      0.795,
      0.715,
      0.635,
      0.555,
      0.4775,
      0.3975,
      0.3175,
      0.2375,
      0.1575,
      0.0775,
      0,
      0.875,
      0.795,
      0.715,
      0.635,
      0.555,
      0.4775,
      0.3975,
      0.3175,
      0.2375,
      0.1575,
      0.0775,
      0
    ],
    "TaskName": "identification",
    "TotalReadoutTime": 0.0580013,
    "dataset": "ds001771",
    "modality": "bold",
    "run_id": 4,
    "subject_id": "41",
    "task_id": "identification"
  },
  "dummy_trs": 0,
  "dvars_nstd": 41.192396785890395,
  "dvars_std": 1.0111955295342463,
  "dvars_vstd": 1.0069453754520552,
  "efc": 0.5006180179152592,
  "fber": 15712.7001953125,
  "fd_mean": 0.06861280638267454,
  "fd_num": 0,
  "fd_perc": 0.0,
  "fwhm_avg": 2.8231900000000003,
  "fwhm_x": 2.6118,
  "fwhm_y": 3.07592,
  "fwhm_z": 2.78185,
  "gcor": 0.00774183,
  "gsr_x": -0.007907084189355373,
  "gsr_y": 0.04453021287918091,
  "provenance": {
    "md5sum": "f261d6857eb3cd42ec0de6234f76a376",
    "settings": {
      "fd_thres": 0.2,
      "testing": false
    },
    "software": "mriqc",
    "version": "23.0.1",
    "webapi_port": null,
    "webapi_url": "https://mriqc.nimh.nih.gov/api/v1"
  },
  "size_t": 366,
  "size_x": 100,
  "size_y": 100,
  "size_z": 60,
  "snr": 3.042557716259509,
  "spacing_tr": 0.9549999833106995,
  "spacing_x": 2.0,
  "spacing_y": 2.0,
  "spacing_z": 2.0,
  "summary_bg_k": 151.74462119796544,
  "summary_bg_mad": 25.362217785737496,
  "summary_bg_mean": 287.2126770019531,
  "summary_bg_median": 58.573768615722656,
  "summary_bg_n": 375304.0,
  "summary_bg_p05": 37.50819396972656,
  "summary_bg_p95": 1194.558428955078,
  "summary_bg_stdv": 868.42041015625,
  "summary_fg_k": 0.46658236834118183,
  "summary_fg_mad": 2477.4087610975193,
  "summary_fg_mean": 7778.66650390625,
  "summary_fg_median": 7588.47509765625,
  "summary_fg_n": 136061.0,
  "summary_fg_p05": 4180.15283203125,
  "summary_fg_p95": 12045.7978515625,
  "summary_fg_stdv": 2494.101318359375,
  "tsnr": 32.76425107405521
}