{
  "aor": 0.00036040983606557377,
  "aqi": 0.006245459836065574,
  "bids_meta": {
    "AcquisitionDateTime": "2017-07-28T09:28:17.552000",
    "EchoTime": 0.0352,
    "EffectiveEchoSpacing": 0.000580013,
    "FlipAngle": 56,
    "ImageType": [
      "ORIGINAL",
      "PRIMARY",
      "M",
      "MB",
      "ND",
      "MOSAI"
    ],
    "MagneticFieldStrength": 3,
    "Manufacturer": "Siemens",
    "ManufacturersModelName": "Prisma",
    "PhaseEncodingDirection": "j-",
    "RepetitionTime": 0.955,
    "SliceTiming": [
      0.875,
      0.795,
      0.715,
      0.635,
      0.5575,
      0.4775,
      0.3975,
      0.3175,
      0.2375,
      0.1575,
      0.08,
      0,
      0.875,
      0.795,
      0.715,
      0.635,
      0.5575,
      0.4775,
      0.3975,
      0.3175,
      0.2375,
      0.1575,
      0.08,
      0,
      0.875,
      0.795,
      0.715,
      0.635,
      0.5575,
      0.4775,
      0.3975,
      0.3175,
      0.2375,
      0.1575,
      0.08,
      0,
      0.875,
      0.795,
      0.715,
      0.635,
      0.5575,
      0.4775,
      0.3975,
      0.3175,
      0.2375,
      0.1575,
      0.08,
      0,
      0.875,
      0.795,
      0.715,
      0.635,
      0.5575,
      0.4775,
      0.3975,
      0.3175,
      0.2375,
      0.1575,
      0.08,
      0
    ],
    "TaskName": "identification",
    "TotalReadoutTime": 0.0580013,
    "dataset": "ds001771",
    "modality": "bold",
    "run_id": 1,
    "subject_id": "41",
    "task_id": "identification"
  },
  "dummy_trs": 0,
  "dvars_nstd": 42.01601200876712,
  "dvars_std": 1.016020599808219,
  "dvars_vstd": 1.0097312751506844,
  "efc": 0.5007842723337207,
  "fber": 14806.6484375,
  "fd_mean": 0.08443432226109793,
  "fd_num": 5,
  "fd_perc": 1.366120218579235,
  "fwhm_avg": 2.8219049999999997,
  "fwhm_x": 2.602835,
  "fwhm_y": 3.0745,
  "fwhm_z": 2.78838,
  "gcor": 0.0043652,
  "gsr_x": -0.00838133692741394,
  "gsr_y": 0.046634577214717865,
  "provenance": {
    "md5sum": "11e89fb12a3f042a92fb8593fcfc9a75",
    "settings": {
      "fd_thres": 0.2,
      "testing": false
    },
    "software": "mriqc",
    "version": "23.0.1",
    "webapi_port": null,
    "webapi_url": "https://mriqc.nimh.nih.gov/api/v1"
  },
  "size_t": 366,
  "size_x": 100,
  "size_y": 100,
  "size_z": 60,
  "snr": 3.05978938452787,
  "spacing_tr": 0.9549999833106995,
  "spacing_x": 2.0,
  "spacing_y": 2.0,
  "spacing_z": 2.0,
  "summary_bg_k": 176.58138469349984,
  "summary_bg_mad": 32.36951311613966,
  "summary_bg_mean": 283.9238586425781,
  "summary_bg_median": 60.508026123046875,
  "summary_bg_n": 374707.0,
  "summary_bg_p05": 30.78274574279785,
  "summary_bg_p95": 1155.897326660157,
  "summary_bg_stdv": 884.8614501953125,
  "summary_fg_k": 0.4827468464180664,
  "summary_fg_mad": 2467.5803680215713,
  "summary_fg_mean": 7772.02197265625,
  "summary_fg_median": 7601.84375,
  "summary_fg_n": 136464.0,
  "summary_fg_p05": 4180.777563476563,
  "summary_fg_p95": 12012.823535156247,
  "summary_fg_stdv": 2484.424560546875,
  "tsnr": 31.967575073242188
}