{
  "aor": 0.00047539708265802275,
  "aqi": 0.007420242917341977,
  "bids_meta": {
    "AcquisitionDateTime": "2017-04-11T12:20:26.308000",
    "EchoTime": 0.0352,
    "EffectiveEchoSpacing": 0.000580013,
    "FlipAngle": 56,
    "ImageType": [
      "ORIGINAL",
      "PRIMARY",
      "M",
      "MB",
      "ND",
      "MOSAI"
    ],
    "MagneticFieldStrength": 3,
    "Manufacturer": "Siemens",
    "ManufacturersModelName": "Prisma",
    "PhaseEncodingDirection": "j-",
    "RepetitionTime": 0.955,
    "SliceTiming": [
      0.8775,
      0.7975,
      0.7175,
      0.6375,
      0.5575,
      0.4775,
      0.4,
      0.32,
      0.24,
      0.16,
      0.08,
      0,
      0.8775,
      0.7975,
      0.7175,
      0.6375,
      0.5575,
      0.4775,
      0.4,
      0.32,
      0.24,
      0.16,
      0.08,
      0,
      0.8775,
      0.7975,
      0.7175,
      0.6375,
      0.5575,
      0.4775,
      0.4,
      0.32,
      0.24,
      0.16,
      0.08,
      0,
      0.8775,
      0.7975,
      0.7175,
      0.6375,
      0.5575,
      0.4775,
      0.4,
      0.32,
      0.24,
      0.16,
      0.08,
      0,
      0.8775,
      0.7975,
      0.7175,
      0.6375,
      0.5575,
      0.4775,
      0.4,
      0.32,
      0.24,
      0.16,
      0.08,
      0
    ],
    "TaskName": "rest",
    "TotalReadoutTime": 0.0580013,
    "dataset": "ds001771",
    "modality": "bold",
    "subject_id": "08",
    "task_id": "rest"
  },
  "dummy_trs": 3,
  "dvars_nstd": 43.83349258873374,
  "dvars_std": 1.0470284559253242,
  "dvars_vstd": 1.0062222657954563,
  "efc": 0.5030184967158736,
  "fber": 16710.10546875,
  "fd_mean": 0.0899918183954283,
  "fd_num": 20,
  "fd_perc": 3.2414910858995136,
  "fwhm_avg": 2.91549,
  "fwhm_x": 2.709145,
  "fwhm_y": 3.10842,
  "fwhm_z": 2.928905,
  "gcor": 0.0145548,
  "gsr_x": -0.0041440920904278755,
  "gsr_y": 0.03215213865041733,
  "provenance": {
    "md5sum": "681809d1208ea34eb3ade06b16d33254",
    "settings": {
      "fd_thres": 0.2,
      "testing": false
    },
    "software": "mriqc",
    "version": "23.0.1",
    "webapi_port": null,
    "webapi_url": "https://mriqc.nimh.nih.gov/api/v1"
  },
  "size_t": 617,
  "size_x": 100,
  "size_y": 100,
  "size_z": 60,
  "snr": 2.8319267840728712,
  "spacing_tr": 0.9549999833106995,
  "spacing_x": 2.0,
  "spacing_y": 2.0,
  "spacing_z": 2.0,
  "summary_bg_k": 39.29212425248934,
  "summary_bg_mad": 29.2123097010331,
  "summary_bg_mean": 288.6241455078125,
  "summary_bg_median": 58.96110153198242,
  "summary_bg_n": 372245.0,
  "summary_bg_p05": 31.904375076293945,
  "summary_bg_p95": 1401.0408691406237,
  "summary_bg_stdv": 704.2083740234375,
  "summary_fg_k": 1.443578400125519,
  "summary_fg_mad": 2512.6973000346647,
  "summary_fg_mean": 8101.43115234375,
  "summary_fg_median": 7716.619140625,
  "summary_fg_n": 141514.0,
  "summary_fg_p05": 4454.35478515625,
  "summary_fg_p95": 12979.731396484376,
  "summary_fg_stdv": 2724.855712890625,
  "tsnr": 30.60276573523879
}