{
  "aor": 0.0004364931506849315,
  "aqi": 0.006313368493150685,
  "bids_meta": {
    "AcquisitionDateTime": "2017-04-11T10:22:26.256000",
    "EchoTime": 0.0352,
    "EffectiveEchoSpacing": 0.000580013,
    "FlipAngle": 56,
    "ImageType": [
      "ORIGINAL",
      "PRIMARY",
      "M",
      "MB",
      "ND",
      "MOSAI"
    ],
    "MagneticFieldStrength": 3,
    "Manufacturer": "Siemens",
    "ManufacturersModelName": "Prisma",
    "PhaseEncodingDirection": "j-",
    "RepetitionTime": 0.955,
    "SliceTiming": [
      0.8775,
      0.7975,
      0.7175,
      0.6375,
      0.5575,
      0.4775,
      0.4,
      0.32,
      0.24,
      0.16,
      0.08,
      0,
      0.8775,
      0.7975,
      0.7175,
      0.6375,
      0.5575,
      0.4775,
      0.4,
      0.32,
      0.24,
      0.16,
      0.08,
      0,
      0.8775,
      0.7975,
      0.7175,
      0.6375,
      0.5575,
      0.4775,
      0.4,
      0.32,
      0.24,
      0.16,
      0.08,
      0,
      0.8775,
      0.7975,
      0.7175,
      0.6375,
      0.5575,
      0.4775,
      0.4,
      0.32,
      0.24,
      0.16,
      0.08,
      0,
      0.8775,
      0.7975,
      0.7175,
      0.6375,
      0.5575,
      0.4775,
      0.4,
      0.32,
      0.24,
      0.16,
      0.08,
      0
    ],
    "TaskName": "identification",
    "TotalReadoutTime": 0.0580013,
    "dataset": "ds001771",
    "modality": "bold",
    "run_id": 4,
    "subject_id": "08",
    "task_id": "identification"
  },
  "dummy_trs": 1,
  "dvars_nstd": 43.949580967774686,
  "dvars_std": 1.0323377928296702,
  "dvars_vstd": 1.006833466978021,
  "efc": 0.505956210868707,
  "fber": 17101.28125,
  "fd_mean": 0.11012061685377217,
  "fd_num": 22,
  "fd_perc": 6.027397260273973,
  "fwhm_avg": 2.7897933333333333,
  "fwhm_x": 2.58206,
  "fwhm_y": 2.983565,
  "fwhm_z": 2.803755,
  "gcor": 0.00625196,
  "gsr_x": -0.01240517571568489,
  "gsr_y": 0.04521862044930458,
  "provenance": {
    "md5sum": "1973c2a99673c592f66e4ef43deb34d6",
    "settings": {
      "fd_thres": 0.2,
      "testing": false
    },
    "software": "mriqc",
    "version": "23.0.1",
    "webapi_port": null,
    "webapi_url": "https://mriqc.nimh.nih.gov/api/v1"
  },
  "size_t": 365,
  "size_x": 100,
  "size_y": 100,
  "size_z": 60,
  "snr": 2.9260970862684466,
  "spacing_tr": 0.9549999833106995,
  "spacing_x": 2.0,
  "spacing_y": 2.0,
  "spacing_z": 2.0,
  "summary_bg_k": 159.31812524923342,
  "summary_bg_mad": 23.6728948576654,
  "summary_bg_mean": 283.40655517578125,
  "summary_bg_median": 56.205482482910156,
  "summary_bg_n": 369789.0,
  "summary_bg_p05": 33.479454040527344,
  "summary_bg_p95": 1280.043286132811,
  "summary_bg_stdv": 833.4810180664062,
  "summary_fg_k": 1.0923850526534773,
  "summary_fg_mad": 2359.40144291461,
  "summary_fg_mean": 7774.69580078125,
  "summary_fg_median": 7451.5673828125,
  "summary_fg_n": 142631.0,
  "summary_fg_p05": 4280.2890625,
  "summary_fg_p95": 12265.3095703125,
  "summary_fg_stdv": 2546.580322265625,
  "tsnr": 32.27653237862978
}