{
  "aor": 0.000620357142857143,
  "aqi": 0.00667983739010989,
  "bids_meta": {
    "AcquisitionDateTime": "2017-04-11T10:15:46.334000",
    "EchoTime": 0.0352,
    "EffectiveEchoSpacing": 0.000580013,
    "FlipAngle": 56,
    "ImageType": [
      "ORIGINAL",
      "PRIMARY",
      "M",
      "MB",
      "ND",
      "MOSAI"
    ],
    "MagneticFieldStrength": 3,
    "Manufacturer": "Siemens",
    "ManufacturersModelName": "Prisma",
    "PhaseEncodingDirection": "j-",
    "RepetitionTime": 0.955,
    "SliceTiming": [
      0.875,
      0.795,
      0.715,
      0.635,
      0.5575,
      0.4775,
      0.3975,
      0.3175,
      0.2375,
      0.1575,
      0.08,
      0,
      0.875,
      0.795,
      0.715,
      0.635,
      0.5575,
      0.4775,
      0.3975,
      0.3175,
      0.2375,
      0.1575,
      0.08,
      0,
      0.875,
      0.795,
      0.715,
      0.635,
      0.5575,
      0.4775,
      0.3975,
      0.3175,
      0.2375,
      0.1575,
      0.08,
      0,
      0.875,
      0.795,
      0.715,
      0.635,
      0.5575,
      0.4775,
      0.3975,
      0.3175,
      0.2375,
      0.1575,
      0.08,
      0,
      0.875,
      0.795,
      0.715,
      0.635,
      0.5575,
      0.4775,
      0.3975,
      0.3175,
      0.2375,
      0.1575,
      0.08,
      0
    ],
    "TaskName": "identification",
    "TotalReadoutTime": 0.0580013,
    "dataset": "ds001771",
    "modality": "bold",
    "run_id": 3,
    "subject_id": "08",
    "task_id": "identification"
  },
  "dummy_trs": 2,
  "dvars_nstd": 44.15734900035814,
  "dvars_std": 1.0312102962809915,
  "dvars_vstd": 1.0054779614325073,
  "efc": 0.506763035175342,
  "fber": 17218.986328125,
  "fd_mean": 0.10849970066476274,
  "fd_num": 19,
  "fd_perc": 5.21978021978022,
  "fwhm_avg": 2.775396666666667,
  "fwhm_x": 2.565915,
  "fwhm_y": 2.978045,
  "fwhm_z": 2.78223,
  "gcor": 0.0100716,
  "gsr_x": -0.01188828144222498,
  "gsr_y": 0.04527813941240311,
  "provenance": {
    "md5sum": "21d1484d338d12b389d855beb0e67862",
    "settings": {
      "fd_thres": 0.2,
      "testing": false
    },
    "software": "mriqc",
    "version": "23.0.1",
    "webapi_port": null,
    "webapi_url": "https://mriqc.nimh.nih.gov/api/v1"
  },
  "size_t": 364,
  "size_x": 100,
  "size_y": 100,
  "size_z": 60,
  "snr": 2.92582853485241,
  "spacing_tr": 0.9549999833106995,
  "spacing_x": 2.0,
  "spacing_y": 2.0,
  "spacing_z": 2.0,
  "summary_bg_k": 158.0381435087362,
  "summary_bg_mad": 22.42232251059081,
  "summary_bg_mean": 284.3594970703125,
  "summary_bg_median": 56.010990142822266,
  "summary_bg_n": 369219.0,
  "summary_bg_p05": 35.129119873046875,
  "summary_bg_p95": 1281.2231445312466,
  "summary_bg_stdv": 835.7648315429688,
  "summary_fg_k": 1.0945427586085934,
  "summary_fg_mad": 2359.487590211486,
  "summary_fg_mean": 7780.291015625,
  "summary_fg_median": 7458.47802734375,
  "summary_fg_n": 143037.0,
  "summary_fg_p05": 4282.0265625,
  "summary_fg_p95": 12275.242578124993,
  "summary_fg_stdv": 2549.176025390625,
  "tsnr": 31.855057124630548
}