{
  "aor": 0.0008260655737704919,
  "aqi": 0.006454287732240438,
  "bids_meta": {
    "AcquisitionDateTime": "2017-04-11T10:09:26.303000",
    "EchoTime": 0.0352,
    "EffectiveEchoSpacing": 0.000580013,
    "FlipAngle": 56,
    "ImageType": [
      "ORIGINAL",
      "PRIMARY",
      "M",
      "MB",
      "ND",
      "MOSAI"
    ],
    "MagneticFieldStrength": 3,
    "Manufacturer": "Siemens",
    "ManufacturersModelName": "Prisma",
    "PhaseEncodingDirection": "j-",
    "RepetitionTime": 0.955,
    "SliceTiming": [
      0.875,
      0.7975,
      0.7175,
      0.6375,
      0.5575,
      0.4775,
      0.3975,
      0.32,
      0.24,
      0.16,
      0.08,
      0,
      0.875,
      0.7975,
      0.7175,
      0.6375,
      0.5575,
      0.4775,
      0.3975,
      0.32,
      0.24,
      0.16,
      0.08,
      0,
      0.875,
      0.7975,
      0.7175,
      0.6375,
      0.5575,
      0.4775,
      0.3975,
      0.32,
      0.24,
      0.16,
      0.08,
      0,
      0.875,
      0.7975,
      0.7175,
      0.6375,
      0.5575,
      0.4775,
      0.3975,
      0.32,
      0.24,
      0.16,
      0.08,
      0,
      0.875,
      0.7975,
      0.7175,
      0.6375,
      0.5575,
      0.4775,
      0.3975,
      0.32,
      0.24,
      0.16,
      0.08,
      0
    ],
    "TaskName": "identification",
    "TotalReadoutTime": 0.0580013,
    "dataset": "ds001771",
    "modality": "bold",
    "run_id": 2,
    "subject_id": "08",
    "task_id": "identification"
  },
  "dummy_trs": 0,
  "dvars_nstd": 44.82856867553429,
  "dvars_std": 1.0485270836986305,
  "dvars_vstd": 1.0179795468767119,
  "efc": 0.5074722104775743,
  "fber": 17246.771484375,
  "fd_mean": 0.10546005710348018,
  "fd_num": 13,
  "fd_perc": 3.551912568306011,
  "fwhm_avg": 2.79527,
  "fwhm_x": 2.579625,
  "fwhm_y": 3.006825,
  "fwhm_z": 2.79936,
  "gcor": 0.0134411,
  "gsr_x": -0.011906037107110023,
  "gsr_y": 0.04591986909508705,
  "provenance": {
    "md5sum": "15727900217190d6ff9d7a178fa7a295",
    "settings": {
      "fd_thres": 0.2,
      "testing": false
    },
    "software": "mriqc",
    "version": "23.0.1",
    "webapi_port": null,
    "webapi_url": "https://mriqc.nimh.nih.gov/api/v1"
  },
  "size_t": 366,
  "size_x": 100,
  "size_y": 100,
  "size_z": 60,
  "snr": 2.907758850355274,
  "spacing_tr": 0.9549999833106995,
  "spacing_x": 2.0,
  "spacing_y": 2.0,
  "spacing_z": 2.0,
  "summary_bg_k": 164.057203644815,
  "summary_bg_mad": 25.763250645958575,
  "summary_bg_mean": 282.4891357421875,
  "summary_bg_median": 55.99726486206055,
  "summary_bg_n": 368284.0,
  "summary_bg_p05": 29.743167877197266,
  "summary_bg_p95": 1268.8816406249998,
  "summary_bg_stdv": 830.1616821289062,
  "summary_fg_k": 1.1120611354711176,
  "summary_fg_mad": 2374.251716649627,
  "summary_fg_mean": 7785.46630859375,
  "summary_fg_median": 7465.521484375,
  "summary_fg_n": 143668.0,
  "summary_fg_p05": 4264.273413085937,
  "summary_fg_p95": 12297.458447265622,
  "summary_fg_stdv": 2567.439697265625,
  "tsnr": 31.98584849498002
}