{
  "aor": 0.0011891506849315066,
  "aqi": 0.008401737232876712,
  "bids_meta": {
    "AcquisitionDateTime": "2017-04-11T10:03:06.272000",
    "EchoTime": 0.0352,
    "EffectiveEchoSpacing": 0.000580013,
    "FlipAngle": 56,
    "ImageType": [
      "ORIGINAL",
      "PRIMARY",
      "M",
      "MB",
      "ND",
      "MOSAI"
    ],
    "MagneticFieldStrength": 3,
    "Manufacturer": "Siemens",
    "ManufacturersModelName": "Prisma",
    "PhaseEncodingDirection": "j-",
    "RepetitionTime": 0.955,
    "SliceTiming": [
      0.875,
      0.795,
      0.7175,
      0.6375,
      0.5575,
      0.4775,
      0.3975,
      0.3175,
      0.24,
      0.16,
      0.08,
      0,
      0.875,
      0.795,
      0.7175,
      0.6375,
      0.5575,
      0.4775,
      0.3975,
      0.3175,
      0.24,
      0.16,
      0.08,
      0,
      0.875,
      0.795,
      0.7175,
      0.6375,
      0.5575,
      0.4775,
      0.3975,
      0.3175,
      0.24,
      0.16,
      0.08,
      0,
      0.875,
      0.795,
      0.7175,
      0.6375,
      0.5575,
      0.4775,
      0.3975,
      0.3175,
      0.24,
      0.16,
      0.08,
      0,
      0.875,
      0.795,
      0.7175,
      0.6375,
      0.5575,
      0.4775,
      0.3975,
      0.3175,
      0.24,
      0.16,
      0.08,
      0
    ],
    "TaskName": "identification",
    "TotalReadoutTime": 0.0580013,
    "dataset": "ds001771",
    "modality": "bold",
    "run_id": 1,
    "subject_id": "08",
    "task_id": "identification"
  },
  "dummy_trs": 1,
  "dvars_nstd": 45.87709007678574,
  "dvars_std": 1.0422375342307697,
  "dvars_vstd": 1.0126711226923073,
  "efc": 0.507859679452832,
  "fber": 15387.021484375,
  "fd_mean": 0.12929011783518066,
  "fd_num": 40,
  "fd_perc": 10.95890410958904,
  "fwhm_avg": 2.8273766666666664,
  "fwhm_x": 2.59824,
  "fwhm_y": 3.042385,
  "fwhm_z": 2.841505,
  "gcor": 0.00810855,
  "gsr_x": -0.010987924411892891,
  "gsr_y": 0.04505503922700882,
  "provenance": {
    "md5sum": "453f5117ee24f463887eedf661813283",
    "settings": {
      "fd_thres": 0.2,
      "testing": false
    },
    "software": "mriqc",
    "version": "23.0.1",
    "webapi_port": null,
    "webapi_url": "https://mriqc.nimh.nih.gov/api/v1"
  },
  "size_t": 365,
  "size_x": 100,
  "size_y": 100,
  "size_z": 60,
  "snr": 2.9084953026939444,
  "spacing_tr": 0.9549999833106995,
  "spacing_x": 2.0,
  "spacing_y": 2.0,
  "spacing_z": 2.0,
  "summary_bg_k": 160.723073694642,
  "summary_bg_mad": 37.13004486576523,
  "summary_bg_mean": 279.9303283691406,
  "summary_bg_median": 59.430137634277344,
  "summary_bg_n": 367966.0,
  "summary_bg_p05": 22.78630256652832,
  "summary_bg_p95": 1255.3246765136719,
  "summary_bg_stdv": 807.4747314453125,
  "summary_fg_k": 1.0698967490930729,
  "summary_fg_mad": 2382.0180040520336,
  "summary_fg_mean": 7788.75732421875,
  "summary_fg_median": 7465.6767578125,
  "summary_fg_n": 144134.0,
  "summary_fg_p05": 4278.59814453125,
  "summary_fg_p95": 12321.963427734376,
  "summary_fg_stdv": 2566.843017578125,
  "tsnr": 29.61997272912413
}