{
  "aor": 0.001034065934065934,
  "aqi": 0.007333509972527472,
  "bids_meta": {
    "AcquisitionDateTime": "2017-04-13T09:43:23.040000",
    "EchoTime": 0.0352,
    "EffectiveEchoSpacing": 0.000580013,
    "FlipAngle": 56,
    "ImageType": [
      "ORIGINAL",
      "PRIMARY",
      "M",
      "MB",
      "ND",
      "MOSAI"
    ],
    "MagneticFieldStrength": 3,
    "Manufacturer": "Siemens",
    "ManufacturersModelName": "Prisma",
    "PhaseEncodingDirection": "j-",
    "RepetitionTime": 0.955,
    "SliceTiming": [
      0.8775,
      0.7975,
      0.7175,
      0.6375,
      0.5575,
      0.4775,
      0.4,
      0.32,
      0.24,
      0.16,
      0.08,
      0,
      0.8775,
      0.7975,
      0.7175,
      0.6375,
      0.5575,
      0.4775,
      0.4,
      0.32,
      0.24,
      0.16,
      0.08,
      0,
      0.8775,
      0.7975,
      0.7175,
      0.6375,
      0.5575,
      0.4775,
      0.4,
      0.32,
      0.24,
      0.16,
      0.08,
      0,
      0.8775,
      0.7975,
      0.7175,
      0.6375,
      0.5575,
      0.4775,
      0.4,
      0.32,
      0.24,
      0.16,
      0.08,
      0,
      0.8775,
      0.7975,
      0.7175,
      0.6375,
      0.5575,
      0.4775,
      0.4,
      0.32,
      0.24,
      0.16,
      0.08,
      0
    ],
    "TaskName": "identification",
    "TotalReadoutTime": 0.0580013,
    "dataset": "ds001771",
    "modality": "bold",
    "run_id": 3,
    "subject_id": "10",
    "task_id": "identification"
  },
  "dummy_trs": 2,
  "dvars_nstd": 45.174286382534426,
  "dvars_std": 1.0317448373829203,
  "dvars_vstd": 1.0093160452617074,
  "efc": 0.5261785568717048,
  "fber": 12341.8369140625,
  "fd_mean": 0.10308443956866589,
  "fd_num": 14,
  "fd_perc": 3.8461538461538463,
  "fwhm_avg": 2.944316666666667,
  "fwhm_x": 2.651085,
  "fwhm_y": 3.10621,
  "fwhm_z": 3.075655,
  "gcor": 0.00272145,
  "gsr_x": -0.006228371057659388,
  "gsr_y": 0.046030476689338684,
  "provenance": {
    "md5sum": "e2161312b7b8d813ddfee44649cb4a36",
    "settings": {
      "fd_thres": 0.2,
      "testing": false
    },
    "software": "mriqc",
    "version": "23.0.1",
    "webapi_port": null,
    "webapi_url": "https://mriqc.nimh.nih.gov/api/v1"
  },
  "size_t": 364,
  "size_x": 100,
  "size_y": 100,
  "size_z": 60,
  "snr": 2.4159603233962326,
  "spacing_tr": 0.9549999833106995,
  "spacing_x": 2.0,
  "spacing_y": 2.0,
  "spacing_z": 2.0,
  "summary_bg_k": 48.34451029853644,
  "summary_bg_mad": 34.8082954698868,
  "summary_bg_mean": 333.6370849609375,
  "summary_bg_median": 62.56317901611328,
  "summary_bg_n": 352566.0,
  "summary_bg_p05": 32.5175724029541,
  "summary_bg_p95": 1568.218505859375,
  "summary_bg_stdv": 840.6399536132812,
  "summary_fg_k": 1.621927261188075,
  "summary_fg_mad": 2659.614999515001,
  "summary_fg_mean": 7635.513671875,
  "summary_fg_median": 7174.572265625,
  "summary_fg_n": 155934.0,
  "summary_fg_p05": 3832.4128662109374,
  "summary_fg_p95": 13093.237939453125,
  "summary_fg_stdv": 2969.64697265625,
  "tsnr": 29.404163360595703
}