{
  "aor": 0.0006737637362637363,
  "aqi": 0.007227202637362638,
  "bids_meta": {
    "AcquisitionDateTime": "2017-04-13T09:29:03.082000",
    "EchoTime": 0.0352,
    "EffectiveEchoSpacing": 0.000580013,
    "FlipAngle": 56,
    "ImageType": [
      "ORIGINAL",
      "PRIMARY",
      "M",
      "MB",
      "ND",
      "MOSAI"
    ],
    "MagneticFieldStrength": 3,
    "Manufacturer": "Siemens",
    "ManufacturersModelName": "Prisma",
    "PhaseEncodingDirection": "j-",
    "RepetitionTime": 0.955,
    "SliceTiming": [
      0.8775,
      0.7975,
      0.7175,
      0.6375,
      0.5575,
      0.4775,
      0.4,
      0.32,
      0.24,
      0.16,
      0.08,
      0,
      0.8775,
      0.7975,
      0.7175,
      0.6375,
      0.5575,
      0.4775,
      0.4,
      0.32,
      0.24,
      0.16,
      0.08,
      0,
      0.8775,
      0.7975,
      0.7175,
      0.6375,
      0.5575,
      0.4775,
      0.4,
      0.32,
      0.24,
      0.16,
      0.08,
      0,
      0.8775,
      0.7975,
      0.7175,
      0.6375,
      0.5575,
      0.4775,
      0.4,
      0.32,
      0.24,
      0.16,
      0.08,
      0,
      0.8775,
      0.7975,
      0.7175,
      0.6375,
      0.5575,
      0.4775,
      0.4,
      0.32,
      0.24,
      0.16,
      0.08,
      0
    ],
    "TaskName": "identification",
    "TotalReadoutTime": 0.0580013,
    "dataset": "ds001771",
    "modality": "bold",
    "run_id": 1,
    "subject_id": "10",
    "task_id": "identification"
  },
  "dummy_trs": 2,
  "dvars_nstd": 45.05212603088155,
  "dvars_std": 1.0290284869421487,
  "dvars_vstd": 1.003882954958678,
  "efc": 0.5259513251273498,
  "fber": 12068.5302734375,
  "fd_mean": 0.10329868341636667,
  "fd_num": 3,
  "fd_perc": 0.8241758241758241,
  "fwhm_avg": 2.9350616666666665,
  "fwhm_x": 2.625925,
  "fwhm_y": 3.10574,
  "fwhm_z": 3.07352,
  "gcor": 0.00299117,
  "gsr_x": -0.007319728843867779,
  "gsr_y": 0.046806640923023224,
  "provenance": {
    "md5sum": "92520f4f533ea9284c5d3b2a3bdb4ca2",
    "settings": {
      "fd_thres": 0.2,
      "testing": false
    },
    "software": "mriqc",
    "version": "23.0.1",
    "webapi_port": null,
    "webapi_url": "https://mriqc.nimh.nih.gov/api/v1"
  },
  "size_t": 364,
  "size_x": 100,
  "size_y": 100,
  "size_z": 60,
  "snr": 2.428248961157898,
  "spacing_tr": 0.9549999833106995,
  "spacing_x": 2.0,
  "spacing_y": 2.0,
  "spacing_z": 2.0,
  "summary_bg_k": 56.1857775487145,
  "summary_bg_mad": 36.38585087689373,
  "summary_bg_mean": 324.8946228027344,
  "summary_bg_median": 63.114662170410156,
  "summary_bg_n": 352020.0,
  "summary_bg_p05": 32.39740200042725,
  "summary_bg_p95": 1490.6724060058573,
  "summary_bg_stdv": 834.6948852539062,
  "summary_fg_k": 1.5688160312298978,
  "summary_fg_mad": 2647.056678233006,
  "summary_fg_mean": 7618.55419921875,
  "summary_fg_median": 7164.271484375,
  "summary_fg_n": 156435.0,
  "summary_fg_p05": 3836.549169921875,
  "summary_fg_p95": 13022.7248046875,
  "summary_fg_stdv": 2950.37646484375,
  "tsnr": 29.930953979492188
}