{
  "aor": 0.0007037534246575341,
  "aqi": 0.006679598931506849,
  "bids_meta": {
    "AcquisitionDateTime": "2017-04-13T09:36:23.106000",
    "EchoTime": 0.0352,
    "EffectiveEchoSpacing": 0.000580013,
    "FlipAngle": 56,
    "ImageType": [
      "ORIGINAL",
      "PRIMARY",
      "M",
      "MB",
      "ND",
      "MOSAI"
    ],
    "MagneticFieldStrength": 3,
    "Manufacturer": "Siemens",
    "ManufacturersModelName": "Prisma",
    "PhaseEncodingDirection": "j-",
    "RepetitionTime": 0.955,
    "SliceTiming": [
      0.8775,
      0.7975,
      0.7175,
      0.6375,
      0.5575,
      0.4775,
      0.4,
      0.32,
      0.24,
      0.16,
      0.08,
      0,
      0.8775,
      0.7975,
      0.7175,
      0.6375,
      0.5575,
      0.4775,
      0.4,
      0.32,
      0.24,
      0.16,
      0.08,
      0,
      0.8775,
      0.7975,
      0.7175,
      0.6375,
      0.5575,
      0.4775,
      0.4,
      0.32,
      0.24,
      0.16,
      0.08,
      0,
      0.8775,
      0.7975,
      0.7175,
      0.6375,
      0.5575,
      0.4775,
      0.4,
      0.32,
      0.24,
      0.16,
      0.08,
      0,
      0.8775,
      0.7975,
      0.7175,
      0.6375,
      0.5575,
      0.4775,
      0.4,
      0.32,
      0.24,
      0.16,
      0.08,
      0
    ],
    "TaskName": "identification",
    "TotalReadoutTime": 0.0580013,
    "dataset": "ds001771",
    "modality": "bold",
    "run_id": 2,
    "subject_id": "10",
    "task_id": "identification"
  },
  "dummy_trs": 1,
  "dvars_nstd": 46.0739972041484,
  "dvars_std": 1.042467562774725,
  "dvars_vstd": 1.044126992445054,
  "efc": 0.5262718943480141,
  "fber": 11748.6728515625,
  "fd_mean": 0.09603670521735962,
  "fd_num": 12,
  "fd_perc": 3.287671232876712,
  "fwhm_avg": 2.9452,
  "fwhm_x": 2.644985,
  "fwhm_y": 3.101185,
  "fwhm_z": 3.08943,
  "gcor": 0.00365825,
  "gsr_x": -0.007792171090841293,
  "gsr_y": 0.046521686017513275,
  "provenance": {
    "md5sum": "ec2e9bfb743951d574e8b1c736557a11",
    "settings": {
      "fd_thres": 0.2,
      "testing": false
    },
    "software": "mriqc",
    "version": "23.0.1",
    "webapi_port": null,
    "webapi_url": "https://mriqc.nimh.nih.gov/api/v1"
  },
  "size_t": 365,
  "size_x": 100,
  "size_y": 100,
  "size_z": 60,
  "snr": 2.421966475884386,
  "spacing_tr": 0.9549999833106995,
  "spacing_x": 2.0,
  "spacing_y": 2.0,
  "spacing_z": 2.0,
  "summary_bg_k": 53.03703940410209,
  "summary_bg_mad": 37.19503426889042,
  "summary_bg_mean": 329.5302734375,
  "summary_bg_median": 64.06027221679688,
  "summary_bg_n": 352192.0,
  "summary_bg_p05": 32.136985778808594,
  "summary_bg_p95": 1557.1737121582034,
  "summary_bg_stdv": 842.9693603515625,
  "summary_fg_k": 1.6123158309493082,
  "summary_fg_mad": 2653.9267441771553,
  "summary_fg_mean": 7621.318359375,
  "summary_fg_median": 7166.80029296875,
  "summary_fg_n": 156357.0,
  "summary_fg_p05": 3817.330419921875,
  "summary_fg_p95": 13059.13652343749,
  "summary_fg_stdv": 2959.07373046875,
  "tsnr": 30.433208590839058
}