{
  "aor": 0.0023500549450549447,
  "aqi": 0.007659398159340659,
  "bids_meta": {
    "AcquisitionDateTime": "2017-04-14T09:52:54.193000",
    "EchoTime": 0.0352,
    "EffectiveEchoSpacing": 0.000580013,
    "FlipAngle": 56,
    "ImageType": [
      "ORIGINAL",
      "PRIMARY",
      "M",
      "MB",
      "ND",
      "MOSAI"
    ],
    "MagneticFieldStrength": 3,
    "Manufacturer": "Siemens",
    "ManufacturersModelName": "Prisma",
    "PhaseEncodingDirection": "j-",
    "RepetitionTime": 0.955,
    "SliceTiming": [
      0.875,
      0.795,
      0.715,
      0.635,
      0.5575,
      0.4775,
      0.3975,
      0.3175,
      0.2375,
      0.1575,
      0.08,
      0,
      0.875,
      0.795,
      0.715,
      0.635,
      0.5575,
      0.4775,
      0.3975,
      0.3175,
      0.2375,
      0.1575,
      0.08,
      0,
      0.875,
      0.795,
      0.715,
      0.635,
      0.5575,
      0.4775,
      0.3975,
      0.3175,
      0.2375,
      0.1575,
      0.08,
      0,
      0.875,
      0.795,
      0.715,
      0.635,
      0.5575,
      0.4775,
      0.3975,
      0.3175,
      0.2375,
      0.1575,
      0.08,
      0,
      0.875,
      0.795,
      0.715,
      0.635,
      0.5575,
      0.4775,
      0.3975,
      0.3175,
      0.2375,
      0.1575,
      0.08,
      0
    ],
    "TaskName": "identification",
    "TotalReadoutTime": 0.0580013,
    "dataset": "ds001771",
    "modality": "bold",
    "run_id": 4,
    "subject_id": "12",
    "task_id": "identification"
  },
  "dummy_trs": 2,
  "dvars_nstd": 40.31149751275484,
  "dvars_std": 1.0031473690633606,
  "dvars_vstd": 0.9974978713223136,
  "efc": 0.492457195443473,
  "fber": 14736.7822265625,
  "fd_mean": 0.11873480891981093,
  "fd_num": 23,
  "fd_perc": 6.318681318681318,
  "fwhm_avg": 3.061541666666667,
  "fwhm_x": 2.891015,
  "fwhm_y": 3.17483,
  "fwhm_z": 3.11878,
  "gcor": 0.0158844,
  "gsr_x": -0.0020102576818317175,
  "gsr_y": 0.04404773190617561,
  "provenance": {
    "md5sum": "e3833f50c448886e29e76eb686d44758",
    "settings": {
      "fd_thres": 0.2,
      "testing": false
    },
    "software": "mriqc",
    "version": "23.0.1",
    "webapi_port": null,
    "webapi_url": "https://mriqc.nimh.nih.gov/api/v1"
  },
  "size_t": 364,
  "size_x": 100,
  "size_y": 100,
  "size_z": 60,
  "snr": 2.461089670400366,
  "spacing_tr": 0.9549999833106995,
  "spacing_x": 2.0,
  "spacing_y": 2.0,
  "spacing_z": 2.0,
  "summary_bg_k": 35.67786651091941,
  "summary_bg_mad": 35.86993138884361,
  "summary_bg_mean": 333.303466796875,
  "summary_bg_median": 61.2816276550293,
  "summary_bg_n": 380297.0,
  "summary_bg_p05": 31.33139991760254,
  "summary_bg_p95": 1661.0020507812503,
  "summary_bg_stdv": 802.477783203125,
  "summary_fg_k": 2.492789329858077,
  "summary_fg_mad": 2605.8811660337083,
  "summary_fg_mean": 8160.5166015625,
  "summary_fg_median": 7578.02783203125,
  "summary_fg_n": 134817.0,
  "summary_fg_p05": 4386.41416015625,
  "summary_fg_p95": 14159.913671875,
  "summary_fg_stdv": 3079.123779296875,
  "tsnr": 29.98845672607422
}