{
  "aor": 0.0006571636952998379,
  "aqi": 0.006421719870340357,
  "bids_meta": {
    "AcquisitionDateTime": "2017-04-14T11:07:34.267000",
    "EchoTime": 0.0352,
    "EffectiveEchoSpacing": 0.000580013,
    "FlipAngle": 56,
    "ImageType": [
      "ORIGINAL",
      "PRIMARY",
      "M",
      "MB",
      "ND",
      "MOSAI"
    ],
    "MagneticFieldStrength": 3,
    "Manufacturer": "Siemens",
    "ManufacturersModelName": "Prisma",
    "PhaseEncodingDirection": "j-",
    "RepetitionTime": 0.955,
    "SliceTiming": [
      0.875,
      0.795,
      0.715,
      0.635,
      0.5575,
      0.4775,
      0.3975,
      0.3175,
      0.2375,
      0.1575,
      0.08,
      0,
      0.875,
      0.795,
      0.715,
      0.635,
      0.5575,
      0.4775,
      0.3975,
      0.3175,
      0.2375,
      0.1575,
      0.08,
      0,
      0.875,
      0.795,
      0.715,
      0.635,
      0.5575,
      0.4775,
      0.3975,
      0.3175,
      0.2375,
      0.1575,
      0.08,
      0,
      0.875,
      0.795,
      0.715,
      0.635,
      0.5575,
      0.4775,
      0.3975,
      0.3175,
      0.2375,
      0.1575,
      0.08,
      0,
      0.875,
      0.795,
      0.715,
      0.635,
      0.5575,
      0.4775,
      0.3975,
      0.3175,
      0.2375,
      0.1575,
      0.08,
      0
    ],
    "TaskName": "rest",
    "TotalReadoutTime": 0.0580013,
    "dataset": "ds001771",
    "modality": "bold",
    "subject_id": "12",
    "task_id": "rest"
  },
  "dummy_trs": 3,
  "dvars_nstd": 40.24019313175328,
  "dvars_std": 1.016602808977272,
  "dvars_vstd": 1.0026264530032478,
  "efc": 0.48921350493429167,
  "fber": 16442.681640625,
  "fd_mean": 0.12442204127407631,
  "fd_num": 13,
  "fd_perc": 2.106969205834684,
  "fwhm_avg": 3.0039149999999997,
  "fwhm_x": 2.853745,
  "fwhm_y": 3.13881,
  "fwhm_z": 3.01919,
  "gcor": 0.0091642,
  "gsr_x": 0.00030873133800923824,
  "gsr_y": 0.04000241681933403,
  "provenance": {
    "md5sum": "e78961a086e04f3031c83587e5b77576",
    "settings": {
      "fd_thres": 0.2,
      "testing": false
    },
    "software": "mriqc",
    "version": "23.0.1",
    "webapi_port": null,
    "webapi_url": "https://mriqc.nimh.nih.gov/api/v1"
  },
  "size_t": 617,
  "size_x": 100,
  "size_y": 100,
  "size_z": 60,
  "snr": 2.5340026423584856,
  "spacing_tr": 0.9549999833106995,
  "spacing_x": 2.0,
  "spacing_y": 2.0,
  "spacing_z": 2.0,
  "summary_bg_k": 39.434499711144746,
  "summary_bg_mad": 31.700700839874017,
  "summary_bg_mean": 327.615478515625,
  "summary_bg_median": 59.945037841796875,
  "summary_bg_n": 381913.0,
  "summary_bg_p05": 33.1864013671875,
  "summary_bg_p95": 1623.694702148429,
  "summary_bg_stdv": 801.2437744140625,
  "summary_fg_k": 2.226575010252505,
  "summary_fg_mad": 2680.9237867716965,
  "summary_fg_mean": 8380.4892578125,
  "summary_fg_median": 7830.01416015625,
  "summary_fg_n": 132652.0,
  "summary_fg_p05": 4526.6829833984375,
  "summary_fg_p95": 14322.851269531247,
  "summary_fg_stdv": 3089.967041015625,
  "tsnr": 32.11134338378906
}