{
  "aor": 0.0007058904109589041,
  "aqi": 0.006156232849315068,
  "bids_meta": {
    "AcquisitionDateTime": "2017-04-14T09:33:34.196000",
    "EchoTime": 0.0352,
    "EffectiveEchoSpacing": 0.000580013,
    "FlipAngle": 56,
    "ImageType": [
      "ORIGINAL",
      "PRIMARY",
      "M",
      "MB",
      "ND",
      "MOSAI"
    ],
    "MagneticFieldStrength": 3,
    "Manufacturer": "Siemens",
    "ManufacturersModelName": "Prisma",
    "PhaseEncodingDirection": "j-",
    "RepetitionTime": 0.955,
    "SliceTiming": [
      0.875,
      0.795,
      0.715,
      0.635,
      0.555,
      0.4775,
      0.3975,
      0.3175,
      0.2375,
      0.1575,
      0.0775,
      0,
      0.875,
      0.795,
      0.715,
      0.635,
      0.555,
      0.4775,
      0.3975,
      0.3175,
      0.2375,
      0.1575,
      0.0775,
      0,
      0.875,
      0.795,
      0.715,
      0.635,
      0.555,
      0.4775,
      0.3975,
      0.3175,
      0.2375,
      0.1575,
      0.0775,
      0,
      0.875,
      0.795,
      0.715,
      0.635,
      0.555,
      0.4775,
      0.3975,
      0.3175,
      0.2375,
      0.1575,
      0.0775,
      0,
      0.875,
      0.795,
      0.715,
      0.635,
      0.555,
      0.4775,
      0.3975,
      0.3175,
      0.2375,
      0.1575,
      0.0775,
      0
    ],
    "TaskName": "identification",
    "TotalReadoutTime": 0.0580013,
    "dataset": "ds001771",
    "modality": "bold",
    "run_id": 1,
    "subject_id": "12",
    "task_id": "identification"
  },
  "dummy_trs": 1,
  "dvars_nstd": 41.78248660118129,
  "dvars_std": 1.0198095772527471,
  "dvars_vstd": 1.0013429883516476,
  "efc": 0.49120088248823573,
  "fber": 13870.685546875,
  "fd_mean": 0.12893162909950082,
  "fd_num": 33,
  "fd_perc": 9.04109589041096,
  "fwhm_avg": 2.9628649999999994,
  "fwhm_x": 2.809345,
  "fwhm_y": 3.09884,
  "fwhm_z": 2.98041,
  "gcor": 0.00769702,
  "gsr_x": -0.003925226163119078,
  "gsr_y": 0.04332021251320839,
  "provenance": {
    "md5sum": "01377b9ee0e500b01b73b180f6a3ccf9",
    "settings": {
      "fd_thres": 0.2,
      "testing": false
    },
    "software": "mriqc",
    "version": "23.0.1",
    "webapi_port": null,
    "webapi_url": "https://mriqc.nimh.nih.gov/api/v1"
  },
  "size_t": 365,
  "size_x": 100,
  "size_y": 100,
  "size_z": 60,
  "snr": 2.5194887537894375,
  "spacing_tr": 0.9549999833106995,
  "spacing_x": 2.0,
  "spacing_y": 2.0,
  "spacing_z": 2.0,
  "summary_bg_k": 41.673439169733264,
  "summary_bg_mad": 37.21941589945979,
  "summary_bg_mean": 331.518798828125,
  "summary_bg_median": 64.22339630126953,
  "summary_bg_n": 381661.0,
  "summary_bg_p05": 33.50761032104492,
  "summary_bg_p95": 1646.0601806640625,
  "summary_bg_stdv": 811.4246826171875,
  "summary_fg_k": 2.672978572729715,
  "summary_fg_mad": 2592.873648132288,
  "summary_fg_mean": 8221.7080078125,
  "summary_fg_median": 7670.861328125,
  "summary_fg_n": 133649.0,
  "summary_fg_p05": 4467.35927734375,
  "summary_fg_p95": 14096.778906249998,
  "summary_fg_stdv": 3044.598876953125,
  "tsnr": 32.09229278564453
}