{
  "aor": 0.0009836438356164382,
  "aqi": 0.011298849917808218,
  "bids_meta": {
    "AcquisitionDateTime": "2017-07-06T15:06:17.020000",
    "EchoTime": 0.0352,
    "EffectiveEchoSpacing": 0.000580013,
    "FlipAngle": 56,
    "ImageType": [
      "ORIGINAL",
      "PRIMARY",
      "M",
      "MB",
      "ND",
      "MOSAI"
    ],
    "MagneticFieldStrength": 3,
    "Manufacturer": "Siemens",
    "ManufacturersModelName": "Prisma",
    "PhaseEncodingDirection": "j-",
    "RepetitionTime": 0.955,
    "SliceTiming": [
      0.8775,
      0.7975,
      0.7175,
      0.6375,
      0.5575,
      0.4775,
      0.4,
      0.32,
      0.24,
      0.16,
      0.08,
      0,
      0.8775,
      0.7975,
      0.7175,
      0.6375,
      0.5575,
      0.4775,
      0.4,
      0.32,
      0.24,
      0.16,
      0.08,
      0,
      0.8775,
      0.7975,
      0.7175,
      0.6375,
      0.5575,
      0.4775,
      0.4,
      0.32,
      0.24,
      0.16,
      0.08,
      0,
      0.8775,
      0.7975,
      0.7175,
      0.6375,
      0.5575,
      0.4775,
      0.4,
      0.32,
      0.24,
      0.16,
      0.08,
      0,
      0.8775,
      0.7975,
      0.7175,
      0.6375,
      0.5575,
      0.4775,
      0.4,
      0.32,
      0.24,
      0.16,
      0.08,
      0
    ],
    "TaskName": "identification",
    "TotalReadoutTime": 0.0580013,
    "dataset": "ds001771",
    "modality": "bold",
    "run_id": 4,
    "subject_id": "33",
    "task_id": "identification"
  },
  "dummy_trs": 1,
  "dvars_nstd": 54.57878464925821,
  "dvars_std": 1.10473137510989,
  "dvars_vstd": 1.192029685769231,
  "efc": 0.5200896368562666,
  "fber": 9946.384765625,
  "fd_mean": 0.11957556636032281,
  "fd_num": 18,
  "fd_perc": 4.931506849315069,
  "fwhm_avg": 2.711206666666667,
  "fwhm_x": 2.463515,
  "fwhm_y": 2.899435,
  "fwhm_z": 2.77067,
  "gcor": 0.0039537,
  "gsr_x": -0.0064271665178239346,
  "gsr_y": 0.04861071705818176,
  "provenance": {
    "md5sum": "35f29eab2e9bf52fb06bff1e944c7c3f",
    "settings": {
      "fd_thres": 0.2,
      "testing": false
    },
    "software": "mriqc",
    "version": "23.0.1",
    "webapi_port": null,
    "webapi_url": "https://mriqc.nimh.nih.gov/api/v1"
  },
  "size_t": 365,
  "size_x": 100,
  "size_y": 100,
  "size_z": 60,
  "snr": 3.0045253346754075,
  "spacing_tr": 0.9549999833106995,
  "spacing_x": 2.0,
  "spacing_y": 2.0,
  "spacing_z": 2.0,
  "summary_bg_k": 83.97104773620227,
  "summary_bg_mad": 55.35590473478808,
  "summary_bg_mean": 391.08184814453125,
  "summary_bg_median": 75.52603149414062,
  "summary_bg_n": 369865.0,
  "summary_bg_p05": 28.353425979614258,
  "summary_bg_p95": 1815.2729492187495,
  "summary_bg_stdv": 1025.9564208984375,
  "summary_fg_k": 0.7615705303343279,
  "summary_fg_mad": 2430.7893188771463,
  "summary_fg_mean": 8016.9716796875,
  "summary_fg_median": 7672.01953125,
  "summary_fg_n": 141173.0,
  "summary_fg_p05": 4554.6248046875,
  "summary_fg_p95": 12630.7599609375,
  "summary_fg_stdv": 2553.47900390625,
  "tsnr": 27.889650467899628
}