{
  "aor": 0.00037289176090468494,
  "aqi": 0.009077080840064622,
  "bids_meta": {
    "AcquisitionDateTime": "2017-07-06T17:02:57.093000",
    "EchoTime": 0.0352,
    "EffectiveEchoSpacing": 0.000580013,
    "FlipAngle": 56,
    "ImageType": [
      "ORIGINAL",
      "PRIMARY",
      "M",
      "MB",
      "ND",
      "MOSAI"
    ],
    "MagneticFieldStrength": 3,
    "Manufacturer": "Siemens",
    "ManufacturersModelName": "Prisma",
    "PhaseEncodingDirection": "j-",
    "RepetitionTime": 0.955,
    "SliceTiming": [
      0.875,
      0.795,
      0.715,
      0.6375,
      0.5575,
      0.4775,
      0.3975,
      0.3175,
      0.2375,
      0.16,
      0.08,
      0,
      0.875,
      0.795,
      0.715,
      0.6375,
      0.5575,
      0.4775,
      0.3975,
      0.3175,
      0.2375,
      0.16,
      0.08,
      0,
      0.875,
      0.795,
      0.715,
      0.6375,
      0.5575,
      0.4775,
      0.3975,
      0.3175,
      0.2375,
      0.16,
      0.08,
      0,
      0.875,
      0.795,
      0.715,
      0.6375,
      0.5575,
      0.4775,
      0.3975,
      0.3175,
      0.2375,
      0.16,
      0.08,
      0,
      0.875,
      0.795,
      0.715,
      0.6375,
      0.5575,
      0.4775,
      0.3975,
      0.3175,
      0.2375,
      0.16,
      0.08,
      0
    ],
    "TaskName": "rest",
    "TotalReadoutTime": 0.0580013,
    "dataset": "ds001771",
    "modality": "bold",
    "subject_id": "33",
    "task_id": "rest"
  },
  "dummy_trs": 1,
  "dvars_nstd": 50.522793544287985,
  "dvars_std": 1.0713132506472491,
  "dvars_vstd": 0.9926099931877023,
  "efc": 0.5169611257404396,
  "fber": 11604.703125,
  "fd_mean": 0.08708375668007484,
  "fd_num": 0,
  "fd_perc": 0.0,
  "fwhm_avg": 2.792495056597991,
  "fwhm_x": 2.58019,
  "fwhm_y": 2.948625,
  "fwhm_z": 2.8486701697939734,
  "gcor": 0.00305604,
  "gsr_x": -0.003484981134533882,
  "gsr_y": 0.042865052819252014,
  "provenance": {
    "md5sum": "47a30f48c0d9c5b0e22df6e7896792d7",
    "settings": {
      "fd_thres": 0.2,
      "testing": false
    },
    "software": "mriqc",
    "version": "23.0.1",
    "webapi_port": null,
    "webapi_url": "https://mriqc.nimh.nih.gov/api/v1"
  },
  "size_t": 619,
  "size_x": 100,
  "size_y": 100,
  "size_z": 60,
  "snr": 2.8847678919032584,
  "spacing_tr": 0.9549999833106995,
  "spacing_x": 2.0,
  "spacing_y": 2.0,
  "spacing_z": 1.9999998807907104,
  "summary_bg_k": 60.54532199002779,
  "summary_bg_mad": 49.11342965321718,
  "summary_bg_mean": 373.61285400390625,
  "summary_bg_median": 70.939453125,
  "summary_bg_n": 369088.0,
  "summary_bg_p05": 30.079008483886717,
  "summary_bg_p95": 1772.204052734373,
  "summary_bg_stdv": 915.276123046875,
  "summary_fg_k": 1.1441384001954686,
  "summary_fg_mad": 2569.8954855260445,
  "summary_fg_mean": 8192.8447265625,
  "summary_fg_median": 7844.8828125,
  "summary_fg_n": 141698.0,
  "summary_fg_p05": 4489.41806640625,
  "summary_fg_p95": 13063.988134765623,
  "summary_fg_stdv": 2719.406005859375,
  "tsnr": 29.259315490722656
}