{
  "aor": 0.0007850410958904111,
  "aqi": 0.00884606819178082,
  "bids_meta": {
    "AcquisitionDateTime": "2017-07-06T14:44:57.035000",
    "EchoTime": 0.0352,
    "EffectiveEchoSpacing": 0.000580013,
    "FlipAngle": 56,
    "ImageType": [
      "ORIGINAL",
      "PRIMARY",
      "M",
      "MB",
      "ND",
      "MOSAI"
    ],
    "MagneticFieldStrength": 3,
    "Manufacturer": "Siemens",
    "ManufacturersModelName": "Prisma",
    "PhaseEncodingDirection": "j-",
    "RepetitionTime": 0.955,
    "SliceTiming": [
      0.875,
      0.7975,
      0.7175,
      0.6375,
      0.5575,
      0.4775,
      0.3975,
      0.32,
      0.24,
      0.16,
      0.08,
      0,
      0.875,
      0.7975,
      0.7175,
      0.6375,
      0.5575,
      0.4775,
      0.3975,
      0.32,
      0.24,
      0.16,
      0.08,
      0,
      0.875,
      0.7975,
      0.7175,
      0.6375,
      0.5575,
      0.4775,
      0.3975,
      0.32,
      0.24,
      0.16,
      0.08,
      0,
      0.875,
      0.7975,
      0.7175,
      0.6375,
      0.5575,
      0.4775,
      0.3975,
      0.32,
      0.24,
      0.16,
      0.08,
      0,
      0.875,
      0.7975,
      0.7175,
      0.6375,
      0.5575,
      0.4775,
      0.3975,
      0.32,
      0.24,
      0.16,
      0.08,
      0
    ],
    "TaskName": "identification",
    "TotalReadoutTime": 0.0580013,
    "dataset": "ds001771",
    "modality": "bold",
    "run_id": 1,
    "subject_id": "33",
    "task_id": "identification"
  },
  "dummy_trs": 1,
  "dvars_nstd": 54.65053968098902,
  "dvars_std": 1.1096820994780228,
  "dvars_vstd": 1.0055260357967033,
  "efc": 0.5188803716746209,
  "fber": 11210.3642578125,
  "fd_mean": 0.11123136071776363,
  "fd_num": 3,
  "fd_perc": 0.821917808219178,
  "fwhm_avg": 2.717591666666667,
  "fwhm_x": 2.478845,
  "fwhm_y": 2.891635,
  "fwhm_z": 2.782295,
  "gcor": 0.00203943,
  "gsr_x": -0.007703779265284538,
  "gsr_y": 0.04707041010260582,
  "provenance": {
    "md5sum": "2dbe87a171e055dec770436543fd457c",
    "settings": {
      "fd_thres": 0.2,
      "testing": false
    },
    "software": "mriqc",
    "version": "23.0.1",
    "webapi_port": null,
    "webapi_url": "https://mriqc.nimh.nih.gov/api/v1"
  },
  "size_t": 365,
  "size_x": 100,
  "size_y": 100,
  "size_z": 60,
  "snr": 3.0135835670291637,
  "spacing_tr": 0.9549999833106995,
  "spacing_x": 2.0,
  "spacing_y": 2.0,
  "spacing_z": 2.0,
  "summary_bg_k": 83.04989144561202,
  "summary_bg_mad": 49.55750505564384,
  "summary_bg_mean": 374.6300048828125,
  "summary_bg_median": 71.17945861816406,
  "summary_bg_n": 369206.0,
  "summary_bg_p05": 27.923288345336914,
  "summary_bg_p95": 1698.9815673828125,
  "summary_bg_stdv": 991.4429931640625,
  "summary_fg_k": 0.7108104112545481,
  "summary_fg_mad": 2454.9521877971515,
  "summary_fg_mean": 8044.5869140625,
  "summary_fg_median": 7705.455078125,
  "summary_fg_n": 141496.0,
  "summary_fg_p05": 4570.4708251953125,
  "summary_fg_p95": 12653.8896484375,
  "summary_fg_stdv": 2556.898681640625,
  "tsnr": 29.581944248639047
}