{
  "aor": 0.00021417127071823204,
  "aqi": 0.0064439719889502756,
  "bids_meta": {
    "AcquisitionDateTime": "2017-06-02T14:56:30.719000",
    "EchoTime": 0.0352,
    "EffectiveEchoSpacing": 0.000580013,
    "FlipAngle": 56,
    "ImageType": [
      "ORIGINAL",
      "PRIMARY",
      "M",
      "MB",
      "ND",
      "MOSAI"
    ],
    "MagneticFieldStrength": 3,
    "Manufacturer": "Siemens",
    "ManufacturersModelName": "Prisma",
    "PhaseEncodingDirection": "j-",
    "RepetitionTime": 0.955,
    "SliceTiming": [
      0.8775,
      0.7975,
      0.7175,
      0.6375,
      0.5575,
      0.4775,
      0.4,
      0.32,
      0.24,
      0.16,
      0.08,
      0,
      0.8775,
      0.7975,
      0.7175,
      0.6375,
      0.5575,
      0.4775,
      0.4,
      0.32,
      0.24,
      0.16,
      0.08,
      0,
      0.8775,
      0.7975,
      0.7175,
      0.6375,
      0.5575,
      0.4775,
      0.4,
      0.32,
      0.24,
      0.16,
      0.08,
      0,
      0.8775,
      0.7975,
      0.7175,
      0.6375,
      0.5575,
      0.4775,
      0.4,
      0.32,
      0.24,
      0.16,
      0.08,
      0,
      0.8775,
      0.7975,
      0.7175,
      0.6375,
      0.5575,
      0.4775,
      0.4,
      0.32,
      0.24,
      0.16,
      0.08,
      0
    ],
    "TaskName": "identification",
    "TotalReadoutTime": 0.0580013,
    "dataset": "ds001771",
    "modality": "bold",
    "run_id": 2,
    "subject_id": "25",
    "task_id": "identification"
  },
  "dummy_trs": 4,
  "dvars_nstd": 40.49036963296396,
  "dvars_std": 1.0131165359833798,
  "dvars_vstd": 0.9930838915789469,
  "efc": 0.4874416564055918,
  "fber": 20116.609375,
  "fd_mean": 0.08115203257049844,
  "fd_num": 0,
  "fd_perc": 0.0,
  "fwhm_avg": 2.8216033333333335,
  "fwhm_x": 2.654175,
  "fwhm_y": 2.99254,
  "fwhm_z": 2.818095,
  "gcor": 0.0047247,
  "gsr_x": -0.00746208056807518,
  "gsr_y": 0.03796572983264923,
  "provenance": {
    "md5sum": "f5aa70fe2de59f77057a1f1f743cef73",
    "settings": {
      "fd_thres": 0.2,
      "testing": false
    },
    "software": "mriqc",
    "version": "23.0.1",
    "webapi_port": null,
    "webapi_url": "https://mriqc.nimh.nih.gov/api/v1"
  },
  "size_t": 362,
  "size_x": 100,
  "size_y": 100,
  "size_z": 60,
  "snr": 2.8369205340053334,
  "spacing_tr": 0.9549999833106995,
  "spacing_x": 2.0,
  "spacing_y": 2.0,
  "spacing_z": 2.0,
  "summary_bg_k": 192.99172276670282,
  "summary_bg_mad": 21.800579619714547,
  "summary_bg_mean": 222.6674346923828,
  "summary_bg_median": 54.382713317871094,
  "summary_bg_n": 376308.0,
  "summary_bg_p05": 32.76643581390381,
  "summary_bg_p95": 886.1134979247969,
  "summary_bg_stdv": 649.7619018554688,
  "summary_fg_k": 1.2367540694884696,
  "summary_fg_mad": 2607.7916090291365,
  "summary_fg_mean": 8147.3193359375,
  "summary_fg_median": 7833.7900390625,
  "summary_fg_n": 136142.0,
  "summary_fg_p05": 4363.859765625,
  "summary_fg_p95": 13026.881689453125,
  "summary_fg_stdv": 2761.36083984375,
  "tsnr": 32.55157470703125
}