{
  "aor": 0.0002892458100558659,
  "aqi": 0.005618438407821228,
  "bids_meta": {
    "AcquisitionDateTime": "2017-06-02T15:02:50.751000",
    "EchoTime": 0.0352,
    "EffectiveEchoSpacing": 0.000580013,
    "FlipAngle": 56,
    "ImageType": [
      "ORIGINAL",
      "PRIMARY",
      "M",
      "MB",
      "ND",
      "MOSAI"
    ],
    "MagneticFieldStrength": 3,
    "Manufacturer": "Siemens",
    "ManufacturersModelName": "Prisma",
    "PhaseEncodingDirection": "j-",
    "RepetitionTime": 0.955,
    "SliceTiming": [
      0.8775,
      0.7975,
      0.7175,
      0.6375,
      0.5575,
      0.4775,
      0.4,
      0.32,
      0.24,
      0.16,
      0.08,
      0,
      0.8775,
      0.7975,
      0.7175,
      0.6375,
      0.5575,
      0.4775,
      0.4,
      0.32,
      0.24,
      0.16,
      0.08,
      0,
      0.8775,
      0.7975,
      0.7175,
      0.6375,
      0.5575,
      0.4775,
      0.4,
      0.32,
      0.24,
      0.16,
      0.08,
      0,
      0.8775,
      0.7975,
      0.7175,
      0.6375,
      0.5575,
      0.4775,
      0.4,
      0.32,
      0.24,
      0.16,
      0.08,
      0,
      0.8775,
      0.7975,
      0.7175,
      0.6375,
      0.5575,
      0.4775,
      0.4,
      0.32,
      0.24,
      0.16,
      0.08,
      0
    ],
    "TaskName": "identification",
    "TotalReadoutTime": 0.0580013,
    "dataset": "ds001771",
    "modality": "bold",
    "run_id": 3,
    "subject_id": "25",
    "task_id": "identification"
  },
  "dummy_trs": 8,
  "dvars_nstd": 40.11464461428569,
  "dvars_std": 1.0228698933613445,
  "dvars_vstd": 1.004999900448179,
  "efc": 0.48763193219485984,
  "fber": 18258.322265625,
  "fd_mean": 0.07515045320996598,
  "fd_num": 4,
  "fd_perc": 1.1173184357541899,
  "fwhm_avg": 2.821906666666667,
  "fwhm_x": 2.66271,
  "fwhm_y": 3.010215,
  "fwhm_z": 2.792795,
  "gcor": 0.00590478,
  "gsr_x": -0.009695998392999172,
  "gsr_y": 0.04452630132436752,
  "provenance": {
    "md5sum": "c7d87bbfcf5255d41cd248f9c5cd5587",
    "settings": {
      "fd_thres": 0.2,
      "testing": false
    },
    "software": "mriqc",
    "version": "23.0.1",
    "webapi_port": null,
    "webapi_url": "https://mriqc.nimh.nih.gov/api/v1"
  },
  "size_t": 358,
  "size_x": 100,
  "size_y": 100,
  "size_z": 60,
  "snr": 2.8137179005253383,
  "spacing_tr": 0.9549999833106995,
  "spacing_x": 2.0,
  "spacing_y": 2.0,
  "spacing_z": 2.0,
  "summary_bg_k": 184.23304757773025,
  "summary_bg_mad": 27.867123506174924,
  "summary_bg_mean": 244.92141723632812,
  "summary_bg_median": 57.254188537597656,
  "summary_bg_n": 377589.0,
  "summary_bg_p05": 29.79608917236328,
  "summary_bg_p95": 956.8172973632783,
  "summary_bg_stdv": 784.3117065429688,
  "summary_fg_k": 1.2921050264938305,
  "summary_fg_mad": 2613.819386066434,
  "summary_fg_mean": 8152.1884765625,
  "summary_fg_median": 7836.3505859375,
  "summary_fg_n": 136210.0,
  "summary_fg_p05": 4341.561352539063,
  "summary_fg_p95": 13085.826513671875,
  "summary_fg_stdv": 2785.041748046875,
  "tsnr": 33.68238342180848
}