{
  "aor": 0.00018731984829329965,
  "aqi": 0.008430128432364096,
  "bids_meta": {
    "AcquisitionDateTime": "2017-06-02T15:15:50.718000",
    "EchoTime": 0.0352,
    "EffectiveEchoSpacing": 0.000580013,
    "FlipAngle": 56,
    "ImageType": [
      "ORIGINAL",
      "PRIMARY",
      "M",
      "MB",
      "ND",
      "MOSAI"
    ],
    "MagneticFieldStrength": 3,
    "Manufacturer": "Siemens",
    "ManufacturersModelName": "Prisma",
    "PhaseEncodingDirection": "j-",
    "RepetitionTime": 0.955,
    "SliceTiming": [
      0.875,
      0.795,
      0.7175,
      0.6375,
      0.5575,
      0.4775,
      0.3975,
      0.3175,
      0.24,
      0.16,
      0.08,
      0,
      0.875,
      0.795,
      0.7175,
      0.6375,
      0.5575,
      0.4775,
      0.3975,
      0.3175,
      0.24,
      0.16,
      0.08,
      0,
      0.875,
      0.795,
      0.7175,
      0.6375,
      0.5575,
      0.4775,
      0.3975,
      0.3175,
      0.24,
      0.16,
      0.08,
      0,
      0.875,
      0.795,
      0.7175,
      0.6375,
      0.5575,
      0.4775,
      0.3975,
      0.3175,
      0.24,
      0.16,
      0.08,
      0,
      0.875,
      0.795,
      0.7175,
      0.6375,
      0.5575,
      0.4775,
      0.3975,
      0.3175,
      0.24,
      0.16,
      0.08,
      0
    ],
    "TaskName": "localizer",
    "TotalReadoutTime": 0.0580013,
    "dataset": "ds001771",
    "modality": "bold",
    "subject_id": "25",
    "task_id": "localizer"
  },
  "dummy_trs": 1,
  "dvars_nstd": 39.82714413997464,
  "dvars_std": 0.9980778147088615,
  "dvars_vstd": 0.9848077608101266,
  "efc": 0.48947376014107696,
  "fber": 16526.7421875,
  "fd_mean": 0.08333724364852281,
  "fd_num": 4,
  "fd_perc": 0.5056890012642224,
  "fwhm_avg": 2.88517,
  "fwhm_x": 2.715655,
  "fwhm_y": 3.064935,
  "fwhm_z": 2.87492,
  "gcor": 0.0106824,
  "gsr_x": -0.009566920809447765,
  "gsr_y": 0.043028030544519424,
  "provenance": {
    "md5sum": "078e5bee8f7c68ca4ed18d8c41b6c3b1",
    "settings": {
      "fd_thres": 0.2,
      "testing": false
    },
    "software": "mriqc",
    "version": "23.0.1",
    "webapi_port": null,
    "webapi_url": "https://mriqc.nimh.nih.gov/api/v1"
  },
  "size_t": 791,
  "size_x": 100,
  "size_y": 100,
  "size_z": 60,
  "snr": 2.7865117096180434,
  "spacing_tr": 0.9549999833106995,
  "spacing_x": 2.0,
  "spacing_y": 2.0,
  "spacing_z": 2.0,
  "summary_bg_k": 169.99573891530403,
  "summary_bg_mad": 36.56835397057108,
  "summary_bg_mean": 249.19129943847656,
  "summary_bg_median": 60.35651397705078,
  "summary_bg_n": 376692.0,
  "summary_bg_p05": 23.89380645751953,
  "summary_bg_p95": 979.7467926025424,
  "summary_bg_stdv": 767.5689086914062,
  "summary_fg_k": 1.3142688497273136,
  "summary_fg_mad": 2646.0373892077832,
  "summary_fg_mean": 8186.439453125,
  "summary_fg_median": 7858.4658203125,
  "summary_fg_n": 137244.0,
  "summary_fg_p05": 4329.621655273438,
  "summary_fg_p95": 13171.964404296868,
  "summary_fg_stdv": 2820.170166015625,
  "tsnr": 30.124614001018927
}