{
  "aor": 0.0003333791208791209,
  "aqi": 0.005922837225274725,
  "bids_meta": {
    "AcquisitionDateTime": "2017-06-02T15:09:10.681000",
    "EchoTime": 0.0352,
    "EffectiveEchoSpacing": 0.000580013,
    "FlipAngle": 56,
    "ImageType": [
      "ORIGINAL",
      "PRIMARY",
      "M",
      "MB",
      "ND",
      "MOSAI"
    ],
    "MagneticFieldStrength": 3,
    "Manufacturer": "Siemens",
    "ManufacturersModelName": "Prisma",
    "PhaseEncodingDirection": "j-",
    "RepetitionTime": 0.955,
    "SliceTiming": [
      0.875,
      0.795,
      0.715,
      0.635,
      0.5575,
      0.4775,
      0.3975,
      0.3175,
      0.2375,
      0.1575,
      0.08,
      0,
      0.875,
      0.795,
      0.715,
      0.635,
      0.5575,
      0.4775,
      0.3975,
      0.3175,
      0.2375,
      0.1575,
      0.08,
      0,
      0.875,
      0.795,
      0.715,
      0.635,
      0.5575,
      0.4775,
      0.3975,
      0.3175,
      0.2375,
      0.1575,
      0.08,
      0,
      0.875,
      0.795,
      0.715,
      0.635,
      0.5575,
      0.4775,
      0.3975,
      0.3175,
      0.2375,
      0.1575,
      0.08,
      0,
      0.875,
      0.795,
      0.715,
      0.635,
      0.5575,
      0.4775,
      0.3975,
      0.3175,
      0.2375,
      0.1575,
      0.08,
      0
    ],
    "TaskName": "identification",
    "TotalReadoutTime": 0.0580013,
    "dataset": "ds001771",
    "modality": "bold",
    "run_id": 4,
    "subject_id": "25",
    "task_id": "identification"
  },
  "dummy_trs": 2,
  "dvars_nstd": 39.94362258914598,
  "dvars_std": 1.0126919914876034,
  "dvars_vstd": 0.9971552807438019,
  "efc": 0.48834115487652174,
  "fber": 17657.75390625,
  "fd_mean": 0.0728902769956297,
  "fd_num": 3,
  "fd_perc": 0.8241758241758241,
  "fwhm_avg": 2.8352083333333336,
  "fwhm_x": 2.67206,
  "fwhm_y": 3.021145,
  "fwhm_z": 2.81242,
  "gcor": 0.00810046,
  "gsr_x": -0.010129143483936787,
  "gsr_y": 0.0445350706577301,
  "provenance": {
    "md5sum": "ef57c15f855bf3fa1c9dec279ad69f4f",
    "settings": {
      "fd_thres": 0.2,
      "testing": false
    },
    "software": "mriqc",
    "version": "23.0.1",
    "webapi_port": null,
    "webapi_url": "https://mriqc.nimh.nih.gov/api/v1"
  },
  "size_t": 364,
  "size_x": 100,
  "size_y": 100,
  "size_z": 60,
  "snr": 2.7957978958384535,
  "spacing_tr": 0.9549999833106995,
  "spacing_x": 2.0,
  "spacing_y": 2.0,
  "spacing_z": 2.0,
  "summary_bg_k": 177.72621532279166,
  "summary_bg_mad": 30.24264426661803,
  "summary_bg_mean": 248.23899841308594,
  "summary_bg_median": 58.239013671875,
  "summary_bg_n": 377243.0,
  "summary_bg_p05": 28.535989761352546,
  "summary_bg_p95": 978.3560791015611,
  "summary_bg_stdv": 787.2023315429688,
  "summary_fg_k": 1.3213604943340815,
  "summary_fg_mad": 2628.5027946591827,
  "summary_fg_mean": 8165.48681640625,
  "summary_fg_median": 7842.19677734375,
  "summary_fg_n": 136486.0,
  "summary_fg_p05": 4333.3607177734375,
  "summary_fg_p95": 13121.10693359375,
  "summary_fg_stdv": 2804.98388671875,
  "tsnr": 33.21145825320855
}