{
  "aor": 0.0006572602739726027,
  "aqi": 0.007053453095890412,
  "bids_meta": {
    "AcquisitionDateTime": "2017-05-30T10:38:11.316000",
    "EchoTime": 0.0352,
    "EffectiveEchoSpacing": 0.000580013,
    "FlipAngle": 56,
    "ImageType": [
      "ORIGINAL",
      "PRIMARY",
      "M",
      "MB",
      "ND",
      "MOSAI"
    ],
    "MagneticFieldStrength": 3,
    "Manufacturer": "Siemens",
    "ManufacturersModelName": "Prisma",
    "PhaseEncodingDirection": "j-",
    "RepetitionTime": 0.955,
    "SliceTiming": [
      0.875,
      0.7975,
      0.7175,
      0.6375,
      0.5575,
      0.4775,
      0.3975,
      0.32,
      0.24,
      0.16,
      0.08,
      0,
      0.875,
      0.7975,
      0.7175,
      0.6375,
      0.5575,
      0.4775,
      0.3975,
      0.32,
      0.24,
      0.16,
      0.08,
      0,
      0.875,
      0.7975,
      0.7175,
      0.6375,
      0.5575,
      0.4775,
      0.3975,
      0.32,
      0.24,
      0.16,
      0.08,
      0,
      0.875,
      0.7975,
      0.7175,
      0.6375,
      0.5575,
      0.4775,
      0.3975,
      0.32,
      0.24,
      0.16,
      0.08,
      0,
      0.875,
      0.7975,
      0.7175,
      0.6375,
      0.5575,
      0.4775,
      0.3975,
      0.32,
      0.24,
      0.16,
      0.08,
      0
    ],
    "TaskName": "identification",
    "TotalReadoutTime": 0.0580013,
    "dataset": "ds001771",
    "modality": "bold",
    "run_id": 3,
    "subject_id": "23",
    "task_id": "identification"
  },
  "dummy_trs": 1,
  "dvars_nstd": 42.86391414384615,
  "dvars_std": 1.0186395280769227,
  "dvars_vstd": 1.0200125961813185,
  "efc": 0.4979130789000438,
  "fber": 13832.7314453125,
  "fd_mean": 0.10214130421335364,
  "fd_num": 3,
  "fd_perc": 0.821917808219178,
  "fwhm_avg": 2.71151,
  "fwhm_x": 2.469465,
  "fwhm_y": 2.994,
  "fwhm_z": 2.671065,
  "gcor": 0.00169437,
  "gsr_x": -0.009053668938577175,
  "gsr_y": 0.05182261765003204,
  "provenance": {
    "md5sum": "2ed5672222e2307b4771c50a2c5d61f1",
    "settings": {
      "fd_thres": 0.2,
      "testing": false
    },
    "software": "mriqc",
    "version": "23.0.1",
    "webapi_port": null,
    "webapi_url": "https://mriqc.nimh.nih.gov/api/v1"
  },
  "size_t": 365,
  "size_x": 100,
  "size_y": 100,
  "size_z": 60,
  "snr": 3.0723346133692364,
  "spacing_tr": 0.9549999833106995,
  "spacing_x": 2.0,
  "spacing_y": 2.0,
  "spacing_z": 2.0,
  "summary_bg_k": 169.02463774848056,
  "summary_bg_mad": 36.91070068149894,
  "summary_bg_mean": 272.3248291015625,
  "summary_bg_median": 60.72602844238281,
  "summary_bg_n": 374956.0,
  "summary_bg_p05": 23.982877254486084,
  "summary_bg_p95": 995.8753814697266,
  "summary_bg_stdv": 960.7658081054688,
  "summary_fg_k": 0.9886065236759114,
  "summary_fg_mad": 2286.774204160042,
  "summary_fg_mean": 7518.830078125,
  "summary_fg_median": 7370.83837890625,
  "summary_fg_n": 135939.0,
  "summary_fg_p05": 4026.3701904296877,
  "summary_fg_p95": 11578.151757812499,
  "summary_fg_stdv": 2399.09130859375,
  "tsnr": 31.31327863910701
}