{
  "aor": 0.0002989268292682927,
  "aqi": 0.013681771203252032,
  "bids_meta": {
    "AcquisitionDateTime": "2017-05-30T12:20:11.365000",
    "EchoTime": 0.0352,
    "EffectiveEchoSpacing": 0.000580013,
    "FlipAngle": 56,
    "ImageType": [
      "ORIGINAL",
      "PRIMARY",
      "M",
      "MB",
      "ND",
      "MOSAI"
    ],
    "MagneticFieldStrength": 3,
    "Manufacturer": "Siemens",
    "ManufacturersModelName": "Prisma",
    "PhaseEncodingDirection": "j-",
    "RepetitionTime": 0.955,
    "SliceTiming": [
      0.875,
      0.795,
      0.715,
      0.6375,
      0.5575,
      0.4775,
      0.3975,
      0.3175,
      0.2375,
      0.16,
      0.08,
      0,
      0.875,
      0.795,
      0.715,
      0.6375,
      0.5575,
      0.4775,
      0.3975,
      0.3175,
      0.2375,
      0.16,
      0.08,
      0,
      0.875,
      0.795,
      0.715,
      0.6375,
      0.5575,
      0.4775,
      0.3975,
      0.3175,
      0.2375,
      0.16,
      0.08,
      0,
      0.875,
      0.795,
      0.715,
      0.6375,
      0.5575,
      0.4775,
      0.3975,
      0.3175,
      0.2375,
      0.16,
      0.08,
      0,
      0.875,
      0.795,
      0.715,
      0.6375,
      0.5575,
      0.4775,
      0.3975,
      0.3175,
      0.2375,
      0.16,
      0.08,
      0
    ],
    "TaskName": "rest",
    "TotalReadoutTime": 0.0580013,
    "dataset": "ds001771",
    "modality": "bold",
    "subject_id": "23",
    "task_id": "rest"
  },
  "dummy_trs": 5,
  "dvars_nstd": 43.38045188570031,
  "dvars_std": 0.9731673084039097,
  "dvars_vstd": 0.9677950206351786,
  "efc": 0.5002586449417535,
  "fber": 13047.560546875,
  "fd_mean": 0.10137392460562762,
  "fd_num": 11,
  "fd_perc": 1.7886178861788617,
  "fwhm_avg": 2.7886617215915557,
  "fwhm_x": 2.527675,
  "fwhm_y": 3.07385,
  "fwhm_z": 2.764460164774666,
  "gcor": 0.00160799,
  "gsr_x": -0.007418539375066757,
  "gsr_y": 0.04407106339931488,
  "provenance": {
    "md5sum": "c6758b863871e33171959548f10efdff",
    "settings": {
      "fd_thres": 0.2,
      "testing": false
    },
    "software": "mriqc",
    "version": "23.0.1",
    "webapi_port": null,
    "webapi_url": "https://mriqc.nimh.nih.gov/api/v1"
  },
  "size_t": 615,
  "size_x": 100,
  "size_y": 100,
  "size_z": 60,
  "snr": 3.085627675593572,
  "spacing_tr": 0.9549999833106995,
  "spacing_x": 2.0,
  "spacing_y": 2.0,
  "spacing_z": 1.9999998807907104,
  "summary_bg_k": 132.8659313364105,
  "summary_bg_mad": 39.63731465986956,
  "summary_bg_mean": 235.12796020507812,
  "summary_bg_median": 60.48617935180664,
  "summary_bg_n": 373380.0,
  "summary_bg_p05": 23.230894088745117,
  "summary_bg_p95": 893.4048828124996,
  "summary_bg_stdv": 686.9866333007812,
  "summary_fg_k": 0.5972527164761923,
  "summary_fg_mad": 2222.8963454898767,
  "summary_fg_mean": 7303.55517578125,
  "summary_fg_median": 7150.44677734375,
  "summary_fg_n": 137819.0,
  "summary_fg_p05": 3919.269458007813,
  "summary_fg_p95": 11293.870898437499,
  "summary_fg_stdv": 2317.3310546875,
  "tsnr": 26.450073791202158
}