{
  "aor": 0.0005576649746192893,
  "aqi": 0.009218716840101523,
  "bids_meta": {
    "AcquisitionDateTime": "2017-05-30T10:51:31.282000",
    "EchoTime": 0.0352,
    "EffectiveEchoSpacing": 0.000580013,
    "FlipAngle": 56,
    "ImageType": [
      "ORIGINAL",
      "PRIMARY",
      "M",
      "MB",
      "ND",
      "MOSAI"
    ],
    "MagneticFieldStrength": 3,
    "Manufacturer": "Siemens",
    "ManufacturersModelName": "Prisma",
    "PhaseEncodingDirection": "j-",
    "RepetitionTime": 0.955,
    "SliceTiming": [
      0.875,
      0.795,
      0.715,
      0.635,
      0.555,
      0.4775,
      0.3975,
      0.3175,
      0.2375,
      0.1575,
      0.0775,
      0,
      0.875,
      0.795,
      0.715,
      0.635,
      0.555,
      0.4775,
      0.3975,
      0.3175,
      0.2375,
      0.1575,
      0.0775,
      0,
      0.875,
      0.795,
      0.715,
      0.635,
      0.555,
      0.4775,
      0.3975,
      0.3175,
      0.2375,
      0.1575,
      0.0775,
      0,
      0.875,
      0.795,
      0.715,
      0.635,
      0.555,
      0.4775,
      0.3975,
      0.3175,
      0.2375,
      0.1575,
      0.0775,
      0,
      0.875,
      0.795,
      0.715,
      0.635,
      0.555,
      0.4775,
      0.3975,
      0.3175,
      0.2375,
      0.1575,
      0.0775,
      0
    ],
    "TaskName": "localizer",
    "TotalReadoutTime": 0.0580013,
    "dataset": "ds001771",
    "modality": "bold",
    "subject_id": "23",
    "task_id": "localizer"
  },
  "dummy_trs": 4,
  "dvars_nstd": 42.80087349121983,
  "dvars_std": 1.0027905814358329,
  "dvars_vstd": 0.9952204853240153,
  "efc": 0.49939828187967206,
  "fber": 12921.3427734375,
  "fd_mean": 0.11065302624909161,
  "fd_num": 11,
  "fd_perc": 1.3959390862944163,
  "fwhm_avg": 2.7368066666666664,
  "fwhm_x": 2.48429,
  "fwhm_y": 3.025005,
  "fwhm_z": 2.701125,
  "gcor": 0.00150366,
  "gsr_x": -0.010816783644258976,
  "gsr_y": 0.052111443132162094,
  "provenance": {
    "md5sum": "51633c85048886716fa6237c7bda33a9",
    "settings": {
      "fd_thres": 0.2,
      "testing": false
    },
    "software": "mriqc",
    "version": "23.0.1",
    "webapi_port": null,
    "webapi_url": "https://mriqc.nimh.nih.gov/api/v1"
  },
  "size_t": 788,
  "size_x": 100,
  "size_y": 100,
  "size_z": 60,
  "snr": 3.05017231108068,
  "spacing_tr": 0.9549999833106995,
  "spacing_x": 2.0,
  "spacing_y": 2.0,
  "spacing_z": 2.0,
  "summary_bg_k": 171.85168387626834,
  "summary_bg_mad": 41.420668900826456,
  "summary_bg_mean": 271.4035949707031,
  "summary_bg_median": 62.61167526245117,
  "summary_bg_n": 374059.0,
  "summary_bg_p05": 22.405964660644532,
  "summary_bg_p95": 991.8671142578119,
  "summary_bg_stdv": 945.51220703125,
  "summary_fg_k": 0.9881878471214525,
  "summary_fg_mad": 2283.946545827286,
  "summary_fg_mean": 7496.0869140625,
  "summary_fg_median": 7348.4921875,
  "summary_fg_n": 136664.0,
  "summary_fg_p05": 3963.74951171875,
  "summary_fg_p95": 11569.895556640624,
  "summary_fg_stdv": 2409.19677734375,
  "tsnr": 28.911121868994087
}