{
  "aor": 0.00020595041322314048,
  "aqi": 0.007173217272727272,
  "bids_meta": {
    "AcquisitionDateTime": "2017-05-30T10:31:51.279000",
    "EchoTime": 0.0352,
    "EffectiveEchoSpacing": 0.000580013,
    "FlipAngle": 56,
    "ImageType": [
      "ORIGINAL",
      "PRIMARY",
      "M",
      "MB",
      "ND",
      "MOSAI"
    ],
    "MagneticFieldStrength": 3,
    "Manufacturer": "Siemens",
    "ManufacturersModelName": "Prisma",
    "PhaseEncodingDirection": "j-",
    "RepetitionTime": 0.955,
    "SliceTiming": [
      0.875,
      0.795,
      0.715,
      0.635,
      0.5575,
      0.4775,
      0.3975,
      0.3175,
      0.2375,
      0.1575,
      0.08,
      0,
      0.875,
      0.795,
      0.715,
      0.635,
      0.5575,
      0.4775,
      0.3975,
      0.3175,
      0.2375,
      0.1575,
      0.08,
      0,
      0.875,
      0.795,
      0.715,
      0.635,
      0.5575,
      0.4775,
      0.3975,
      0.3175,
      0.2375,
      0.1575,
      0.08,
      0,
      0.875,
      0.795,
      0.715,
      0.635,
      0.5575,
      0.4775,
      0.3975,
      0.3175,
      0.2375,
      0.1575,
      0.08,
      0,
      0.875,
      0.795,
      0.715,
      0.635,
      0.5575,
      0.4775,
      0.3975,
      0.3175,
      0.2375,
      0.1575,
      0.08,
      0
    ],
    "TaskName": "identification",
    "TotalReadoutTime": 0.0580013,
    "dataset": "ds001771",
    "modality": "bold",
    "run_id": 2,
    "subject_id": "23",
    "task_id": "identification"
  },
  "dummy_trs": 3,
  "dvars_nstd": 42.67675743295583,
  "dvars_std": 1.003469967569061,
  "dvars_vstd": 0.9933388080939226,
  "efc": 0.4973759856861138,
  "fber": 14816.0771484375,
  "fd_mean": 0.09493620893005969,
  "fd_num": 0,
  "fd_perc": 0.0,
  "fwhm_avg": 2.720925,
  "fwhm_x": 2.475205,
  "fwhm_y": 3.000605,
  "fwhm_z": 2.686965,
  "gcor": 0.00174989,
  "gsr_x": -0.010494133457541466,
  "gsr_y": 0.05215108022093773,
  "provenance": {
    "md5sum": "7d27b885b04664e2c3272c4fd9852578",
    "settings": {
      "fd_thres": 0.2,
      "testing": false
    },
    "software": "mriqc",
    "version": "23.0.1",
    "webapi_port": null,
    "webapi_url": "https://mriqc.nimh.nih.gov/api/v1"
  },
  "size_t": 363,
  "size_x": 100,
  "size_y": 100,
  "size_z": 60,
  "snr": 3.057543057278831,
  "spacing_tr": 0.9549999833106995,
  "spacing_x": 2.0,
  "spacing_y": 2.0,
  "spacing_z": 2.0,
  "summary_bg_k": 183.96749083171105,
  "summary_bg_mad": 28.424711206523774,
  "summary_bg_mean": 267.54595947265625,
  "summary_bg_median": 58.65289306640625,
  "summary_bg_n": 374686.0,
  "summary_bg_p05": 32.774105072021484,
  "summary_bg_p95": 966.3360900878906,
  "summary_bg_stdv": 971.5202026367188,
  "summary_fg_k": 0.9199682388602008,
  "summary_fg_mad": 2301.3953550424426,
  "summary_fg_mean": 7506.28076171875,
  "summary_fg_median": 7360.38037109375,
  "summary_fg_n": 136363.0,
  "summary_fg_p05": 3970.441650390625,
  "summary_fg_p95": 11570.619140624998,
  "summary_fg_stdv": 2407.277099609375,
  "tsnr": 31.204865943000186
}