{
  "aor": 0.0004335164835164835,
  "aqi": 0.006863809423076923,
  "bids_meta": {
    "AcquisitionDateTime": "2017-05-30T10:44:51.352000",
    "EchoTime": 0.0352,
    "EffectiveEchoSpacing": 0.000580013,
    "FlipAngle": 56,
    "ImageType": [
      "ORIGINAL",
      "PRIMARY",
      "M",
      "MB",
      "ND",
      "MOSAI"
    ],
    "MagneticFieldStrength": 3,
    "Manufacturer": "Siemens",
    "ManufacturersModelName": "Prisma",
    "PhaseEncodingDirection": "j-",
    "RepetitionTime": 0.955,
    "SliceTiming": [
      0.875,
      0.7975,
      0.7175,
      0.6375,
      0.5575,
      0.4775,
      0.3975,
      0.32,
      0.24,
      0.16,
      0.08,
      0,
      0.875,
      0.7975,
      0.7175,
      0.6375,
      0.5575,
      0.4775,
      0.3975,
      0.32,
      0.24,
      0.16,
      0.08,
      0,
      0.875,
      0.7975,
      0.7175,
      0.6375,
      0.5575,
      0.4775,
      0.3975,
      0.32,
      0.24,
      0.16,
      0.08,
      0,
      0.875,
      0.7975,
      0.7175,
      0.6375,
      0.5575,
      0.4775,
      0.3975,
      0.32,
      0.24,
      0.16,
      0.08,
      0,
      0.875,
      0.7975,
      0.7175,
      0.6375,
      0.5575,
      0.4775,
      0.3975,
      0.32,
      0.24,
      0.16,
      0.08,
      0
    ],
    "TaskName": "identification",
    "TotalReadoutTime": 0.0580013,
    "dataset": "ds001771",
    "modality": "bold",
    "run_id": 4,
    "subject_id": "23",
    "task_id": "identification"
  },
  "dummy_trs": 2,
  "dvars_nstd": 42.84186834537193,
  "dvars_std": 1.0106887232506891,
  "dvars_vstd": 0.9990084825619839,
  "efc": 0.49829666276207435,
  "fber": 14584.759765625,
  "fd_mean": 0.10241690865408759,
  "fd_num": 0,
  "fd_perc": 0.0,
  "fwhm_avg": 2.7059833333333336,
  "fwhm_x": 2.454155,
  "fwhm_y": 2.993785,
  "fwhm_z": 2.67001,
  "gcor": 0.00180976,
  "gsr_x": -0.010610614903271198,
  "gsr_y": 0.051604144275188446,
  "provenance": {
    "md5sum": "49b19e9e535dddb5ea096619a6db5ab0",
    "settings": {
      "fd_thres": 0.2,
      "testing": false
    },
    "software": "mriqc",
    "version": "23.0.1",
    "webapi_port": null,
    "webapi_url": "https://mriqc.nimh.nih.gov/api/v1"
  },
  "size_t": 364,
  "size_x": 100,
  "size_y": 100,
  "size_z": 60,
  "snr": 3.0722334958426716,
  "spacing_tr": 0.9549999833106995,
  "spacing_x": 2.0,
  "spacing_y": 2.0,
  "spacing_z": 2.0,
  "summary_bg_k": 169.508283039688,
  "summary_bg_mad": 32.47876386021495,
  "summary_bg_mean": 269.26324462890625,
  "summary_bg_median": 58.978023529052734,
  "summary_bg_n": 374275.0,
  "summary_bg_p05": 27.076923370361328,
  "summary_bg_p95": 980.8033020019503,
  "summary_bg_stdv": 954.0616455078125,
  "summary_fg_k": 0.9738812835870196,
  "summary_fg_mad": 2287.414879435128,
  "summary_fg_mean": 7522.17822265625,
  "summary_fg_median": 7372.4423828125,
  "summary_fg_n": 136201.0,
  "summary_fg_p05": 4022.0439453125,
  "summary_fg_p95": 11580.099609375,
  "summary_fg_stdv": 2399.6923828125,
  "tsnr": 31.5639055557549
}