{
  "aor": 0.00037449675324675326,
  "aqi": 0.00920272159090909,
  "bids_meta": {
    "AcquisitionDateTime": "2017-04-13T11:48:43.116000",
    "EchoTime": 0.0352,
    "EffectiveEchoSpacing": 0.000580013,
    "FlipAngle": 56,
    "ImageType": [
      "ORIGINAL",
      "PRIMARY",
      "M",
      "MB",
      "ND",
      "MOSAI"
    ],
    "MagneticFieldStrength": 3,
    "Manufacturer": "Siemens",
    "ManufacturersModelName": "Prisma",
    "PhaseEncodingDirection": "j-",
    "RepetitionTime": 0.955,
    "SliceTiming": [
      0.875,
      0.795,
      0.715,
      0.635,
      0.5575,
      0.4775,
      0.3975,
      0.3175,
      0.2375,
      0.1575,
      0.08,
      0,
      0.875,
      0.795,
      0.715,
      0.635,
      0.5575,
      0.4775,
      0.3975,
      0.3175,
      0.2375,
      0.1575,
      0.08,
      0,
      0.875,
      0.795,
      0.715,
      0.635,
      0.5575,
      0.4775,
      0.3975,
      0.3175,
      0.2375,
      0.1575,
      0.08,
      0,
      0.875,
      0.795,
      0.715,
      0.635,
      0.5575,
      0.4775,
      0.3975,
      0.3175,
      0.2375,
      0.1575,
      0.08,
      0,
      0.875,
      0.795,
      0.715,
      0.635,
      0.5575,
      0.4775,
      0.3975,
      0.3175,
      0.2375,
      0.1575,
      0.08,
      0
    ],
    "TaskName": "rest",
    "TotalReadoutTime": 0.0580013,
    "dataset": "ds001771",
    "modality": "bold",
    "subject_id": "10",
    "task_id": "rest"
  },
  "dummy_trs": 4,
  "dvars_nstd": 44.394494188357754,
  "dvars_std": 0.9999726131544713,
  "dvars_vstd": 0.981650764097562,
  "efc": 0.525870922235321,
  "fber": 11042.7509765625,
  "fd_mean": 0.08635712620128684,
  "fd_num": 16,
  "fd_perc": 2.5974025974025974,
  "fwhm_avg": 2.968375,
  "fwhm_x": 2.661225,
  "fwhm_y": 3.14947,
  "fwhm_z": 3.09443,
  "gcor": 0.00323631,
  "gsr_x": -0.002694482449442148,
  "gsr_y": 0.034777700901031494,
  "provenance": {
    "md5sum": "a72219368c2ef6621fdc8fc710b48707",
    "settings": {
      "fd_thres": 0.2,
      "testing": false
    },
    "software": "mriqc",
    "version": "23.0.1",
    "webapi_port": null,
    "webapi_url": "https://mriqc.nimh.nih.gov/api/v1"
  },
  "size_t": 616,
  "size_x": 100,
  "size_y": 100,
  "size_z": 60,
  "snr": 2.5242999316166337,
  "spacing_tr": 0.9549999833106995,
  "spacing_x": 2.0,
  "spacing_y": 2.0,
  "spacing_z": 2.0,
  "summary_bg_k": 41.76503209549068,
  "summary_bg_mad": 41.48638223081615,
  "summary_bg_mean": 312.7811279296875,
  "summary_bg_median": 66.67045593261719,
  "summary_bg_n": 353209.0,
  "summary_bg_p05": 32.193180084228516,
  "summary_bg_p95": 1453.246069335935,
  "summary_bg_stdv": 746.2599487304688,
  "summary_fg_k": 0.9817629200595168,
  "summary_fg_mad": 2708.1676884270337,
  "summary_fg_mean": 7682.7451171875,
  "summary_fg_median": 7292.2470703125,
  "summary_fg_n": 155680.0,
  "summary_fg_p05": 3867.4836547851564,
  "summary_fg_p95": 12922.29619140625,
  "summary_fg_stdv": 2888.810302734375,
  "tsnr": 27.43277002166724
}