{
  "aor": 0.0011276438356164385,
  "aqi": 0.007193323369863013,
  "bids_meta": {
    "AcquisitionDateTime": "2017-04-13T09:50:03.083000",
    "EchoTime": 0.0352,
    "EffectiveEchoSpacing": 0.000580013,
    "FlipAngle": 56,
    "ImageType": [
      "ORIGINAL",
      "PRIMARY",
      "M",
      "MB",
      "ND",
      "MOSAI"
    ],
    "MagneticFieldStrength": 3,
    "Manufacturer": "Siemens",
    "ManufacturersModelName": "Prisma",
    "PhaseEncodingDirection": "j-",
    "RepetitionTime": 0.955,
    "SliceTiming": [
      0.875,
      0.795,
      0.715,
      0.635,
      0.555,
      0.4775,
      0.3975,
      0.3175,
      0.2375,
      0.1575,
      0.0775,
      0,
      0.875,
      0.795,
      0.715,
      0.635,
      0.555,
      0.4775,
      0.3975,
      0.3175,
      0.2375,
      0.1575,
      0.0775,
      0,
      0.875,
      0.795,
      0.715,
      0.635,
      0.555,
      0.4775,
      0.3975,
      0.3175,
      0.2375,
      0.1575,
      0.0775,
      0,
      0.875,
      0.795,
      0.715,
      0.635,
      0.555,
      0.4775,
      0.3975,
      0.3175,
      0.2375,
      0.1575,
      0.0775,
      0,
      0.875,
      0.795,
      0.715,
      0.635,
      0.555,
      0.4775,
      0.3975,
      0.3175,
      0.2375,
      0.1575,
      0.0775,
      0
    ],
    "TaskName": "identification",
    "TotalReadoutTime": 0.0580013,
    "dataset": "ds001771",
    "modality": "bold",
    "run_id": 4,
    "subject_id": "10",
    "task_id": "identification"
  },
  "dummy_trs": 1,
  "dvars_nstd": 46.57605105167585,
  "dvars_std": 1.0476162670604394,
  "dvars_vstd": 1.0144908735989004,
  "efc": 0.5268893430745434,
  "fber": 11880.7587890625,
  "fd_mean": 0.10264658539739067,
  "fd_num": 18,
  "fd_perc": 4.931506849315069,
  "fwhm_avg": 2.9554566666666666,
  "fwhm_x": 2.649385,
  "fwhm_y": 3.11731,
  "fwhm_z": 3.099675,
  "gcor": 0.00422961,
  "gsr_x": -0.007447502575814724,
  "gsr_y": 0.04668615758419037,
  "provenance": {
    "md5sum": "40cbef49e6aba2b276fa6be2c2075c79",
    "settings": {
      "fd_thres": 0.2,
      "testing": false
    },
    "software": "mriqc",
    "version": "23.0.1",
    "webapi_port": null,
    "webapi_url": "https://mriqc.nimh.nih.gov/api/v1"
  },
  "size_t": 365,
  "size_x": 100,
  "size_y": 100,
  "size_z": 60,
  "snr": 2.4191552130248,
  "spacing_tr": 0.9549999833106995,
  "spacing_x": 2.0,
  "spacing_y": 2.0,
  "spacing_z": 2.0,
  "summary_bg_k": 46.80619487240494,
  "summary_bg_mad": 33.65913226846847,
  "summary_bg_mean": 336.75531005859375,
  "summary_bg_median": 63.56575393676758,
  "summary_bg_n": 352242.0,
  "summary_bg_p05": 37.10137176513672,
  "summary_bg_p95": 1598.5436401367192,
  "summary_bg_stdv": 852.233154296875,
  "summary_fg_k": 1.6220238884687195,
  "summary_fg_mad": 2653.665406579069,
  "summary_fg_mean": 7615.88134765625,
  "summary_fg_median": 7161.68505859375,
  "summary_fg_n": 156184.0,
  "summary_fg_p05": 3812.8965087890624,
  "summary_fg_p95": 13039.627978515626,
  "summary_fg_stdv": 2960.39794921875,
  "tsnr": 29.85761036351323
}