{
  "aor": 0.0011933713561470217,
  "aqi": 0.010223498910012674,
  "bids_meta": {
    "AcquisitionDateTime": "2017-04-13T09:58:43.044000",
    "EchoTime": 0.0352,
    "EffectiveEchoSpacing": 0.000580013,
    "FlipAngle": 56,
    "ImageType": [
      "ORIGINAL",
      "PRIMARY",
      "M",
      "MB",
      "ND",
      "MOSAI"
    ],
    "MagneticFieldStrength": 3,
    "Manufacturer": "Siemens",
    "ManufacturersModelName": "Prisma",
    "PhaseEncodingDirection": "j-",
    "RepetitionTime": 0.955,
    "SliceTiming": [
      0.875,
      0.795,
      0.715,
      0.635,
      0.5575,
      0.4775,
      0.3975,
      0.3175,
      0.2375,
      0.1575,
      0.08,
      0,
      0.875,
      0.795,
      0.715,
      0.635,
      0.5575,
      0.4775,
      0.3975,
      0.3175,
      0.2375,
      0.1575,
      0.08,
      0,
      0.875,
      0.795,
      0.715,
      0.635,
      0.5575,
      0.4775,
      0.3975,
      0.3175,
      0.2375,
      0.1575,
      0.08,
      0,
      0.875,
      0.795,
      0.715,
      0.635,
      0.5575,
      0.4775,
      0.3975,
      0.3175,
      0.2375,
      0.1575,
      0.08,
      0,
      0.875,
      0.795,
      0.715,
      0.635,
      0.5575,
      0.4775,
      0.3975,
      0.3175,
      0.2375,
      0.1575,
      0.08,
      0
    ],
    "TaskName": "localizer",
    "TotalReadoutTime": 0.0580013,
    "dataset": "ds001771",
    "modality": "bold",
    "subject_id": "10",
    "task_id": "localizer"
  },
  "dummy_trs": 3,
  "dvars_nstd": 47.727088904162386,
  "dvars_std": 1.0393804817385777,
  "dvars_vstd": 1.0134464356979698,
  "efc": 0.5277971329456531,
  "fber": 11410.3681640625,
  "fd_mean": 0.13467908803705728,
  "fd_num": 135,
  "fd_perc": 17.11026615969582,
  "fwhm_avg": 2.98836,
  "fwhm_x": 2.679005,
  "fwhm_y": 3.153245,
  "fwhm_z": 3.13283,
  "gcor": 0.00941561,
  "gsr_x": -0.010228314436972141,
  "gsr_y": 0.05013713613152504,
  "provenance": {
    "md5sum": "a5f7137fc26fbcfe19def880deafef35",
    "settings": {
      "fd_thres": 0.2,
      "testing": false
    },
    "software": "mriqc",
    "version": "23.0.1",
    "webapi_port": null,
    "webapi_url": "https://mriqc.nimh.nih.gov/api/v1"
  },
  "size_t": 789,
  "size_x": 100,
  "size_y": 100,
  "size_z": 60,
  "snr": 2.411730924579185,
  "spacing_tr": 0.9549999833106995,
  "spacing_x": 2.0,
  "spacing_y": 2.0,
  "spacing_z": 2.0,
  "summary_bg_k": 43.710085688099554,
  "summary_bg_mad": 35.859731372436315,
  "summary_bg_mean": 358.61590576171875,
  "summary_bg_median": 64.92431640625,
  "summary_bg_n": 353678.0,
  "summary_bg_p05": 36.30905551910401,
  "summary_bg_p95": 1711.7407653808557,
  "summary_bg_stdv": 910.3616943359375,
  "summary_fg_k": 1.6628852534454177,
  "summary_fg_mad": 2660.2296134229655,
  "summary_fg_mean": 7614.7197265625,
  "summary_fg_median": 7153.3251953125,
  "summary_fg_n": 155958.0,
  "summary_fg_p05": 3813.176647949219,
  "summary_fg_p95": 13077.489306640626,
  "summary_fg_stdv": 2966.044921875,
  "tsnr": 26.503915786743164
}