{
  "aor": 0.0007695690747782005,
  "aqi": 0.012373698631178705,
  "bids_meta": {
    "AcquisitionDateTime": "2017-06-15T14:02:56.688000",
    "EchoTime": 0.0352,
    "EffectiveEchoSpacing": 0.000580013,
    "FlipAngle": 56,
    "ImageType": [
      "ORIGINAL",
      "PRIMARY",
      "M",
      "MB",
      "ND",
      "MOSAI"
    ],
    "MagneticFieldStrength": 3,
    "Manufacturer": "Siemens",
    "ManufacturersModelName": "Prisma",
    "PhaseEncodingDirection": "j-",
    "RepetitionTime": 0.955,
    "SliceTiming": [
      0.875,
      0.795,
      0.715,
      0.635,
      0.5575,
      0.4775,
      0.3975,
      0.3175,
      0.2375,
      0.1575,
      0.08,
      0,
      0.875,
      0.795,
      0.715,
      0.635,
      0.5575,
      0.4775,
      0.3975,
      0.3175,
      0.2375,
      0.1575,
      0.08,
      0,
      0.875,
      0.795,
      0.715,
      0.635,
      0.5575,
      0.4775,
      0.3975,
      0.3175,
      0.2375,
      0.1575,
      0.08,
      0,
      0.875,
      0.795,
      0.715,
      0.635,
      0.5575,
      0.4775,
      0.3975,
      0.3175,
      0.2375,
      0.1575,
      0.08,
      0,
      0.875,
      0.795,
      0.715,
      0.635,
      0.5575,
      0.4775,
      0.3975,
      0.3175,
      0.2375,
      0.1575,
      0.08,
      0
    ],
    "TaskName": "localizer",
    "TotalReadoutTime": 0.0580013,
    "dataset": "ds001771",
    "modality": "bold",
    "subject_id": "26",
    "task_id": "localizer"
  },
  "dummy_trs": 3,
  "dvars_nstd": 43.422619364657315,
  "dvars_std": 0.9829716776269045,
  "dvars_vstd": 0.9776840755583747,
  "efc": 0.5136170855993685,
  "fber": 9542.0068359375,
  "fd_mean": 0.09989491421887509,
  "fd_num": 57,
  "fd_perc": 7.224334600760456,
  "fwhm_avg": 3.062421666666667,
  "fwhm_x": 2.88484,
  "fwhm_y": 3.18395,
  "fwhm_z": 3.118475,
  "gcor": 0.00499569,
  "gsr_x": -0.008030183613300323,
  "gsr_y": 0.04320898652076721,
  "provenance": {
    "md5sum": "9ea0117a97376d3bad054a2ecc7fcd9f",
    "settings": {
      "fd_thres": 0.2,
      "testing": false
    },
    "software": "mriqc",
    "version": "23.0.1",
    "webapi_port": null,
    "webapi_url": "https://mriqc.nimh.nih.gov/api/v1"
  },
  "size_t": 789,
  "size_x": 100,
  "size_y": 100,
  "size_z": 60,
  "snr": 2.261027407680603,
  "spacing_tr": 0.9549999833106995,
  "spacing_x": 2.0,
  "spacing_y": 2.0,
  "spacing_z": 2.0,
  "summary_bg_k": 85.59333853224955,
  "summary_bg_mad": 64.16338843358619,
  "summary_bg_mean": 328.3187561035156,
  "summary_bg_median": 77.62846374511719,
  "summary_bg_n": 356230.0,
  "summary_bg_p05": 21.179289150238038,
  "summary_bg_p95": 1459.4644042968737,
  "summary_bg_stdv": 833.6026000976562,
  "summary_fg_k": 1.6700306602689068,
  "summary_fg_mad": 3076.0803516518777,
  "summary_fg_mean": 8441.861328125,
  "summary_fg_median": 7740.904296875,
  "summary_fg_n": 153281.0,
  "summary_fg_p05": 4332.646484375,
  "summary_fg_p95": 15053.7451171875,
  "summary_fg_stdv": 3423.611328125,
  "tsnr": 24.494789123535156
}