{
  "aor": 0.0005336712328767124,
  "aqi": 0.006498775369863014,
  "bids_meta": {
    "AcquisitionDateTime": "2017-06-15T13:55:56.657000",
    "EchoTime": 0.0352,
    "EffectiveEchoSpacing": 0.000580013,
    "FlipAngle": 56,
    "ImageType": [
      "ORIGINAL",
      "PRIMARY",
      "M",
      "MB",
      "ND",
      "MOSAI"
    ],
    "MagneticFieldStrength": 3,
    "Manufacturer": "Siemens",
    "ManufacturersModelName": "Prisma",
    "PhaseEncodingDirection": "j-",
    "RepetitionTime": 0.955,
    "SliceTiming": [
      0.875,
      0.795,
      0.715,
      0.635,
      0.5575,
      0.4775,
      0.3975,
      0.3175,
      0.2375,
      0.1575,
      0.08,
      0,
      0.875,
      0.795,
      0.715,
      0.635,
      0.5575,
      0.4775,
      0.3975,
      0.3175,
      0.2375,
      0.1575,
      0.08,
      0,
      0.875,
      0.795,
      0.715,
      0.635,
      0.5575,
      0.4775,
      0.3975,
      0.3175,
      0.2375,
      0.1575,
      0.08,
      0,
      0.875,
      0.795,
      0.715,
      0.635,
      0.5575,
      0.4775,
      0.3975,
      0.3175,
      0.2375,
      0.1575,
      0.08,
      0,
      0.875,
      0.795,
      0.715,
      0.635,
      0.5575,
      0.4775,
      0.3975,
      0.3175,
      0.2375,
      0.1575,
      0.08,
      0
    ],
    "TaskName": "identification",
    "TotalReadoutTime": 0.0580013,
    "dataset": "ds001771",
    "modality": "bold",
    "run_id": 4,
    "subject_id": "26",
    "task_id": "identification"
  },
  "dummy_trs": 1,
  "dvars_nstd": 42.96921312953301,
  "dvars_std": 1.018105745824175,
  "dvars_vstd": 0.9981539288186809,
  "efc": 0.5125850194844215,
  "fber": 13410.6640625,
  "fd_mean": 0.07487659123655988,
  "fd_num": 3,
  "fd_perc": 0.821917808219178,
  "fwhm_avg": 2.9829666666666665,
  "fwhm_x": 2.84234,
  "fwhm_y": 3.10086,
  "fwhm_z": 3.0057,
  "gcor": 0.0157461,
  "gsr_x": -0.008281690999865532,
  "gsr_y": 0.044001754373311996,
  "provenance": {
    "md5sum": "1c3fe6c40e37861a7c1064cc018222b9",
    "settings": {
      "fd_thres": 0.2,
      "testing": false
    },
    "software": "mriqc",
    "version": "23.0.1",
    "webapi_port": null,
    "webapi_url": "https://mriqc.nimh.nih.gov/api/v1"
  },
  "size_t": 365,
  "size_x": 100,
  "size_y": 100,
  "size_z": 60,
  "snr": 2.2734583876121457,
  "spacing_tr": 0.9549999833106995,
  "spacing_x": 2.0,
  "spacing_y": 2.0,
  "spacing_z": 2.0,
  "summary_bg_k": 79.76326145804474,
  "summary_bg_mad": 38.006720298680406,
  "summary_bg_mean": 323.90155029296875,
  "summary_bg_median": 65.11387634277344,
  "summary_bg_n": 356318.0,
  "summary_bg_p05": 33.872588539123534,
  "summary_bg_p95": 1461.8147155761717,
  "summary_bg_stdv": 851.8602905273438,
  "summary_fg_k": 1.620259995478249,
  "summary_fg_mad": 3071.5500173338073,
  "summary_fg_mean": 8442.306640625,
  "summary_fg_median": 7750.12890625,
  "summary_fg_n": 153365.0,
  "summary_fg_p05": 4333.2046875,
  "summary_fg_p95": 15002.110156249988,
  "summary_fg_stdv": 3408.948974609375,
  "tsnr": 30.103351593017578
}