{
  "aor": 0.0004100273972602739,
  "aqi": 0.005537849506849315,
  "bids_meta": {
    "AcquisitionDateTime": "2017-06-15T13:49:36.721000",
    "EchoTime": 0.0352,
    "EffectiveEchoSpacing": 0.000580013,
    "FlipAngle": 56,
    "ImageType": [
      "ORIGINAL",
      "PRIMARY",
      "M",
      "MB",
      "ND",
      "MOSAI"
    ],
    "MagneticFieldStrength": 3,
    "Manufacturer": "Siemens",
    "ManufacturersModelName": "Prisma",
    "PhaseEncodingDirection": "j-",
    "RepetitionTime": 0.955,
    "SliceTiming": [
      0.8775,
      0.7975,
      0.7175,
      0.6375,
      0.5575,
      0.4775,
      0.4,
      0.32,
      0.24,
      0.16,
      0.08,
      0,
      0.8775,
      0.7975,
      0.7175,
      0.6375,
      0.5575,
      0.4775,
      0.4,
      0.32,
      0.24,
      0.16,
      0.08,
      0,
      0.8775,
      0.7975,
      0.7175,
      0.6375,
      0.5575,
      0.4775,
      0.4,
      0.32,
      0.24,
      0.16,
      0.08,
      0,
      0.8775,
      0.7975,
      0.7175,
      0.6375,
      0.5575,
      0.4775,
      0.4,
      0.32,
      0.24,
      0.16,
      0.08,
      0,
      0.8775,
      0.7975,
      0.7175,
      0.6375,
      0.5575,
      0.4775,
      0.4,
      0.32,
      0.24,
      0.16,
      0.08,
      0
    ],
    "TaskName": "identification",
    "TotalReadoutTime": 0.0580013,
    "dataset": "ds001771",
    "modality": "bold",
    "run_id": 3,
    "subject_id": "26",
    "task_id": "identification"
  },
  "dummy_trs": 1,
  "dvars_nstd": 42.77093779381868,
  "dvars_std": 1.0226535775824177,
  "dvars_vstd": 1.0003734968681322,
  "efc": 0.5118021217897337,
  "fber": 13059.9345703125,
  "fd_mean": 0.06318453249189723,
  "fd_num": 3,
  "fd_perc": 0.821917808219178,
  "fwhm_avg": 3.0056933333333333,
  "fwhm_x": 2.8567,
  "fwhm_y": 3.12499,
  "fwhm_z": 3.03539,
  "gcor": 0.0136957,
  "gsr_x": -0.008775094524025917,
  "gsr_y": 0.04322727769613266,
  "provenance": {
    "md5sum": "69aa758d7a4b6d82e933cef17c4e902d",
    "settings": {
      "fd_thres": 0.2,
      "testing": false
    },
    "software": "mriqc",
    "version": "23.0.1",
    "webapi_port": null,
    "webapi_url": "https://mriqc.nimh.nih.gov/api/v1"
  },
  "size_t": 365,
  "size_x": 100,
  "size_y": 100,
  "size_z": 60,
  "snr": 2.258068530968569,
  "spacing_tr": 0.9549999833106995,
  "spacing_x": 2.0,
  "spacing_y": 2.0,
  "spacing_z": 2.0,
  "summary_bg_k": 88.06972797867498,
  "summary_bg_mad": 38.91289292348484,
  "summary_bg_mean": 312.9817199707031,
  "summary_bg_median": 65.92491149902344,
  "summary_bg_n": 355740.0,
  "summary_bg_p05": 35.03433322906494,
  "summary_bg_p95": 1396.5798583984363,
  "summary_bg_stdv": 828.1061401367188,
  "summary_fg_k": 1.6518729767829559,
  "summary_fg_mad": 3068.253978319717,
  "summary_fg_mean": 8417.7333984375,
  "summary_fg_median": 7724.0302734375,
  "summary_fg_n": 153523.0,
  "summary_fg_p05": 4312.45185546875,
  "summary_fg_p95": 15001.840917968748,
  "summary_fg_stdv": 3420.624755859375,
  "tsnr": 31.3438720703125
}