{
  "aor": 0.0006012021857923497,
  "aqi": 0.015168233087431695,
  "bids_meta": {
    "AcquisitionDateTime": "2017-07-27T15:01:57.544000",
    "EchoTime": 0.0352,
    "EffectiveEchoSpacing": 0.000580013,
    "FlipAngle": 56,
    "ImageType": [
      "ORIGINAL",
      "PRIMARY",
      "M",
      "MB",
      "ND",
      "MOSAI"
    ],
    "MagneticFieldStrength": 3,
    "Manufacturer": "Siemens",
    "ManufacturersModelName": "Prisma",
    "PhaseEncodingDirection": "j-",
    "RepetitionTime": 0.955,
    "SliceTiming": [
      0.875,
      0.795,
      0.715,
      0.635,
      0.555,
      0.4775,
      0.3975,
      0.3175,
      0.2375,
      0.1575,
      0.0775,
      0,
      0.875,
      0.795,
      0.715,
      0.635,
      0.555,
      0.4775,
      0.3975,
      0.3175,
      0.2375,
      0.1575,
      0.0775,
      0,
      0.875,
      0.795,
      0.715,
      0.635,
      0.555,
      0.4775,
      0.3975,
      0.3175,
      0.2375,
      0.1575,
      0.0775,
      0,
      0.875,
      0.795,
      0.715,
      0.635,
      0.555,
      0.4775,
      0.3975,
      0.3175,
      0.2375,
      0.1575,
      0.0775,
      0,
      0.875,
      0.795,
      0.715,
      0.635,
      0.555,
      0.4775,
      0.3975,
      0.3175,
      0.2375,
      0.1575,
      0.0775,
      0
    ],
    "TaskName": "identification",
    "TotalReadoutTime": 0.0580013,
    "dataset": "ds001771",
    "modality": "bold",
    "run_id": 2,
    "subject_id": "40",
    "task_id": "identification"
  },
  "dummy_trs": 0,
  "dvars_nstd": 45.04485832120551,
  "dvars_std": 0.97360296,
  "dvars_vstd": 0.9731671622465756,
  "efc": 0.5128118721933398,
  "fber": 12215.390625,
  "fd_mean": 0.10744930004268452,
  "fd_num": 31,
  "fd_perc": 8.469945355191257,
  "fwhm_avg": 2.967518333333333,
  "fwhm_x": 2.75934,
  "fwhm_y": 3.182585,
  "fwhm_z": 2.96063,
  "gcor": 0.0161565,
  "gsr_x": -0.005466396454721689,
  "gsr_y": 0.040027372539043427,
  "provenance": {
    "md5sum": "9d795ad47eefc9148c575d1700597fe6",
    "settings": {
      "fd_thres": 0.2,
      "testing": false
    },
    "software": "mriqc",
    "version": "23.0.1",
    "webapi_port": null,
    "webapi_url": "https://mriqc.nimh.nih.gov/api/v1"
  },
  "size_t": 366,
  "size_x": 100,
  "size_y": 100,
  "size_z": 60,
  "snr": 2.825048784997427,
  "spacing_tr": 0.9549999833106995,
  "spacing_x": 2.0,
  "spacing_y": 2.0,
  "spacing_z": 2.0,
  "summary_bg_k": 116.09975047761812,
  "summary_bg_mad": 41.54729388964986,
  "summary_bg_mean": 287.26971435546875,
  "summary_bg_median": 67.06694030761719,
  "summary_bg_n": 365902.0,
  "summary_bg_p05": 32.92896270751953,
  "summary_bg_p95": 1179.9742492675784,
  "summary_bg_stdv": 732.8186645507812,
  "summary_fg_k": 0.3075212730918375,
  "summary_fg_mad": 2646.3602605893525,
  "summary_fg_mean": 7833.68798828125,
  "summary_fg_median": 7505.34423828125,
  "summary_fg_n": 146910.0,
  "summary_fg_p05": 4128.829418945313,
  "summary_fg_p95": 12626.00654296875,
  "summary_fg_stdv": 2656.7041015625,
  "tsnr": 24.42871573381126
}