{
  "aor": 0.000277775974025974,
  "aqi": 0.007087829967532468,
  "bids_meta": {
    "AcquisitionDateTime": "2017-07-27T17:01:37.546000",
    "EchoTime": 0.0352,
    "EffectiveEchoSpacing": 0.000580013,
    "FlipAngle": 56,
    "ImageType": [
      "ORIGINAL",
      "PRIMARY",
      "M",
      "MB",
      "ND",
      "MOSAI"
    ],
    "MagneticFieldStrength": 3,
    "Manufacturer": "Siemens",
    "ManufacturersModelName": "Prisma",
    "PhaseEncodingDirection": "j-",
    "RepetitionTime": 0.955,
    "SliceTiming": [
      0.875,
      0.795,
      0.715,
      0.635,
      0.5575,
      0.4775,
      0.3975,
      0.3175,
      0.2375,
      0.1575,
      0.08,
      0,
      0.875,
      0.795,
      0.715,
      0.635,
      0.5575,
      0.4775,
      0.3975,
      0.3175,
      0.2375,
      0.1575,
      0.08,
      0,
      0.875,
      0.795,
      0.715,
      0.635,
      0.5575,
      0.4775,
      0.3975,
      0.3175,
      0.2375,
      0.1575,
      0.08,
      0,
      0.875,
      0.795,
      0.715,
      0.635,
      0.5575,
      0.4775,
      0.3975,
      0.3175,
      0.2375,
      0.1575,
      0.08,
      0,
      0.875,
      0.795,
      0.715,
      0.635,
      0.5575,
      0.4775,
      0.3975,
      0.3175,
      0.2375,
      0.1575,
      0.08,
      0
    ],
    "TaskName": "rest",
    "TotalReadoutTime": 0.0580013,
    "dataset": "ds001771",
    "modality": "bold",
    "subject_id": "40",
    "task_id": "rest"
  },
  "dummy_trs": 4,
  "dvars_nstd": 42.45326606939839,
  "dvars_std": 1.0115997625040645,
  "dvars_vstd": 0.996445767804878,
  "efc": 0.5130744016127458,
  "fber": 12869.662109375,
  "fd_mean": 0.05919470019377446,
  "fd_num": 1,
  "fd_perc": 0.16233766233766234,
  "fwhm_avg": 2.915736666666666,
  "fwhm_x": 2.76165,
  "fwhm_y": 3.0868,
  "fwhm_z": 2.89876,
  "gcor": 0.00435544,
  "gsr_x": -0.002693153452128172,
  "gsr_y": 0.03341837599873543,
  "provenance": {
    "md5sum": "53fc318020ddb6fc03b9eae709896e47",
    "settings": {
      "fd_thres": 0.2,
      "testing": false
    },
    "software": "mriqc",
    "version": "23.0.1",
    "webapi_port": null,
    "webapi_url": "https://mriqc.nimh.nih.gov/api/v1"
  },
  "size_t": 616,
  "size_x": 100,
  "size_y": 100,
  "size_z": 60,
  "snr": 2.8395577702251966,
  "spacing_tr": 0.9549999833106995,
  "spacing_x": 2.0,
  "spacing_y": 2.0,
  "spacing_z": 2.0,
  "summary_bg_k": 45.43437019857852,
  "summary_bg_mad": 41.53641519180709,
  "summary_bg_mean": 284.036376953125,
  "summary_bg_median": 66.87083435058594,
  "summary_bg_n": 365996.0,
  "summary_bg_p05": 31.516350269317627,
  "summary_bg_p95": 1262.8843994140625,
  "summary_bg_stdv": 663.8480834960938,
  "summary_fg_k": 0.5795700326330007,
  "summary_fg_mad": 2663.352995879871,
  "summary_fg_mean": 8053.63525390625,
  "summary_fg_median": 7695.0439453125,
  "summary_fg_n": 147417.0,
  "summary_fg_p05": 4319.84892578125,
  "summary_fg_p95": 12940.438281249993,
  "summary_fg_stdv": 2709.935302734375,
  "tsnr": 30.291316986083984
}