{
  "aor": 0.0003276502732240437,
  "aqi": 0.009800753770491803,
  "bids_meta": {
    "AcquisitionDateTime": "2017-07-27T14:55:17.506000",
    "EchoTime": 0.0352,
    "EffectiveEchoSpacing": 0.000580013,
    "FlipAngle": 56,
    "ImageType": [
      "ORIGINAL",
      "PRIMARY",
      "M",
      "MB",
      "ND",
      "MOSAI"
    ],
    "MagneticFieldStrength": 3,
    "Manufacturer": "Siemens",
    "ManufacturersModelName": "Prisma",
    "PhaseEncodingDirection": "j-",
    "RepetitionTime": 0.955,
    "SliceTiming": [
      0.875,
      0.795,
      0.715,
      0.6375,
      0.5575,
      0.4775,
      0.3975,
      0.3175,
      0.2375,
      0.16,
      0.08,
      0,
      0.875,
      0.795,
      0.715,
      0.6375,
      0.5575,
      0.4775,
      0.3975,
      0.3175,
      0.2375,
      0.16,
      0.08,
      0,
      0.875,
      0.795,
      0.715,
      0.6375,
      0.5575,
      0.4775,
      0.3975,
      0.3175,
      0.2375,
      0.16,
      0.08,
      0,
      0.875,
      0.795,
      0.715,
      0.6375,
      0.5575,
      0.4775,
      0.3975,
      0.3175,
      0.2375,
      0.16,
      0.08,
      0,
      0.875,
      0.795,
      0.715,
      0.6375,
      0.5575,
      0.4775,
      0.3975,
      0.3175,
      0.2375,
      0.16,
      0.08,
      0
    ],
    "TaskName": "identification",
    "TotalReadoutTime": 0.0580013,
    "dataset": "ds001771",
    "modality": "bold",
    "run_id": 1,
    "subject_id": "40",
    "task_id": "identification"
  },
  "dummy_trs": 0,
  "dvars_nstd": 46.589168882986336,
  "dvars_std": 1.0141232499726025,
  "dvars_vstd": 0.9953345179452054,
  "efc": 0.5127416558786746,
  "fber": 12725.8955078125,
  "fd_mean": 0.09933488469502094,
  "fd_num": 17,
  "fd_perc": 4.644808743169399,
  "fwhm_avg": 2.94257,
  "fwhm_x": 2.752005,
  "fwhm_y": 3.152625,
  "fwhm_z": 2.92308,
  "gcor": 0.00570385,
  "gsr_x": -0.004983854945749044,
  "gsr_y": 0.042566098272800446,
  "provenance": {
    "md5sum": "7d4a8af2d97ef976acca6fc406f07e43",
    "settings": {
      "fd_thres": 0.2,
      "testing": false
    },
    "software": "mriqc",
    "version": "23.0.1",
    "webapi_port": null,
    "webapi_url": "https://mriqc.nimh.nih.gov/api/v1"
  },
  "size_t": 366,
  "size_x": 100,
  "size_y": 100,
  "size_z": 60,
  "snr": 2.834276437055151,
  "spacing_tr": 0.9549999833106995,
  "spacing_x": 2.0,
  "spacing_y": 2.0,
  "spacing_z": 2.0,
  "summary_bg_k": 114.44471648214741,
  "summary_bg_mad": 40.4555952109409,
  "summary_bg_mean": 286.70361328125,
  "summary_bg_median": 65.45628356933594,
  "summary_bg_n": 365684.0,
  "summary_bg_p05": 31.081966400146484,
  "summary_bg_p95": 1162.0571166992179,
  "summary_bg_stdv": 762.3827514648438,
  "summary_fg_k": 0.36985827802027105,
  "summary_fg_mad": 2649.944422495515,
  "summary_fg_mean": 7843.77978515625,
  "summary_fg_median": 7516.0595703125,
  "summary_fg_n": 147180.0,
  "summary_fg_p05": 4134.7669921875,
  "summary_fg_p95": 12607.211621093747,
  "summary_fg_stdv": 2651.835205078125,
  "tsnr": 27.35184664861299
}