{
  "aor": 0.0005396438356164384,
  "aqi": 0.005546797369863013,
  "bids_meta": {
    "AcquisitionDateTime": "2017-05-29T14:47:11.866000",
    "EchoTime": 0.0352,
    "EffectiveEchoSpacing": 0.000580013,
    "FlipAngle": 56,
    "ImageType": [
      "ORIGINAL",
      "PRIMARY",
      "M",
      "MB",
      "ND",
      "MOSAI"
    ],
    "MagneticFieldStrength": 3,
    "Manufacturer": "Siemens",
    "ManufacturersModelName": "Prisma",
    "PhaseEncodingDirection": "j-",
    "RepetitionTime": 0.955,
    "SliceTiming": [
      0.8775,
      0.7975,
      0.7175,
      0.6375,
      0.5575,
      0.4775,
      0.4,
      0.32,
      0.24,
      0.16,
      0.08,
      0,
      0.8775,
      0.7975,
      0.7175,
      0.6375,
      0.5575,
      0.4775,
      0.4,
      0.32,
      0.24,
      0.16,
      0.08,
      0,
      0.8775,
      0.7975,
      0.7175,
      0.6375,
      0.5575,
      0.4775,
      0.4,
      0.32,
      0.24,
      0.16,
      0.08,
      0,
      0.8775,
      0.7975,
      0.7175,
      0.6375,
      0.5575,
      0.4775,
      0.4,
      0.32,
      0.24,
      0.16,
      0.08,
      0,
      0.8775,
      0.7975,
      0.7175,
      0.6375,
      0.5575,
      0.4775,
      0.4,
      0.32,
      0.24,
      0.16,
      0.08,
      0
    ],
    "TaskName": "identification",
    "TotalReadoutTime": 0.0580013,
    "dataset": "ds001771",
    "modality": "bold",
    "run_id": 1,
    "subject_id": "21",
    "task_id": "identification"
  },
  "dummy_trs": 1,
  "dvars_nstd": 42.67592475186811,
  "dvars_std": 1.0450479826373624,
  "dvars_vstd": 0.9981913835714289,
  "efc": 0.5237839531203605,
  "fber": 10942.0634765625,
  "fd_mean": 0.07690804895598956,
  "fd_num": 0,
  "fd_perc": 0.0,
  "fwhm_avg": 3.2117,
  "fwhm_x": 3.07319,
  "fwhm_y": 3.30265,
  "fwhm_z": 3.25926,
  "gcor": 0.00553838,
  "gsr_x": -0.006396128796041012,
  "gsr_y": 0.06248123198747635,
  "provenance": {
    "md5sum": "6e387c79ade9f52e6966991fa631972b",
    "settings": {
      "fd_thres": 0.2,
      "testing": false
    },
    "software": "mriqc",
    "version": "23.0.1",
    "webapi_port": null,
    "webapi_url": "https://mriqc.nimh.nih.gov/api/v1"
  },
  "size_t": 365,
  "size_x": 100,
  "size_y": 100,
  "size_z": 60,
  "snr": 2.055859049147406,
  "spacing_tr": 0.9549999833106995,
  "spacing_x": 2.0,
  "spacing_y": 2.0,
  "spacing_z": 2.0,
  "summary_bg_k": 56.43668745867477,
  "summary_bg_mad": 49.28032590171797,
  "summary_bg_mean": 495.2680358886719,
  "summary_bg_median": 74.53669738769531,
  "summary_bg_n": 352737.0,
  "summary_bg_p05": 36.797760772705075,
  "summary_bg_p95": 2551.6136230468765,
  "summary_bg_stdv": 1236.7757568359375,
  "summary_fg_k": 3.624742492168383,
  "summary_fg_mad": 3270.6393161218352,
  "summary_fg_mean": 8896.5078125,
  "summary_fg_median": 8084.05712890625,
  "summary_fg_n": 156405.0,
  "summary_fg_p05": 4314.8966796875,
  "summary_fg_p95": 16472.53828125,
  "summary_fg_stdv": 3932.19140625,
  "tsnr": 32.14606857299805
}