{
  "aor": 0.0004345329670329671,
  "aqi": 0.005984723626373627,
  "bids_meta": {
    "AcquisitionDateTime": "2017-06-15T15:12:16.731000",
    "EchoTime": 0.0352,
    "EffectiveEchoSpacing": 0.000580013,
    "FlipAngle": 56,
    "ImageType": [
      "ORIGINAL",
      "PRIMARY",
      "M",
      "MB",
      "ND",
      "MOSAI"
    ],
    "MagneticFieldStrength": 3,
    "Manufacturer": "Siemens",
    "ManufacturersModelName": "Prisma",
    "PhaseEncodingDirection": "j-",
    "RepetitionTime": 0.955,
    "SliceTiming": [
      0.875,
      0.795,
      0.715,
      0.635,
      0.5575,
      0.4775,
      0.3975,
      0.3175,
      0.2375,
      0.1575,
      0.08,
      0,
      0.875,
      0.795,
      0.715,
      0.635,
      0.5575,
      0.4775,
      0.3975,
      0.3175,
      0.2375,
      0.1575,
      0.08,
      0,
      0.875,
      0.795,
      0.715,
      0.635,
      0.5575,
      0.4775,
      0.3975,
      0.3175,
      0.2375,
      0.1575,
      0.08,
      0,
      0.875,
      0.795,
      0.715,
      0.635,
      0.5575,
      0.4775,
      0.3975,
      0.3175,
      0.2375,
      0.1575,
      0.08,
      0,
      0.875,
      0.795,
      0.715,
      0.635,
      0.5575,
      0.4775,
      0.3975,
      0.3175,
      0.2375,
      0.1575,
      0.08,
      0
    ],
    "TaskName": "identification",
    "TotalReadoutTime": 0.0580013,
    "dataset": "ds001771",
    "modality": "bold",
    "run_id": 4,
    "subject_id": "27",
    "task_id": "identification"
  },
  "dummy_trs": 2,
  "dvars_nstd": 43.232186961101924,
  "dvars_std": 1.0265763909917358,
  "dvars_vstd": 1.006297520385676,
  "efc": 0.5097663224587399,
  "fber": 12078.4736328125,
  "fd_mean": 0.09130535858681388,
  "fd_num": 0,
  "fd_perc": 0.0,
  "fwhm_avg": 2.853979885216369,
  "fwhm_x": 2.638315,
  "fwhm_y": 3.035,
  "fwhm_z": 2.888624655649107,
  "gcor": 0.00654021,
  "gsr_x": 0.005593091249465942,
  "gsr_y": 0.0348702147603035,
  "provenance": {
    "md5sum": "802d99da465ef730f3b52b620009260f",
    "settings": {
      "fd_thres": 0.2,
      "testing": false
    },
    "software": "mriqc",
    "version": "23.0.1",
    "webapi_port": null,
    "webapi_url": "https://mriqc.nimh.nih.gov/api/v1"
  },
  "size_t": 364,
  "size_x": 100,
  "size_y": 100,
  "size_z": 60,
  "snr": 2.815141401700802,
  "spacing_tr": 0.9549999833106995,
  "spacing_x": 2.0,
  "spacing_y": 2.0,
  "spacing_z": 2.000000238418579,
  "summary_bg_k": 63.54266373663718,
  "summary_bg_mad": 43.190975491186386,
  "summary_bg_mean": 325.03826904296875,
  "summary_bg_median": 68.8324203491211,
  "summary_bg_n": 368627.0,
  "summary_bg_p05": 31.629121780395508,
  "summary_bg_p95": 1419.98271484375,
  "summary_bg_stdv": 884.950927734375,
  "summary_fg_k": 1.178556407743712,
  "summary_fg_mad": 2648.9034156643575,
  "summary_fg_mean": 8106.6396484375,
  "summary_fg_median": 7778.8583984375,
  "summary_fg_n": 141372.0,
  "summary_fg_p05": 4404.6576171875,
  "summary_fg_p95": 13037.428027343749,
  "summary_fg_stdv": 2763.21142578125,
  "tsnr": 32.44586585089564
}