{
  "aor": 0.000819587912087912,
  "aqi": 0.006824209615384615,
  "bids_meta": {
    "AcquisitionDateTime": "2017-06-15T14:51:56.685000",
    "EchoTime": 0.0352,
    "EffectiveEchoSpacing": 0.000580013,
    "FlipAngle": 56,
    "ImageType": [
      "ORIGINAL",
      "PRIMARY",
      "M",
      "MB",
      "ND",
      "MOSAI"
    ],
    "MagneticFieldStrength": 3,
    "Manufacturer": "Siemens",
    "ManufacturersModelName": "Prisma",
    "PhaseEncodingDirection": "j-",
    "RepetitionTime": 0.955,
    "SliceTiming": [
      0.875,
      0.795,
      0.715,
      0.6375,
      0.5575,
      0.4775,
      0.3975,
      0.3175,
      0.2375,
      0.16,
      0.08,
      0,
      0.875,
      0.795,
      0.715,
      0.6375,
      0.5575,
      0.4775,
      0.3975,
      0.3175,
      0.2375,
      0.16,
      0.08,
      0,
      0.875,
      0.795,
      0.715,
      0.6375,
      0.5575,
      0.4775,
      0.3975,
      0.3175,
      0.2375,
      0.16,
      0.08,
      0,
      0.875,
      0.795,
      0.715,
      0.6375,
      0.5575,
      0.4775,
      0.3975,
      0.3175,
      0.2375,
      0.16,
      0.08,
      0,
      0.875,
      0.795,
      0.715,
      0.6375,
      0.5575,
      0.4775,
      0.3975,
      0.3175,
      0.2375,
      0.16,
      0.08,
      0
    ],
    "TaskName": "identification",
    "TotalReadoutTime": 0.0580013,
    "dataset": "ds001771",
    "modality": "bold",
    "run_id": 1,
    "subject_id": "27",
    "task_id": "identification"
  },
  "dummy_trs": 2,
  "dvars_nstd": 43.07676940595042,
  "dvars_std": 1.02210744707989,
  "dvars_vstd": 1.0079819667493108,
  "efc": 0.5072692370011738,
  "fber": 11776.5263671875,
  "fd_mean": 0.08866794416827381,
  "fd_num": 1,
  "fd_perc": 0.27472527472527475,
  "fwhm_avg": 2.8202448866911864,
  "fwhm_x": 2.58364,
  "fwhm_y": 3.025585,
  "fwhm_z": 2.8515096600735594,
  "gcor": 0.00330228,
  "gsr_x": 0.0064468709751963615,
  "gsr_y": 0.03627572953701019,
  "provenance": {
    "md5sum": "1e89e4cdf58e8e1825fc3b4e94b32ed0",
    "settings": {
      "fd_thres": 0.2,
      "testing": false
    },
    "software": "mriqc",
    "version": "23.0.1",
    "webapi_port": null,
    "webapi_url": "https://mriqc.nimh.nih.gov/api/v1"
  },
  "size_t": 364,
  "size_x": 100,
  "size_y": 100,
  "size_z": 60,
  "snr": 2.8547128737677006,
  "spacing_tr": 0.9549999833106995,
  "spacing_x": 2.0,
  "spacing_y": 2.0,
  "spacing_z": 2.000000238418579,
  "summary_bg_k": 71.33306773775885,
  "summary_bg_mad": 50.80356982685116,
  "summary_bg_mean": 314.1830749511719,
  "summary_bg_median": 69.52472686767578,
  "summary_bg_n": 370035.0,
  "summary_bg_p05": 22.071428298950195,
  "summary_bg_p95": 1339.914855957031,
  "summary_bg_stdv": 880.2724609375,
  "summary_fg_k": 1.0666704823202018,
  "summary_fg_mad": 2617.489333306041,
  "summary_fg_mean": 8030.12548828125,
  "summary_fg_median": 7714.92041015625,
  "summary_fg_n": 140241.0,
  "summary_fg_p05": 4392.12109375,
  "summary_fg_p95": 12818.080078125,
  "summary_fg_stdv": 2702.510986328125,
  "tsnr": 31.0724011027487
}