{
  "aor": 0.0002813972602739726,
  "aqi": 0.005874182876712329,
  "bids_meta": {
    "AcquisitionDateTime": "2017-06-15T14:58:36.726000",
    "EchoTime": 0.0352,
    "EffectiveEchoSpacing": 0.000580013,
    "FlipAngle": 56,
    "ImageType": [
      "ORIGINAL",
      "PRIMARY",
      "M",
      "MB",
      "ND",
      "MOSAI"
    ],
    "MagneticFieldStrength": 3,
    "Manufacturer": "Siemens",
    "ManufacturersModelName": "Prisma",
    "PhaseEncodingDirection": "j-",
    "RepetitionTime": 0.955,
    "SliceTiming": [
      0.875,
      0.795,
      0.715,
      0.635,
      0.5575,
      0.4775,
      0.3975,
      0.3175,
      0.2375,
      0.1575,
      0.08,
      0,
      0.875,
      0.795,
      0.715,
      0.635,
      0.5575,
      0.4775,
      0.3975,
      0.3175,
      0.2375,
      0.1575,
      0.08,
      0,
      0.875,
      0.795,
      0.715,
      0.635,
      0.5575,
      0.4775,
      0.3975,
      0.3175,
      0.2375,
      0.1575,
      0.08,
      0,
      0.875,
      0.795,
      0.715,
      0.635,
      0.5575,
      0.4775,
      0.3975,
      0.3175,
      0.2375,
      0.1575,
      0.08,
      0,
      0.875,
      0.795,
      0.715,
      0.635,
      0.5575,
      0.4775,
      0.3975,
      0.3175,
      0.2375,
      0.1575,
      0.08,
      0
    ],
    "TaskName": "identification",
    "TotalReadoutTime": 0.0580013,
    "dataset": "ds001771",
    "modality": "bold",
    "run_id": 2,
    "subject_id": "27",
    "task_id": "identification"
  },
  "dummy_trs": 1,
  "dvars_nstd": 43.233997785109885,
  "dvars_std": 1.0225750006318677,
  "dvars_vstd": 1.001331450879122,
  "efc": 0.507876783426917,
  "fber": 12957.375,
  "fd_mean": 0.08542233618500436,
  "fd_num": 0,
  "fd_perc": 0.0,
  "fwhm_avg": 2.796011554470473,
  "fwhm_x": 2.56807,
  "fwhm_y": 2.996455,
  "fwhm_z": 2.823509663411419,
  "gcor": 0.0050195,
  "gsr_x": 0.0065779490396380424,
  "gsr_y": 0.036185961216688156,
  "provenance": {
    "md5sum": "50fee42439e6f5fac701f1454ccc1821",
    "settings": {
      "fd_thres": 0.2,
      "testing": false
    },
    "software": "mriqc",
    "version": "23.0.1",
    "webapi_port": null,
    "webapi_url": "https://mriqc.nimh.nih.gov/api/v1"
  },
  "size_t": 365,
  "size_x": 100,
  "size_y": 100,
  "size_z": 60,
  "snr": 2.851669978327277,
  "spacing_tr": 0.9549999833106995,
  "spacing_x": 2.0,
  "spacing_y": 2.0,
  "spacing_z": 2.000000238418579,
  "summary_bg_k": 67.75910971580018,
  "summary_bg_mad": 38.75481387796657,
  "summary_bg_mean": 318.7635498046875,
  "summary_bg_median": 65.96438598632812,
  "summary_bg_n": 369805.0,
  "summary_bg_p05": 33.13972854614258,
  "summary_bg_p95": 1372.157250976562,
  "summary_bg_stdv": 897.7228393554688,
  "summary_fg_k": 1.100383008551442,
  "summary_fg_mad": 2604.3797417167257,
  "summary_fg_mean": 8015.95263671875,
  "summary_fg_median": 7695.8798828125,
  "summary_fg_n": 140291.0,
  "summary_fg_p05": 4385.04931640625,
  "summary_fg_p95": 12808.67041015625,
  "summary_fg_stdv": 2698.7177734375,
  "tsnr": 32.56056532729417
}