{
  "aor": 0.0002938709677419354,
  "aqi": 0.0059471010967741935,
  "bids_meta": {
    "AcquisitionDateTime": "2017-06-15T16:54:16.692000",
    "EchoTime": 0.0352,
    "EffectiveEchoSpacing": 0.000580013,
    "FlipAngle": 56,
    "ImageType": [
      "ORIGINAL",
      "PRIMARY",
      "M",
      "MB",
      "ND",
      "MOSAI"
    ],
    "MagneticFieldStrength": 3,
    "Manufacturer": "Siemens",
    "ManufacturersModelName": "Prisma",
    "PhaseEncodingDirection": "j-",
    "RepetitionTime": 0.955,
    "SliceTiming": [
      0.875,
      0.795,
      0.715,
      0.635,
      0.555,
      0.4775,
      0.3975,
      0.3175,
      0.2375,
      0.1575,
      0.0775,
      0,
      0.875,
      0.795,
      0.715,
      0.635,
      0.555,
      0.4775,
      0.3975,
      0.3175,
      0.2375,
      0.1575,
      0.0775,
      0,
      0.875,
      0.795,
      0.715,
      0.635,
      0.555,
      0.4775,
      0.3975,
      0.3175,
      0.2375,
      0.1575,
      0.0775,
      0,
      0.875,
      0.795,
      0.715,
      0.635,
      0.555,
      0.4775,
      0.3975,
      0.3175,
      0.2375,
      0.1575,
      0.0775,
      0,
      0.875,
      0.795,
      0.715,
      0.635,
      0.555,
      0.4775,
      0.3975,
      0.3175,
      0.2375,
      0.1575,
      0.0775,
      0
    ],
    "TaskName": "rest",
    "TotalReadoutTime": 0.0580013,
    "dataset": "ds001771",
    "modality": "bold",
    "subject_id": "27",
    "task_id": "rest"
  },
  "dummy_trs": 0,
  "dvars_nstd": 40.642533877140536,
  "dvars_std": 1.0165775585298873,
  "dvars_vstd": 0.9981212348626817,
  "efc": 0.501713240809861,
  "fber": 13472.3583984375,
  "fd_mean": 0.08595325359562288,
  "fd_num": 3,
  "fd_perc": 0.4838709677419355,
  "fwhm_avg": 2.8960299999999997,
  "fwhm_x": 2.673205,
  "fwhm_y": 3.068405,
  "fwhm_z": 2.94648,
  "gcor": 0.00633167,
  "gsr_x": 0.009939276613295078,
  "gsr_y": 0.030279114842414856,
  "provenance": {
    "md5sum": "5dc6c01b773df4e7c51365874a4fc8be",
    "settings": {
      "fd_thres": 0.2,
      "testing": false
    },
    "software": "mriqc",
    "version": "23.0.1",
    "webapi_port": null,
    "webapi_url": "https://mriqc.nimh.nih.gov/api/v1"
  },
  "size_t": 620,
  "size_x": 100,
  "size_y": 100,
  "size_z": 60,
  "snr": 2.667588694647923,
  "spacing_tr": 0.9549999833106995,
  "spacing_x": 2.0,
  "spacing_y": 2.0,
  "spacing_z": 2.0,
  "summary_bg_k": 53.88010161499733,
  "summary_bg_mad": 42.58496952609515,
  "summary_bg_mean": 313.7355041503906,
  "summary_bg_median": 67.7811508178711,
  "summary_bg_n": 370871.0,
  "summary_bg_p05": 31.306364059448242,
  "summary_bg_p95": 1386.5200805664062,
  "summary_bg_stdv": 814.8604125976562,
  "summary_fg_k": 1.5149839598260577,
  "summary_fg_mad": 2847.335388859415,
  "summary_fg_mean": 8510.185546875,
  "summary_fg_median": 8103.685546875,
  "summary_fg_n": 139132.0,
  "summary_fg_p05": 4513.0482421875,
  "summary_fg_p95": 13976.11796874999,
  "summary_fg_stdv": 3037.82080078125,
  "tsnr": 32.80644226074219
}