{
  "aor": 0.00028490410958904107,
  "aqi": 0.006866332739726028,
  "bids_meta": {
    "AcquisitionDateTime": "2017-04-13T11:03:03.118000",
    "EchoTime": 0.0352,
    "EffectiveEchoSpacing": 0.000580013,
    "FlipAngle": 56,
    "ImageType": [
      "ORIGINAL",
      "PRIMARY",
      "M",
      "MB",
      "ND",
      "MOSAI"
    ],
    "MagneticFieldStrength": 3,
    "Manufacturer": "Siemens",
    "ManufacturersModelName": "Prisma",
    "PhaseEncodingDirection": "j-",
    "RepetitionTime": 0.955,
    "SliceTiming": [
      0.875,
      0.795,
      0.715,
      0.635,
      0.555,
      0.475,
      0.3975,
      0.3175,
      0.2375,
      0.1575,
      0.0775,
      0,
      0.875,
      0.795,
      0.715,
      0.635,
      0.555,
      0.475,
      0.3975,
      0.3175,
      0.2375,
      0.1575,
      0.0775,
      0,
      0.875,
      0.795,
      0.715,
      0.635,
      0.555,
      0.475,
      0.3975,
      0.3175,
      0.2375,
      0.1575,
      0.0775,
      0,
      0.875,
      0.795,
      0.715,
      0.635,
      0.555,
      0.475,
      0.3975,
      0.3175,
      0.2375,
      0.1575,
      0.0775,
      0,
      0.875,
      0.795,
      0.715,
      0.635,
      0.555,
      0.475,
      0.3975,
      0.3175,
      0.2375,
      0.1575,
      0.0775,
      0
    ],
    "TaskName": "identification",
    "TotalReadoutTime": 0.0580013,
    "dataset": "ds001771",
    "modality": "bold",
    "run_id": 4,
    "subject_id": "11",
    "task_id": "identification"
  },
  "dummy_trs": 1,
  "dvars_nstd": 50.278476715329695,
  "dvars_std": 1.0811494470329666,
  "dvars_vstd": 0.9962819896428574,
  "efc": 0.5288793264971154,
  "fber": 11561.21484375,
  "fd_mean": 0.09841868560314555,
  "fd_num": 1,
  "fd_perc": 0.273972602739726,
  "fwhm_avg": 2.9802966666666664,
  "fwhm_x": 2.757215,
  "fwhm_y": 3.09558,
  "fwhm_z": 3.088095,
  "gcor": 0.00338208,
  "gsr_x": -0.008757412433624268,
  "gsr_y": 0.06243075057864189,
  "provenance": {
    "md5sum": "51574f1fc2dc210b56b6eb9bd0ed4521",
    "settings": {
      "fd_thres": 0.2,
      "testing": false
    },
    "software": "mriqc",
    "version": "23.0.1",
    "webapi_port": null,
    "webapi_url": "https://mriqc.nimh.nih.gov/api/v1"
  },
  "size_t": 365,
  "size_x": 100,
  "size_y": 100,
  "size_z": 60,
  "snr": 2.5275609914862676,
  "spacing_tr": 0.9549999833106995,
  "spacing_x": 2.0,
  "spacing_y": 2.0,
  "spacing_z": 2.0,
  "summary_bg_k": 62.76589262551232,
  "summary_bg_mad": 43.55804600124066,
  "summary_bg_mean": 345.64044189453125,
  "summary_bg_median": 65.55754089355469,
  "summary_bg_n": 353000.0,
  "summary_bg_p05": 28.80821990966797,
  "summary_bg_p95": 1530.7816406249992,
  "summary_bg_stdv": 896.9723510742188,
  "summary_fg_k": 1.4106054080767363,
  "summary_fg_mad": 2683.956678370539,
  "summary_fg_mean": 7779.30908203125,
  "summary_fg_median": 7315.455078125,
  "summary_fg_n": 156183.0,
  "summary_fg_p05": 4057.748876953125,
  "summary_fg_p95": 13047.876464843739,
  "summary_fg_stdv": 2894.26513671875,
  "tsnr": 30.40806506050285
}