{
  "aor": 0.00024169405815423518,
  "aqi": 0.012912202616940581,
  "bids_meta": {
    "AcquisitionDateTime": "2017-04-13T11:09:43.047000",
    "EchoTime": 0.0352,
    "EffectiveEchoSpacing": 0.000580013,
    "FlipAngle": 56,
    "ImageType": [
      "ORIGINAL",
      "PRIMARY",
      "M",
      "MB",
      "ND",
      "MOSAI"
    ],
    "MagneticFieldStrength": 3,
    "Manufacturer": "Siemens",
    "ManufacturersModelName": "Prisma",
    "PhaseEncodingDirection": "j-",
    "RepetitionTime": 0.955,
    "SliceTiming": [
      0.875,
      0.795,
      0.7175,
      0.6375,
      0.5575,
      0.4775,
      0.3975,
      0.3175,
      0.24,
      0.16,
      0.08,
      0,
      0.875,
      0.795,
      0.7175,
      0.6375,
      0.5575,
      0.4775,
      0.3975,
      0.3175,
      0.24,
      0.16,
      0.08,
      0,
      0.875,
      0.795,
      0.7175,
      0.6375,
      0.5575,
      0.4775,
      0.3975,
      0.3175,
      0.24,
      0.16,
      0.08,
      0,
      0.875,
      0.795,
      0.7175,
      0.6375,
      0.5575,
      0.4775,
      0.3975,
      0.3175,
      0.24,
      0.16,
      0.08,
      0,
      0.875,
      0.795,
      0.7175,
      0.6375,
      0.5575,
      0.4775,
      0.3975,
      0.3175,
      0.24,
      0.16,
      0.08,
      0
    ],
    "TaskName": "localizer",
    "TotalReadoutTime": 0.0580013,
    "dataset": "ds001771",
    "modality": "bold",
    "subject_id": "11",
    "task_id": "localizer"
  },
  "dummy_trs": 1,
  "dvars_nstd": 50.011642770164585,
  "dvars_std": 1.0414164453417725,
  "dvars_vstd": 0.9733496384936706,
  "efc": 0.5306218471588938,
  "fber": 9568.283203125,
  "fd_mean": 0.09745451130972169,
  "fd_num": 5,
  "fd_perc": 0.6321112515802781,
  "fwhm_avg": 3.0706683333333333,
  "fwhm_x": 2.825905,
  "fwhm_y": 3.18606,
  "fwhm_z": 3.20004,
  "gcor": 0.00330579,
  "gsr_x": -0.009981010109186172,
  "gsr_y": 0.060556810349226,
  "provenance": {
    "md5sum": "4221860a432c3a499425edcea5b53161",
    "settings": {
      "fd_thres": 0.2,
      "testing": false
    },
    "software": "mriqc",
    "version": "23.0.1",
    "webapi_port": null,
    "webapi_url": "https://mriqc.nimh.nih.gov/api/v1"
  },
  "size_t": 791,
  "size_x": 100,
  "size_y": 100,
  "size_z": 60,
  "snr": 2.515171464420601,
  "spacing_tr": 0.9549999833106995,
  "spacing_x": 2.0,
  "spacing_y": 2.0,
  "spacing_z": 2.0,
  "summary_bg_k": 62.15386248695545,
  "summary_bg_mad": 57.867783906975006,
  "summary_bg_mean": 346.48919677734375,
  "summary_bg_median": 72.18092346191406,
  "summary_bg_n": 352006.0,
  "summary_bg_p05": 23.758309841156006,
  "summary_bg_p95": 1504.2175903320312,
  "summary_bg_stdv": 875.1732788085938,
  "summary_fg_k": 1.4670970978932125,
  "summary_fg_mad": 2714.374637363297,
  "summary_fg_mean": 7810.94921875,
  "summary_fg_median": 7344.68017578125,
  "summary_fg_n": 157291.0,
  "summary_fg_p05": 4053.149169921875,
  "summary_fg_p95": 13131.13525390625,
  "summary_fg_stdv": 2920.1416015625,
  "tsnr": 25.276611328125
}