{
  "aor": 0.0003409041095890411,
  "aqi": 0.007576425452054794,
  "bids_meta": {
    "AcquisitionDateTime": "2017-04-13T10:57:03.086000",
    "EchoTime": 0.0352,
    "EffectiveEchoSpacing": 0.000580013,
    "FlipAngle": 56,
    "ImageType": [
      "ORIGINAL",
      "PRIMARY",
      "M",
      "MB",
      "ND",
      "MOSAI"
    ],
    "MagneticFieldStrength": 3,
    "Manufacturer": "Siemens",
    "ManufacturersModelName": "Prisma",
    "PhaseEncodingDirection": "j-",
    "RepetitionTime": 0.955,
    "SliceTiming": [
      0.8775,
      0.7975,
      0.7175,
      0.6375,
      0.5575,
      0.4775,
      0.4,
      0.32,
      0.24,
      0.16,
      0.08,
      0,
      0.8775,
      0.7975,
      0.7175,
      0.6375,
      0.5575,
      0.4775,
      0.4,
      0.32,
      0.24,
      0.16,
      0.08,
      0,
      0.8775,
      0.7975,
      0.7175,
      0.6375,
      0.5575,
      0.4775,
      0.4,
      0.32,
      0.24,
      0.16,
      0.08,
      0,
      0.8775,
      0.7975,
      0.7175,
      0.6375,
      0.5575,
      0.4775,
      0.4,
      0.32,
      0.24,
      0.16,
      0.08,
      0,
      0.8775,
      0.7975,
      0.7175,
      0.6375,
      0.5575,
      0.4775,
      0.4,
      0.32,
      0.24,
      0.16,
      0.08,
      0
    ],
    "TaskName": "identification",
    "TotalReadoutTime": 0.0580013,
    "dataset": "ds001771",
    "modality": "bold",
    "run_id": 3,
    "subject_id": "11",
    "task_id": "identification"
  },
  "dummy_trs": 1,
  "dvars_nstd": 49.99711903346157,
  "dvars_std": 1.072928303763736,
  "dvars_vstd": 0.9950248428846152,
  "efc": 0.5288445973752196,
  "fber": 10702.544921875,
  "fd_mean": 0.10665097310789014,
  "fd_num": 3,
  "fd_perc": 0.821917808219178,
  "fwhm_avg": 2.988035,
  "fwhm_x": 2.75143,
  "fwhm_y": 3.110665,
  "fwhm_z": 3.10201,
  "gcor": 0.00287468,
  "gsr_x": -0.008769139647483826,
  "gsr_y": 0.06276779621839523,
  "provenance": {
    "md5sum": "6938a923d8c6ef7ae03743a815468431",
    "settings": {
      "fd_thres": 0.2,
      "testing": false
    },
    "software": "mriqc",
    "version": "23.0.1",
    "webapi_port": null,
    "webapi_url": "https://mriqc.nimh.nih.gov/api/v1"
  },
  "size_t": 365,
  "size_x": 100,
  "size_y": 100,
  "size_z": 60,
  "snr": 2.5452298222379435,
  "spacing_tr": 0.9549999833106995,
  "spacing_x": 2.0,
  "spacing_y": 2.0,
  "spacing_z": 2.0,
  "summary_bg_k": 64.64959835416583,
  "summary_bg_mad": 51.977609530718894,
  "summary_bg_mean": 341.0599060058594,
  "summary_bg_median": 67.88223266601562,
  "summary_bg_n": 353021.0,
  "summary_bg_p05": 22.255464553833008,
  "summary_bg_p95": 1498.5721435546875,
  "summary_bg_stdv": 884.5393676757812,
  "summary_fg_k": 1.3648646581951471,
  "summary_fg_mad": 2672.743775166226,
  "summary_fg_mean": 7762.927734375,
  "summary_fg_median": 7308.8310546875,
  "summary_fg_n": 156066.0,
  "summary_fg_p05": 4057.5111083984375,
  "summary_fg_p95": 12975.952880859375,
  "summary_fg_stdv": 2871.57080078125,
  "tsnr": 29.765830993652344
}