{
  "aor": 0.0003461650485436893,
  "aqi": 0.010697977928802588,
  "bids_meta": {
    "AcquisitionDateTime": "2017-04-13T12:39:43.051000",
    "EchoTime": 0.0352,
    "EffectiveEchoSpacing": 0.000580013,
    "FlipAngle": 56,
    "ImageType": [
      "ORIGINAL",
      "PRIMARY",
      "M",
      "MB",
      "ND",
      "MOSAI"
    ],
    "MagneticFieldStrength": 3,
    "Manufacturer": "Siemens",
    "ManufacturersModelName": "Prisma",
    "PhaseEncodingDirection": "j-",
    "RepetitionTime": 0.955,
    "SliceTiming": [
      0.875,
      0.7975,
      0.7175,
      0.6375,
      0.5575,
      0.4775,
      0.3975,
      0.32,
      0.24,
      0.16,
      0.08,
      0,
      0.875,
      0.7975,
      0.7175,
      0.6375,
      0.5575,
      0.4775,
      0.3975,
      0.32,
      0.24,
      0.16,
      0.08,
      0,
      0.875,
      0.7975,
      0.7175,
      0.6375,
      0.5575,
      0.4775,
      0.3975,
      0.32,
      0.24,
      0.16,
      0.08,
      0,
      0.875,
      0.7975,
      0.7175,
      0.6375,
      0.5575,
      0.4775,
      0.3975,
      0.32,
      0.24,
      0.16,
      0.08,
      0,
      0.875,
      0.7975,
      0.7175,
      0.6375,
      0.5575,
      0.4775,
      0.3975,
      0.32,
      0.24,
      0.16,
      0.08,
      0
    ],
    "TaskName": "rest",
    "TotalReadoutTime": 0.0580013,
    "dataset": "ds001771",
    "modality": "bold",
    "subject_id": "11",
    "task_id": "rest"
  },
  "dummy_trs": 2,
  "dvars_nstd": 47.11070749176668,
  "dvars_std": 1.0641530939222044,
  "dvars_vstd": 1.0203402483306316,
  "efc": 0.5191124361207949,
  "fber": 15925.5791015625,
  "fd_mean": 0.0811440728799043,
  "fd_num": 2,
  "fd_perc": 0.32362459546925565,
  "fwhm_avg": 3.0378216666666664,
  "fwhm_x": 2.832275,
  "fwhm_y": 3.165255,
  "fwhm_z": 3.115935,
  "gcor": 0.00371135,
  "gsr_x": -0.004812504164874554,
  "gsr_y": 0.059412941336631775,
  "provenance": {
    "md5sum": "a2d9e74f6252f435f7df1c1a7857b527",
    "settings": {
      "fd_thres": 0.2,
      "testing": false
    },
    "software": "mriqc",
    "version": "23.0.1",
    "webapi_port": null,
    "webapi_url": "https://mriqc.nimh.nih.gov/api/v1"
  },
  "size_t": 618,
  "size_x": 100,
  "size_y": 100,
  "size_z": 60,
  "snr": 2.4702495780305536,
  "spacing_tr": 0.9549999833106995,
  "spacing_x": 2.0,
  "spacing_y": 2.0,
  "spacing_z": 2.0,
  "summary_bg_k": 57.38059491733763,
  "summary_bg_mad": 31.44142756448739,
  "summary_bg_mean": 329.49761962890625,
  "summary_bg_median": 58.6141242980957,
  "summary_bg_n": 357201.0,
  "summary_bg_p05": 30.672969818115234,
  "summary_bg_p95": 1495.3076171875,
  "summary_bg_stdv": 826.97021484375,
  "summary_fg_k": 1.452857025085505,
  "summary_fg_mad": 2874.0301919880253,
  "summary_fg_mean": 8182.77783203125,
  "summary_fg_median": 7665.09912109375,
  "summary_fg_n": 153023.0,
  "summary_fg_p05": 4213.491650390625,
  "summary_fg_p95": 13904.332812499999,
  "summary_fg_stdv": 3102.955322265625,
  "tsnr": 27.930301666259766
}