{
  "aor": 0.00020084278768233387,
  "aqi": 0.00637932035656402,
  "bids_meta": {
    "AcquisitionDateTime": "2017-07-25T17:04:47.107000",
    "EchoTime": 0.0352,
    "EffectiveEchoSpacing": 0.000580013,
    "FlipAngle": 56,
    "ImageType": [
      "ORIGINAL",
      "PRIMARY",
      "M",
      "MB",
      "ND",
      "MOSAI"
    ],
    "MagneticFieldStrength": 3,
    "Manufacturer": "Siemens",
    "ManufacturersModelName": "Prisma",
    "PhaseEncodingDirection": "j-",
    "RepetitionTime": 0.955,
    "SliceTiming": [
      0.875,
      0.795,
      0.715,
      0.635,
      0.555,
      0.4775,
      0.3975,
      0.3175,
      0.2375,
      0.1575,
      0.0775,
      0,
      0.875,
      0.795,
      0.715,
      0.635,
      0.555,
      0.4775,
      0.3975,
      0.3175,
      0.2375,
      0.1575,
      0.0775,
      0,
      0.875,
      0.795,
      0.715,
      0.635,
      0.555,
      0.4775,
      0.3975,
      0.3175,
      0.2375,
      0.1575,
      0.0775,
      0,
      0.875,
      0.795,
      0.715,
      0.635,
      0.555,
      0.4775,
      0.3975,
      0.3175,
      0.2375,
      0.1575,
      0.0775,
      0,
      0.875,
      0.795,
      0.715,
      0.635,
      0.555,
      0.4775,
      0.3975,
      0.3175,
      0.2375,
      0.1575,
      0.0775,
      0
    ],
    "TaskName": "rest",
    "TotalReadoutTime": 0.0580013,
    "dataset": "ds001771",
    "modality": "bold",
    "subject_id": "38",
    "task_id": "rest"
  },
  "dummy_trs": 3,
  "dvars_nstd": 45.20155409396107,
  "dvars_std": 1.005528536996753,
  "dvars_vstd": 0.9998286347240245,
  "efc": 0.5114643538361251,
  "fber": 10701.275390625,
  "fd_mean": 0.059688048098816615,
  "fd_num": 2,
  "fd_perc": 0.3241491085899514,
  "fwhm_avg": 2.728188333333333,
  "fwhm_x": 2.501625,
  "fwhm_y": 2.90111,
  "fwhm_z": 2.78183,
  "gcor": 0.00319646,
  "gsr_x": 0.00338835921138525,
  "gsr_y": 0.03952937573194504,
  "provenance": {
    "md5sum": "0f31c80c52bb69d3dc18dd5860ad416f",
    "settings": {
      "fd_thres": 0.2,
      "testing": false
    },
    "software": "mriqc",
    "version": "23.0.1",
    "webapi_port": null,
    "webapi_url": "https://mriqc.nimh.nih.gov/api/v1"
  },
  "size_t": 617,
  "size_x": 100,
  "size_y": 100,
  "size_z": 60,
  "snr": 2.5430909100435404,
  "spacing_tr": 0.9549999833106995,
  "spacing_x": 2.0,
  "spacing_y": 2.0,
  "spacing_z": 2.0,
  "summary_bg_k": 42.08358293327756,
  "summary_bg_mad": 38.00219010009862,
  "summary_bg_mean": 306.8844299316406,
  "summary_bg_median": 65.51215362548828,
  "summary_bg_n": 364849.0,
  "summary_bg_p05": 34.236629486083984,
  "summary_bg_p95": 1421.2469726562485,
  "summary_bg_stdv": 723.2047119140625,
  "summary_fg_k": 1.3117192606384211,
  "summary_fg_mad": 2497.5064187098988,
  "summary_fg_mean": 7402.783203125,
  "summary_fg_median": 6970.38232421875,
  "summary_fg_n": 144756.0,
  "summary_fg_p05": 3831.9720458984375,
  "summary_fg_p95": 12430.506591796875,
  "summary_fg_stdv": 2740.900146484375,
  "tsnr": 29.201950316433795
}