{
  "aor": 0.00043846153846153845,
  "aqi": 0.007702332115384615,
  "bids_meta": {
    "AcquisitionDateTime": "2017-07-25T15:15:27.082000",
    "EchoTime": 0.0352,
    "EffectiveEchoSpacing": 0.000580013,
    "FlipAngle": 56,
    "ImageType": [
      "ORIGINAL",
      "PRIMARY",
      "M",
      "MB",
      "ND",
      "MOSAI"
    ],
    "MagneticFieldStrength": 3,
    "Manufacturer": "Siemens",
    "ManufacturersModelName": "Prisma",
    "PhaseEncodingDirection": "j-",
    "RepetitionTime": 0.955,
    "SliceTiming": [
      0.875,
      0.795,
      0.715,
      0.635,
      0.5575,
      0.4775,
      0.3975,
      0.3175,
      0.2375,
      0.1575,
      0.08,
      0,
      0.875,
      0.795,
      0.715,
      0.635,
      0.5575,
      0.4775,
      0.3975,
      0.3175,
      0.2375,
      0.1575,
      0.08,
      0,
      0.875,
      0.795,
      0.715,
      0.635,
      0.5575,
      0.4775,
      0.3975,
      0.3175,
      0.2375,
      0.1575,
      0.08,
      0,
      0.875,
      0.795,
      0.715,
      0.635,
      0.5575,
      0.4775,
      0.3975,
      0.3175,
      0.2375,
      0.1575,
      0.08,
      0,
      0.875,
      0.795,
      0.715,
      0.635,
      0.5575,
      0.4775,
      0.3975,
      0.3175,
      0.2375,
      0.1575,
      0.08,
      0
    ],
    "TaskName": "identification",
    "TotalReadoutTime": 0.0580013,
    "dataset": "ds001771",
    "modality": "bold",
    "run_id": 4,
    "subject_id": "38",
    "task_id": "identification"
  },
  "dummy_trs": 2,
  "dvars_nstd": 45.34185079559225,
  "dvars_std": 0.997107113305785,
  "dvars_vstd": 0.9957028525619838,
  "efc": 0.5130438418806547,
  "fber": 9993.3076171875,
  "fd_mean": 0.07067095088618519,
  "fd_num": 2,
  "fd_perc": 0.5494505494505495,
  "fwhm_avg": 2.7265633333333334,
  "fwhm_x": 2.50172,
  "fwhm_y": 2.906395,
  "fwhm_z": 2.771575,
  "gcor": 0.0061886,
  "gsr_x": -0.0004145851416978985,
  "gsr_y": 0.049488428980112076,
  "provenance": {
    "md5sum": "d1c09d7c9e3a7215d2cae9732b531b28",
    "settings": {
      "fd_thres": 0.2,
      "testing": false
    },
    "software": "mriqc",
    "version": "23.0.1",
    "webapi_port": null,
    "webapi_url": "https://mriqc.nimh.nih.gov/api/v1"
  },
  "size_t": 364,
  "size_x": 100,
  "size_y": 100,
  "size_z": 60,
  "snr": 2.6004082190650086,
  "spacing_tr": 0.9549999833106995,
  "spacing_x": 2.0,
  "spacing_y": 2.0,
  "spacing_z": 2.0,
  "summary_bg_k": 125.33785278380327,
  "summary_bg_mad": 45.75701909760269,
  "summary_bg_mean": 344.10272216796875,
  "summary_bg_median": 69.04121398925781,
  "summary_bg_n": 366317.0,
  "summary_bg_p05": 30.43956184387207,
  "summary_bg_p95": 1544.305493164063,
  "summary_bg_stdv": 932.9736328125,
  "summary_fg_k": 1.3476961875993814,
  "summary_fg_mad": 2488.00415468641,
  "summary_fg_mean": 7494.61669921875,
  "summary_fg_median": 7062.14990234375,
  "summary_fg_n": 143420.0,
  "summary_fg_p05": 3963.0090942382817,
  "summary_fg_p95": 12460.466601562499,
  "summary_fg_stdv": 2715.775634765625,
  "tsnr": 28.08382279833313
}