{
  "aor": 0.0013090934065934066,
  "aqi": 0.006970427829670329,
  "bids_meta": {
    "AcquisitionDateTime": "2017-07-25T15:08:07.050000",
    "EchoTime": 0.0352,
    "EffectiveEchoSpacing": 0.000580013,
    "FlipAngle": 56,
    "ImageType": [
      "ORIGINAL",
      "PRIMARY",
      "M",
      "MB",
      "ND",
      "MOSAI"
    ],
    "MagneticFieldStrength": 3,
    "Manufacturer": "Siemens",
    "ManufacturersModelName": "Prisma",
    "PhaseEncodingDirection": "j-",
    "RepetitionTime": 0.955,
    "SliceTiming": [
      0.875,
      0.795,
      0.7175,
      0.6375,
      0.5575,
      0.4775,
      0.3975,
      0.3175,
      0.24,
      0.16,
      0.08,
      0,
      0.875,
      0.795,
      0.7175,
      0.6375,
      0.5575,
      0.4775,
      0.3975,
      0.3175,
      0.24,
      0.16,
      0.08,
      0,
      0.875,
      0.795,
      0.7175,
      0.6375,
      0.5575,
      0.4775,
      0.3975,
      0.3175,
      0.24,
      0.16,
      0.08,
      0,
      0.875,
      0.795,
      0.7175,
      0.6375,
      0.5575,
      0.4775,
      0.3975,
      0.3175,
      0.24,
      0.16,
      0.08,
      0,
      0.875,
      0.795,
      0.7175,
      0.6375,
      0.5575,
      0.4775,
      0.3975,
      0.3175,
      0.24,
      0.16,
      0.08,
      0
    ],
    "TaskName": "identification",
    "TotalReadoutTime": 0.0580013,
    "dataset": "ds001771",
    "modality": "bold",
    "run_id": 3,
    "subject_id": "38",
    "task_id": "identification"
  },
  "dummy_trs": 2,
  "dvars_nstd": 45.53891949608818,
  "dvars_std": 1.015111295013773,
  "dvars_vstd": 1.0144485713223137,
  "efc": 0.512762976621994,
  "fber": 10350.3525390625,
  "fd_mean": 0.08070754598670209,
  "fd_num": 2,
  "fd_perc": 0.5494505494505495,
  "fwhm_avg": 2.7256033333333334,
  "fwhm_x": 2.496905,
  "fwhm_y": 2.911075,
  "fwhm_z": 2.76883,
  "gcor": 0.00259809,
  "gsr_x": -0.0016904475633054972,
  "gsr_y": 0.04910688102245331,
  "provenance": {
    "md5sum": "5358a554d2bcd3e336341f5f047e2a21",
    "settings": {
      "fd_thres": 0.2,
      "testing": false
    },
    "software": "mriqc",
    "version": "23.0.1",
    "webapi_port": null,
    "webapi_url": "https://mriqc.nimh.nih.gov/api/v1"
  },
  "size_t": 364,
  "size_x": 100,
  "size_y": 100,
  "size_z": 60,
  "snr": 2.58786345704168,
  "spacing_tr": 0.9549999833106995,
  "spacing_x": 2.0,
  "spacing_y": 2.0,
  "spacing_z": 2.0,
  "summary_bg_k": 130.84726241161425,
  "summary_bg_mad": 43.036196534148104,
  "summary_bg_mean": 340.0055847167969,
  "summary_bg_median": 67.85989379882812,
  "summary_bg_n": 366104.0,
  "summary_bg_p05": 31.291210174560547,
  "summary_bg_p95": 1496.4108825683593,
  "summary_bg_stdv": 922.1765747070312,
  "summary_fg_k": 1.35229132798215,
  "summary_fg_mad": 2492.816820481637,
  "summary_fg_mean": 7506.44580078125,
  "summary_fg_median": 7072.56884765625,
  "summary_fg_n": 143889.0,
  "summary_fg_p05": 3953.90615234375,
  "summary_fg_p95": 12502.799804687502,
  "summary_fg_stdv": 2732.966552734375,
  "tsnr": 28.820259154541418
}