{
  "aor": 0.0011441845764854617,
  "aqi": 0.010267279203539823,
  "bids_meta": {
    "AcquisitionDateTime": "2017-07-27T14:11:57.546000",
    "EchoTime": 0.0352,
    "EffectiveEchoSpacing": 0.000580013,
    "FlipAngle": 56,
    "ImageType": [
      "ORIGINAL",
      "PRIMARY",
      "M",
      "MB",
      "ND",
      "MOSAI"
    ],
    "MagneticFieldStrength": 3,
    "Manufacturer": "Siemens",
    "ManufacturersModelName": "Prisma",
    "PhaseEncodingDirection": "j-",
    "RepetitionTime": 0.955,
    "SliceTiming": [
      0.875,
      0.7975,
      0.7175,
      0.6375,
      0.5575,
      0.4775,
      0.3975,
      0.32,
      0.24,
      0.16,
      0.08,
      0,
      0.875,
      0.7975,
      0.7175,
      0.6375,
      0.5575,
      0.4775,
      0.3975,
      0.32,
      0.24,
      0.16,
      0.08,
      0,
      0.875,
      0.7975,
      0.7175,
      0.6375,
      0.5575,
      0.4775,
      0.3975,
      0.32,
      0.24,
      0.16,
      0.08,
      0,
      0.875,
      0.7975,
      0.7175,
      0.6375,
      0.5575,
      0.4775,
      0.3975,
      0.32,
      0.24,
      0.16,
      0.08,
      0,
      0.875,
      0.7975,
      0.7175,
      0.6375,
      0.5575,
      0.4775,
      0.3975,
      0.32,
      0.24,
      0.16,
      0.08,
      0
    ],
    "TaskName": "localizer",
    "TotalReadoutTime": 0.0580013,
    "dataset": "ds001771",
    "modality": "bold",
    "subject_id": "39",
    "task_id": "localizer"
  },
  "dummy_trs": 1,
  "dvars_nstd": 45.05221110467084,
  "dvars_std": 1.0062564939240508,
  "dvars_vstd": 1.002639085341772,
  "efc": 0.5155143474782159,
  "fber": 10735.2431640625,
  "fd_mean": 0.09435278654197926,
  "fd_num": 53,
  "fd_perc": 6.700379266750948,
  "fwhm_avg": 2.8889983333333333,
  "fwhm_x": 2.588575,
  "fwhm_y": 3.059995,
  "fwhm_z": 3.018425,
  "gcor": 0.0183101,
  "gsr_x": 0.005124375689774752,
  "gsr_y": 0.031930841505527496,
  "provenance": {
    "md5sum": "cac242b00e55d3fd58974ff341bf807a",
    "settings": {
      "fd_thres": 0.2,
      "testing": false
    },
    "software": "mriqc",
    "version": "23.0.1",
    "webapi_port": null,
    "webapi_url": "https://mriqc.nimh.nih.gov/api/v1"
  },
  "size_t": 791,
  "size_x": 100,
  "size_y": 100,
  "size_z": 60,
  "snr": 2.6645989029434696,
  "spacing_tr": 0.9549999833106995,
  "spacing_x": 2.0,
  "spacing_y": 2.0,
  "spacing_z": 2.0,
  "summary_bg_k": 132.42572539962734,
  "summary_bg_mad": 42.93736355010733,
  "summary_bg_mean": 319.378662109375,
  "summary_bg_median": 70.5714340209961,
  "summary_bg_n": 363236.0,
  "summary_bg_p05": 34.825538635253906,
  "summary_bg_p95": 1368.6618347167969,
  "summary_bg_stdv": 842.624755859375,
  "summary_fg_k": 0.8082542233474861,
  "summary_fg_mad": 2621.3037039551164,
  "summary_fg_mean": 7854.3701171875,
  "summary_fg_median": 7412.77783203125,
  "summary_fg_n": 148154.0,
  "summary_fg_p05": 4183.878369140625,
  "summary_fg_p95": 12956.055419921879,
  "summary_fg_stdv": 2781.939453125,
  "tsnr": 26.493719518650323
}