{
  "aor": 0.0007935342465753425,
  "aqi": 0.010436206520547943,
  "bids_meta": {
    "AcquisitionDateTime": "2017-07-27T13:51:37.542000",
    "EchoTime": 0.0352,
    "EffectiveEchoSpacing": 0.000580013,
    "FlipAngle": 56,
    "ImageType": [
      "ORIGINAL",
      "PRIMARY",
      "M",
      "MB",
      "ND",
      "MOSAI"
    ],
    "MagneticFieldStrength": 3,
    "Manufacturer": "Siemens",
    "ManufacturersModelName": "Prisma",
    "PhaseEncodingDirection": "j-",
    "RepetitionTime": 0.955,
    "SliceTiming": [
      0.875,
      0.795,
      0.715,
      0.635,
      0.5575,
      0.4775,
      0.3975,
      0.3175,
      0.2375,
      0.1575,
      0.08,
      0,
      0.875,
      0.795,
      0.715,
      0.635,
      0.5575,
      0.4775,
      0.3975,
      0.3175,
      0.2375,
      0.1575,
      0.08,
      0,
      0.875,
      0.795,
      0.715,
      0.635,
      0.5575,
      0.4775,
      0.3975,
      0.3175,
      0.2375,
      0.1575,
      0.08,
      0,
      0.875,
      0.795,
      0.715,
      0.635,
      0.5575,
      0.4775,
      0.3975,
      0.3175,
      0.2375,
      0.1575,
      0.08,
      0,
      0.875,
      0.795,
      0.715,
      0.635,
      0.5575,
      0.4775,
      0.3975,
      0.3175,
      0.2375,
      0.1575,
      0.08,
      0
    ],
    "TaskName": "identification",
    "TotalReadoutTime": 0.0580013,
    "dataset": "ds001771",
    "modality": "bold",
    "run_id": 2,
    "subject_id": "39",
    "task_id": "identification"
  },
  "dummy_trs": 1,
  "dvars_nstd": 46.08407737395604,
  "dvars_std": 1.011394336813188,
  "dvars_vstd": 0.9934572129945055,
  "efc": 0.5141827012299168,
  "fber": 10243.466796875,
  "fd_mean": 0.10361704899872856,
  "fd_num": 18,
  "fd_perc": 4.931506849315069,
  "fwhm_avg": 2.8959433333333333,
  "fwhm_x": 2.579755,
  "fwhm_y": 3.068255,
  "fwhm_z": 3.03982,
  "gcor": 0.00966281,
  "gsr_x": 0.004836393520236015,
  "gsr_y": 0.03263583034276962,
  "provenance": {
    "md5sum": "9a01fe3c6dc0a48807fd02ccf265dd69",
    "settings": {
      "fd_thres": 0.2,
      "testing": false
    },
    "software": "mriqc",
    "version": "23.0.1",
    "webapi_port": null,
    "webapi_url": "https://mriqc.nimh.nih.gov/api/v1"
  },
  "size_t": 365,
  "size_x": 100,
  "size_y": 100,
  "size_z": 60,
  "snr": 2.642158736304785,
  "spacing_tr": 0.9549999833106995,
  "spacing_x": 2.0,
  "spacing_y": 2.0,
  "spacing_z": 2.0,
  "summary_bg_k": 169.8223286668978,
  "summary_bg_mad": 51.90325997946281,
  "summary_bg_mean": 313.2349548339844,
  "summary_bg_median": 72.75616455078125,
  "summary_bg_n": 363289.0,
  "summary_bg_p05": 29.208219528198242,
  "summary_bg_p95": 1335.4789062499992,
  "summary_bg_stdv": 831.1107788085938,
  "summary_fg_k": 0.8112488638177173,
  "summary_fg_mad": 2649.903882591103,
  "summary_fg_mean": 7884.69873046875,
  "summary_fg_median": 7425.9921875,
  "summary_fg_n": 148000.0,
  "summary_fg_p05": 4190.84794921875,
  "summary_fg_p95": 13038.322802734368,
  "summary_fg_stdv": 2810.568115234375,
  "tsnr": 26.618553793989122
}