{
  "aor": 0.0005327123287671233,
  "aqi": 0.008742550767123288,
  "bids_meta": {
    "AcquisitionDateTime": "2017-07-27T13:45:17.515000",
    "EchoTime": 0.0352,
    "EffectiveEchoSpacing": 0.000580013,
    "FlipAngle": 56,
    "ImageType": [
      "ORIGINAL",
      "PRIMARY",
      "M",
      "MB",
      "ND",
      "MOSAI"
    ],
    "MagneticFieldStrength": 3,
    "Manufacturer": "Siemens",
    "ManufacturersModelName": "Prisma",
    "PhaseEncodingDirection": "j-",
    "RepetitionTime": 0.955,
    "SliceTiming": [
      0.875,
      0.795,
      0.715,
      0.635,
      0.5575,
      0.4775,
      0.3975,
      0.3175,
      0.2375,
      0.1575,
      0.08,
      0,
      0.875,
      0.795,
      0.715,
      0.635,
      0.5575,
      0.4775,
      0.3975,
      0.3175,
      0.2375,
      0.1575,
      0.08,
      0,
      0.875,
      0.795,
      0.715,
      0.635,
      0.5575,
      0.4775,
      0.3975,
      0.3175,
      0.2375,
      0.1575,
      0.08,
      0,
      0.875,
      0.795,
      0.715,
      0.635,
      0.5575,
      0.4775,
      0.3975,
      0.3175,
      0.2375,
      0.1575,
      0.08,
      0,
      0.875,
      0.795,
      0.715,
      0.635,
      0.5575,
      0.4775,
      0.3975,
      0.3175,
      0.2375,
      0.1575,
      0.08,
      0
    ],
    "TaskName": "identification",
    "TotalReadoutTime": 0.0580013,
    "dataset": "ds001771",
    "modality": "bold",
    "run_id": 1,
    "subject_id": "39",
    "task_id": "identification"
  },
  "dummy_trs": 1,
  "dvars_nstd": 46.666495218543986,
  "dvars_std": 1.0147977123351644,
  "dvars_vstd": 0.9958003139560441,
  "efc": 0.5154270745688952,
  "fber": 10831.1552734375,
  "fd_mean": 0.09016848221003408,
  "fd_num": 5,
  "fd_perc": 1.36986301369863,
  "fwhm_avg": 2.8845466666666666,
  "fwhm_x": 2.581435,
  "fwhm_y": 3.056955,
  "fwhm_z": 3.01525,
  "gcor": 0.00518188,
  "gsr_x": 0.0035469993017613888,
  "gsr_y": 0.033365651965141296,
  "provenance": {
    "md5sum": "4b949f0863981d204bd14f6a48938329",
    "settings": {
      "fd_thres": 0.2,
      "testing": false
    },
    "software": "mriqc",
    "version": "23.0.1",
    "webapi_port": null,
    "webapi_url": "https://mriqc.nimh.nih.gov/api/v1"
  },
  "size_t": 365,
  "size_x": 100,
  "size_y": 100,
  "size_z": 60,
  "snr": 2.624827367488097,
  "spacing_tr": 0.9549999833106995,
  "spacing_x": 2.0,
  "spacing_y": 2.0,
  "spacing_z": 2.0,
  "summary_bg_k": 184.39592591498518,
  "summary_bg_mad": 45.412955888210945,
  "summary_bg_mean": 313.9556579589844,
  "summary_bg_median": 70.30670928955078,
  "summary_bg_n": 361931.0,
  "summary_bg_p05": 33.63654327392578,
  "summary_bg_p95": 1336.5308837890625,
  "summary_bg_stdv": 839.9056396484375,
  "summary_fg_k": 0.8003280110258566,
  "summary_fg_mad": 2662.7318666301258,
  "summary_fg_mean": 7886.9658203125,
  "summary_fg_median": 7431.5859375,
  "summary_fg_n": 149413.0,
  "summary_fg_p05": 4153.228125,
  "summary_fg_p95": 13063.923828125,
  "summary_fg_stdv": 2831.257080078125,
  "tsnr": 27.92542266845703
}