{
  "aor": 0.0005440821917808219,
  "aqi": 0.007586451561643836,
  "bids_meta": {
    "AcquisitionDateTime": "2017-07-27T14:04:37.517000",
    "EchoTime": 0.0352,
    "EffectiveEchoSpacing": 0.000580013,
    "FlipAngle": 56,
    "ImageType": [
      "ORIGINAL",
      "PRIMARY",
      "M",
      "MB",
      "ND",
      "MOSAI"
    ],
    "MagneticFieldStrength": 3,
    "Manufacturer": "Siemens",
    "ManufacturersModelName": "Prisma",
    "PhaseEncodingDirection": "j-",
    "RepetitionTime": 0.955,
    "SliceTiming": [
      0.875,
      0.795,
      0.7175,
      0.6375,
      0.5575,
      0.4775,
      0.3975,
      0.32,
      0.24,
      0.16,
      0.08,
      0,
      0.875,
      0.795,
      0.7175,
      0.6375,
      0.5575,
      0.4775,
      0.3975,
      0.32,
      0.24,
      0.16,
      0.08,
      0,
      0.875,
      0.795,
      0.7175,
      0.6375,
      0.5575,
      0.4775,
      0.3975,
      0.32,
      0.24,
      0.16,
      0.08,
      0,
      0.875,
      0.795,
      0.7175,
      0.6375,
      0.5575,
      0.4775,
      0.3975,
      0.32,
      0.24,
      0.16,
      0.08,
      0,
      0.875,
      0.795,
      0.7175,
      0.6375,
      0.5575,
      0.4775,
      0.3975,
      0.32,
      0.24,
      0.16,
      0.08,
      0
    ],
    "TaskName": "identification",
    "TotalReadoutTime": 0.0580013,
    "dataset": "ds001771",
    "modality": "bold",
    "run_id": 4,
    "subject_id": "39",
    "task_id": "identification"
  },
  "dummy_trs": 1,
  "dvars_nstd": 45.51284479826926,
  "dvars_std": 1.0197396455494507,
  "dvars_vstd": 1.0036854752197806,
  "efc": 0.5152384096802335,
  "fber": 10986.4287109375,
  "fd_mean": 0.09871380638931664,
  "fd_num": 15,
  "fd_perc": 4.109589041095891,
  "fwhm_avg": 2.852535,
  "fwhm_x": 2.57052,
  "fwhm_y": 3.018555,
  "fwhm_z": 2.96853,
  "gcor": 0.0134303,
  "gsr_x": 0.004907398018985987,
  "gsr_y": 0.03235263004899025,
  "provenance": {
    "md5sum": "e25df0b770a4e4ad2d25d6fb8e1c5493",
    "settings": {
      "fd_thres": 0.2,
      "testing": false
    },
    "software": "mriqc",
    "version": "23.0.1",
    "webapi_port": null,
    "webapi_url": "https://mriqc.nimh.nih.gov/api/v1"
  },
  "size_t": 365,
  "size_x": 100,
  "size_y": 100,
  "size_z": 60,
  "snr": 2.6565221168237727,
  "spacing_tr": 0.9549999833106995,
  "spacing_x": 2.0,
  "spacing_y": 2.0,
  "spacing_z": 2.0,
  "summary_bg_k": 137.5418697798761,
  "summary_bg_mad": 43.679897597301235,
  "summary_bg_mean": 317.888916015625,
  "summary_bg_median": 69.697265625,
  "summary_bg_n": 362776.0,
  "summary_bg_p05": 33.48219299316406,
  "summary_bg_p95": 1372.0582275390625,
  "summary_bg_stdv": 846.4620971679688,
  "summary_fg_k": 0.8299854301885814,
  "summary_fg_mad": 2631.1863915459016,
  "summary_fg_mean": 7865.548828125,
  "summary_fg_median": 7419.662109375,
  "summary_fg_n": 148260.0,
  "summary_fg_p05": 4184.6013671875,
  "summary_fg_p95": 12979.77841796875,
  "summary_fg_stdv": 2792.989013671875,
  "tsnr": 29.320240465574898
}