{
  "aor": 0.0002591208791208791,
  "aqi": 0.006460718571428571,
  "bids_meta": {
    "AcquisitionDateTime": "2017-04-13T10:50:23.061000",
    "EchoTime": 0.0352,
    "EffectiveEchoSpacing": 0.000580013,
    "FlipAngle": 56,
    "ImageType": [
      "ORIGINAL",
      "PRIMARY",
      "M",
      "MB",
      "ND",
      "MOSAI"
    ],
    "MagneticFieldStrength": 3,
    "Manufacturer": "Siemens",
    "ManufacturersModelName": "Prisma",
    "PhaseEncodingDirection": "j-",
    "RepetitionTime": 0.955,
    "SliceTiming": [
      0.8775,
      0.7975,
      0.7175,
      0.6375,
      0.5575,
      0.4775,
      0.4,
      0.32,
      0.24,
      0.16,
      0.08,
      0,
      0.8775,
      0.7975,
      0.7175,
      0.6375,
      0.5575,
      0.4775,
      0.4,
      0.32,
      0.24,
      0.16,
      0.08,
      0,
      0.8775,
      0.7975,
      0.7175,
      0.6375,
      0.5575,
      0.4775,
      0.4,
      0.32,
      0.24,
      0.16,
      0.08,
      0,
      0.8775,
      0.7975,
      0.7175,
      0.6375,
      0.5575,
      0.4775,
      0.4,
      0.32,
      0.24,
      0.16,
      0.08,
      0,
      0.8775,
      0.7975,
      0.7175,
      0.6375,
      0.5575,
      0.4775,
      0.4,
      0.32,
      0.24,
      0.16,
      0.08,
      0
    ],
    "TaskName": "identification",
    "TotalReadoutTime": 0.0580013,
    "dataset": "ds001771",
    "modality": "bold",
    "run_id": 2,
    "subject_id": "11",
    "task_id": "identification"
  },
  "dummy_trs": 2,
  "dvars_nstd": 49.92332309297524,
  "dvars_std": 1.0760856436363628,
  "dvars_vstd": 0.9969737654545452,
  "efc": 0.5280735445379315,
  "fber": 13413.478515625,
  "fd_mean": 0.10354170020427518,
  "fd_num": 7,
  "fd_perc": 1.9230769230769231,
  "fwhm_avg": 2.965866666666667,
  "fwhm_x": 2.73452,
  "fwhm_y": 3.088725,
  "fwhm_z": 3.074355,
  "gcor": 0.00430789,
  "gsr_x": -0.008499105460941792,
  "gsr_y": 0.063451386988163,
  "provenance": {
    "md5sum": "13d1d174ff4f3e02ced56c54025a5c46",
    "settings": {
      "fd_thres": 0.2,
      "testing": false
    },
    "software": "mriqc",
    "version": "23.0.1",
    "webapi_port": null,
    "webapi_url": "https://mriqc.nimh.nih.gov/api/v1"
  },
  "size_t": 364,
  "size_x": 100,
  "size_y": 100,
  "size_z": 60,
  "snr": 2.5462027048938767,
  "spacing_tr": 0.9549999833106995,
  "spacing_x": 2.0,
  "spacing_y": 2.0,
  "spacing_z": 2.0,
  "summary_bg_k": 65.15698687546836,
  "summary_bg_mad": 33.63827978136356,
  "summary_bg_mean": 339.4739685058594,
  "summary_bg_median": 60.85305404663086,
  "summary_bg_n": 353317.0,
  "summary_bg_p05": 33.26621170043945,
  "summary_bg_p95": 1493.856762695313,
  "summary_bg_stdv": 897.045654296875,
  "summary_fg_k": 1.4143615717454514,
  "summary_fg_mad": 2675.017629447635,
  "summary_fg_mean": 7763.154296875,
  "summary_fg_median": 7306.42919921875,
  "summary_fg_n": 155753.0,
  "summary_fg_p05": 4068.64873046875,
  "summary_fg_p95": 12971.912109375,
  "summary_fg_stdv": 2869.5302734375,
  "tsnr": 30.93771743774414
}