{
  "aor": 0.0005235714285714287,
  "aqi": 0.006981241401098901,
  "bids_meta": {
    "AcquisitionDateTime": "2017-04-13T10:44:03.115000",
    "EchoTime": 0.0352,
    "EffectiveEchoSpacing": 0.000580013,
    "FlipAngle": 56,
    "ImageType": [
      "ORIGINAL",
      "PRIMARY",
      "M",
      "MB",
      "ND",
      "MOSAI"
    ],
    "MagneticFieldStrength": 3,
    "Manufacturer": "Siemens",
    "ManufacturersModelName": "Prisma",
    "PhaseEncodingDirection": "j-",
    "RepetitionTime": 0.955,
    "SliceTiming": [
      0.875,
      0.795,
      0.715,
      0.6375,
      0.5575,
      0.4775,
      0.3975,
      0.3175,
      0.24,
      0.16,
      0.08,
      0,
      0.875,
      0.795,
      0.715,
      0.6375,
      0.5575,
      0.4775,
      0.3975,
      0.3175,
      0.24,
      0.16,
      0.08,
      0,
      0.875,
      0.795,
      0.715,
      0.6375,
      0.5575,
      0.4775,
      0.3975,
      0.3175,
      0.24,
      0.16,
      0.08,
      0,
      0.875,
      0.795,
      0.715,
      0.6375,
      0.5575,
      0.4775,
      0.3975,
      0.3175,
      0.24,
      0.16,
      0.08,
      0,
      0.875,
      0.795,
      0.715,
      0.6375,
      0.5575,
      0.4775,
      0.3975,
      0.3175,
      0.24,
      0.16,
      0.08,
      0
    ],
    "TaskName": "identification",
    "TotalReadoutTime": 0.0580013,
    "dataset": "ds001771",
    "modality": "bold",
    "run_id": 1,
    "subject_id": "11",
    "task_id": "identification"
  },
  "dummy_trs": 2,
  "dvars_nstd": 49.68771517818178,
  "dvars_std": 1.0689700914600553,
  "dvars_vstd": 1.0065983406060608,
  "efc": 0.5287596460579492,
  "fber": 13957.431640625,
  "fd_mean": 0.1307598253972598,
  "fd_num": 43,
  "fd_perc": 11.813186813186814,
  "fwhm_avg": 2.948938333333333,
  "fwhm_x": 2.71576,
  "fwhm_y": 3.094615,
  "fwhm_z": 3.03644,
  "gcor": 0.00642053,
  "gsr_x": -0.009528947062790394,
  "gsr_y": 0.061820004135370255,
  "provenance": {
    "md5sum": "37c2b9fc8518aeeade9628f0a5756a24",
    "settings": {
      "fd_thres": 0.2,
      "testing": false
    },
    "software": "mriqc",
    "version": "23.0.1",
    "webapi_port": null,
    "webapi_url": "https://mriqc.nimh.nih.gov/api/v1"
  },
  "size_t": 364,
  "size_x": 100,
  "size_y": 100,
  "size_z": 60,
  "snr": 2.5409058210982125,
  "spacing_tr": 0.9549999833106995,
  "spacing_x": 2.0,
  "spacing_y": 2.0,
  "spacing_z": 2.0,
  "summary_bg_k": 62.04524900438264,
  "summary_bg_mad": 33.241205896182734,
  "summary_bg_mean": 339.7921447753906,
  "summary_bg_median": 59.90862274169922,
  "summary_bg_n": 352940.0,
  "summary_bg_p05": 30.773488521575928,
  "summary_bg_p95": 1495.7416992187493,
  "summary_bg_stdv": 871.9586181640625,
  "summary_fg_k": 1.3971006722068369,
  "summary_fg_mad": 2684.3421694258877,
  "summary_fg_mean": 7789.3876953125,
  "summary_fg_median": 7331.240234375,
  "summary_fg_n": 156138.0,
  "summary_fg_p05": 4060.875280761719,
  "summary_fg_p95": 13025.10283203125,
  "summary_fg_stdv": 2885.27685546875,
  "tsnr": 29.825023651123047
}