{
  "aor": 0.0007005737704918034,
  "aqi": 0.006484214234972677,
  "bids_meta": {
    "AcquisitionDateTime": "2017-04-06T14:49:05.773000",
    "EchoTime": 0.0352,
    "EffectiveEchoSpacing": 0.000580013,
    "FlipAngle": 56,
    "ImageType": [
      "ORIGINAL",
      "PRIMARY",
      "M",
      "MB",
      "ND",
      "MOSAI"
    ],
    "MagneticFieldStrength": 3,
    "Manufacturer": "Siemens",
    "ManufacturersModelName": "Prisma",
    "PhaseEncodingDirection": "j-",
    "RepetitionTime": 0.955,
    "SliceTiming": [
      0.8775,
      0.7975,
      0.7175,
      0.6375,
      0.5575,
      0.4775,
      0.4,
      0.32,
      0.24,
      0.16,
      0.08,
      0,
      0.8775,
      0.7975,
      0.7175,
      0.6375,
      0.5575,
      0.4775,
      0.4,
      0.32,
      0.24,
      0.16,
      0.08,
      0,
      0.8775,
      0.7975,
      0.7175,
      0.6375,
      0.5575,
      0.4775,
      0.4,
      0.32,
      0.24,
      0.16,
      0.08,
      0,
      0.8775,
      0.7975,
      0.7175,
      0.6375,
      0.5575,
      0.4775,
      0.4,
      0.32,
      0.24,
      0.16,
      0.08,
      0,
      0.8775,
      0.7975,
      0.7175,
      0.6375,
      0.5575,
      0.4775,
      0.4,
      0.32,
      0.24,
      0.16,
      0.08,
      0
    ],
    "TaskName": "identification",
    "TotalReadoutTime": 0.0580013,
    "dataset": "ds001771",
    "modality": "bold",
    "run_id": 1,
    "subject_id": "07",
    "task_id": "identification"
  },
  "dummy_trs": 0,
  "dvars_nstd": 47.63118088599998,
  "dvars_std": 1.0794152118630147,
  "dvars_vstd": 1.0109034499726033,
  "efc": 0.49043688918595785,
  "fber": 14028.67578125,
  "fd_mean": 0.08812187312575696,
  "fd_num": 9,
  "fd_perc": 2.459016393442623,
  "fwhm_avg": 2.833585,
  "fwhm_x": 2.649955,
  "fwhm_y": 3.00676,
  "fwhm_z": 2.84404,
  "gcor": 0.00776489,
  "gsr_x": -0.0060910447500646114,
  "gsr_y": 0.03381608426570892,
  "provenance": {
    "md5sum": "8229b44d30103fb85a43facdd919a511",
    "settings": {
      "fd_thres": 0.2,
      "testing": false
    },
    "software": "mriqc",
    "version": "23.0.1",
    "webapi_port": null,
    "webapi_url": "https://mriqc.nimh.nih.gov/api/v1"
  },
  "size_t": 366,
  "size_x": 100,
  "size_y": 100,
  "size_z": 60,
  "snr": 2.7058966964517173,
  "spacing_tr": 0.9549999833106995,
  "spacing_x": 2.0,
  "spacing_y": 2.0,
  "spacing_z": 2.0,
  "summary_bg_k": 68.44449384988873,
  "summary_bg_mad": 35.42041805141523,
  "summary_bg_mean": 271.6689147949219,
  "summary_bg_median": 60.975406646728516,
  "summary_bg_n": 380651.0,
  "summary_bg_p05": 27.251365661621094,
  "summary_bg_p95": 1231.7745361328125,
  "summary_bg_stdv": 714.29248046875,
  "summary_fg_k": 0.5031101174529868,
  "summary_fg_mad": 2633.775515976803,
  "summary_fg_mean": 7748.34814453125,
  "summary_fg_median": 7382.26171875,
  "summary_fg_n": 132406.0,
  "summary_fg_p05": 4150.32568359375,
  "summary_fg_p95": 12898.29833984375,
  "summary_fg_stdv": 2728.202392578125,
  "tsnr": 31.186568847857416
}