{
  "aor": 0.0004036788874841972,
  "aqi": 0.012158853767383059,
  "bids_meta": {
    "AcquisitionDateTime": "2017-07-25T15:22:27.108000",
    "EchoTime": 0.0352,
    "EffectiveEchoSpacing": 0.000580013,
    "FlipAngle": 56,
    "ImageType": [
      "ORIGINAL",
      "PRIMARY",
      "M",
      "MB",
      "ND",
      "MOSAI"
    ],
    "MagneticFieldStrength": 3,
    "Manufacturer": "Siemens",
    "ManufacturersModelName": "Prisma",
    "PhaseEncodingDirection": "j-",
    "RepetitionTime": 0.955,
    "SliceTiming": [
      0.875,
      0.795,
      0.715,
      0.635,
      0.555,
      0.4775,
      0.3975,
      0.3175,
      0.2375,
      0.1575,
      0.0775,
      0,
      0.875,
      0.795,
      0.715,
      0.635,
      0.555,
      0.4775,
      0.3975,
      0.3175,
      0.2375,
      0.1575,
      0.0775,
      0,
      0.875,
      0.795,
      0.715,
      0.635,
      0.555,
      0.4775,
      0.3975,
      0.3175,
      0.2375,
      0.1575,
      0.0775,
      0,
      0.875,
      0.795,
      0.715,
      0.635,
      0.555,
      0.4775,
      0.3975,
      0.3175,
      0.2375,
      0.1575,
      0.0775,
      0,
      0.875,
      0.795,
      0.715,
      0.635,
      0.555,
      0.4775,
      0.3975,
      0.3175,
      0.2375,
      0.1575,
      0.0775,
      0
    ],
    "TaskName": "localizer",
    "TotalReadoutTime": 0.0580013,
    "dataset": "ds001771",
    "modality": "bold",
    "subject_id": "38",
    "task_id": "localizer"
  },
  "dummy_trs": 1,
  "dvars_nstd": 47.377823218974626,
  "dvars_std": 0.9789256729113922,
  "dvars_vstd": 0.9753180302025314,
  "efc": 0.5137041689909707,
  "fber": 8733.751953125,
  "fd_mean": 0.09388563271220726,
  "fd_num": 28,
  "fd_perc": 3.5398230088495577,
  "fwhm_avg": 2.773358333333333,
  "fwhm_x": 2.544125,
  "fwhm_y": 2.93724,
  "fwhm_z": 2.83871,
  "gcor": 0.00877853,
  "gsr_x": -0.0006206230027601123,
  "gsr_y": 0.04869091138243675,
  "provenance": {
    "md5sum": "72af21b3b49a75fb3019147febdbda11",
    "settings": {
      "fd_thres": 0.2,
      "testing": false
    },
    "software": "mriqc",
    "version": "23.0.1",
    "webapi_port": null,
    "webapi_url": "https://mriqc.nimh.nih.gov/api/v1"
  },
  "size_t": 791,
  "size_x": 100,
  "size_y": 100,
  "size_z": 60,
  "snr": 2.6207390836525044,
  "spacing_tr": 0.9549999833106995,
  "spacing_x": 2.0,
  "spacing_y": 2.0,
  "spacing_z": 2.0,
  "summary_bg_k": 116.5230409985776,
  "summary_bg_mad": 54.10279864368773,
  "summary_bg_mean": 353.7896728515625,
  "summary_bg_median": 74.3552474975586,
  "summary_bg_n": 367247.0,
  "summary_bg_p05": 29.299115753173826,
  "summary_bg_p95": 1587.760778808595,
  "summary_bg_stdv": 943.523193359375,
  "summary_fg_k": 1.3541787648893555,
  "summary_fg_mad": 2488.530449516905,
  "summary_fg_mean": 7539.4638671875,
  "summary_fg_median": 7102.2392578125,
  "summary_fg_n": 143051.0,
  "summary_fg_p05": 4018.63671875,
  "summary_fg_p95": 12525.00244140625,
  "summary_fg_stdv": 2710.00439453125,
  "tsnr": 24.38794093206525
}