{
  "aor": 0.0009063911845730027,
  "aqi": 0.0076429896143250685,
  "bids_meta": {
    "AcquisitionDateTime": "2017-07-25T14:54:07.067000",
    "EchoTime": 0.0352,
    "EffectiveEchoSpacing": 0.000580013,
    "FlipAngle": 56,
    "ImageType": [
      "ORIGINAL",
      "PRIMARY",
      "M",
      "MB",
      "ND",
      "MOSAI"
    ],
    "MagneticFieldStrength": 3,
    "Manufacturer": "Siemens",
    "ManufacturersModelName": "Prisma",
    "PhaseEncodingDirection": "j-",
    "RepetitionTime": 0.955,
    "SliceTiming": [
      0.875,
      0.7975,
      0.7175,
      0.6375,
      0.5575,
      0.4775,
      0.3975,
      0.32,
      0.24,
      0.16,
      0.08,
      0,
      0.875,
      0.7975,
      0.7175,
      0.6375,
      0.5575,
      0.4775,
      0.3975,
      0.32,
      0.24,
      0.16,
      0.08,
      0,
      0.875,
      0.7975,
      0.7175,
      0.6375,
      0.5575,
      0.4775,
      0.3975,
      0.32,
      0.24,
      0.16,
      0.08,
      0,
      0.875,
      0.7975,
      0.7175,
      0.6375,
      0.5575,
      0.4775,
      0.3975,
      0.32,
      0.24,
      0.16,
      0.08,
      0,
      0.875,
      0.7975,
      0.7175,
      0.6375,
      0.5575,
      0.4775,
      0.3975,
      0.32,
      0.24,
      0.16,
      0.08,
      0
    ],
    "TaskName": "identification",
    "TotalReadoutTime": 0.0580013,
    "dataset": "ds001771",
    "modality": "bold",
    "run_id": 1,
    "subject_id": "38",
    "task_id": "identification"
  },
  "dummy_trs": 3,
  "dvars_nstd": 44.94636976113265,
  "dvars_std": 1.0076181099447519,
  "dvars_vstd": 1.008131338646409,
  "efc": 0.5118594035201185,
  "fber": 10580.2978515625,
  "fd_mean": 0.08067378788370538,
  "fd_num": 2,
  "fd_perc": 0.5509641873278237,
  "fwhm_avg": 2.7389849999999996,
  "fwhm_x": 2.50396,
  "fwhm_y": 2.926605,
  "fwhm_z": 2.78639,
  "gcor": 0.00309917,
  "gsr_x": -0.0017690325621515512,
  "gsr_y": 0.05008285120129585,
  "provenance": {
    "md5sum": "9bbc96e9d1102a2497a3985ae19a708f",
    "settings": {
      "fd_thres": 0.2,
      "testing": false
    },
    "software": "mriqc",
    "version": "23.0.1",
    "webapi_port": null,
    "webapi_url": "https://mriqc.nimh.nih.gov/api/v1"
  },
  "size_t": 363,
  "size_x": 100,
  "size_y": 100,
  "size_z": 60,
  "snr": 2.592901653848121,
  "spacing_tr": 0.9549999833106995,
  "spacing_x": 2.0,
  "spacing_y": 2.0,
  "spacing_z": 2.0,
  "summary_bg_k": 143.6789286162872,
  "summary_bg_mad": 43.39776689673573,
  "summary_bg_mean": 333.87847900390625,
  "summary_bg_median": 67.42562103271484,
  "summary_bg_n": 365794.0,
  "summary_bg_p05": 30.27823829650879,
  "summary_bg_p95": 1443.9001770019502,
  "summary_bg_stdv": 931.0425415039062,
  "summary_fg_k": 1.340134937013632,
  "summary_fg_mad": 2503.538901271816,
  "summary_fg_mean": 7535.3427734375,
  "summary_fg_median": 7102.3095703125,
  "summary_fg_n": 143990.0,
  "summary_fg_p05": 3976.991735839844,
  "summary_fg_p95": 12547.093310546874,
  "summary_fg_stdv": 2739.126220703125,
  "tsnr": 28.18518875539303
}