{
  "aor": 0.00026445054945054946,
  "aqi": 0.006108341620879121,
  "bids_meta": {
    "AcquisitionDateTime": "2017-07-25T15:00:27.107000",
    "EchoTime": 0.0352,
    "EffectiveEchoSpacing": 0.000580013,
    "FlipAngle": 56,
    "ImageType": [
      "ORIGINAL",
      "PRIMARY",
      "M",
      "MB",
      "ND",
      "MOSAI"
    ],
    "MagneticFieldStrength": 3,
    "Manufacturer": "Siemens",
    "ManufacturersModelName": "Prisma",
    "PhaseEncodingDirection": "j-",
    "RepetitionTime": 0.955,
    "SliceTiming": [
      0.875,
      0.795,
      0.715,
      0.635,
      0.555,
      0.4775,
      0.3975,
      0.3175,
      0.2375,
      0.1575,
      0.0775,
      0,
      0.875,
      0.795,
      0.715,
      0.635,
      0.555,
      0.4775,
      0.3975,
      0.3175,
      0.2375,
      0.1575,
      0.0775,
      0,
      0.875,
      0.795,
      0.715,
      0.635,
      0.555,
      0.4775,
      0.3975,
      0.3175,
      0.2375,
      0.1575,
      0.0775,
      0,
      0.875,
      0.795,
      0.715,
      0.635,
      0.555,
      0.4775,
      0.3975,
      0.3175,
      0.2375,
      0.1575,
      0.0775,
      0,
      0.875,
      0.795,
      0.715,
      0.635,
      0.555,
      0.4775,
      0.3975,
      0.3175,
      0.2375,
      0.1575,
      0.0775,
      0
    ],
    "TaskName": "identification",
    "TotalReadoutTime": 0.0580013,
    "dataset": "ds001771",
    "modality": "bold",
    "run_id": 2,
    "subject_id": "38",
    "task_id": "identification"
  },
  "dummy_trs": 2,
  "dvars_nstd": 45.31941521595039,
  "dvars_std": 1.0046338128650127,
  "dvars_vstd": 0.9998228839944904,
  "efc": 0.5116665218622225,
  "fber": 10500.26171875,
  "fd_mean": 0.07005859175454388,
  "fd_num": 1,
  "fd_perc": 0.27472527472527475,
  "fwhm_avg": 2.715813333333333,
  "fwhm_x": 2.49558,
  "fwhm_y": 2.888045,
  "fwhm_z": 2.763815,
  "gcor": 0.00378642,
  "gsr_x": -0.0005342609365470707,
  "gsr_y": 0.04976145178079605,
  "provenance": {
    "md5sum": "53db1b8a84425f1642d3ebfa2679b848",
    "settings": {
      "fd_thres": 0.2,
      "testing": false
    },
    "software": "mriqc",
    "version": "23.0.1",
    "webapi_port": null,
    "webapi_url": "https://mriqc.nimh.nih.gov/api/v1"
  },
  "size_t": 364,
  "size_x": 100,
  "size_y": 100,
  "size_z": 60,
  "snr": 2.6023072069973323,
  "spacing_tr": 0.9549999833106995,
  "spacing_x": 2.0,
  "spacing_y": 2.0,
  "spacing_z": 2.0,
  "summary_bg_k": 134.81811707716412,
  "summary_bg_mad": 39.42133560438749,
  "summary_bg_mean": 336.05535888671875,
  "summary_bg_median": 67.46566009521484,
  "summary_bg_n": 365954.0,
  "summary_bg_p05": 36.55673217773438,
  "summary_bg_p95": 1479.8686157226557,
  "summary_bg_stdv": 944.2352905273438,
  "summary_fg_k": 1.3260540065588478,
  "summary_fg_mad": 2493.366280971796,
  "summary_fg_mean": 7527.0615234375,
  "summary_fg_median": 7097.91796875,
  "summary_fg_n": 143801.0,
  "summary_fg_p05": 3983.054931640625,
  "summary_fg_p95": 12533.8515625,
  "summary_fg_stdv": 2727.53857421875,
  "tsnr": 30.26646262407303
}