{
  "aor": 0.000527041095890411,
  "aqi": 0.00755643493150685,
  "bids_meta": {
    "AcquisitionDateTime": "2017-07-27T13:58:17.586000",
    "EchoTime": 0.0352,
    "EffectiveEchoSpacing": 0.000580013,
    "FlipAngle": 56,
    "ImageType": [
      "ORIGINAL",
      "PRIMARY",
      "M",
      "MB",
      "ND",
      "MOSAI"
    ],
    "MagneticFieldStrength": 3,
    "Manufacturer": "Siemens",
    "ManufacturersModelName": "Prisma",
    "PhaseEncodingDirection": "j-",
    "RepetitionTime": 0.955,
    "SliceTiming": [
      0.875,
      0.795,
      0.715,
      0.635,
      0.555,
      0.4775,
      0.3975,
      0.3175,
      0.2375,
      0.1575,
      0.08,
      0,
      0.875,
      0.795,
      0.715,
      0.635,
      0.555,
      0.4775,
      0.3975,
      0.3175,
      0.2375,
      0.1575,
      0.08,
      0,
      0.875,
      0.795,
      0.715,
      0.635,
      0.555,
      0.4775,
      0.3975,
      0.3175,
      0.2375,
      0.1575,
      0.08,
      0,
      0.875,
      0.795,
      0.715,
      0.635,
      0.555,
      0.4775,
      0.3975,
      0.3175,
      0.2375,
      0.1575,
      0.08,
      0,
      0.875,
      0.795,
      0.715,
      0.635,
      0.555,
      0.4775,
      0.3975,
      0.3175,
      0.2375,
      0.1575,
      0.08,
      0
    ],
    "TaskName": "identification",
    "TotalReadoutTime": 0.0580013,
    "dataset": "ds001771",
    "modality": "bold",
    "run_id": 3,
    "subject_id": "39",
    "task_id": "identification"
  },
  "dummy_trs": 1,
  "dvars_nstd": 45.79685780241761,
  "dvars_std": 1.0213865558241748,
  "dvars_vstd": 1.0021394598351643,
  "efc": 0.5149813288952313,
  "fber": 10485.1103515625,
  "fd_mean": 0.10179467636641107,
  "fd_num": 12,
  "fd_perc": 3.287671232876712,
  "fwhm_avg": 2.8531566666666666,
  "fwhm_x": 2.557855,
  "fwhm_y": 3.01673,
  "fwhm_z": 2.984885,
  "gcor": 0.00943204,
  "gsr_x": 0.004011641722172499,
  "gsr_y": 0.03323028236627579,
  "provenance": {
    "md5sum": "f9f750511eaccf24ea4d97ae116caa40",
    "settings": {
      "fd_thres": 0.2,
      "testing": false
    },
    "software": "mriqc",
    "version": "23.0.1",
    "webapi_port": null,
    "webapi_url": "https://mriqc.nimh.nih.gov/api/v1"
  },
  "size_t": 365,
  "size_x": 100,
  "size_y": 100,
  "size_z": 60,
  "snr": 2.663011380759144,
  "spacing_tr": 0.9549999833106995,
  "spacing_x": 2.0,
  "spacing_y": 2.0,
  "spacing_z": 2.0,
  "summary_bg_k": 159.9942330084385,
  "summary_bg_mad": 48.3815706994354,
  "summary_bg_mean": 316.17596435546875,
  "summary_bg_median": 71.40821838378906,
  "summary_bg_n": 362958.0,
  "summary_bg_p05": 30.090412139892578,
  "summary_bg_p95": 1364.678851318357,
  "summary_bg_stdv": 848.8580322265625,
  "summary_fg_k": 0.824542332811939,
  "summary_fg_mad": 2629.320470052641,
  "summary_fg_mean": 7871.466796875,
  "summary_fg_median": 7421.40283203125,
  "summary_fg_n": 148051.0,
  "summary_fg_p05": 4204.71533203125,
  "summary_fg_p95": 12963.95556640625,
  "summary_fg_stdv": 2786.836669921875,
  "tsnr": 29.182749667670578
}