{
  "aor": 0.0003353473344103392,
  "aqi": 0.005679196462035541,
  "bids_meta": {
    "AcquisitionDateTime": "2017-07-27T15:59:17.580000",
    "EchoTime": 0.0352,
    "EffectiveEchoSpacing": 0.000580013,
    "FlipAngle": 56,
    "ImageType": [
      "ORIGINAL",
      "PRIMARY",
      "M",
      "MB",
      "ND",
      "MOSAI"
    ],
    "MagneticFieldStrength": 3,
    "Manufacturer": "Siemens",
    "ManufacturersModelName": "Prisma",
    "PhaseEncodingDirection": "j-",
    "RepetitionTime": 0.955,
    "SliceTiming": [
      0.875,
      0.795,
      0.715,
      0.635,
      0.555,
      0.4775,
      0.3975,
      0.3175,
      0.2375,
      0.1575,
      0.0775,
      0,
      0.875,
      0.795,
      0.715,
      0.635,
      0.555,
      0.4775,
      0.3975,
      0.3175,
      0.2375,
      0.1575,
      0.0775,
      0,
      0.875,
      0.795,
      0.715,
      0.635,
      0.555,
      0.4775,
      0.3975,
      0.3175,
      0.2375,
      0.1575,
      0.0775,
      0,
      0.875,
      0.795,
      0.715,
      0.635,
      0.555,
      0.4775,
      0.3975,
      0.3175,
      0.2375,
      0.1575,
      0.0775,
      0,
      0.875,
      0.795,
      0.715,
      0.635,
      0.555,
      0.4775,
      0.3975,
      0.3175,
      0.2375,
      0.1575,
      0.0775,
      0
    ],
    "TaskName": "rest",
    "TotalReadoutTime": 0.0580013,
    "dataset": "ds001771",
    "modality": "bold",
    "subject_id": "39",
    "task_id": "rest"
  },
  "dummy_trs": 1,
  "dvars_nstd": 44.52996863810677,
  "dvars_std": 1.028952651278318,
  "dvars_vstd": 1.004764046294499,
  "efc": 0.5151537426395407,
  "fber": 10385.923828125,
  "fd_mean": 0.08105708967687736,
  "fd_num": 1,
  "fd_perc": 0.16155088852988692,
  "fwhm_avg": 2.83961,
  "fwhm_x": 2.62181,
  "fwhm_y": 3.000115,
  "fwhm_z": 2.896905,
  "gcor": 0.00497164,
  "gsr_x": 0.005763653665781021,
  "gsr_y": 0.027561016380786896,
  "provenance": {
    "md5sum": "e15c86379b68ddcbddfcf5126dbb6a0f",
    "settings": {
      "fd_thres": 0.2,
      "testing": false
    },
    "software": "mriqc",
    "version": "23.0.1",
    "webapi_port": null,
    "webapi_url": "https://mriqc.nimh.nih.gov/api/v1"
  },
  "size_t": 619,
  "size_x": 100,
  "size_y": 100,
  "size_z": 60,
  "snr": 2.577179947820729,
  "spacing_tr": 0.9549999833106995,
  "spacing_x": 2.0,
  "spacing_y": 2.0,
  "spacing_z": 2.0,
  "summary_bg_k": 38.06986986265734,
  "summary_bg_mad": 48.08637255339773,
  "summary_bg_mean": 315.1684265136719,
  "summary_bg_median": 72.69709777832031,
  "summary_bg_n": 362230.0,
  "summary_bg_p05": 34.9660758972168,
  "summary_bg_p95": 1391.342462158203,
  "summary_bg_stdv": 698.3643188476562,
  "summary_fg_k": 1.4559345122472367,
  "summary_fg_mad": 2622.7544533915834,
  "summary_fg_mean": 8050.6298828125,
  "summary_fg_median": 7587.7529296875,
  "summary_fg_n": 148687.0,
  "summary_fg_p05": 4198.94267578125,
  "summary_fg_p95": 13532.161328124987,
  "summary_fg_stdv": 2944.19775390625,
  "tsnr": 31.907813348807395
}