{
  "aor": 0.001434394184168013,
  "aqi": 0.011838188756058158,
  "bids_meta": {
    "AcquisitionDateTime": "2017-04-06T16:49:05.780000",
    "EchoTime": 0.0352,
    "EffectiveEchoSpacing": 0.000580013,
    "FlipAngle": 56,
    "ImageType": [
      "ORIGINAL",
      "PRIMARY",
      "M",
      "MB",
      "ND",
      "MOSAI"
    ],
    "MagneticFieldStrength": 3,
    "Manufacturer": "Siemens",
    "ManufacturersModelName": "Prisma",
    "PhaseEncodingDirection": "j-",
    "RepetitionTime": 0.955,
    "SliceTiming": [
      0.875,
      0.795,
      0.715,
      0.635,
      0.5575,
      0.4775,
      0.3975,
      0.3175,
      0.2375,
      0.1575,
      0.08,
      0,
      0.875,
      0.795,
      0.715,
      0.635,
      0.5575,
      0.4775,
      0.3975,
      0.3175,
      0.2375,
      0.1575,
      0.08,
      0,
      0.875,
      0.795,
      0.715,
      0.635,
      0.5575,
      0.4775,
      0.3975,
      0.3175,
      0.2375,
      0.1575,
      0.08,
      0,
      0.875,
      0.795,
      0.715,
      0.635,
      0.5575,
      0.4775,
      0.3975,
      0.3175,
      0.2375,
      0.1575,
      0.08,
      0,
      0.875,
      0.795,
      0.715,
      0.635,
      0.5575,
      0.4775,
      0.3975,
      0.3175,
      0.2375,
      0.1575,
      0.08,
      0
    ],
    "TaskName": "rest",
    "TotalReadoutTime": 0.0580013,
    "dataset": "ds001771",
    "modality": "bold",
    "subject_id": "07",
    "task_id": "rest"
  },
  "dummy_trs": 1,
  "dvars_nstd": 45.561211885388346,
  "dvars_std": 1.0071337680906145,
  "dvars_vstd": 0.9719512126537216,
  "efc": 0.48659304344205073,
  "fber": 15228.2724609375,
  "fd_mean": 0.11124243980721564,
  "fd_num": 22,
  "fd_perc": 3.5541195476575123,
  "fwhm_avg": 2.8798,
  "fwhm_x": 2.7197,
  "fwhm_y": 3.05754,
  "fwhm_z": 2.86216,
  "gcor": 0.00807478,
  "gsr_x": -0.00254906271584332,
  "gsr_y": 0.03126547858119011,
  "provenance": {
    "md5sum": "5d24a491fc83fffefdc1df3b8e84992e",
    "settings": {
      "fd_thres": 0.2,
      "testing": false
    },
    "software": "mriqc",
    "version": "23.0.1",
    "webapi_port": null,
    "webapi_url": "https://mriqc.nimh.nih.gov/api/v1"
  },
  "size_t": 619,
  "size_x": 100,
  "size_y": 100,
  "size_z": 60,
  "snr": 2.6522339919269826,
  "spacing_tr": 0.9549999833106995,
  "spacing_x": 2.0,
  "spacing_y": 2.0,
  "spacing_z": 2.0,
  "summary_bg_k": 43.35206140944888,
  "summary_bg_mad": 30.389680599613285,
  "summary_bg_mean": 288.0421142578125,
  "summary_bg_median": 59.462039947509766,
  "summary_bg_n": 384386.0,
  "summary_bg_p05": 32.051517486572266,
  "summary_bg_p95": 1398.2548828125,
  "summary_bg_stdv": 707.8163452148438,
  "summary_fg_k": 0.6335568294767921,
  "summary_fg_mad": 2708.607112033788,
  "summary_fg_mean": 7897.02880859375,
  "summary_fg_median": 7489.9765625,
  "summary_fg_n": 129503.0,
  "summary_fg_p05": 4211.124560546875,
  "summary_fg_p95": 13259.29775390625,
  "summary_fg_stdv": 2824.0146484375,
  "tsnr": 27.483448028564453
}