{
  "aor": 0.0003210109289617486,
  "aqi": 0.006501738606557376,
  "bids_meta": {
    "AcquisitionDateTime": "2017-04-06T14:55:45.810000",
    "EchoTime": 0.0352,
    "EffectiveEchoSpacing": 0.000580013,
    "FlipAngle": 56,
    "ImageType": [
      "ORIGINAL",
      "PRIMARY",
      "M",
      "MB",
      "ND",
      "MOSAI"
    ],
    "MagneticFieldStrength": 3,
    "Manufacturer": "Siemens",
    "ManufacturersModelName": "Prisma",
    "PhaseEncodingDirection": "j-",
    "RepetitionTime": 0.955,
    "SliceTiming": [
      0.875,
      0.795,
      0.715,
      0.635,
      0.555,
      0.4775,
      0.3975,
      0.3175,
      0.2375,
      0.1575,
      0.0775,
      0,
      0.875,
      0.795,
      0.715,
      0.635,
      0.555,
      0.4775,
      0.3975,
      0.3175,
      0.2375,
      0.1575,
      0.0775,
      0,
      0.875,
      0.795,
      0.715,
      0.635,
      0.555,
      0.4775,
      0.3975,
      0.3175,
      0.2375,
      0.1575,
      0.0775,
      0,
      0.875,
      0.795,
      0.715,
      0.635,
      0.555,
      0.4775,
      0.3975,
      0.3175,
      0.2375,
      0.1575,
      0.0775,
      0,
      0.875,
      0.795,
      0.715,
      0.635,
      0.555,
      0.4775,
      0.3975,
      0.3175,
      0.2375,
      0.1575,
      0.0775,
      0
    ],
    "TaskName": "identification",
    "TotalReadoutTime": 0.0580013,
    "dataset": "ds001771",
    "modality": "bold",
    "run_id": 2,
    "subject_id": "07",
    "task_id": "identification"
  },
  "dummy_trs": 0,
  "dvars_nstd": 46.86536377158903,
  "dvars_std": 1.0649303233424643,
  "dvars_vstd": 1.0031924515890411,
  "efc": 0.49051435455335163,
  "fber": 14099.232421875,
  "fd_mean": 0.08815393558182548,
  "fd_num": 3,
  "fd_perc": 0.819672131147541,
  "fwhm_avg": 2.8228866666666668,
  "fwhm_x": 2.66624,
  "fwhm_y": 2.992455,
  "fwhm_z": 2.809965,
  "gcor": 0.00649167,
  "gsr_x": -0.005150167737156153,
  "gsr_y": 0.03336099162697792,
  "provenance": {
    "md5sum": "d325d3c9567a50c4cbc473f45a3a41f5",
    "settings": {
      "fd_thres": 0.2,
      "testing": false
    },
    "software": "mriqc",
    "version": "23.0.1",
    "webapi_port": null,
    "webapi_url": "https://mriqc.nimh.nih.gov/api/v1"
  },
  "size_t": 366,
  "size_x": 100,
  "size_y": 100,
  "size_z": 60,
  "snr": 2.7191980273753167,
  "spacing_tr": 0.9549999833106995,
  "spacing_x": 2.0,
  "spacing_y": 2.0,
  "spacing_z": 2.0,
  "summary_bg_k": 62.490159173831074,
  "summary_bg_mad": 33.25322421326924,
  "summary_bg_mean": 275.5125427246094,
  "summary_bg_median": 60.75682830810547,
  "summary_bg_n": 381027.0,
  "summary_bg_p05": 30.2568302154541,
  "summary_bg_p95": 1253.952429199219,
  "summary_bg_stdv": 721.3399658203125,
  "summary_fg_k": 0.5158483269850409,
  "summary_fg_mad": 2617.9226035344473,
  "summary_fg_mean": 7745.35595703125,
  "summary_fg_median": 7372.8154296875,
  "summary_fg_n": 131796.0,
  "summary_fg_p05": 4175.39599609375,
  "summary_fg_p95": 12872.562744140625,
  "summary_fg_stdv": 2711.383056640625,
  "tsnr": 31.27813910250552
}