{
  "aor": 0.0002891256830601093,
  "aqi": 0.006160935464480874,
  "bids_meta": {
    "AcquisitionDateTime": "2017-04-06T15:08:25.769000",
    "EchoTime": 0.0352,
    "EffectiveEchoSpacing": 0.000580013,
    "FlipAngle": 56,
    "ImageType": [
      "ORIGINAL",
      "PRIMARY",
      "M",
      "MB",
      "ND",
      "MOSAI"
    ],
    "MagneticFieldStrength": 3,
    "Manufacturer": "Siemens",
    "ManufacturersModelName": "Prisma",
    "PhaseEncodingDirection": "j-",
    "RepetitionTime": 0.955,
    "SliceTiming": [
      0.8775,
      0.7975,
      0.7175,
      0.6375,
      0.5575,
      0.4775,
      0.4,
      0.32,
      0.24,
      0.16,
      0.08,
      0,
      0.8775,
      0.7975,
      0.7175,
      0.6375,
      0.5575,
      0.4775,
      0.4,
      0.32,
      0.24,
      0.16,
      0.08,
      0,
      0.8775,
      0.7975,
      0.7175,
      0.6375,
      0.5575,
      0.4775,
      0.4,
      0.32,
      0.24,
      0.16,
      0.08,
      0,
      0.8775,
      0.7975,
      0.7175,
      0.6375,
      0.5575,
      0.4775,
      0.4,
      0.32,
      0.24,
      0.16,
      0.08,
      0,
      0.8775,
      0.7975,
      0.7175,
      0.6375,
      0.5575,
      0.4775,
      0.4,
      0.32,
      0.24,
      0.16,
      0.08,
      0
    ],
    "TaskName": "identification",
    "TotalReadoutTime": 0.0580013,
    "dataset": "ds001771",
    "modality": "bold",
    "run_id": 4,
    "subject_id": "07",
    "task_id": "identification"
  },
  "dummy_trs": 0,
  "dvars_nstd": 46.03518085210961,
  "dvars_std": 1.056501340054795,
  "dvars_vstd": 1.0042556987123283,
  "efc": 0.490576990159281,
  "fber": 14371.431640625,
  "fd_mean": 0.08895748429883103,
  "fd_num": 2,
  "fd_perc": 0.546448087431694,
  "fwhm_avg": 2.8265316666666664,
  "fwhm_x": 2.661215,
  "fwhm_y": 2.999785,
  "fwhm_z": 2.818595,
  "gcor": 0.00661572,
  "gsr_x": -0.004800622817128897,
  "gsr_y": 0.033353183418512344,
  "provenance": {
    "md5sum": "8be46822f999a2b054ba4c3a5defc0d7",
    "settings": {
      "fd_thres": 0.2,
      "testing": false
    },
    "software": "mriqc",
    "version": "23.0.1",
    "webapi_port": null,
    "webapi_url": "https://mriqc.nimh.nih.gov/api/v1"
  },
  "size_t": 366,
  "size_x": 100,
  "size_y": 100,
  "size_z": 60,
  "snr": 2.7065301762886533,
  "spacing_tr": 0.9549999833106995,
  "spacing_x": 2.0,
  "spacing_y": 2.0,
  "spacing_z": 2.0,
  "summary_bg_k": 65.67101833185106,
  "summary_bg_mad": 31.993416142993585,
  "summary_bg_mean": 276.26715087890625,
  "summary_bg_median": 59.89617156982422,
  "summary_bg_n": 381012.0,
  "summary_bg_p05": 30.868850708007812,
  "summary_bg_p95": 1261.163470458986,
  "summary_bg_stdv": 724.8991088867188,
  "summary_fg_k": 0.5038015569068999,
  "summary_fg_mad": 2611.5183845276065,
  "summary_fg_mean": 7699.30029296875,
  "summary_fg_median": 7332.91796875,
  "summary_fg_n": 132139.0,
  "summary_fg_p05": 4127.04609375,
  "summary_fg_p95": 12817.02841796875,
  "summary_fg_stdv": 2709.33251953125,
  "tsnr": 31.498789627221413
}