{
  "aor": 0.0002898611111111111,
  "aqi": 0.0063060865,
  "bids_meta": {
    "AcquisitionDateTime": "2017-04-06T15:02:05.835000",
    "EchoTime": 0.0352,
    "EffectiveEchoSpacing": 0.000580013,
    "FlipAngle": 56,
    "ImageType": [
      "ORIGINAL",
      "PRIMARY",
      "M",
      "MB",
      "ND",
      "MOSAI"
    ],
    "MagneticFieldStrength": 3,
    "Manufacturer": "Siemens",
    "ManufacturersModelName": "Prisma",
    "PhaseEncodingDirection": "j-",
    "RepetitionTime": 0.955,
    "SliceTiming": [
      0.875,
      0.795,
      0.715,
      0.635,
      0.5575,
      0.4775,
      0.3975,
      0.3175,
      0.2375,
      0.16,
      0.08,
      0,
      0.875,
      0.795,
      0.715,
      0.635,
      0.5575,
      0.4775,
      0.3975,
      0.3175,
      0.2375,
      0.16,
      0.08,
      0,
      0.875,
      0.795,
      0.715,
      0.635,
      0.5575,
      0.4775,
      0.3975,
      0.3175,
      0.2375,
      0.16,
      0.08,
      0,
      0.875,
      0.795,
      0.715,
      0.635,
      0.5575,
      0.4775,
      0.3975,
      0.3175,
      0.2375,
      0.16,
      0.08,
      0,
      0.875,
      0.795,
      0.715,
      0.635,
      0.5575,
      0.4775,
      0.3975,
      0.3175,
      0.2375,
      0.16,
      0.08,
      0
    ],
    "TaskName": "identification",
    "TotalReadoutTime": 0.0580013,
    "dataset": "ds001771",
    "modality": "bold",
    "run_id": 3,
    "subject_id": "07",
    "task_id": "identification"
  },
  "dummy_trs": 6,
  "dvars_nstd": 46.512353477325895,
  "dvars_std": 1.0564708848189415,
  "dvars_vstd": 0.9969442341504176,
  "efc": 0.4903961902559326,
  "fber": 13824.650390625,
  "fd_mean": 0.07529632944599456,
  "fd_num": 3,
  "fd_perc": 0.8333333333333334,
  "fwhm_avg": 2.8272366666666664,
  "fwhm_x": 2.67695,
  "fwhm_y": 2.9891,
  "fwhm_z": 2.81566,
  "gcor": 0.00575,
  "gsr_x": -0.0017035376513376832,
  "gsr_y": 0.03277880325913429,
  "provenance": {
    "md5sum": "5ba6fc472ce2e2d7c339d8075d46d4d3",
    "settings": {
      "fd_thres": 0.2,
      "testing": false
    },
    "software": "mriqc",
    "version": "23.0.1",
    "webapi_port": null,
    "webapi_url": "https://mriqc.nimh.nih.gov/api/v1"
  },
  "size_t": 360,
  "size_x": 100,
  "size_y": 100,
  "size_z": 60,
  "snr": 2.7293574340121762,
  "spacing_tr": 0.9549999833106995,
  "spacing_x": 2.0,
  "spacing_y": 2.0,
  "spacing_z": 2.0,
  "summary_bg_k": 56.64779691959981,
  "summary_bg_mad": 35.36418363880765,
  "summary_bg_mean": 284.4735412597656,
  "summary_bg_median": 61.486114501953125,
  "summary_bg_n": 382275.0,
  "summary_bg_p05": 28.80555534362793,
  "summary_bg_p95": 1311.327807617187,
  "summary_bg_stdv": 739.4456176757812,
  "summary_fg_k": 0.5090379826164795,
  "summary_fg_mad": 2613.3781526425187,
  "summary_fg_mean": 7740.255859375,
  "summary_fg_median": 7367.67529296875,
  "summary_fg_n": 131043.0,
  "summary_fg_p05": 4192.57353515625,
  "summary_fg_p95": 12854.810351562499,
  "summary_fg_stdv": 2699.4072265625,
  "tsnr": 31.381012655678205
}