{
  "aor": 0.00025838010204081634,
  "aqi": 0.007784973201530612,
  "bids_meta": {
    "AcquisitionDateTime": "2017-04-06T15:15:05.801000",
    "EchoTime": 0.0352,
    "EffectiveEchoSpacing": 0.000580013,
    "FlipAngle": 56,
    "ImageType": [
      "ORIGINAL",
      "PRIMARY",
      "M",
      "MB",
      "ND",
      "MOSAI"
    ],
    "MagneticFieldStrength": 3,
    "Manufacturer": "Siemens",
    "ManufacturersModelName": "Prisma",
    "PhaseEncodingDirection": "j-",
    "RepetitionTime": 0.955,
    "SliceTiming": [
      0.875,
      0.795,
      0.715,
      0.635,
      0.555,
      0.4775,
      0.3975,
      0.3175,
      0.2375,
      0.1575,
      0.0775,
      0,
      0.875,
      0.795,
      0.715,
      0.635,
      0.555,
      0.4775,
      0.3975,
      0.3175,
      0.2375,
      0.1575,
      0.0775,
      0,
      0.875,
      0.795,
      0.715,
      0.635,
      0.555,
      0.4775,
      0.3975,
      0.3175,
      0.2375,
      0.1575,
      0.0775,
      0,
      0.875,
      0.795,
      0.715,
      0.635,
      0.555,
      0.4775,
      0.3975,
      0.3175,
      0.2375,
      0.1575,
      0.0775,
      0,
      0.875,
      0.795,
      0.715,
      0.635,
      0.555,
      0.4775,
      0.3975,
      0.3175,
      0.2375,
      0.1575,
      0.0775,
      0
    ],
    "TaskName": "localizer",
    "TotalReadoutTime": 0.0580013,
    "dataset": "ds001771",
    "modality": "bold",
    "subject_id": "07",
    "task_id": "localizer"
  },
  "dummy_trs": 8,
  "dvars_nstd": 45.316069957343565,
  "dvars_std": 1.0399363873690939,
  "dvars_vstd": 0.9973394636270754,
  "efc": 0.49159697451968026,
  "fber": 14192.4296875,
  "fd_mean": 0.09736032752450696,
  "fd_num": 3,
  "fd_perc": 0.3826530612244898,
  "fwhm_avg": 2.848411666666667,
  "fwhm_x": 2.66729,
  "fwhm_y": 3.020165,
  "fwhm_z": 2.85778,
  "gcor": 0.00661877,
  "gsr_x": -0.006931743584573269,
  "gsr_y": 0.034069448709487915,
  "provenance": {
    "md5sum": "91163259d93da02e21d3345bc45ea9c4",
    "settings": {
      "fd_thres": 0.2,
      "testing": false
    },
    "software": "mriqc",
    "version": "23.0.1",
    "webapi_port": null,
    "webapi_url": "https://mriqc.nimh.nih.gov/api/v1"
  },
  "size_t": 784,
  "size_x": 100,
  "size_y": 100,
  "size_z": 60,
  "snr": 2.7114196467033698,
  "spacing_tr": 0.9549999833106995,
  "spacing_x": 2.0,
  "spacing_y": 2.0,
  "spacing_z": 2.0,
  "summary_bg_k": 67.2499518115515,
  "summary_bg_mad": 33.16944099006008,
  "summary_bg_mean": 278.0715637207031,
  "summary_bg_median": 60.204078674316406,
  "summary_bg_n": 380455.0,
  "summary_bg_p05": 29.730867385864258,
  "summary_bg_p95": 1270.9669189453111,
  "summary_bg_stdv": 727.1573486328125,
  "summary_fg_k": 0.5169350740619065,
  "summary_fg_mad": 2610.1646412909827,
  "summary_fg_mean": 7714.78271484375,
  "summary_fg_median": 7350.396484375,
  "summary_fg_n": 132373.0,
  "summary_fg_p05": 4140.57041015625,
  "summary_fg_p95": 12844.822070312499,
  "summary_fg_stdv": 2710.89306640625,
  "tsnr": 29.545823723077774
}