{
  "aor": 0.0007531318681318682,
  "aqi": 0.00785679445054945,
  "bids_meta": {
    "AcquisitionDateTime": "2017-04-03T13:34:35.854000",
    "EchoTime": 0.0352,
    "EffectiveEchoSpacing": 0.000580013,
    "FlipAngle": 56,
    "ImageType": [
      "ORIGINAL",
      "PRIMARY",
      "M",
      "MB",
      "ND",
      "MOSAI"
    ],
    "MagneticFieldStrength": 3,
    "Manufacturer": "Siemens",
    "ManufacturersModelName": "Prisma",
    "PhaseEncodingDirection": "j-",
    "RepetitionTime": 0.955,
    "SliceTiming": [
      0.875,
      0.795,
      0.715,
      0.635,
      0.5575,
      0.4775,
      0.3975,
      0.3175,
      0.2375,
      0.1575,
      0.08,
      0,
      0.875,
      0.795,
      0.715,
      0.635,
      0.5575,
      0.4775,
      0.3975,
      0.3175,
      0.2375,
      0.1575,
      0.08,
      0,
      0.875,
      0.795,
      0.715,
      0.635,
      0.5575,
      0.4775,
      0.3975,
      0.3175,
      0.2375,
      0.1575,
      0.08,
      0,
      0.875,
      0.795,
      0.715,
      0.635,
      0.5575,
      0.4775,
      0.3975,
      0.3175,
      0.2375,
      0.1575,
      0.08,
      0,
      0.875,
      0.795,
      0.715,
      0.635,
      0.5575,
      0.4775,
      0.3975,
      0.3175,
      0.2375,
      0.1575,
      0.08,
      0
    ],
    "TaskName": "identification",
    "TotalReadoutTime": 0.0580013,
    "dataset": "ds001771",
    "modality": "bold",
    "run_id": 1,
    "subject_id": "03",
    "task_id": "identification"
  },
  "dummy_trs": 2,
  "dvars_nstd": 44.019424354325054,
  "dvars_std": 1.0183214260330575,
  "dvars_vstd": 0.9898661477961428,
  "efc": 0.5443276264148962,
  "fber": 9875.830078125,
  "fd_mean": 0.12658808921349857,
  "fd_num": 34,
  "fd_perc": 9.340659340659341,
  "fwhm_avg": 3.0809,
  "fwhm_x": 2.87668,
  "fwhm_y": 3.23475,
  "fwhm_z": 3.13127,
  "gcor": 0.0102439,
  "gsr_x": -0.007979504764080048,
  "gsr_y": 0.05913533642888069,
  "provenance": {
    "md5sum": "a249095cf0a455e0807777d776363803",
    "settings": {
      "fd_thres": 0.2,
      "testing": false
    },
    "software": "mriqc",
    "version": "23.0.1",
    "webapi_port": null,
    "webapi_url": "https://mriqc.nimh.nih.gov/api/v1"
  },
  "size_t": 364,
  "size_x": 100,
  "size_y": 100,
  "size_z": 60,
  "snr": 2.4753091002267222,
  "spacing_tr": 0.9549999833106995,
  "spacing_x": 2.0,
  "spacing_y": 2.0,
  "spacing_z": 2.0,
  "summary_bg_k": 38.85660580177164,
  "summary_bg_mad": 57.906980587712894,
  "summary_bg_mean": 440.7793884277344,
  "summary_bg_median": 76.61844635009766,
  "summary_bg_n": 344394.0,
  "summary_bg_p05": 30.022665405273436,
  "summary_bg_p95": 2200.4756713867187,
  "summary_bg_stdv": 1034.5220947265625,
  "summary_fg_k": 1.0096267933925223,
  "summary_fg_mad": 3112.4334250432776,
  "summary_fg_mean": 8524.193359375,
  "summary_fg_median": 8029.6494140625,
  "summary_fg_n": 162664.0,
  "summary_fg_p05": 4299.642260742187,
  "summary_fg_p95": 14539.343652343752,
  "summary_fg_stdv": 3243.8876953125,
  "tsnr": 29.942672729492188
}