{
  "aor": 0.0019931612903225805,
  "aqi": 0.009582794758064516,
  "bids_meta": {
    "AcquisitionDateTime": "2017-04-03T15:59:15.917000",
    "EchoTime": 0.0352,
    "EffectiveEchoSpacing": 0.000580013,
    "FlipAngle": 56,
    "ImageType": [
      "ORIGINAL",
      "PRIMARY",
      "M",
      "MB",
      "ND",
      "MOSAI"
    ],
    "MagneticFieldStrength": 3,
    "Manufacturer": "Siemens",
    "ManufacturersModelName": "Prisma",
    "PhaseEncodingDirection": "j-",
    "RepetitionTime": 0.955,
    "SliceTiming": [
      0.875,
      0.7975,
      0.7175,
      0.6375,
      0.5575,
      0.4775,
      0.3975,
      0.32,
      0.24,
      0.16,
      0.08,
      0,
      0.875,
      0.7975,
      0.7175,
      0.6375,
      0.5575,
      0.4775,
      0.3975,
      0.32,
      0.24,
      0.16,
      0.08,
      0,
      0.875,
      0.7975,
      0.7175,
      0.6375,
      0.5575,
      0.4775,
      0.3975,
      0.32,
      0.24,
      0.16,
      0.08,
      0,
      0.875,
      0.7975,
      0.7175,
      0.6375,
      0.5575,
      0.4775,
      0.3975,
      0.32,
      0.24,
      0.16,
      0.08,
      0,
      0.875,
      0.7975,
      0.7175,
      0.6375,
      0.5575,
      0.4775,
      0.3975,
      0.32,
      0.24,
      0.16,
      0.08,
      0
    ],
    "TaskName": "rest",
    "TotalReadoutTime": 0.0580013,
    "dataset": "ds001771",
    "modality": "bold",
    "subject_id": "03",
    "task_id": "rest"
  },
  "dummy_trs": 0,
  "dvars_nstd": 44.88667815647821,
  "dvars_std": 1.046136547835217,
  "dvars_vstd": 1.023937102035542,
  "efc": 0.5426538059260358,
  "fber": 11047.9345703125,
  "fd_mean": 0.13573383664150707,
  "fd_num": 65,
  "fd_perc": 10.483870967741936,
  "fwhm_avg": 3.0372,
  "fwhm_x": 2.83915,
  "fwhm_y": 3.222505,
  "fwhm_z": 3.049945,
  "gcor": 0.0170436,
  "gsr_x": -0.008644644170999527,
  "gsr_y": 0.06176456809043884,
  "provenance": {
    "md5sum": "5128dc452aeedf4ed8365604ab1ce8dd",
    "settings": {
      "fd_thres": 0.2,
      "testing": false
    },
    "software": "mriqc",
    "version": "23.0.1",
    "webapi_port": null,
    "webapi_url": "https://mriqc.nimh.nih.gov/api/v1"
  },
  "size_t": 620,
  "size_x": 100,
  "size_y": 100,
  "size_z": 60,
  "snr": 2.5783699649617016,
  "spacing_tr": 0.9549999833106995,
  "spacing_x": 2.0,
  "spacing_y": 2.0,
  "spacing_z": 2.0,
  "summary_bg_k": 45.980489879326086,
  "summary_bg_mad": 49.56196173040344,
  "summary_bg_mean": 393.9765625,
  "summary_bg_median": 70.45161437988281,
  "summary_bg_n": 346037.0,
  "summary_bg_p05": 29.862903594970703,
  "summary_bg_p95": 1932.0344726562505,
  "summary_bg_stdv": 916.6498413085938,
  "summary_fg_k": 0.7897547612818658,
  "summary_fg_mad": 2919.7049096502196,
  "summary_fg_mean": 8187.37841796875,
  "summary_fg_median": 7757.39501953125,
  "summary_fg_n": 161463.0,
  "summary_fg_p05": 4226.421044921875,
  "summary_fg_p95": 13707.130664062499,
  "summary_fg_stdv": 3008.6337890625,
  "tsnr": 27.649026009486988
}