{
  "aor": 0.004046401098901098,
  "aqi": 0.0208370228021978,
  "bids_meta": {
    "AcquisitionDateTime": "2017-04-14T09:39:54.239000",
    "EchoTime": 0.0352,
    "EffectiveEchoSpacing": 0.000580013,
    "FlipAngle": 56,
    "ImageType": [
      "ORIGINAL",
      "PRIMARY",
      "M",
      "MB",
      "ND",
      "MOSAI"
    ],
    "MagneticFieldStrength": 3,
    "Manufacturer": "Siemens",
    "ManufacturersModelName": "Prisma",
    "PhaseEncodingDirection": "j-",
    "RepetitionTime": 0.955,
    "SliceTiming": [
      0.875,
      0.795,
      0.715,
      0.6375,
      0.5575,
      0.4775,
      0.3975,
      0.3175,
      0.2375,
      0.16,
      0.08,
      0,
      0.875,
      0.795,
      0.715,
      0.6375,
      0.5575,
      0.4775,
      0.3975,
      0.3175,
      0.2375,
      0.16,
      0.08,
      0,
      0.875,
      0.795,
      0.715,
      0.6375,
      0.5575,
      0.4775,
      0.3975,
      0.3175,
      0.2375,
      0.16,
      0.08,
      0,
      0.875,
      0.795,
      0.715,
      0.6375,
      0.5575,
      0.4775,
      0.3975,
      0.3175,
      0.2375,
      0.16,
      0.08,
      0,
      0.875,
      0.795,
      0.715,
      0.6375,
      0.5575,
      0.4775,
      0.3975,
      0.3175,
      0.2375,
      0.16,
      0.08,
      0
    ],
    "TaskName": "identification",
    "TotalReadoutTime": 0.0580013,
    "dataset": "ds001771",
    "modality": "bold",
    "run_id": 2,
    "subject_id": "12",
    "task_id": "identification"
  },
  "dummy_trs": 2,
  "dvars_nstd": 46.2403532193939,
  "dvars_std": 0.8770491338842973,
  "dvars_vstd": 0.9332355946005509,
  "efc": 0.49266130602618385,
  "fber": 12037.408203125,
  "fd_mean": 0.21940828363937648,
  "fd_num": 40,
  "fd_perc": 10.989010989010989,
  "fwhm_avg": 3.0945216666666666,
  "fwhm_x": 2.9178,
  "fwhm_y": 3.234245,
  "fwhm_z": 3.13152,
  "gcor": 0.0487594,
  "gsr_x": -0.0022532795555889606,
  "gsr_y": 0.04342608526349068,
  "provenance": {
    "md5sum": "5579afc774133b9b441937b7056f465e",
    "settings": {
      "fd_thres": 0.2,
      "testing": false
    },
    "software": "mriqc",
    "version": "23.0.1",
    "webapi_port": null,
    "webapi_url": "https://mriqc.nimh.nih.gov/api/v1"
  },
  "size_t": 364,
  "size_x": 100,
  "size_y": 100,
  "size_z": 60,
  "snr": 2.517606575421843,
  "spacing_tr": 0.9549999833106995,
  "spacing_x": 2.0,
  "spacing_y": 2.0,
  "spacing_z": 2.0,
  "summary_bg_k": 41.51054703014605,
  "summary_bg_mad": 47.94383248491248,
  "summary_bg_mean": 324.5635986328125,
  "summary_bg_median": 68.28544616699219,
  "summary_bg_n": 380334.0,
  "summary_bg_p05": 28.447487163543702,
  "summary_bg_p95": 1562.340917968749,
  "summary_bg_stdv": 762.9860229492188,
  "summary_fg_k": 2.4555492430413004,
  "summary_fg_mad": 2593.4448264283824,
  "summary_fg_mean": 8165.95703125,
  "summary_fg_median": 7616.76806640625,
  "summary_fg_n": 133987.0,
  "summary_fg_p05": 4427.002734375,
  "summary_fg_p95": 14026.823730468748,
  "summary_fg_stdv": 3025.38916015625,
  "tsnr": 20.81682014465332
}