{
  "aor": 0.0006908860759493672,
  "aqi": 0.007269830291139241,
  "bids_meta": {
    "AcquisitionDateTime": "2017-04-14T09:59:14.236000",
    "EchoTime": 0.0352,
    "EffectiveEchoSpacing": 0.000580013,
    "FlipAngle": 56,
    "ImageType": [
      "ORIGINAL",
      "PRIMARY",
      "M",
      "MB",
      "ND",
      "MOSAI"
    ],
    "MagneticFieldStrength": 3,
    "Manufacturer": "Siemens",
    "ManufacturersModelName": "Prisma",
    "PhaseEncodingDirection": "j-",
    "RepetitionTime": 0.955,
    "SliceTiming": [
      0.875,
      0.795,
      0.715,
      0.635,
      0.555,
      0.4775,
      0.3975,
      0.3175,
      0.2375,
      0.1575,
      0.0775,
      0,
      0.875,
      0.795,
      0.715,
      0.635,
      0.555,
      0.4775,
      0.3975,
      0.3175,
      0.2375,
      0.1575,
      0.0775,
      0,
      0.875,
      0.795,
      0.715,
      0.635,
      0.555,
      0.4775,
      0.3975,
      0.3175,
      0.2375,
      0.1575,
      0.0775,
      0,
      0.875,
      0.795,
      0.715,
      0.635,
      0.555,
      0.4775,
      0.3975,
      0.3175,
      0.2375,
      0.1575,
      0.0775,
      0,
      0.875,
      0.795,
      0.715,
      0.635,
      0.555,
      0.4775,
      0.3975,
      0.3175,
      0.2375,
      0.1575,
      0.0775,
      0
    ],
    "TaskName": "localizer",
    "TotalReadoutTime": 0.0580013,
    "dataset": "ds001771",
    "modality": "bold",
    "subject_id": "12",
    "task_id": "localizer"
  },
  "dummy_trs": 2,
  "dvars_nstd": 40.26828906069708,
  "dvars_std": 1.0074356799746522,
  "dvars_vstd": 1.001489321381495,
  "efc": 0.4925183149076552,
  "fber": 12252.5712890625,
  "fd_mean": 0.11377787056118276,
  "fd_num": 27,
  "fd_perc": 3.4177215189873418,
  "fwhm_avg": 3.024675,
  "fwhm_x": 2.866495,
  "fwhm_y": 3.16228,
  "fwhm_z": 3.04525,
  "gcor": 0.00575597,
  "gsr_x": -0.0015655593015253544,
  "gsr_y": 0.04245338216423988,
  "provenance": {
    "md5sum": "e969bcb756299e5861dfc4b11d566efc",
    "settings": {
      "fd_thres": 0.2,
      "testing": false
    },
    "software": "mriqc",
    "version": "23.0.1",
    "webapi_port": null,
    "webapi_url": "https://mriqc.nimh.nih.gov/api/v1"
  },
  "size_t": 790,
  "size_x": 100,
  "size_y": 100,
  "size_z": 60,
  "snr": 2.462417245571499,
  "spacing_tr": 0.9549999833106995,
  "spacing_x": 2.0,
  "spacing_y": 2.0,
  "spacing_z": 2.0,
  "summary_bg_k": 35.41977678875515,
  "summary_bg_mad": 50.70108893009471,
  "summary_bg_mean": 339.9780578613281,
  "summary_bg_median": 67.71039581298828,
  "summary_bg_n": 381205.0,
  "summary_bg_p05": 23.296575927734377,
  "summary_bg_p95": 1703.8788330078116,
  "summary_bg_stdv": 806.89306640625,
  "summary_fg_k": 2.5002483658766934,
  "summary_fg_mad": 2611.6132189468563,
  "summary_fg_mean": 8171.45556640625,
  "summary_fg_median": 7592.88525390625,
  "summary_fg_n": 134197.0,
  "summary_fg_p05": 4386.8931640625,
  "summary_fg_p95": 14149.388867187497,
  "summary_fg_stdv": 3083.497314453125,
  "tsnr": 30.17973518371582
}