{
  "aor": 0.0006221643835616438,
  "aqi": 0.005434689287671233,
  "bids_meta": {
    "AcquisitionDateTime": "2017-04-14T09:46:14.272000",
    "EchoTime": 0.0352,
    "EffectiveEchoSpacing": 0.000580013,
    "FlipAngle": 56,
    "ImageType": [
      "ORIGINAL",
      "PRIMARY",
      "M",
      "MB",
      "ND",
      "MOSAI"
    ],
    "MagneticFieldStrength": 3,
    "Manufacturer": "Siemens",
    "ManufacturersModelName": "Prisma",
    "PhaseEncodingDirection": "j-",
    "RepetitionTime": 0.955,
    "SliceTiming": [
      0.875,
      0.795,
      0.715,
      0.635,
      0.555,
      0.4775,
      0.3975,
      0.3175,
      0.2375,
      0.1575,
      0.0775,
      0,
      0.875,
      0.795,
      0.715,
      0.635,
      0.555,
      0.4775,
      0.3975,
      0.3175,
      0.2375,
      0.1575,
      0.0775,
      0,
      0.875,
      0.795,
      0.715,
      0.635,
      0.555,
      0.4775,
      0.3975,
      0.3175,
      0.2375,
      0.1575,
      0.0775,
      0,
      0.875,
      0.795,
      0.715,
      0.635,
      0.555,
      0.4775,
      0.3975,
      0.3175,
      0.2375,
      0.1575,
      0.0775,
      0,
      0.875,
      0.795,
      0.715,
      0.635,
      0.555,
      0.4775,
      0.3975,
      0.3175,
      0.2375,
      0.1575,
      0.0775,
      0
    ],
    "TaskName": "identification",
    "TotalReadoutTime": 0.0580013,
    "dataset": "ds001771",
    "modality": "bold",
    "run_id": 3,
    "subject_id": "12",
    "task_id": "identification"
  },
  "dummy_trs": 1,
  "dvars_nstd": 40.347562601153875,
  "dvars_std": 1.0134957885714293,
  "dvars_vstd": 1.0049555705769224,
  "efc": 0.4917608125872323,
  "fber": 13713.08984375,
  "fd_mean": 0.10203806204359983,
  "fd_num": 6,
  "fd_perc": 1.643835616438356,
  "fwhm_avg": 3.0072883333333333,
  "fwhm_x": 2.85776,
  "fwhm_y": 3.126645,
  "fwhm_z": 3.03746,
  "gcor": 0.00575676,
  "gsr_x": -0.0024870976340025663,
  "gsr_y": 0.04403180629014969,
  "provenance": {
    "md5sum": "54c2371b558defff417990555b170984",
    "settings": {
      "fd_thres": 0.2,
      "testing": false
    },
    "software": "mriqc",
    "version": "23.0.1",
    "webapi_port": null,
    "webapi_url": "https://mriqc.nimh.nih.gov/api/v1"
  },
  "size_t": 365,
  "size_x": 100,
  "size_y": 100,
  "size_z": 60,
  "snr": 2.470790807555159,
  "spacing_tr": 0.9549999833106995,
  "spacing_x": 2.0,
  "spacing_y": 2.0,
  "spacing_z": 2.0,
  "summary_bg_k": 36.68838420063873,
  "summary_bg_mad": 40.782600893587755,
  "summary_bg_mean": 331.3983154296875,
  "summary_bg_median": 63.627113342285156,
  "summary_bg_n": 380896.0,
  "summary_bg_p05": 28.590051651000977,
  "summary_bg_p95": 1658.0000610351562,
  "summary_bg_stdv": 801.2470092773438,
  "summary_fg_k": 2.503599175913039,
  "summary_fg_mad": 2594.164771695132,
  "summary_fg_mean": 8145.00244140625,
  "summary_fg_median": 7572.3125,
  "summary_fg_n": 134472.0,
  "summary_fg_p05": 4385.112573242188,
  "summary_fg_p95": 14106.175244140622,
  "summary_fg_stdv": 3064.720947265625,
  "tsnr": 32.88631820678711
}