{
  "aor": 0.000341978021978022,
  "aqi": 0.005352808791208791,
  "bids_meta": {
    "AcquisitionDateTime": "2017-06-27T13:42:53.342000",
    "EchoTime": 0.0352,
    "EffectiveEchoSpacing": 0.000580013,
    "FlipAngle": 56,
    "ImageType": [
      "ORIGINAL",
      "PRIMARY",
      "M",
      "MB",
      "ND",
      "MOSAI"
    ],
    "MagneticFieldStrength": 3,
    "Manufacturer": "Siemens",
    "ManufacturersModelName": "Prisma",
    "PhaseEncodingDirection": "j-",
    "RepetitionTime": 0.955,
    "SliceTiming": [
      0.875,
      0.795,
      0.715,
      0.6375,
      0.5575,
      0.4775,
      0.3975,
      0.3175,
      0.2375,
      0.16,
      0.08,
      0,
      0.875,
      0.795,
      0.715,
      0.6375,
      0.5575,
      0.4775,
      0.3975,
      0.3175,
      0.2375,
      0.16,
      0.08,
      0,
      0.875,
      0.795,
      0.715,
      0.6375,
      0.5575,
      0.4775,
      0.3975,
      0.3175,
      0.2375,
      0.16,
      0.08,
      0,
      0.875,
      0.795,
      0.715,
      0.6375,
      0.5575,
      0.4775,
      0.3975,
      0.3175,
      0.2375,
      0.16,
      0.08,
      0,
      0.875,
      0.795,
      0.715,
      0.6375,
      0.5575,
      0.4775,
      0.3975,
      0.3175,
      0.2375,
      0.16,
      0.08,
      0
    ],
    "TaskName": "identification",
    "TotalReadoutTime": 0.0580013,
    "dataset": "ds001771",
    "modality": "bold",
    "run_id": 2,
    "subject_id": "30",
    "task_id": "identification"
  },
  "dummy_trs": 2,
  "dvars_nstd": 41.316865306308515,
  "dvars_std": 1.0268417190082642,
  "dvars_vstd": 0.995785283636364,
  "efc": 0.5441189200275143,
  "fber": 8004.85888671875,
  "fd_mean": 0.0727947368832854,
  "fd_num": 0,
  "fd_perc": 0.0,
  "fwhm_avg": 3.1033433333333336,
  "fwhm_x": 2.90083,
  "fwhm_y": 3.23101,
  "fwhm_z": 3.17819,
  "gcor": 0.00196614,
  "gsr_x": -0.011532810516655445,
  "gsr_y": 0.07523653656244278,
  "provenance": {
    "md5sum": "e64f01a650d3e5aab7d81113f2a7fd06",
    "settings": {
      "fd_thres": 0.2,
      "testing": false
    },
    "software": "mriqc",
    "version": "23.0.1",
    "webapi_port": null,
    "webapi_url": "https://mriqc.nimh.nih.gov/api/v1"
  },
  "size_t": 364,
  "size_x": 100,
  "size_y": 100,
  "size_z": 60,
  "snr": 2.123266487747857,
  "spacing_tr": 0.9549999833106995,
  "spacing_x": 2.0,
  "spacing_y": 2.0,
  "spacing_z": 2.0,
  "summary_bg_k": 35.058451420321504,
  "summary_bg_mad": 71.3681121935675,
  "summary_bg_mean": 609.1255493164062,
  "summary_bg_median": 87.81297302246094,
  "summary_bg_n": 343932.0,
  "summary_bg_p05": 31.451607608795165,
  "summary_bg_p95": 3254.163439941407,
  "summary_bg_stdv": 1468.2135009765625,
  "summary_fg_k": 3.355809252168908,
  "summary_fg_mad": 3301.188667840501,
  "summary_fg_mean": 8919.115234375,
  "summary_fg_median": 8186.6123046875,
  "summary_fg_n": 163434.0,
  "summary_fg_p05": 4300.94541015625,
  "summary_fg_p95": 16075.363818359378,
  "summary_fg_stdv": 3855.656982421875,
  "tsnr": 32.738685607910156
}