{
  "aor": 0.00045989041095890413,
  "aqi": 0.009422882904109586,
  "bids_meta": {
    "AcquisitionDateTime": "2017-06-27T13:35:53.299000",
    "EchoTime": 0.0352,
    "EffectiveEchoSpacing": 0.000580013,
    "FlipAngle": 56,
    "ImageType": [
      "ORIGINAL",
      "PRIMARY",
      "M",
      "MB",
      "ND",
      "MOSAI"
    ],
    "MagneticFieldStrength": 3,
    "Manufacturer": "Siemens",
    "ManufacturersModelName": "Prisma",
    "PhaseEncodingDirection": "j-",
    "RepetitionTime": 0.955,
    "SliceTiming": [
      0.875,
      0.795,
      0.715,
      0.635,
      0.555,
      0.4775,
      0.3975,
      0.3175,
      0.2375,
      0.1575,
      0.0775,
      0,
      0.875,
      0.795,
      0.715,
      0.635,
      0.555,
      0.4775,
      0.3975,
      0.3175,
      0.2375,
      0.1575,
      0.0775,
      0,
      0.875,
      0.795,
      0.715,
      0.635,
      0.555,
      0.4775,
      0.3975,
      0.3175,
      0.2375,
      0.1575,
      0.0775,
      0,
      0.875,
      0.795,
      0.715,
      0.635,
      0.555,
      0.4775,
      0.3975,
      0.3175,
      0.2375,
      0.1575,
      0.0775,
      0,
      0.875,
      0.795,
      0.715,
      0.635,
      0.555,
      0.4775,
      0.3975,
      0.3175,
      0.2375,
      0.1575,
      0.0775,
      0
    ],
    "TaskName": "identification",
    "TotalReadoutTime": 0.0580013,
    "dataset": "ds001771",
    "modality": "bold",
    "run_id": 1,
    "subject_id": "30",
    "task_id": "identification"
  },
  "dummy_trs": 1,
  "dvars_nstd": 43.35405323519236,
  "dvars_std": 1.0267711080219786,
  "dvars_vstd": 0.9827182149175829,
  "efc": 0.5450316847387319,
  "fber": 7315.6630859375,
  "fd_mean": 0.07719300509270843,
  "fd_num": 0,
  "fd_perc": 0.0,
  "fwhm_avg": 3.1262933333333334,
  "fwhm_x": 2.93347,
  "fwhm_y": 3.279075,
  "fwhm_z": 3.166335,
  "gcor": 0.0131305,
  "gsr_x": -0.013082433491945267,
  "gsr_y": 0.07394374161958694,
  "provenance": {
    "md5sum": "e9f50778684d5155c3918be5a4655b15",
    "settings": {
      "fd_thres": 0.2,
      "testing": false
    },
    "software": "mriqc",
    "version": "23.0.1",
    "webapi_port": null,
    "webapi_url": "https://mriqc.nimh.nih.gov/api/v1"
  },
  "size_t": 365,
  "size_x": 100,
  "size_y": 100,
  "size_z": 60,
  "snr": 2.1144648019959233,
  "spacing_tr": 0.9549999833106995,
  "spacing_x": 2.0,
  "spacing_y": 2.0,
  "spacing_z": 2.0,
  "summary_bg_k": 36.362716909167325,
  "summary_bg_mad": 80.13798562948314,
  "summary_bg_mean": 612.3772583007812,
  "summary_bg_median": 92.26750183105469,
  "summary_bg_n": 342599.0,
  "summary_bg_p05": 28.6592041015625,
  "summary_bg_p95": 3242.387768554677,
  "summary_bg_stdv": 1464.0882568359375,
  "summary_fg_k": 3.3692173046165426,
  "summary_fg_mad": 3328.78331206169,
  "summary_fg_mean": 9011.0478515625,
  "summary_fg_median": 8263.3515625,
  "summary_fg_n": 164078.0,
  "summary_fg_p05": 4336.349438476563,
  "summary_fg_p95": 16285.013232421872,
  "summary_fg_stdv": 3907.9990234375,
  "tsnr": 29.07063102722168
}