{
  "aor": 0.00027735777496839446,
  "aqi": 0.009660616700379267,
  "bids_meta": {
    "AcquisitionDateTime": "2017-06-15T15:18:56.727000",
    "EchoTime": 0.0352,
    "EffectiveEchoSpacing": 0.000580013,
    "FlipAngle": 56,
    "ImageType": [
      "ORIGINAL",
      "PRIMARY",
      "M",
      "MB",
      "ND",
      "MOSAI"
    ],
    "MagneticFieldStrength": 3,
    "Manufacturer": "Siemens",
    "ManufacturersModelName": "Prisma",
    "PhaseEncodingDirection": "j-",
    "RepetitionTime": 0.955,
    "SliceTiming": [
      0.875,
      0.795,
      0.715,
      0.635,
      0.555,
      0.4775,
      0.3975,
      0.3175,
      0.2375,
      0.1575,
      0.0775,
      0,
      0.875,
      0.795,
      0.715,
      0.635,
      0.555,
      0.4775,
      0.3975,
      0.3175,
      0.2375,
      0.1575,
      0.0775,
      0,
      0.875,
      0.795,
      0.715,
      0.635,
      0.555,
      0.4775,
      0.3975,
      0.3175,
      0.2375,
      0.1575,
      0.0775,
      0,
      0.875,
      0.795,
      0.715,
      0.635,
      0.555,
      0.4775,
      0.3975,
      0.3175,
      0.2375,
      0.1575,
      0.0775,
      0,
      0.875,
      0.795,
      0.715,
      0.635,
      0.555,
      0.4775,
      0.3975,
      0.3175,
      0.2375,
      0.1575,
      0.0775,
      0
    ],
    "TaskName": "localizer",
    "TotalReadoutTime": 0.0580013,
    "dataset": "ds001771",
    "modality": "bold",
    "subject_id": "27",
    "task_id": "localizer"
  },
  "dummy_trs": 1,
  "dvars_nstd": 43.76218044425317,
  "dvars_std": 1.0069445169873432,
  "dvars_vstd": 0.9852804407468356,
  "efc": 0.5108259160222837,
  "fber": 11040.318359375,
  "fd_mean": 0.11436878104865551,
  "fd_num": 51,
  "fd_perc": 6.447534766118837,
  "fwhm_avg": 2.9261282152319095,
  "fwhm_x": 2.69203,
  "fwhm_y": 3.114235,
  "fwhm_z": 2.9721196456957286,
  "gcor": 0.0109083,
  "gsr_x": 0.006051683332771063,
  "gsr_y": 0.034339480102062225,
  "provenance": {
    "md5sum": "b7f30b438e0b21312354965029d4db62",
    "settings": {
      "fd_thres": 0.2,
      "testing": false
    },
    "software": "mriqc",
    "version": "23.0.1",
    "webapi_port": null,
    "webapi_url": "https://mriqc.nimh.nih.gov/api/v1"
  },
  "size_t": 791,
  "size_x": 100,
  "size_y": 100,
  "size_z": 60,
  "snr": 2.8101196295573017,
  "spacing_tr": 0.9549999833106995,
  "spacing_x": 2.0,
  "spacing_y": 2.0,
  "spacing_z": 2.000000238418579,
  "summary_bg_k": 57.36370094479607,
  "summary_bg_mad": 52.03165519569707,
  "summary_bg_mean": 328.821533203125,
  "summary_bg_median": 72.28824615478516,
  "summary_bg_n": 368553.0,
  "summary_bg_p05": 26.197219848632812,
  "summary_bg_p95": 1421.4033447265615,
  "summary_bg_stdv": 872.28662109375,
  "summary_fg_k": 1.1764151259268605,
  "summary_fg_mad": 2666.214678775258,
  "summary_fg_mean": 8140.74267578125,
  "summary_fg_median": 7809.36376953125,
  "summary_fg_n": 141486.0,
  "summary_fg_p05": 4411.5419921875,
  "summary_fg_p95": 13096.197265625,
  "summary_fg_stdv": 2779.0048828125,
  "tsnr": 28.033124825335108
}