{
  "aor": 0.00032695054945054946,
  "aqi": 0.006109069752747254,
  "bids_meta": {
    "AcquisitionDateTime": "2017-06-15T15:05:16.670000",
    "EchoTime": 0.0352,
    "EffectiveEchoSpacing": 0.000580013,
    "FlipAngle": 56,
    "ImageType": [
      "ORIGINAL",
      "PRIMARY",
      "M",
      "MB",
      "ND",
      "MOSAI"
    ],
    "MagneticFieldStrength": 3,
    "Manufacturer": "Siemens",
    "ManufacturersModelName": "Prisma",
    "PhaseEncodingDirection": "j-",
    "RepetitionTime": 0.955,
    "SliceTiming": [
      0.875,
      0.795,
      0.715,
      0.635,
      0.5575,
      0.4775,
      0.3975,
      0.3175,
      0.2375,
      0.1575,
      0.08,
      0,
      0.875,
      0.795,
      0.715,
      0.635,
      0.5575,
      0.4775,
      0.3975,
      0.3175,
      0.2375,
      0.1575,
      0.08,
      0,
      0.875,
      0.795,
      0.715,
      0.635,
      0.5575,
      0.4775,
      0.3975,
      0.3175,
      0.2375,
      0.1575,
      0.08,
      0,
      0.875,
      0.795,
      0.715,
      0.635,
      0.5575,
      0.4775,
      0.3975,
      0.3175,
      0.2375,
      0.1575,
      0.08,
      0,
      0.875,
      0.795,
      0.715,
      0.635,
      0.5575,
      0.4775,
      0.3975,
      0.3175,
      0.2375,
      0.1575,
      0.08,
      0
    ],
    "TaskName": "identification",
    "TotalReadoutTime": 0.0580013,
    "dataset": "ds001771",
    "modality": "bold",
    "run_id": 3,
    "subject_id": "27",
    "task_id": "identification"
  },
  "dummy_trs": 2,
  "dvars_nstd": 43.3817663693113,
  "dvars_std": 1.016875583553718,
  "dvars_vstd": 0.9969686762809917,
  "efc": 0.509271586454871,
  "fber": 11976.09375,
  "fd_mean": 0.10216517714522207,
  "fd_num": 8,
  "fd_perc": 2.197802197802198,
  "fwhm_avg": 2.8370648865389962,
  "fwhm_x": 2.627435,
  "fwhm_y": 3.02842,
  "fwhm_z": 2.8553396596169875,
  "gcor": 0.00440964,
  "gsr_x": 0.0063601303845644,
  "gsr_y": 0.034038908779621124,
  "provenance": {
    "md5sum": "49cd26674bad8770f2d17effc513c6b2",
    "settings": {
      "fd_thres": 0.2,
      "testing": false
    },
    "software": "mriqc",
    "version": "23.0.1",
    "webapi_port": null,
    "webapi_url": "https://mriqc.nimh.nih.gov/api/v1"
  },
  "size_t": 364,
  "size_x": 100,
  "size_y": 100,
  "size_z": 60,
  "snr": 2.8205174020370056,
  "spacing_tr": 0.9549999833106995,
  "spacing_x": 2.0,
  "spacing_y": 2.0,
  "spacing_z": 2.000000238418579,
  "summary_bg_k": 62.68853574776796,
  "summary_bg_mad": 44.59211331472069,
  "summary_bg_mean": 326.4006652832031,
  "summary_bg_median": 68.94780731201172,
  "summary_bg_n": 369132.0,
  "summary_bg_p05": 29.711538314819336,
  "summary_bg_p95": 1425.593334960938,
  "summary_bg_stdv": 891.8456420898438,
  "summary_fg_k": 1.2042831010557409,
  "summary_fg_mad": 2642.5288776589614,
  "summary_fg_mean": 8078.94140625,
  "summary_fg_median": 7751.59912109375,
  "summary_fg_n": 141078.0,
  "summary_fg_p05": 4396.121923828125,
  "summary_fg_p95": 12962.646923828122,
  "summary_fg_stdv": 2748.280029296875,
  "tsnr": 32.00826061097905
}