{
  "aor": 0.002606775956284153,
  "aqi": 0.010570180409836066,
  "bids_meta": {
    "AcquisitionDateTime": "2017-06-20T10:36:59.494000",
    "EchoTime": 0.0352,
    "EffectiveEchoSpacing": 0.000580013,
    "FlipAngle": 56,
    "ImageType": [
      "ORIGINAL",
      "PRIMARY",
      "M",
      "MB",
      "ND",
      "MOSAI"
    ],
    "MagneticFieldStrength": 3,
    "Manufacturer": "Siemens",
    "ManufacturersModelName": "Prisma",
    "PhaseEncodingDirection": "j-",
    "RepetitionTime": 0.955,
    "SliceTiming": [
      0.8775,
      0.7975,
      0.7175,
      0.6375,
      0.5575,
      0.4775,
      0.4,
      0.32,
      0.24,
      0.16,
      0.08,
      0,
      0.8775,
      0.7975,
      0.7175,
      0.6375,
      0.5575,
      0.4775,
      0.4,
      0.32,
      0.24,
      0.16,
      0.08,
      0,
      0.8775,
      0.7975,
      0.7175,
      0.6375,
      0.5575,
      0.4775,
      0.4,
      0.32,
      0.24,
      0.16,
      0.08,
      0,
      0.8775,
      0.7975,
      0.7175,
      0.6375,
      0.5575,
      0.4775,
      0.4,
      0.32,
      0.24,
      0.16,
      0.08,
      0,
      0.8775,
      0.7975,
      0.7175,
      0.6375,
      0.5575,
      0.4775,
      0.4,
      0.32,
      0.24,
      0.16,
      0.08,
      0
    ],
    "TaskName": "identification",
    "TotalReadoutTime": 0.0580013,
    "dataset": "ds001771",
    "modality": "bold",
    "run_id": 2,
    "subject_id": "29",
    "task_id": "identification"
  },
  "dummy_trs": 0,
  "dvars_nstd": 49.96288341342462,
  "dvars_std": 1.06771493260274,
  "dvars_vstd": 1.0268041153972598,
  "efc": 0.5515492464537488,
  "fber": 4759.330078125,
  "fd_mean": 0.17779150138579666,
  "fd_num": 94,
  "fd_perc": 25.683060109289617,
  "fwhm_avg": 3.0245683333333333,
  "fwhm_x": 2.648535,
  "fwhm_y": 3.25017,
  "fwhm_z": 3.175,
  "gcor": 0.00857063,
  "gsr_x": 0.008654607459902763,
  "gsr_y": 0.040255121886730194,
  "provenance": {
    "md5sum": "690d7953eb3d86aec5f154f28a44e70f",
    "settings": {
      "fd_thres": 0.2,
      "testing": false
    },
    "software": "mriqc",
    "version": "23.0.1",
    "webapi_port": null,
    "webapi_url": "https://mriqc.nimh.nih.gov/api/v1"
  },
  "size_t": 366,
  "size_x": 100,
  "size_y": 100,
  "size_z": 60,
  "snr": 2.1469929277132005,
  "spacing_tr": 0.9549999833106995,
  "spacing_x": 2.0,
  "spacing_y": 2.0,
  "spacing_z": 2.0,
  "summary_bg_k": 65.39165488172121,
  "summary_bg_mad": 105.9462385102922,
  "summary_bg_mean": 558.5736694335938,
  "summary_bg_median": 112.83712005615234,
  "summary_bg_n": 335953.0,
  "summary_bg_p05": 32.06193618774414,
  "summary_bg_p95": 2596.6951660156246,
  "summary_bg_stdv": 1388.2569580078125,
  "summary_fg_k": 1.6065720704224864,
  "summary_fg_mad": 3348.679356042305,
  "summary_fg_mean": 8901.3759765625,
  "summary_fg_median": 8192.86328125,
  "summary_fg_n": 169046.0,
  "summary_fg_p05": 4193.5909423828125,
  "summary_fg_p95": 16155.86572265625,
  "summary_fg_stdv": 3815.9599609375,
  "tsnr": 26.799306869506836
}