{
  "aor": 0.0015819032258064516,
  "aqi": 0.02395541548387097,
  "bids_meta": {
    "AcquisitionDateTime": "2017-06-20T12:38:39.494000",
    "EchoTime": 0.0352,
    "EffectiveEchoSpacing": 0.000580013,
    "FlipAngle": 56,
    "ImageType": [
      "ORIGINAL",
      "PRIMARY",
      "M",
      "MB",
      "ND",
      "MOSAI"
    ],
    "MagneticFieldStrength": 3,
    "Manufacturer": "Siemens",
    "ManufacturersModelName": "Prisma",
    "PhaseEncodingDirection": "j-",
    "RepetitionTime": 0.955,
    "SliceTiming": [
      0.875,
      0.7975,
      0.7175,
      0.6375,
      0.5575,
      0.4775,
      0.3975,
      0.32,
      0.24,
      0.16,
      0.08,
      0,
      0.875,
      0.7975,
      0.7175,
      0.6375,
      0.5575,
      0.4775,
      0.3975,
      0.32,
      0.24,
      0.16,
      0.08,
      0,
      0.875,
      0.7975,
      0.7175,
      0.6375,
      0.5575,
      0.4775,
      0.3975,
      0.32,
      0.24,
      0.16,
      0.08,
      0,
      0.875,
      0.7975,
      0.7175,
      0.6375,
      0.5575,
      0.4775,
      0.3975,
      0.32,
      0.24,
      0.16,
      0.08,
      0,
      0.875,
      0.7975,
      0.7175,
      0.6375,
      0.5575,
      0.4775,
      0.3975,
      0.32,
      0.24,
      0.16,
      0.08,
      0
    ],
    "TaskName": "rest",
    "TotalReadoutTime": 0.0580013,
    "dataset": "ds001771",
    "modality": "bold",
    "subject_id": "29",
    "task_id": "rest"
  },
  "dummy_trs": 0,
  "dvars_nstd": 50.67427088248792,
  "dvars_std": 0.945398235525039,
  "dvars_vstd": 0.941836224652666,
  "efc": 0.5517580949794195,
  "fber": 3852.535888671875,
  "fd_mean": 0.2079202217216925,
  "fd_num": 141,
  "fd_perc": 22.741935483870968,
  "fwhm_avg": 3.0641149999999997,
  "fwhm_x": 2.669615,
  "fwhm_y": 3.32105,
  "fwhm_z": 3.20168,
  "gcor": 0.0324314,
  "gsr_x": 0.014891947619616985,
  "gsr_y": 0.03694093972444534,
  "provenance": {
    "md5sum": "035890ac4208a34909d159f16cdfe7d6",
    "settings": {
      "fd_thres": 0.2,
      "testing": false
    },
    "software": "mriqc",
    "version": "23.0.1",
    "webapi_port": null,
    "webapi_url": "https://mriqc.nimh.nih.gov/api/v1"
  },
  "size_t": 620,
  "size_x": 100,
  "size_y": 100,
  "size_z": 60,
  "snr": 2.2062259334344407,
  "spacing_tr": 0.9549999833106995,
  "spacing_x": 2.0,
  "spacing_y": 2.0,
  "spacing_z": 2.0,
  "summary_bg_k": 50.74858861666546,
  "summary_bg_mad": 120.03097655313131,
  "summary_bg_mean": 493.91986083984375,
  "summary_bg_median": 121.57022094726562,
  "summary_bg_n": 336795.0,
  "summary_bg_p05": 29.605702209472657,
  "summary_bg_p95": 2208.0256835937494,
  "summary_bg_stdv": 1086.6175537109375,
  "summary_fg_k": 1.29351024126532,
  "summary_fg_mad": 3146.8326198273785,
  "summary_fg_mean": 8567.1044921875,
  "summary_fg_median": 7897.875,
  "summary_fg_n": 167859.0,
  "summary_fg_p05": 4088.0163818359374,
  "summary_fg_p95": 15385.592382812501,
  "summary_fg_stdv": 3579.8017578125,
  "tsnr": 20.418027877807617
}