{
  "aor": 0.0003138251366120219,
  "aqi": 0.010255731803278689,
  "bids_meta": {
    "AcquisitionDateTime": "2017-07-06T13:36:57.053000",
    "EchoTime": 0.0352,
    "EffectiveEchoSpacing": 0.000580013,
    "FlipAngle": 56,
    "ImageType": [
      "ORIGINAL",
      "PRIMARY",
      "M",
      "MB",
      "ND",
      "MOSAI"
    ],
    "MagneticFieldStrength": 3,
    "Manufacturer": "Siemens",
    "ManufacturersModelName": "Prisma",
    "PhaseEncodingDirection": "j-",
    "RepetitionTime": 0.955,
    "SliceTiming": [
      0.875,
      0.795,
      0.715,
      0.635,
      0.555,
      0.4775,
      0.3975,
      0.3175,
      0.2375,
      0.1575,
      0.0775,
      0,
      0.875,
      0.795,
      0.715,
      0.635,
      0.555,
      0.4775,
      0.3975,
      0.3175,
      0.2375,
      0.1575,
      0.0775,
      0,
      0.875,
      0.795,
      0.715,
      0.635,
      0.555,
      0.4775,
      0.3975,
      0.3175,
      0.2375,
      0.1575,
      0.0775,
      0,
      0.875,
      0.795,
      0.715,
      0.635,
      0.555,
      0.4775,
      0.3975,
      0.3175,
      0.2375,
      0.1575,
      0.0775,
      0,
      0.875,
      0.795,
      0.715,
      0.635,
      0.555,
      0.4775,
      0.3975,
      0.3175,
      0.2375,
      0.1575,
      0.0775,
      0
    ],
    "TaskName": "identification",
    "TotalReadoutTime": 0.0580013,
    "dataset": "ds001771",
    "modality": "bold",
    "run_id": 2,
    "subject_id": "32",
    "task_id": "identification"
  },
  "dummy_trs": 0,
  "dvars_nstd": 50.680456658109584,
  "dvars_std": 1.0104548518630134,
  "dvars_vstd": 0.996755758493151,
  "efc": 0.49430973114077936,
  "fber": 11287.2841796875,
  "fd_mean": 0.19089950995835633,
  "fd_num": 148,
  "fd_perc": 40.43715846994535,
  "fwhm_avg": 2.6376683333333335,
  "fwhm_x": 2.46472,
  "fwhm_y": 2.820755,
  "fwhm_z": 2.62753,
  "gcor": 0.00521317,
  "gsr_x": -0.016961894929409027,
  "gsr_y": 0.05107731744647026,
  "provenance": {
    "md5sum": "dfe3347910e524660f4b0583cf2d6bdd",
    "settings": {
      "fd_thres": 0.2,
      "testing": false
    },
    "software": "mriqc",
    "version": "23.0.1",
    "webapi_port": null,
    "webapi_url": "https://mriqc.nimh.nih.gov/api/v1"
  },
  "size_t": 366,
  "size_x": 100,
  "size_y": 100,
  "size_z": 60,
  "snr": 2.9425582967359953,
  "spacing_tr": 0.9549999833106995,
  "spacing_x": 2.0,
  "spacing_y": 2.0,
  "spacing_z": 2.0,
  "summary_bg_k": 137.438320430162,
  "summary_bg_mad": 41.593874058837834,
  "summary_bg_mean": 272.9426574707031,
  "summary_bg_median": 65.69125366210938,
  "summary_bg_n": 380820.0,
  "summary_bg_p05": 27.609289169311523,
  "summary_bg_p95": 1074.8531188964823,
  "summary_bg_stdv": 840.423583984375,
  "summary_fg_k": 1.2967685886090248,
  "summary_fg_mad": 2326.549641803387,
  "summary_fg_mean": 7502.23583984375,
  "summary_fg_median": 7150.26611328125,
  "summary_fg_n": 132922.0,
  "summary_fg_p05": 4331.421240234375,
  "summary_fg_p95": 11876.955273437497,
  "summary_fg_stdv": 2429.939697265625,
  "tsnr": 25.88048933178652
}