{
  "aor": 0.0002736788874841972,
  "aqi": 0.020603213653603035,
  "bids_meta": {
    "AcquisitionDateTime": "2017-07-06T13:56:57.055000",
    "EchoTime": 0.0352,
    "EffectiveEchoSpacing": 0.000580013,
    "FlipAngle": 56,
    "ImageType": [
      "ORIGINAL",
      "PRIMARY",
      "M",
      "MB",
      "ND",
      "MOSAI"
    ],
    "MagneticFieldStrength": 3,
    "Manufacturer": "Siemens",
    "ManufacturersModelName": "Prisma",
    "PhaseEncodingDirection": "j-",
    "RepetitionTime": 0.955,
    "SliceTiming": [
      0.875,
      0.795,
      0.7175,
      0.6375,
      0.5575,
      0.4775,
      0.3975,
      0.3175,
      0.24,
      0.16,
      0.08,
      0,
      0.875,
      0.795,
      0.7175,
      0.6375,
      0.5575,
      0.4775,
      0.3975,
      0.3175,
      0.24,
      0.16,
      0.08,
      0,
      0.875,
      0.795,
      0.7175,
      0.6375,
      0.5575,
      0.4775,
      0.3975,
      0.3175,
      0.24,
      0.16,
      0.08,
      0,
      0.875,
      0.795,
      0.7175,
      0.6375,
      0.5575,
      0.4775,
      0.3975,
      0.3175,
      0.24,
      0.16,
      0.08,
      0,
      0.875,
      0.795,
      0.7175,
      0.6375,
      0.5575,
      0.4775,
      0.3975,
      0.3175,
      0.24,
      0.16,
      0.08,
      0
    ],
    "TaskName": "localizer",
    "TotalReadoutTime": 0.0580013,
    "dataset": "ds001771",
    "modality": "bold",
    "subject_id": "32",
    "task_id": "localizer"
  },
  "dummy_trs": 1,
  "dvars_nstd": 51.92526498132915,
  "dvars_std": 0.9710585457721531,
  "dvars_vstd": 0.9634009723924051,
  "efc": 0.49058651342463033,
  "fber": 10896.369140625,
  "fd_mean": 0.24853413999294965,
  "fd_num": 411,
  "fd_perc": 51.959544879898864,
  "fwhm_avg": 2.6686416666666672,
  "fwhm_x": 2.477155,
  "fwhm_y": 2.8435,
  "fwhm_z": 2.68527,
  "gcor": 0.00520519,
  "gsr_x": -0.010340837761759758,
  "gsr_y": 0.0481828972697258,
  "provenance": {
    "md5sum": "c32cd5ec0d3cf803d00a424c0d696a49",
    "settings": {
      "fd_thres": 0.2,
      "testing": false
    },
    "software": "mriqc",
    "version": "23.0.1",
    "webapi_port": null,
    "webapi_url": "https://mriqc.nimh.nih.gov/api/v1"
  },
  "size_t": 791,
  "size_x": 100,
  "size_y": 100,
  "size_z": 60,
  "snr": 3.041234118457532,
  "spacing_tr": 0.9549999833106995,
  "spacing_x": 2.0,
  "spacing_y": 2.0,
  "spacing_z": 2.0,
  "summary_bg_k": 100.140715971223,
  "summary_bg_mad": 37.169086015340824,
  "summary_bg_mean": 268.65216064453125,
  "summary_bg_median": 67.28887939453125,
  "summary_bg_n": 384852.0,
  "summary_bg_p05": 32.5190279006958,
  "summary_bg_p95": 1028.909228515625,
  "summary_bg_stdv": 769.2721557617188,
  "summary_fg_k": 0.9556712826338489,
  "summary_fg_mad": 2281.351991944902,
  "summary_fg_mean": 7463.91796875,
  "summary_fg_median": 7125.0205078125,
  "summary_fg_n": 129728.0,
  "summary_fg_p05": 4376.276416015625,
  "summary_fg_p95": 11706.80185546875,
  "summary_fg_stdv": 2342.796630859375,
  "tsnr": 20.65471279481426
}