{
  "aor": 0.0004558516483516483,
  "aqi": 0.01101733868131868,
  "bids_meta": {
    "AcquisitionDateTime": "2017-07-06T13:43:17.087000",
    "EchoTime": 0.0352,
    "EffectiveEchoSpacing": 0.000580013,
    "FlipAngle": 56,
    "ImageType": [
      "ORIGINAL",
      "PRIMARY",
      "M",
      "MB",
      "ND",
      "MOSAI"
    ],
    "MagneticFieldStrength": 3,
    "Manufacturer": "Siemens",
    "ManufacturersModelName": "Prisma",
    "PhaseEncodingDirection": "j-",
    "RepetitionTime": 0.955,
    "SliceTiming": [
      0.8775,
      0.7975,
      0.7175,
      0.6375,
      0.5575,
      0.4775,
      0.4,
      0.32,
      0.24,
      0.16,
      0.08,
      0,
      0.8775,
      0.7975,
      0.7175,
      0.6375,
      0.5575,
      0.4775,
      0.4,
      0.32,
      0.24,
      0.16,
      0.08,
      0,
      0.8775,
      0.7975,
      0.7175,
      0.6375,
      0.5575,
      0.4775,
      0.4,
      0.32,
      0.24,
      0.16,
      0.08,
      0,
      0.8775,
      0.7975,
      0.7175,
      0.6375,
      0.5575,
      0.4775,
      0.4,
      0.32,
      0.24,
      0.16,
      0.08,
      0,
      0.8775,
      0.7975,
      0.7175,
      0.6375,
      0.5575,
      0.4775,
      0.4,
      0.32,
      0.24,
      0.16,
      0.08,
      0
    ],
    "TaskName": "identification",
    "TotalReadoutTime": 0.0580013,
    "dataset": "ds001771",
    "modality": "bold",
    "run_id": 3,
    "subject_id": "32",
    "task_id": "identification"
  },
  "dummy_trs": 2,
  "dvars_nstd": 51.43855814228652,
  "dvars_std": 1.005426403746556,
  "dvars_vstd": 0.9921694107438019,
  "efc": 0.4951818443014013,
  "fber": 11393.236328125,
  "fd_mean": 0.2313063783304798,
  "fd_num": 222,
  "fd_perc": 60.989010989010985,
  "fwhm_avg": 2.644195,
  "fwhm_x": 2.461645,
  "fwhm_y": 2.826335,
  "fwhm_z": 2.644605,
  "gcor": 0.00538193,
  "gsr_x": -0.01726347766816616,
  "gsr_y": 0.050678908824920654,
  "provenance": {
    "md5sum": "e3e9386912f5ebd5e215cd31b5ff94a4",
    "settings": {
      "fd_thres": 0.2,
      "testing": false
    },
    "software": "mriqc",
    "version": "23.0.1",
    "webapi_port": null,
    "webapi_url": "https://mriqc.nimh.nih.gov/api/v1"
  },
  "size_t": 364,
  "size_x": 100,
  "size_y": 100,
  "size_z": 60,
  "snr": 2.949298443595108,
  "spacing_tr": 0.9549999833106995,
  "spacing_x": 2.0,
  "spacing_y": 2.0,
  "spacing_z": 2.0,
  "summary_bg_k": 125.80522728731259,
  "summary_bg_mad": 45.14401705804745,
  "summary_bg_mean": 274.5069274902344,
  "summary_bg_median": 65.50961303710938,
  "summary_bg_n": 380492.0,
  "summary_bg_p05": 23.013736724853516,
  "summary_bg_p95": 1087.9384765625002,
  "summary_bg_stdv": 826.426025390625,
  "summary_fg_k": 1.372574889535949,
  "summary_fg_mad": 2324.1563395893345,
  "summary_fg_mean": 7510.8671875,
  "summary_fg_median": 7161.91650390625,
  "summary_fg_n": 132910.0,
  "summary_fg_p05": 4335.525073242187,
  "summary_fg_p95": 11878.039404296875,
  "summary_fg_stdv": 2428.336669921875,
  "tsnr": 25.052693603211083
}