{
  "aor": 0.000774010989010989,
  "aqi": 0.005571969203296703,
  "bids_meta": {
    "AcquisitionDateTime": "2017-04-05T09:56:26.897000",
    "EchoTime": 0.0352,
    "EffectiveEchoSpacing": 0.000580013,
    "FlipAngle": 56,
    "ImageType": [
      "ORIGINAL",
      "PRIMARY",
      "M",
      "MB",
      "ND",
      "MOSAI"
    ],
    "MagneticFieldStrength": 3,
    "Manufacturer": "Siemens",
    "ManufacturersModelName": "Prisma",
    "PhaseEncodingDirection": "j-",
    "RepetitionTime": 0.955,
    "SliceTiming": [
      0.875,
      0.7975,
      0.7175,
      0.6375,
      0.5575,
      0.4775,
      0.3975,
      0.32,
      0.24,
      0.16,
      0.08,
      0,
      0.875,
      0.7975,
      0.7175,
      0.6375,
      0.5575,
      0.4775,
      0.3975,
      0.32,
      0.24,
      0.16,
      0.08,
      0,
      0.875,
      0.7975,
      0.7175,
      0.6375,
      0.5575,
      0.4775,
      0.3975,
      0.32,
      0.24,
      0.16,
      0.08,
      0,
      0.875,
      0.7975,
      0.7175,
      0.6375,
      0.5575,
      0.4775,
      0.3975,
      0.32,
      0.24,
      0.16,
      0.08,
      0,
      0.875,
      0.7975,
      0.7175,
      0.6375,
      0.5575,
      0.4775,
      0.3975,
      0.32,
      0.24,
      0.16,
      0.08,
      0
    ],
    "TaskName": "identification",
    "TotalReadoutTime": 0.0580013,
    "dataset": "ds001771",
    "modality": "bold",
    "run_id": 4,
    "subject_id": "05",
    "task_id": "identification"
  },
  "dummy_trs": 2,
  "dvars_nstd": 39.86705790545459,
  "dvars_std": 1.0290026520661157,
  "dvars_vstd": 1.0061425579063366,
  "efc": 0.5423604798773908,
  "fber": 12842.84765625,
  "fd_mean": 0.09832471438898698,
  "fd_num": 8,
  "fd_perc": 2.197802197802198,
  "fwhm_avg": 2.9267600590945317,
  "fwhm_x": 2.776135,
  "fwhm_y": 3.02982,
  "fwhm_z": 2.9743251772835957,
  "gcor": 0.00468102,
  "gsr_x": -0.008396045304834843,
  "gsr_y": 0.07563228160142899,
  "provenance": {
    "md5sum": "ce3182800a9d5facc8d653e3927202a2",
    "settings": {
      "fd_thres": 0.2,
      "testing": false
    },
    "software": "mriqc",
    "version": "23.0.1",
    "webapi_port": null,
    "webapi_url": "https://mriqc.nimh.nih.gov/api/v1"
  },
  "size_t": 364,
  "size_x": 100,
  "size_y": 100,
  "size_z": 60,
  "snr": 2.4224591127778377,
  "spacing_tr": 0.9549999833106995,
  "spacing_x": 2.0,
  "spacing_y": 2.0,
  "spacing_z": 1.9999998807907104,
  "summary_bg_k": 46.48063898939017,
  "summary_bg_mad": 49.10248874290949,
  "summary_bg_mean": 521.6239013671875,
  "summary_bg_median": 68.35388946533203,
  "summary_bg_n": 348347.0,
  "summary_bg_p05": 27.812125968933106,
  "summary_bg_p95": 2802.844604492189,
  "summary_bg_stdv": 1314.122802734375,
  "summary_fg_k": 2.006741921170166,
  "summary_fg_mad": 2996.439709433988,
  "summary_fg_mean": 8630.4140625,
  "summary_fg_median": 8046.39990234375,
  "summary_fg_n": 160131.0,
  "summary_fg_p05": 4409.016845703125,
  "summary_fg_p95": 14900.443359375,
  "summary_fg_stdv": 3321.572998046875,
  "tsnr": 33.69352722167969
}