{
  "aor": 0.0009767694805194807,
  "aqi": 0.009613558214285714,
  "bids_meta": {
    "AcquisitionDateTime": "2017-04-05T11:08:46.955000",
    "EchoTime": 0.0352,
    "EffectiveEchoSpacing": 0.000580013,
    "FlipAngle": 56,
    "ImageType": [
      "ORIGINAL",
      "PRIMARY",
      "M",
      "MB",
      "ND",
      "MOSAI"
    ],
    "MagneticFieldStrength": 3,
    "Manufacturer": "Siemens",
    "ManufacturersModelName": "Prisma",
    "PhaseEncodingDirection": "j-",
    "RepetitionTime": 0.955,
    "SliceTiming": [
      0.875,
      0.795,
      0.715,
      0.6375,
      0.5575,
      0.4775,
      0.3975,
      0.3175,
      0.2375,
      0.16,
      0.08,
      0,
      0.875,
      0.795,
      0.715,
      0.6375,
      0.5575,
      0.4775,
      0.3975,
      0.3175,
      0.2375,
      0.16,
      0.08,
      0,
      0.875,
      0.795,
      0.715,
      0.6375,
      0.5575,
      0.4775,
      0.3975,
      0.3175,
      0.2375,
      0.16,
      0.08,
      0,
      0.875,
      0.795,
      0.715,
      0.6375,
      0.5575,
      0.4775,
      0.3975,
      0.3175,
      0.2375,
      0.16,
      0.08,
      0,
      0.875,
      0.795,
      0.715,
      0.6375,
      0.5575,
      0.4775,
      0.3975,
      0.3175,
      0.2375,
      0.16,
      0.08,
      0
    ],
    "TaskName": "rest",
    "TotalReadoutTime": 0.0580013,
    "dataset": "ds001771",
    "modality": "bold",
    "subject_id": "05",
    "task_id": "rest"
  },
  "dummy_trs": 4,
  "dvars_nstd": 42.232530801365805,
  "dvars_std": 1.02330308489431,
  "dvars_vstd": 0.9937423255447144,
  "efc": 0.5390714946335131,
  "fber": 13189.6845703125,
  "fd_mean": 0.09642329521834526,
  "fd_num": 6,
  "fd_perc": 0.974025974025974,
  "fwhm_avg": 2.9558583333333335,
  "fwhm_x": 2.81332,
  "fwhm_y": 3.071975,
  "fwhm_z": 2.98228,
  "gcor": 0.00953986,
  "gsr_x": -0.003941158764064312,
  "gsr_y": 0.0683254599571228,
  "provenance": {
    "md5sum": "bd91b85be0fbad8fdf224b42d2f3a949",
    "settings": {
      "fd_thres": 0.2,
      "testing": false
    },
    "software": "mriqc",
    "version": "23.0.1",
    "webapi_port": null,
    "webapi_url": "https://mriqc.nimh.nih.gov/api/v1"
  },
  "size_t": 616,
  "size_x": 100,
  "size_y": 100,
  "size_z": 60,
  "snr": 2.416559696694753,
  "spacing_tr": 0.9549999833106995,
  "spacing_x": 2.0,
  "spacing_y": 2.0,
  "spacing_z": 2.0,
  "summary_bg_k": 27.263707290031746,
  "summary_bg_mad": 46.013538057497016,
  "summary_bg_mean": 463.78814697265625,
  "summary_bg_median": 66.18861389160156,
  "summary_bg_n": 349814.0,
  "summary_bg_p05": 27.536988449096683,
  "summary_bg_p95": 2466.3511718749955,
  "summary_bg_stdv": 1086.7689208984375,
  "summary_fg_k": 2.0706381143552273,
  "summary_fg_mad": 2883.5690143181714,
  "summary_fg_mean": 8383.7119140625,
  "summary_fg_median": 7819.0517578125,
  "summary_fg_n": 159720.0,
  "summary_fg_p05": 4250.839453125,
  "summary_fg_p95": 14481.368798828122,
  "summary_fg_stdv": 3235.602783203125,
  "tsnr": 28.529834747314453
}