{
  "aor": 0.0004052328767123287,
  "aqi": 0.006221993479452055,
  "bids_meta": {
    "AcquisitionDateTime": "2017-04-05T09:50:06.968000",
    "EchoTime": 0.0352,
    "EffectiveEchoSpacing": 0.000580013,
    "FlipAngle": 56,
    "ImageType": [
      "ORIGINAL",
      "PRIMARY",
      "M",
      "MB",
      "ND",
      "MOSAI"
    ],
    "MagneticFieldStrength": 3,
    "Manufacturer": "Siemens",
    "ManufacturersModelName": "Prisma",
    "PhaseEncodingDirection": "j-",
    "RepetitionTime": 0.955,
    "SliceTiming": [
      0.875,
      0.795,
      0.715,
      0.635,
      0.5575,
      0.4775,
      0.3975,
      0.3175,
      0.2375,
      0.1575,
      0.08,
      0,
      0.875,
      0.795,
      0.715,
      0.635,
      0.5575,
      0.4775,
      0.3975,
      0.3175,
      0.2375,
      0.1575,
      0.08,
      0,
      0.875,
      0.795,
      0.715,
      0.635,
      0.5575,
      0.4775,
      0.3975,
      0.3175,
      0.2375,
      0.1575,
      0.08,
      0,
      0.875,
      0.795,
      0.715,
      0.635,
      0.5575,
      0.4775,
      0.3975,
      0.3175,
      0.2375,
      0.1575,
      0.08,
      0,
      0.875,
      0.795,
      0.715,
      0.635,
      0.5575,
      0.4775,
      0.3975,
      0.3175,
      0.2375,
      0.1575,
      0.08,
      0
    ],
    "TaskName": "identification",
    "TotalReadoutTime": 0.0580013,
    "dataset": "ds001771",
    "modality": "bold",
    "run_id": 3,
    "subject_id": "05",
    "task_id": "identification"
  },
  "dummy_trs": 1,
  "dvars_nstd": 39.81409338024722,
  "dvars_std": 1.0155332038736269,
  "dvars_vstd": 0.9962294154670328,
  "efc": 0.542312058100341,
  "fber": 12598.212890625,
  "fd_mean": 0.09367954909798169,
  "fd_num": 6,
  "fd_perc": 1.643835616438356,
  "fwhm_avg": 2.941361726166709,
  "fwhm_x": 2.78128,
  "fwhm_y": 3.04807,
  "fwhm_z": 2.9947351785001266,
  "gcor": 0.00387703,
  "gsr_x": -0.008469044230878353,
  "gsr_y": 0.07541496306657791,
  "provenance": {
    "md5sum": "99294ee97127d8248690d92892135f56",
    "settings": {
      "fd_thres": 0.2,
      "testing": false
    },
    "software": "mriqc",
    "version": "23.0.1",
    "webapi_port": null,
    "webapi_url": "https://mriqc.nimh.nih.gov/api/v1"
  },
  "size_t": 365,
  "size_x": 100,
  "size_y": 100,
  "size_z": 60,
  "snr": 2.40271510830299,
  "spacing_tr": 0.9549999833106995,
  "spacing_x": 2.0,
  "spacing_y": 2.0,
  "spacing_z": 1.9999998807907104,
  "summary_bg_k": 45.23712192927801,
  "summary_bg_mad": 49.48755562236107,
  "summary_bg_mean": 504.6571350097656,
  "summary_bg_median": 68.75129699707031,
  "summary_bg_n": 346583.0,
  "summary_bg_p05": 27.8424015045166,
  "summary_bg_p95": 2662.5084228515616,
  "summary_bg_stdv": 1286.3707275390625,
  "summary_fg_k": 1.9539096750471385,
  "summary_fg_mad": 3004.848843892074,
  "summary_fg_mean": 8585.9453125,
  "summary_fg_median": 8016.720703125,
  "summary_fg_n": 161703.0,
  "summary_fg_p05": 4323.070068359375,
  "summary_fg_p95": 14857.42451171875,
  "summary_fg_stdv": 3336.515380859375,
  "tsnr": 32.66172790527344
}