{
  "aor": 0.004093516483516484,
  "aqi": 0.02002275142857143,
  "bids_meta": {
    "AcquisitionDateTime": "2017-07-13T13:51:07.085000",
    "EchoTime": 0.0352,
    "EffectiveEchoSpacing": 0.000580013,
    "FlipAngle": 56,
    "ImageType": [
      "ORIGINAL",
      "PRIMARY",
      "M",
      "MB",
      "ND",
      "MOSAI"
    ],
    "MagneticFieldStrength": 3,
    "Manufacturer": "Siemens",
    "ManufacturersModelName": "Prisma",
    "PhaseEncodingDirection": "j-",
    "RepetitionTime": 0.955,
    "SliceTiming": [
      0.875,
      0.795,
      0.715,
      0.635,
      0.5575,
      0.4775,
      0.3975,
      0.3175,
      0.2375,
      0.1575,
      0.08,
      0,
      0.875,
      0.795,
      0.715,
      0.635,
      0.5575,
      0.4775,
      0.3975,
      0.3175,
      0.2375,
      0.1575,
      0.08,
      0,
      0.875,
      0.795,
      0.715,
      0.635,
      0.5575,
      0.4775,
      0.3975,
      0.3175,
      0.2375,
      0.1575,
      0.08,
      0,
      0.875,
      0.795,
      0.715,
      0.635,
      0.5575,
      0.4775,
      0.3975,
      0.3175,
      0.2375,
      0.1575,
      0.08,
      0,
      0.875,
      0.795,
      0.715,
      0.635,
      0.5575,
      0.4775,
      0.3975,
      0.3175,
      0.2375,
      0.1575,
      0.08,
      0
    ],
    "TaskName": "identification",
    "TotalReadoutTime": 0.0580013,
    "dataset": "ds001771",
    "modality": "bold",
    "run_id": 1,
    "subject_id": "34",
    "task_id": "identification"
  },
  "dummy_trs": 2,
  "dvars_nstd": 49.76206382760333,
  "dvars_std": 0.9602853553994495,
  "dvars_vstd": 0.972599278512397,
  "efc": 0.5421214032756361,
  "fber": 5135.12744140625,
  "fd_mean": 0.25378436627541673,
  "fd_num": 64,
  "fd_perc": 17.582417582417584,
  "fwhm_avg": 3.1151966666666664,
  "fwhm_x": 2.877895,
  "fwhm_y": 3.291915,
  "fwhm_z": 3.17578,
  "gcor": 0.00264977,
  "gsr_x": -0.030855001881718636,
  "gsr_y": 0.08751419931650162,
  "provenance": {
    "md5sum": "6fe7aec4bf8f126051248fdc7ab91267",
    "settings": {
      "fd_thres": 0.2,
      "testing": false
    },
    "software": "mriqc",
    "version": "23.0.1",
    "webapi_port": null,
    "webapi_url": "https://mriqc.nimh.nih.gov/api/v1"
  },
  "size_t": 364,
  "size_x": 100,
  "size_y": 100,
  "size_z": 60,
  "snr": 2.3062580009444806,
  "spacing_tr": 0.9549999833106995,
  "spacing_x": 2.0,
  "spacing_y": 2.0,
  "spacing_z": 2.0,
  "summary_bg_k": 27.190809100950418,
  "summary_bg_mad": 106.91867589375265,
  "summary_bg_mean": 606.0466918945312,
  "summary_bg_median": 109.06817626953125,
  "summary_bg_n": 358576.0,
  "summary_bg_p05": 27.78340768814087,
  "summary_bg_p95": 2973.9596557617188,
  "summary_bg_stdv": 1207.361572265625,
  "summary_fg_k": 2.1124946281469708,
  "summary_fg_mad": 3084.051872320371,
  "summary_fg_mean": 8601.3779296875,
  "summary_fg_median": 8013.0263671875,
  "summary_fg_n": 151708.0,
  "summary_fg_p05": 4207.786645507813,
  "summary_fg_p95": 15049.163671875,
  "summary_fg_stdv": 3474.45947265625,
  "tsnr": 21.606067657470703
}