{
  "aor": 0.004481688311688312,
  "aqi": 0.015796535990259743,
  "bids_meta": {
    "AcquisitionDateTime": "2017-07-13T15:18:47.049000",
    "EchoTime": 0.0352,
    "EffectiveEchoSpacing": 0.000580013,
    "FlipAngle": 56,
    "ImageType": [
      "ORIGINAL",
      "PRIMARY",
      "M",
      "MB",
      "ND",
      "MOSAI"
    ],
    "MagneticFieldStrength": 3,
    "Manufacturer": "Siemens",
    "ManufacturersModelName": "Prisma",
    "PhaseEncodingDirection": "j-",
    "RepetitionTime": 0.955,
    "SliceTiming": [
      0.875,
      0.795,
      0.715,
      0.635,
      0.5575,
      0.4775,
      0.3975,
      0.3175,
      0.2375,
      0.1575,
      0.08,
      0,
      0.875,
      0.795,
      0.715,
      0.635,
      0.5575,
      0.4775,
      0.3975,
      0.3175,
      0.2375,
      0.1575,
      0.08,
      0,
      0.875,
      0.795,
      0.715,
      0.635,
      0.5575,
      0.4775,
      0.3975,
      0.3175,
      0.2375,
      0.1575,
      0.08,
      0,
      0.875,
      0.795,
      0.715,
      0.635,
      0.5575,
      0.4775,
      0.3975,
      0.3175,
      0.2375,
      0.1575,
      0.08,
      0,
      0.875,
      0.795,
      0.715,
      0.635,
      0.5575,
      0.4775,
      0.3975,
      0.3175,
      0.2375,
      0.1575,
      0.08,
      0
    ],
    "TaskName": "rest",
    "TotalReadoutTime": 0.0580013,
    "dataset": "ds001771",
    "modality": "bold",
    "subject_id": "34",
    "task_id": "rest"
  },
  "dummy_trs": 4,
  "dvars_nstd": 45.15237227626018,
  "dvars_std": 1.003606995837398,
  "dvars_vstd": 1.445761865430894,
  "efc": 0.5368463671018432,
  "fber": 7030.15234375,
  "fd_mean": 0.12928221498626333,
  "fd_num": 28,
  "fd_perc": 4.545454545454546,
  "fwhm_avg": 3.0687416666666665,
  "fwhm_x": 2.77516,
  "fwhm_y": 3.1933,
  "fwhm_z": 3.237765,
  "gcor": 0.0015605,
  "gsr_x": -0.020434951409697533,
  "gsr_y": 0.0803506076335907,
  "provenance": {
    "md5sum": "07411b000f7b5dde5c7439462ebd5da9",
    "settings": {
      "fd_thres": 0.2,
      "testing": false
    },
    "software": "mriqc",
    "version": "23.0.1",
    "webapi_port": null,
    "webapi_url": "https://mriqc.nimh.nih.gov/api/v1"
  },
  "size_t": 616,
  "size_x": 100,
  "size_y": 100,
  "size_z": 60,
  "snr": 2.4294249535174037,
  "spacing_tr": 0.9549999833106995,
  "spacing_x": 2.0,
  "spacing_y": 2.0,
  "spacing_z": 2.0,
  "summary_bg_k": 29.15120648933079,
  "summary_bg_mad": 79.39623206594003,
  "summary_bg_mean": 495.3752136230469,
  "summary_bg_median": 87.09415435791016,
  "summary_bg_n": 360595.0,
  "summary_bg_p05": 23.21103858947754,
  "summary_bg_p95": 2482.959985351559,
  "summary_bg_stdv": 1017.9989013671875,
  "summary_fg_k": 1.2534013564711426,
  "summary_fg_mad": 2718.930309121625,
  "summary_fg_mean": 8030.5712890625,
  "summary_fg_median": 7507.64208984375,
  "summary_fg_n": 149964.0,
  "summary_fg_p05": 4106.9666748046875,
  "summary_fg_p95": 13923.371923828125,
  "summary_fg_stdv": 3090.28564453125,
  "tsnr": 23.54616812313907
}