{
  "aor": 0.0034769416243654815,
  "aqi": 0.016937348934010155,
  "bids_meta": {
    "AcquisitionDateTime": "2017-07-13T14:17:07.020000",
    "EchoTime": 0.0352,
    "EffectiveEchoSpacing": 0.000580013,
    "FlipAngle": 56,
    "ImageType": [
      "ORIGINAL",
      "PRIMARY",
      "M",
      "MB",
      "ND",
      "MOSAI"
    ],
    "MagneticFieldStrength": 3,
    "Manufacturer": "Siemens",
    "ManufacturersModelName": "Prisma",
    "PhaseEncodingDirection": "j-",
    "RepetitionTime": 0.955,
    "SliceTiming": [
      0.875,
      0.795,
      0.715,
      0.635,
      0.555,
      0.4775,
      0.3975,
      0.3175,
      0.2375,
      0.1575,
      0.08,
      0,
      0.875,
      0.795,
      0.715,
      0.635,
      0.555,
      0.4775,
      0.3975,
      0.3175,
      0.2375,
      0.1575,
      0.08,
      0,
      0.875,
      0.795,
      0.715,
      0.635,
      0.555,
      0.4775,
      0.3975,
      0.3175,
      0.2375,
      0.1575,
      0.08,
      0,
      0.875,
      0.795,
      0.715,
      0.635,
      0.555,
      0.4775,
      0.3975,
      0.3175,
      0.2375,
      0.1575,
      0.08,
      0,
      0.875,
      0.795,
      0.715,
      0.635,
      0.555,
      0.4775,
      0.3975,
      0.3175,
      0.2375,
      0.1575,
      0.08,
      0
    ],
    "TaskName": "localizer",
    "TotalReadoutTime": 0.0580013,
    "dataset": "ds001771",
    "modality": "bold",
    "subject_id": "34",
    "task_id": "localizer"
  },
  "dummy_trs": 4,
  "dvars_nstd": 49.223464316276996,
  "dvars_std": 0.9696846154002544,
  "dvars_vstd": 0.9770148782973311,
  "efc": 0.5416794005769104,
  "fber": 4724.56103515625,
  "fd_mean": 0.2202741626371197,
  "fd_num": 117,
  "fd_perc": 14.847715736040609,
  "fwhm_avg": 3.0833250000000003,
  "fwhm_x": 2.85401,
  "fwhm_y": 3.2364,
  "fwhm_z": 3.159565,
  "gcor": 0.0103815,
  "gsr_x": -0.028420882299542427,
  "gsr_y": 0.08241560310125351,
  "provenance": {
    "md5sum": "a458c1f9cfee33d95aa0e99db25eb4ec",
    "settings": {
      "fd_thres": 0.2,
      "testing": false
    },
    "software": "mriqc",
    "version": "23.0.1",
    "webapi_port": null,
    "webapi_url": "https://mriqc.nimh.nih.gov/api/v1"
  },
  "size_t": 788,
  "size_x": 100,
  "size_y": 100,
  "size_z": 60,
  "snr": 2.2792132157871876,
  "spacing_tr": 0.9549999833106995,
  "spacing_x": 2.0,
  "spacing_y": 2.0,
  "spacing_z": 2.0,
  "summary_bg_k": 25.936184794668794,
  "summary_bg_mad": 108.03725318514566,
  "summary_bg_mean": 620.5982055664062,
  "summary_bg_median": 109.88768768310547,
  "summary_bg_n": 360562.0,
  "summary_bg_p05": 27.439024925231934,
  "summary_bg_p95": 3052.2473876953127,
  "summary_bg_stdv": 1242.5306396484375,
  "summary_fg_k": 2.033821601322475,
  "summary_fg_mad": 3055.4477120866295,
  "summary_fg_mean": 8505.3271484375,
  "summary_fg_median": 7896.275390625,
  "summary_fg_n": 149885.0,
  "summary_fg_p05": 4150.4900390625,
  "summary_fg_p95": 14951.846093749988,
  "summary_fg_stdv": 3464.462646484375,
  "tsnr": 22.21331787109375
}