{
  "aor": 0.0033174043715846996,
  "aqi": 0.01441589300546448,
  "bids_meta": {
    "AcquisitionDateTime": "2017-07-13T13:57:27.018000",
    "EchoTime": 0.0352,
    "EffectiveEchoSpacing": 0.000580013,
    "FlipAngle": 56,
    "ImageType": [
      "ORIGINAL",
      "PRIMARY",
      "M",
      "MB",
      "ND",
      "MOSAI"
    ],
    "MagneticFieldStrength": 3,
    "Manufacturer": "Siemens",
    "ManufacturersModelName": "Prisma",
    "PhaseEncodingDirection": "j-",
    "RepetitionTime": 0.955,
    "SliceTiming": [
      0.8775,
      0.7975,
      0.7175,
      0.6375,
      0.5575,
      0.4775,
      0.4,
      0.32,
      0.24,
      0.16,
      0.08,
      0,
      0.8775,
      0.7975,
      0.7175,
      0.6375,
      0.5575,
      0.4775,
      0.4,
      0.32,
      0.24,
      0.16,
      0.08,
      0,
      0.8775,
      0.7975,
      0.7175,
      0.6375,
      0.5575,
      0.4775,
      0.4,
      0.32,
      0.24,
      0.16,
      0.08,
      0,
      0.8775,
      0.7975,
      0.7175,
      0.6375,
      0.5575,
      0.4775,
      0.4,
      0.32,
      0.24,
      0.16,
      0.08,
      0,
      0.8775,
      0.7975,
      0.7175,
      0.6375,
      0.5575,
      0.4775,
      0.4,
      0.32,
      0.24,
      0.16,
      0.08,
      0
    ],
    "TaskName": "identification",
    "TotalReadoutTime": 0.0580013,
    "dataset": "ds001771",
    "modality": "bold",
    "run_id": 2,
    "subject_id": "34",
    "task_id": "identification"
  },
  "dummy_trs": 0,
  "dvars_nstd": 46.551399011534286,
  "dvars_std": 0.9939009027397252,
  "dvars_vstd": 0.998789179945206,
  "efc": 0.5428188284793279,
  "fber": 5186.8125,
  "fd_mean": 0.20929785726765554,
  "fd_num": 49,
  "fd_perc": 13.387978142076502,
  "fwhm_avg": 3.0770866666666663,
  "fwhm_x": 2.845945,
  "fwhm_y": 3.22571,
  "fwhm_z": 3.159605,
  "gcor": 0.00456333,
  "gsr_x": -0.03212819993495941,
  "gsr_y": 0.08916652202606201,
  "provenance": {
    "md5sum": "84d992c894d616bbbaf9aa0591e9e654",
    "settings": {
      "fd_thres": 0.2,
      "testing": false
    },
    "software": "mriqc",
    "version": "23.0.1",
    "webapi_port": null,
    "webapi_url": "https://mriqc.nimh.nih.gov/api/v1"
  },
  "size_t": 366,
  "size_x": 100,
  "size_y": 100,
  "size_z": 60,
  "snr": 2.2812730702614283,
  "spacing_tr": 0.9549999833106995,
  "spacing_x": 2.0,
  "spacing_y": 2.0,
  "spacing_z": 2.0,
  "summary_bg_k": 31.426742695256138,
  "summary_bg_mad": 108.97564055542054,
  "summary_bg_mean": 621.538330078125,
  "summary_bg_median": 106.79174041748047,
  "summary_bg_n": 357769.0,
  "summary_bg_p05": 23.298671340942384,
  "summary_bg_p95": 3083.6919921874937,
  "summary_bg_stdv": 1283.3194580078125,
  "summary_fg_k": 2.1923842391528297,
  "summary_fg_mad": 3107.65767951814,
  "summary_fg_mean": 8615.3447265625,
  "summary_fg_median": 8009.1298828125,
  "summary_fg_n": 152548.0,
  "summary_fg_p05": 4205.121484375,
  "summary_fg_p95": 15118.939990234374,
  "summary_fg_stdv": 3510.804443359375,
  "tsnr": 23.836776733398438
}