{
  "aor": 0.0007213736263736263,
  "aqi": 0.007072010686813188,
  "bids_meta": {
    "AcquisitionDateTime": "2017-07-25T13:56:47.038000",
    "EchoTime": 0.0352,
    "EffectiveEchoSpacing": 0.000580013,
    "FlipAngle": 56,
    "ImageType": [
      "ORIGINAL",
      "PRIMARY",
      "M",
      "MB",
      "ND",
      "MOSAI"
    ],
    "MagneticFieldStrength": 3,
    "Manufacturer": "Siemens",
    "ManufacturersModelName": "Prisma",
    "PhaseEncodingDirection": "j-",
    "RepetitionTime": 0.955,
    "SliceTiming": [
      0.875,
      0.795,
      0.7175,
      0.6375,
      0.5575,
      0.4775,
      0.3975,
      0.32,
      0.24,
      0.16,
      0.08,
      0,
      0.875,
      0.795,
      0.7175,
      0.6375,
      0.5575,
      0.4775,
      0.3975,
      0.32,
      0.24,
      0.16,
      0.08,
      0,
      0.875,
      0.795,
      0.7175,
      0.6375,
      0.5575,
      0.4775,
      0.3975,
      0.32,
      0.24,
      0.16,
      0.08,
      0,
      0.875,
      0.795,
      0.7175,
      0.6375,
      0.5575,
      0.4775,
      0.3975,
      0.32,
      0.24,
      0.16,
      0.08,
      0,
      0.875,
      0.795,
      0.7175,
      0.6375,
      0.5575,
      0.4775,
      0.3975,
      0.32,
      0.24,
      0.16,
      0.08,
      0
    ],
    "TaskName": "identification",
    "TotalReadoutTime": 0.0580013,
    "dataset": "ds001771",
    "modality": "bold",
    "run_id": 3,
    "subject_id": "37",
    "task_id": "identification"
  },
  "dummy_trs": 2,
  "dvars_nstd": 42.72913086316806,
  "dvars_std": 1.0207507878512394,
  "dvars_vstd": 1.0035626017906338,
  "efc": 0.5066699819756103,
  "fber": 14782.984375,
  "fd_mean": 0.10111212594925764,
  "fd_num": 10,
  "fd_perc": 2.7472527472527473,
  "fwhm_avg": 3.003315,
  "fwhm_x": 2.820015,
  "fwhm_y": 3.14638,
  "fwhm_z": 3.04355,
  "gcor": 0.00690586,
  "gsr_x": -0.011944582685828209,
  "gsr_y": 0.058202970772981644,
  "provenance": {
    "md5sum": "b0ae730a631a6b08a89dbc0466f39047",
    "settings": {
      "fd_thres": 0.2,
      "testing": false
    },
    "software": "mriqc",
    "version": "23.0.1",
    "webapi_port": null,
    "webapi_url": "https://mriqc.nimh.nih.gov/api/v1"
  },
  "size_t": 364,
  "size_x": 100,
  "size_y": 100,
  "size_z": 60,
  "snr": 2.5316266189704586,
  "spacing_tr": 0.9549999833106995,
  "spacing_x": 2.0,
  "spacing_y": 2.0,
  "spacing_z": 2.0,
  "summary_bg_k": 124.4493647417746,
  "summary_bg_mad": 34.31012915705294,
  "summary_bg_mean": 316.71148681640625,
  "summary_bg_median": 63.274169921875,
  "summary_bg_n": 364270.0,
  "summary_bg_p05": 34.92356986999512,
  "summary_bg_p95": 1249.4817871093749,
  "summary_bg_stdv": 999.7529907226562,
  "summary_fg_k": 3.0282545561290988,
  "summary_fg_mad": 2784.6440463201734,
  "summary_fg_mean": 8327.51953125,
  "summary_fg_median": 7840.232421875,
  "summary_fg_n": 148212.0,
  "summary_fg_p05": 4336.676440429687,
  "summary_fg_p95": 13814.382128906249,
  "summary_fg_stdv": 3096.904541015625,
  "tsnr": 31.339214324951172
}