{
  "aor": 0.0002658791208791209,
  "aqi": 0.0057717068406593405,
  "bids_meta": {
    "AcquisitionDateTime": "2017-07-25T13:43:47.066000",
    "EchoTime": 0.0352,
    "EffectiveEchoSpacing": 0.000580013,
    "FlipAngle": 56,
    "ImageType": [
      "ORIGINAL",
      "PRIMARY",
      "M",
      "MB",
      "ND",
      "MOSAI"
    ],
    "MagneticFieldStrength": 3,
    "Manufacturer": "Siemens",
    "ManufacturersModelName": "Prisma",
    "PhaseEncodingDirection": "j-",
    "RepetitionTime": 0.955,
    "SliceTiming": [
      0.875,
      0.795,
      0.715,
      0.6375,
      0.5575,
      0.4775,
      0.3975,
      0.3175,
      0.2375,
      0.16,
      0.08,
      0,
      0.875,
      0.795,
      0.715,
      0.6375,
      0.5575,
      0.4775,
      0.3975,
      0.3175,
      0.2375,
      0.16,
      0.08,
      0,
      0.875,
      0.795,
      0.715,
      0.6375,
      0.5575,
      0.4775,
      0.3975,
      0.3175,
      0.2375,
      0.16,
      0.08,
      0,
      0.875,
      0.795,
      0.715,
      0.6375,
      0.5575,
      0.4775,
      0.3975,
      0.3175,
      0.2375,
      0.16,
      0.08,
      0,
      0.875,
      0.795,
      0.715,
      0.6375,
      0.5575,
      0.4775,
      0.3975,
      0.3175,
      0.2375,
      0.16,
      0.08,
      0
    ],
    "TaskName": "identification",
    "TotalReadoutTime": 0.0580013,
    "dataset": "ds001771",
    "modality": "bold",
    "run_id": 1,
    "subject_id": "37",
    "task_id": "identification"
  },
  "dummy_trs": 2,
  "dvars_nstd": 43.33915751432508,
  "dvars_std": 1.0220436070247942,
  "dvars_vstd": 0.995067731955923,
  "efc": 0.5059802796189431,
  "fber": 15657.5849609375,
  "fd_mean": 0.09605606941840862,
  "fd_num": 1,
  "fd_perc": 0.27472527472527475,
  "fwhm_avg": 2.9877366666666667,
  "fwhm_x": 2.797915,
  "fwhm_y": 3.131165,
  "fwhm_z": 3.03413,
  "gcor": 0.00239062,
  "gsr_x": -0.01237043458968401,
  "gsr_y": 0.05936933681368828,
  "provenance": {
    "md5sum": "28d896e536d8423df599c683ac91b0b3",
    "settings": {
      "fd_thres": 0.2,
      "testing": false
    },
    "software": "mriqc",
    "version": "23.0.1",
    "webapi_port": null,
    "webapi_url": "https://mriqc.nimh.nih.gov/api/v1"
  },
  "size_t": 364,
  "size_x": 100,
  "size_y": 100,
  "size_z": 60,
  "snr": 2.5339780210678455,
  "spacing_tr": 0.9549999833106995,
  "spacing_x": 2.0,
  "spacing_y": 2.0,
  "spacing_z": 2.0,
  "summary_bg_k": 137.70551716801452,
  "summary_bg_mad": 31.515225687077148,
  "summary_bg_mean": 312.2768249511719,
  "summary_bg_median": 61.48265838623047,
  "summary_bg_n": 363968.0,
  "summary_bg_p05": 35.41691780090332,
  "summary_bg_p95": 1201.785723876953,
  "summary_bg_stdv": 1014.3973999023438,
  "summary_fg_k": 3.0134248221754643,
  "summary_fg_mad": 2785.8949919420374,
  "summary_fg_mean": 8341.8671875,
  "summary_fg_median": 7854.1953125,
  "summary_fg_n": 148173.0,
  "summary_fg_p05": 4363.223046875,
  "summary_fg_p95": 13838.293164062497,
  "summary_fg_stdv": 3099.541015625,
  "tsnr": 32.876129150390625
}