{
  "aor": 0.0007591803278688524,
  "aqi": 0.0071051531693989076,
  "bids_meta": {
    "AcquisitionDateTime": "2017-04-05T09:43:46.932000",
    "EchoTime": 0.0352,
    "EffectiveEchoSpacing": 0.000580013,
    "FlipAngle": 56,
    "ImageType": [
      "ORIGINAL",
      "PRIMARY",
      "M",
      "MB",
      "ND",
      "MOSAI"
    ],
    "MagneticFieldStrength": 3,
    "Manufacturer": "Siemens",
    "ManufacturersModelName": "Prisma",
    "PhaseEncodingDirection": "j-",
    "RepetitionTime": 0.955,
    "SliceTiming": [
      0.875,
      0.795,
      0.715,
      0.635,
      0.555,
      0.4775,
      0.3975,
      0.3175,
      0.2375,
      0.1575,
      0.0775,
      0,
      0.875,
      0.795,
      0.715,
      0.635,
      0.555,
      0.4775,
      0.3975,
      0.3175,
      0.2375,
      0.1575,
      0.0775,
      0,
      0.875,
      0.795,
      0.715,
      0.635,
      0.555,
      0.4775,
      0.3975,
      0.3175,
      0.2375,
      0.1575,
      0.0775,
      0,
      0.875,
      0.795,
      0.715,
      0.635,
      0.555,
      0.4775,
      0.3975,
      0.3175,
      0.2375,
      0.1575,
      0.0775,
      0,
      0.875,
      0.795,
      0.715,
      0.635,
      0.555,
      0.4775,
      0.3975,
      0.3175,
      0.2375,
      0.1575,
      0.0775,
      0
    ],
    "TaskName": "identification",
    "TotalReadoutTime": 0.0580013,
    "dataset": "ds001771",
    "modality": "bold",
    "run_id": 2,
    "subject_id": "05",
    "task_id": "identification"
  },
  "dummy_trs": 0,
  "dvars_nstd": 40.52479916912328,
  "dvars_std": 1.0260960950958893,
  "dvars_vstd": 1.0014069755890405,
  "efc": 0.5421707726412779,
  "fber": 11948.0849609375,
  "fd_mean": 0.09760363357488815,
  "fd_num": 12,
  "fd_perc": 3.278688524590164,
  "fwhm_avg": 2.9332300590379075,
  "fwhm_x": 2.776895,
  "fwhm_y": 3.05132,
  "fwhm_z": 2.971475177113722,
  "gcor": 0.00656814,
  "gsr_x": -0.009203389286994934,
  "gsr_y": 0.07535041868686676,
  "provenance": {
    "md5sum": "0d2b067e4e12bca72848daa6c3353db9",
    "settings": {
      "fd_thres": 0.2,
      "testing": false
    },
    "software": "mriqc",
    "version": "23.0.1",
    "webapi_port": null,
    "webapi_url": "https://mriqc.nimh.nih.gov/api/v1"
  },
  "size_t": 366,
  "size_x": 100,
  "size_y": 100,
  "size_z": 60,
  "snr": 2.4151581418605876,
  "spacing_tr": 0.9549999833106995,
  "spacing_x": 2.0,
  "spacing_y": 2.0,
  "spacing_z": 1.9999998807907104,
  "summary_bg_k": 44.74390948026683,
  "summary_bg_mad": 53.56531405302546,
  "summary_bg_mean": 509.0502014160156,
  "summary_bg_median": 71.24880981445312,
  "summary_bg_n": 347912.0,
  "summary_bg_p05": 27.530531406402588,
  "summary_bg_p95": 2696.8415649414083,
  "summary_bg_stdv": 1278.1163330078125,
  "summary_fg_k": 2.0423191631313253,
  "summary_fg_mad": 2996.6340837971075,
  "summary_fg_mean": 8621.232421875,
  "summary_fg_median": 8044.0205078125,
  "summary_fg_n": 160962.0,
  "summary_fg_p05": 4379.759326171875,
  "summary_fg_p95": 14886.368457031247,
  "summary_fg_stdv": 3330.62890625,
  "tsnr": 31.443668365478516
}