{
  "aor": 0.0008123013698630138,
  "aqi": 0.006342835150684931,
  "bids_meta": {
    "AcquisitionDateTime": "2017-04-05T09:36:46.897000",
    "EchoTime": 0.0352,
    "EffectiveEchoSpacing": 0.000580013,
    "FlipAngle": 56,
    "ImageType": [
      "ORIGINAL",
      "PRIMARY",
      "M",
      "MB",
      "ND",
      "MOSAI"
    ],
    "MagneticFieldStrength": 3,
    "Manufacturer": "Siemens",
    "ManufacturersModelName": "Prisma",
    "PhaseEncodingDirection": "j-",
    "RepetitionTime": 0.955,
    "SliceTiming": [
      0.875,
      0.795,
      0.715,
      0.635,
      0.5575,
      0.4775,
      0.3975,
      0.3175,
      0.2375,
      0.1575,
      0.08,
      0,
      0.875,
      0.795,
      0.715,
      0.635,
      0.5575,
      0.4775,
      0.3975,
      0.3175,
      0.2375,
      0.1575,
      0.08,
      0,
      0.875,
      0.795,
      0.715,
      0.635,
      0.5575,
      0.4775,
      0.3975,
      0.3175,
      0.2375,
      0.1575,
      0.08,
      0,
      0.875,
      0.795,
      0.715,
      0.635,
      0.5575,
      0.4775,
      0.3975,
      0.3175,
      0.2375,
      0.1575,
      0.08,
      0,
      0.875,
      0.795,
      0.715,
      0.635,
      0.5575,
      0.4775,
      0.3975,
      0.3175,
      0.2375,
      0.1575,
      0.08,
      0
    ],
    "TaskName": "identification",
    "TotalReadoutTime": 0.0580013,
    "dataset": "ds001771",
    "modality": "bold",
    "run_id": 1,
    "subject_id": "05",
    "task_id": "identification"
  },
  "dummy_trs": 1,
  "dvars_nstd": 43.917278929065944,
  "dvars_std": 1.079650898049451,
  "dvars_vstd": 1.0131897357692312,
  "efc": 0.5410579245988653,
  "fber": 12416.498046875,
  "fd_mean": 0.09791636764309165,
  "fd_num": 8,
  "fd_perc": 2.191780821917808,
  "fwhm_avg": 2.9329033922835226,
  "fwhm_x": 2.78049,
  "fwhm_y": 3.05116,
  "fwhm_z": 2.967060176850568,
  "gcor": 0.0159786,
  "gsr_x": -0.005682272836565971,
  "gsr_y": 0.06789109110832214,
  "provenance": {
    "md5sum": "b9f29a72ee7928a26ee5f78242d9e26c",
    "settings": {
      "fd_thres": 0.2,
      "testing": false
    },
    "software": "mriqc",
    "version": "23.0.1",
    "webapi_port": null,
    "webapi_url": "https://mriqc.nimh.nih.gov/api/v1"
  },
  "size_t": 365,
  "size_x": 100,
  "size_y": 100,
  "size_z": 60,
  "snr": 2.402443751440286,
  "spacing_tr": 0.9549999833106995,
  "spacing_x": 2.0,
  "spacing_y": 2.0,
  "spacing_z": 1.9999998807907104,
  "summary_bg_k": 27.95693110225959,
  "summary_bg_mad": 52.31549673904783,
  "summary_bg_mean": 476.1536560058594,
  "summary_bg_median": 70.26235961914062,
  "summary_bg_n": 347489.0,
  "summary_bg_p05": 27.658824157714843,
  "summary_bg_p95": 2558.1165039062416,
  "summary_bg_stdv": 1113.18310546875,
  "summary_fg_k": 1.9797883554053568,
  "summary_fg_mad": 3016.543520424715,
  "summary_fg_mean": 8648.185546875,
  "summary_fg_median": 8068.7900390625,
  "summary_fg_n": 161880.0,
  "summary_fg_p05": 4348.576977539063,
  "summary_fg_p95": 14956.86616210937,
  "summary_fg_stdv": 3358.565673828125,
  "tsnr": 32.72113037109375
}