{
  "aor": 0.0006437373737373739,
  "aqi": 0.007034228308080807,
  "bids_meta": {
    "AcquisitionDateTime": "2017-04-05T10:03:26.927000",
    "EchoTime": 0.0352,
    "EffectiveEchoSpacing": 0.000580013,
    "FlipAngle": 56,
    "ImageType": [
      "ORIGINAL",
      "PRIMARY",
      "M",
      "MB",
      "ND",
      "MOSAI"
    ],
    "MagneticFieldStrength": 3,
    "Manufacturer": "Siemens",
    "ManufacturersModelName": "Prisma",
    "PhaseEncodingDirection": "j-",
    "RepetitionTime": 0.955,
    "SliceTiming": [
      0.875,
      0.795,
      0.715,
      0.6375,
      0.5575,
      0.4775,
      0.3975,
      0.3175,
      0.2375,
      0.16,
      0.08,
      0,
      0.875,
      0.795,
      0.715,
      0.6375,
      0.5575,
      0.4775,
      0.3975,
      0.3175,
      0.2375,
      0.16,
      0.08,
      0,
      0.875,
      0.795,
      0.715,
      0.6375,
      0.5575,
      0.4775,
      0.3975,
      0.3175,
      0.2375,
      0.16,
      0.08,
      0,
      0.875,
      0.795,
      0.715,
      0.6375,
      0.5575,
      0.4775,
      0.3975,
      0.3175,
      0.2375,
      0.16,
      0.08,
      0,
      0.875,
      0.795,
      0.715,
      0.6375,
      0.5575,
      0.4775,
      0.3975,
      0.3175,
      0.2375,
      0.16,
      0.08,
      0
    ],
    "TaskName": "localizer",
    "TotalReadoutTime": 0.0580013,
    "dataset": "ds001771",
    "modality": "bold",
    "subject_id": "05",
    "task_id": "localizer"
  },
  "dummy_trs": 0,
  "dvars_nstd": 39.94816322661188,
  "dvars_std": 1.0335828287737034,
  "dvars_vstd": 1.0048019645259167,
  "efc": 0.54310305767749,
  "fber": 11264.0244140625,
  "fd_mean": 0.08095013245435706,
  "fd_num": 5,
  "fd_perc": 0.6313131313131313,
  "fwhm_avg": 2.955556726363106,
  "fwhm_x": 2.79243,
  "fwhm_y": 3.06962,
  "fwhm_z": 3.0046201790893186,
  "gcor": 0.00543631,
  "gsr_x": -0.009019749239087105,
  "gsr_y": 0.07289990782737732,
  "provenance": {
    "md5sum": "1c23901e0ca09c98f4b93e58e605c66c",
    "settings": {
      "fd_thres": 0.2,
      "testing": false
    },
    "software": "mriqc",
    "version": "23.0.1",
    "webapi_port": null,
    "webapi_url": "https://mriqc.nimh.nih.gov/api/v1"
  },
  "size_t": 792,
  "size_x": 100,
  "size_y": 100,
  "size_z": 60,
  "snr": 2.4186485295891416,
  "spacing_tr": 0.9549999833106995,
  "spacing_x": 2.0,
  "spacing_y": 2.0,
  "spacing_z": 1.9999998807907104,
  "summary_bg_k": 43.9426124006167,
  "summary_bg_mad": 59.360752984407455,
  "summary_bg_mean": 514.7321166992188,
  "summary_bg_median": 72.64130401611328,
  "summary_bg_n": 346930.0,
  "summary_bg_p05": 23.227185630798342,
  "summary_bg_p95": 2734.5688842773425,
  "summary_bg_stdv": 1292.523193359375,
  "summary_fg_k": 2.02675082646192,
  "summary_fg_mad": 2983.338804967046,
  "summary_fg_mean": 8621.5673828125,
  "summary_fg_median": 8034.9921875,
  "summary_fg_n": 160301.0,
  "summary_fg_p05": 4413.9326171875,
  "summary_fg_p95": 14902.6064453125,
  "summary_fg_stdv": 3322.089599609375,
  "tsnr": 31.49361228942871
}