{
  "aor": 0.0036044177215189873,
  "aqi": 0.01019230153164557,
  "bids_meta": {
    "AcquisitionDateTime": "2017-04-03T14:01:55.879000",
    "EchoTime": 0.0352,
    "EffectiveEchoSpacing": 0.000580013,
    "FlipAngle": 56,
    "ImageType": [
      "ORIGINAL",
      "PRIMARY",
      "M",
      "MB",
      "ND",
      "MOSAI"
    ],
    "MagneticFieldStrength": 3,
    "Manufacturer": "Siemens",
    "ManufacturersModelName": "Prisma",
    "PhaseEncodingDirection": "j-",
    "RepetitionTime": 0.955,
    "SliceTiming": [
      0.875,
      0.795,
      0.715,
      0.6375,
      0.5575,
      0.4775,
      0.3975,
      0.3175,
      0.2375,
      0.16,
      0.08,
      0,
      0.875,
      0.795,
      0.715,
      0.6375,
      0.5575,
      0.4775,
      0.3975,
      0.3175,
      0.2375,
      0.16,
      0.08,
      0,
      0.875,
      0.795,
      0.715,
      0.6375,
      0.5575,
      0.4775,
      0.3975,
      0.3175,
      0.2375,
      0.16,
      0.08,
      0,
      0.875,
      0.795,
      0.715,
      0.6375,
      0.5575,
      0.4775,
      0.3975,
      0.3175,
      0.2375,
      0.16,
      0.08,
      0,
      0.875,
      0.795,
      0.715,
      0.6375,
      0.5575,
      0.4775,
      0.3975,
      0.3175,
      0.2375,
      0.16,
      0.08,
      0
    ],
    "TaskName": "localizer",
    "TotalReadoutTime": 0.0580013,
    "dataset": "ds001771",
    "modality": "bold",
    "subject_id": "03",
    "task_id": "localizer"
  },
  "dummy_trs": 2,
  "dvars_nstd": 45.80971352556412,
  "dvars_std": 1.0554319398479088,
  "dvars_vstd": 1.051599609936629,
  "efc": 0.5455495892836745,
  "fber": 8005.0146484375,
  "fd_mean": 0.18088778858514976,
  "fd_num": 158,
  "fd_perc": 20.0,
  "fwhm_avg": 3.0944716666666667,
  "fwhm_x": 2.877435,
  "fwhm_y": 3.26126,
  "fwhm_z": 3.14472,
  "gcor": 0.0167066,
  "gsr_x": -0.007958918809890747,
  "gsr_y": 0.05780565366148949,
  "provenance": {
    "md5sum": "6ea8de9a993205c8cc9ad9b724d7469b",
    "settings": {
      "fd_thres": 0.2,
      "testing": false
    },
    "software": "mriqc",
    "version": "23.0.1",
    "webapi_port": null,
    "webapi_url": "https://mriqc.nimh.nih.gov/api/v1"
  },
  "size_t": 790,
  "size_x": 100,
  "size_y": 100,
  "size_z": 60,
  "snr": 2.4832644977061076,
  "spacing_tr": 0.9549999833106995,
  "spacing_x": 2.0,
  "spacing_y": 2.0,
  "spacing_z": 2.0,
  "summary_bg_k": 38.10734027975913,
  "summary_bg_mad": 77.6575831367056,
  "summary_bg_mean": 464.8543395996094,
  "summary_bg_median": 86.14663696289062,
  "summary_bg_n": 345250.0,
  "summary_bg_p05": 19.75379114151001,
  "summary_bg_p95": 2311.8484497070312,
  "summary_bg_stdv": 1082.2342529296875,
  "summary_fg_k": 0.9997054171438013,
  "summary_fg_mad": 3096.4921935234515,
  "summary_fg_mean": 8518.310546875,
  "summary_fg_median": 8027.1796875,
  "summary_fg_n": 162011.0,
  "summary_fg_p05": 4297.1298828125,
  "summary_fg_p95": 14511.95947265625,
  "summary_fg_stdv": 3232.5009765625,
  "tsnr": 26.7449893951416
}