{
  "aor": 0.0021404383561643837,
  "aqi": 0.007895001315068494,
  "bids_meta": {
    "AcquisitionDateTime": "2017-04-03T13:48:15.914000",
    "EchoTime": 0.0352,
    "EffectiveEchoSpacing": 0.000580013,
    "FlipAngle": 56,
    "ImageType": [
      "ORIGINAL",
      "PRIMARY",
      "M",
      "MB",
      "ND",
      "MOSAI"
    ],
    "MagneticFieldStrength": 3,
    "Manufacturer": "Siemens",
    "ManufacturersModelName": "Prisma",
    "PhaseEncodingDirection": "j-",
    "RepetitionTime": 0.955,
    "SliceTiming": [
      0.875,
      0.7975,
      0.7175,
      0.6375,
      0.5575,
      0.4775,
      0.3975,
      0.32,
      0.24,
      0.16,
      0.08,
      0,
      0.875,
      0.7975,
      0.7175,
      0.6375,
      0.5575,
      0.4775,
      0.3975,
      0.32,
      0.24,
      0.16,
      0.08,
      0,
      0.875,
      0.7975,
      0.7175,
      0.6375,
      0.5575,
      0.4775,
      0.3975,
      0.32,
      0.24,
      0.16,
      0.08,
      0,
      0.875,
      0.7975,
      0.7175,
      0.6375,
      0.5575,
      0.4775,
      0.3975,
      0.32,
      0.24,
      0.16,
      0.08,
      0,
      0.875,
      0.7975,
      0.7175,
      0.6375,
      0.5575,
      0.4775,
      0.3975,
      0.32,
      0.24,
      0.16,
      0.08,
      0
    ],
    "TaskName": "identification",
    "TotalReadoutTime": 0.0580013,
    "dataset": "ds001771",
    "modality": "bold",
    "run_id": 3,
    "subject_id": "03",
    "task_id": "identification"
  },
  "dummy_trs": 1,
  "dvars_nstd": 45.43402127923074,
  "dvars_std": 1.0480660457417583,
  "dvars_vstd": 1.0151011238186822,
  "efc": 0.5447918026866739,
  "fber": 9609.7333984375,
  "fd_mean": 0.1659805545240323,
  "fd_num": 66,
  "fd_perc": 18.08219178082192,
  "fwhm_avg": 3.0536166666666666,
  "fwhm_x": 2.852635,
  "fwhm_y": 3.19954,
  "fwhm_z": 3.108675,
  "gcor": 0.0169126,
  "gsr_x": -0.006999923847615719,
  "gsr_y": 0.05894069746136665,
  "provenance": {
    "md5sum": "a6c9fdc7ead96c119be667a3d33d1894",
    "settings": {
      "fd_thres": 0.2,
      "testing": false
    },
    "software": "mriqc",
    "version": "23.0.1",
    "webapi_port": null,
    "webapi_url": "https://mriqc.nimh.nih.gov/api/v1"
  },
  "size_t": 365,
  "size_x": 100,
  "size_y": 100,
  "size_z": 60,
  "snr": 2.4947475505107817,
  "spacing_tr": 0.9549999833106995,
  "spacing_x": 2.0,
  "spacing_y": 2.0,
  "spacing_z": 2.0,
  "summary_bg_k": 37.204437964921404,
  "summary_bg_mad": 60.878471311520165,
  "summary_bg_mean": 443.1227111816406,
  "summary_bg_median": 77.5382080078125,
  "summary_bg_n": 344661.0,
  "summary_bg_p05": 27.301448822021484,
  "summary_bg_p95": 2206.99755859375,
  "summary_bg_stdv": 1038.7266845703125,
  "summary_fg_k": 0.9937311622745559,
  "summary_fg_mad": 3096.811083307266,
  "summary_fg_mean": 8513.7587890625,
  "summary_fg_median": 8028.7734375,
  "summary_fg_n": 162362.0,
  "summary_fg_p05": 4304.0538330078125,
  "summary_fg_p95": 14470.175439453124,
  "summary_fg_stdv": 3218.260986328125,
  "tsnr": 29.425281524658203
}