{
  "aor": 0.003565081967213114,
  "aqi": 0.009276273333333333,
  "bids_meta": {
    "AcquisitionDateTime": "2017-04-03T13:54:55.849000",
    "EchoTime": 0.0352,
    "EffectiveEchoSpacing": 0.000580013,
    "FlipAngle": 56,
    "ImageType": [
      "ORIGINAL",
      "PRIMARY",
      "M",
      "MB",
      "ND",
      "MOSAI"
    ],
    "MagneticFieldStrength": 3,
    "Manufacturer": "Siemens",
    "ManufacturersModelName": "Prisma",
    "PhaseEncodingDirection": "j-",
    "RepetitionTime": 0.955,
    "SliceTiming": [
      0.875,
      0.795,
      0.715,
      0.6375,
      0.5575,
      0.4775,
      0.3975,
      0.3175,
      0.2375,
      0.16,
      0.08,
      0,
      0.875,
      0.795,
      0.715,
      0.6375,
      0.5575,
      0.4775,
      0.3975,
      0.3175,
      0.2375,
      0.16,
      0.08,
      0,
      0.875,
      0.795,
      0.715,
      0.6375,
      0.5575,
      0.4775,
      0.3975,
      0.3175,
      0.2375,
      0.16,
      0.08,
      0,
      0.875,
      0.795,
      0.715,
      0.6375,
      0.5575,
      0.4775,
      0.3975,
      0.3175,
      0.2375,
      0.16,
      0.08,
      0,
      0.875,
      0.795,
      0.715,
      0.6375,
      0.5575,
      0.4775,
      0.3975,
      0.3175,
      0.2375,
      0.16,
      0.08,
      0
    ],
    "TaskName": "identification",
    "TotalReadoutTime": 0.0580013,
    "dataset": "ds001771",
    "modality": "bold",
    "run_id": 4,
    "subject_id": "03",
    "task_id": "identification"
  },
  "dummy_trs": 0,
  "dvars_nstd": 47.834105881068474,
  "dvars_std": 1.0694008046849321,
  "dvars_vstd": 1.0414300542191774,
  "efc": 0.5457012982172492,
  "fber": 10107.8779296875,
  "fd_mean": 0.1861172920503214,
  "fd_num": 77,
  "fd_perc": 21.038251366120218,
  "fwhm_avg": 3.071593333333334,
  "fwhm_x": 2.87011,
  "fwhm_y": 3.228215,
  "fwhm_z": 3.116455,
  "gcor": 0.0269464,
  "gsr_x": -0.009131623432040215,
  "gsr_y": 0.05901385098695755,
  "provenance": {
    "md5sum": "4c0115f6cd80ae9d8c271253c44926db",
    "settings": {
      "fd_thres": 0.2,
      "testing": false
    },
    "software": "mriqc",
    "version": "23.0.1",
    "webapi_port": null,
    "webapi_url": "https://mriqc.nimh.nih.gov/api/v1"
  },
  "size_t": 366,
  "size_x": 100,
  "size_y": 100,
  "size_z": 60,
  "snr": 2.4984083495276117,
  "spacing_tr": 0.9549999833106995,
  "spacing_x": 2.0,
  "spacing_y": 2.0,
  "spacing_z": 2.0,
  "summary_bg_k": 38.25127845628272,
  "summary_bg_mad": 53.54651174942354,
  "summary_bg_mean": 458.3798828125,
  "summary_bg_median": 75.15320587158203,
  "summary_bg_n": 345049.0,
  "summary_bg_p05": 32.57046661376953,
  "summary_bg_p95": 2293.490380859374,
  "summary_bg_stdv": 1095.280029296875,
  "summary_fg_k": 0.9746634202182767,
  "summary_fg_mad": 3087.924881045471,
  "summary_fg_mean": 8493.1142578125,
  "summary_fg_median": 8008.365234375,
  "summary_fg_n": 162170.0,
  "summary_fg_p05": 4308.012670898437,
  "summary_fg_p95": 14449.062304687497,
  "summary_fg_stdv": 3205.376953125,
  "tsnr": 27.99244499206543
}