{
  "aor": 0.004558575342465753,
  "aqi": 0.014133464849315066,
  "bids_meta": {
    "AcquisitionDateTime": "2017-04-03T13:41:35.882000",
    "EchoTime": 0.0352,
    "EffectiveEchoSpacing": 0.000580013,
    "FlipAngle": 56,
    "ImageType": [
      "ORIGINAL",
      "PRIMARY",
      "M",
      "MB",
      "ND",
      "MOSAI"
    ],
    "MagneticFieldStrength": 3,
    "Manufacturer": "Siemens",
    "ManufacturersModelName": "Prisma",
    "PhaseEncodingDirection": "j-",
    "RepetitionTime": 0.955,
    "SliceTiming": [
      0.875,
      0.795,
      0.7175,
      0.6375,
      0.5575,
      0.4775,
      0.3975,
      0.3175,
      0.24,
      0.16,
      0.08,
      0,
      0.875,
      0.795,
      0.7175,
      0.6375,
      0.5575,
      0.4775,
      0.3975,
      0.3175,
      0.24,
      0.16,
      0.08,
      0,
      0.875,
      0.795,
      0.7175,
      0.6375,
      0.5575,
      0.4775,
      0.3975,
      0.3175,
      0.24,
      0.16,
      0.08,
      0,
      0.875,
      0.795,
      0.7175,
      0.6375,
      0.5575,
      0.4775,
      0.3975,
      0.3175,
      0.24,
      0.16,
      0.08,
      0,
      0.875,
      0.795,
      0.7175,
      0.6375,
      0.5575,
      0.4775,
      0.3975,
      0.3175,
      0.24,
      0.16,
      0.08,
      0
    ],
    "TaskName": "identification",
    "TotalReadoutTime": 0.0580013,
    "dataset": "ds001771",
    "modality": "bold",
    "run_id": 2,
    "subject_id": "03",
    "task_id": "identification"
  },
  "dummy_trs": 1,
  "dvars_nstd": 47.019646403708805,
  "dvars_std": 1.0099239812087908,
  "dvars_vstd": 0.9966834909340669,
  "efc": 0.5457701405284561,
  "fber": 8976.3232421875,
  "fd_mean": 0.2009022789966765,
  "fd_num": 80,
  "fd_perc": 21.91780821917808,
  "fwhm_avg": 3.1080550000000002,
  "fwhm_x": 2.901615,
  "fwhm_y": 3.279485,
  "fwhm_z": 3.143065,
  "gcor": 0.00626111,
  "gsr_x": -0.007099838461726904,
  "gsr_y": 0.05703622102737427,
  "provenance": {
    "md5sum": "150822c240c93dc97b15536f238bff35",
    "settings": {
      "fd_thres": 0.2,
      "testing": false
    },
    "software": "mriqc",
    "version": "23.0.1",
    "webapi_port": null,
    "webapi_url": "https://mriqc.nimh.nih.gov/api/v1"
  },
  "size_t": 365,
  "size_x": 100,
  "size_y": 100,
  "size_z": 60,
  "snr": 2.5015445060500063,
  "spacing_tr": 0.9549999833106995,
  "spacing_x": 2.0,
  "spacing_y": 2.0,
  "spacing_z": 2.0,
  "summary_bg_k": 35.20205759529269,
  "summary_bg_mad": 61.33275804171137,
  "summary_bg_mean": 441.9791259765625,
  "summary_bg_median": 79.80933380126953,
  "summary_bg_n": 344000.0,
  "summary_bg_p05": 29.20051488876343,
  "summary_bg_p95": 2183.565270996093,
  "summary_bg_stdv": 1029.046142578125,
  "summary_fg_k": 0.9314634230108911,
  "summary_fg_mad": 3084.5133756964924,
  "summary_fg_mean": 8491.3984375,
  "summary_fg_median": 8005.18017578125,
  "summary_fg_n": 162627.0,
  "summary_fg_p05": 4298.315673828125,
  "summary_fg_p95": 14428.33427734375,
  "summary_fg_stdv": 3200.085205078125,
  "tsnr": 25.095033645629883
}