{
  "aor": 0.0006221772151898733,
  "aqi": 0.009768394215189874,
  "bids_meta": {
    "AcquisitionDateTime": "2017-06-27T15:32:33.336000",
    "EchoTime": 0.0352,
    "EffectiveEchoSpacing": 0.000580013,
    "FlipAngle": 56,
    "ImageType": [
      "ORIGINAL",
      "PRIMARY",
      "M",
      "MB",
      "ND",
      "MOSAI"
    ],
    "MagneticFieldStrength": 3,
    "Manufacturer": "Siemens",
    "ManufacturersModelName": "Prisma",
    "PhaseEncodingDirection": "j-",
    "RepetitionTime": 0.955,
    "SliceTiming": [
      0.875,
      0.795,
      0.7175,
      0.6375,
      0.5575,
      0.4775,
      0.3975,
      0.3175,
      0.24,
      0.16,
      0.08,
      0,
      0.875,
      0.795,
      0.7175,
      0.6375,
      0.5575,
      0.4775,
      0.3975,
      0.3175,
      0.24,
      0.16,
      0.08,
      0,
      0.875,
      0.795,
      0.7175,
      0.6375,
      0.5575,
      0.4775,
      0.3975,
      0.3175,
      0.24,
      0.16,
      0.08,
      0,
      0.875,
      0.795,
      0.7175,
      0.6375,
      0.5575,
      0.4775,
      0.3975,
      0.3175,
      0.24,
      0.16,
      0.08,
      0,
      0.875,
      0.795,
      0.7175,
      0.6375,
      0.5575,
      0.4775,
      0.3975,
      0.3175,
      0.24,
      0.16,
      0.08,
      0
    ],
    "TaskName": "localizer",
    "TotalReadoutTime": 0.0580013,
    "dataset": "ds001771",
    "modality": "bold",
    "subject_id": "31",
    "task_id": "localizer"
  },
  "dummy_trs": 2,
  "dvars_nstd": 43.22186437413187,
  "dvars_std": 1.027969276768061,
  "dvars_vstd": 1.0044531577439801,
  "efc": 0.5095208496339894,
  "fber": 14022.3359375,
  "fd_mean": 0.09278402770031026,
  "fd_num": 14,
  "fd_perc": 1.7721518987341771,
  "fwhm_avg": 2.859178333333334,
  "fwhm_x": 2.609855,
  "fwhm_y": 3.06839,
  "fwhm_z": 2.89929,
  "gcor": 0.0119479,
  "gsr_x": -0.006559183355420828,
  "gsr_y": 0.05385329946875572,
  "provenance": {
    "md5sum": "eb821d167c211fc2969ef3fc1162e49e",
    "settings": {
      "fd_thres": 0.2,
      "testing": false
    },
    "software": "mriqc",
    "version": "23.0.1",
    "webapi_port": null,
    "webapi_url": "https://mriqc.nimh.nih.gov/api/v1"
  },
  "size_t": 790,
  "size_x": 100,
  "size_y": 100,
  "size_z": 60,
  "snr": 3.1351074609015717,
  "spacing_tr": 0.9549999833106995,
  "spacing_x": 2.0,
  "spacing_y": 2.0,
  "spacing_z": 2.0,
  "summary_bg_k": 80.07984591475685,
  "summary_bg_mad": 40.51445385843231,
  "summary_bg_mean": 331.3428955078125,
  "summary_bg_median": 64.38481140136719,
  "summary_bg_n": 373737.0,
  "summary_bg_p05": 29.42759552001953,
  "summary_bg_p95": 1385.4268554687515,
  "summary_bg_stdv": 945.01708984375,
  "summary_fg_k": 0.2688130304202221,
  "summary_fg_mad": 2462.9019906597096,
  "summary_fg_mean": 7996.66015625,
  "summary_fg_median": 7738.18603515625,
  "summary_fg_n": 140888.0,
  "summary_fg_p05": 4470.5374755859375,
  "summary_fg_p95": 12330.465380859374,
  "summary_fg_stdv": 2468.2275390625,
  "tsnr": 29.858363173669204
}