{
  "aor": 0.0009478296703296704,
  "aqi": 0.008674494615384616,
  "bids_meta": {
    "AcquisitionDateTime": "2017-06-27T15:19:33.387000",
    "EchoTime": 0.0352,
    "EffectiveEchoSpacing": 0.000580013,
    "FlipAngle": 56,
    "ImageType": [
      "ORIGINAL",
      "PRIMARY",
      "M",
      "MB",
      "ND",
      "MOSAI"
    ],
    "MagneticFieldStrength": 3,
    "Manufacturer": "Siemens",
    "ManufacturersModelName": "Prisma",
    "PhaseEncodingDirection": "j-",
    "RepetitionTime": 0.955,
    "SliceTiming": [
      0.875,
      0.795,
      0.715,
      0.6375,
      0.5575,
      0.4775,
      0.3975,
      0.3175,
      0.2375,
      0.16,
      0.08,
      0,
      0.875,
      0.795,
      0.715,
      0.6375,
      0.5575,
      0.4775,
      0.3975,
      0.3175,
      0.2375,
      0.16,
      0.08,
      0,
      0.875,
      0.795,
      0.715,
      0.6375,
      0.5575,
      0.4775,
      0.3975,
      0.3175,
      0.2375,
      0.16,
      0.08,
      0,
      0.875,
      0.795,
      0.715,
      0.6375,
      0.5575,
      0.4775,
      0.3975,
      0.3175,
      0.2375,
      0.16,
      0.08,
      0,
      0.875,
      0.795,
      0.715,
      0.6375,
      0.5575,
      0.4775,
      0.3975,
      0.3175,
      0.2375,
      0.16,
      0.08,
      0
    ],
    "TaskName": "identification",
    "TotalReadoutTime": 0.0580013,
    "dataset": "ds001771",
    "modality": "bold",
    "run_id": 3,
    "subject_id": "31",
    "task_id": "identification"
  },
  "dummy_trs": 2,
  "dvars_nstd": 44.042994874738326,
  "dvars_std": 1.0244760898622596,
  "dvars_vstd": 1.0028387380165285,
  "efc": 0.5093943939363906,
  "fber": 14384.5244140625,
  "fd_mean": 0.10683559472695248,
  "fd_num": 17,
  "fd_perc": 4.670329670329671,
  "fwhm_avg": 2.8527533333333337,
  "fwhm_x": 2.582485,
  "fwhm_y": 3.082795,
  "fwhm_z": 2.89298,
  "gcor": 0.00865494,
  "gsr_x": -0.009037531912326813,
  "gsr_y": 0.05544817075133324,
  "provenance": {
    "md5sum": "cde591bcf559909a8556477ce5758bbe",
    "settings": {
      "fd_thres": 0.2,
      "testing": false
    },
    "software": "mriqc",
    "version": "23.0.1",
    "webapi_port": null,
    "webapi_url": "https://mriqc.nimh.nih.gov/api/v1"
  },
  "size_t": 364,
  "size_x": 100,
  "size_y": 100,
  "size_z": 60,
  "snr": 3.0747566172258125,
  "spacing_tr": 0.9549999833106995,
  "spacing_x": 2.0,
  "spacing_y": 2.0,
  "spacing_z": 2.0,
  "summary_bg_k": 102.83102340646765,
  "summary_bg_mad": 35.82276868475686,
  "summary_bg_mean": 312.1592712402344,
  "summary_bg_median": 63.07143020629883,
  "summary_bg_n": 371359.0,
  "summary_bg_p05": 33.43681335449219,
  "summary_bg_p95": 1284.5222534179686,
  "summary_bg_stdv": 911.6119995117188,
  "summary_fg_k": 0.3677162849293305,
  "summary_fg_mad": 2465.1968388201894,
  "summary_fg_mean": 7970.341796875,
  "summary_fg_median": 7709.404296875,
  "summary_fg_n": 142268.0,
  "summary_fg_p05": 4398.94658203125,
  "summary_fg_p95": 12350.456494140624,
  "summary_fg_stdv": 2507.31298828125,
  "tsnr": 31.013496129307896
}