{
  "aor": 0.002764010989010989,
  "aqi": 0.006683496181318681,
  "bids_meta": {
    "AcquisitionDateTime": "2017-06-02T13:55:10.747000",
    "EchoTime": 0.0352,
    "EffectiveEchoSpacing": 0.000580013,
    "FlipAngle": 56,
    "ImageType": [
      "ORIGINAL",
      "PRIMARY",
      "M",
      "MB",
      "ND",
      "MOSAI"
    ],
    "MagneticFieldStrength": 3,
    "Manufacturer": "Siemens",
    "ManufacturersModelName": "Prisma",
    "PhaseEncodingDirection": "j-",
    "RepetitionTime": 0.955,
    "SliceTiming": [
      0.875,
      0.795,
      0.715,
      0.635,
      0.5575,
      0.4775,
      0.3975,
      0.3175,
      0.2375,
      0.1575,
      0.08,
      0,
      0.875,
      0.795,
      0.715,
      0.635,
      0.5575,
      0.4775,
      0.3975,
      0.3175,
      0.2375,
      0.1575,
      0.08,
      0,
      0.875,
      0.795,
      0.715,
      0.635,
      0.5575,
      0.4775,
      0.3975,
      0.3175,
      0.2375,
      0.1575,
      0.08,
      0,
      0.875,
      0.795,
      0.715,
      0.635,
      0.5575,
      0.4775,
      0.3975,
      0.3175,
      0.2375,
      0.1575,
      0.08,
      0,
      0.875,
      0.795,
      0.715,
      0.635,
      0.5575,
      0.4775,
      0.3975,
      0.3175,
      0.2375,
      0.1575,
      0.08,
      0
    ],
    "TaskName": "identification",
    "TotalReadoutTime": 0.0580013,
    "dataset": "ds001771",
    "modality": "bold",
    "run_id": 3,
    "subject_id": "24",
    "task_id": "identification"
  },
  "dummy_trs": 2,
  "dvars_nstd": 41.9269475910744,
  "dvars_std": 1.0285531430578498,
  "dvars_vstd": 1.0260193537741042,
  "efc": 0.5132641562282882,
  "fber": 13288.1474609375,
  "fd_mean": 0.10405474754075873,
  "fd_num": 15,
  "fd_perc": 4.1208791208791204,
  "fwhm_avg": 2.9540883333333334,
  "fwhm_x": 2.73766,
  "fwhm_y": 3.13857,
  "fwhm_z": 2.986035,
  "gcor": 0.00638966,
  "gsr_x": -0.004157551564276218,
  "gsr_y": 0.03580385819077492,
  "provenance": {
    "md5sum": "903c457ad7569372772b32d97f209c31",
    "settings": {
      "fd_thres": 0.2,
      "testing": false
    },
    "software": "mriqc",
    "version": "23.0.1",
    "webapi_port": null,
    "webapi_url": "https://mriqc.nimh.nih.gov/api/v1"
  },
  "size_t": 364,
  "size_x": 100,
  "size_y": 100,
  "size_z": 60,
  "snr": 2.3569420921283153,
  "spacing_tr": 0.9549999833106995,
  "spacing_x": 2.0,
  "spacing_y": 2.0,
  "spacing_z": 2.0,
  "summary_bg_k": 106.58079165589764,
  "summary_bg_mad": 35.958199565205526,
  "summary_bg_mean": 270.8304748535156,
  "summary_bg_median": 65.00509643554688,
  "summary_bg_n": 353542.0,
  "summary_bg_p05": 37.25350704193115,
  "summary_bg_p95": 1082.4903869628909,
  "summary_bg_stdv": 655.1438598632812,
  "summary_fg_k": 1.3940518404557327,
  "summary_fg_mad": 3067.206456146779,
  "summary_fg_mean": 8303.404296875,
  "summary_fg_median": 7731.73974609375,
  "summary_fg_n": 155659.0,
  "summary_fg_p05": 4220.38564453125,
  "summary_fg_p95": 14322.2041015625,
  "summary_fg_stdv": 3280.40087890625,
  "tsnr": 29.507158279418945
}