{
  "aor": 0.0005538292011019283,
  "aqi": 0.005452894187327824,
  "bids_meta": {
    "AcquisitionDateTime": "2017-06-02T14:01:30.694000",
    "EchoTime": 0.0352,
    "EffectiveEchoSpacing": 0.000580013,
    "FlipAngle": 56,
    "ImageType": [
      "ORIGINAL",
      "PRIMARY",
      "M",
      "MB",
      "ND",
      "MOSAI"
    ],
    "MagneticFieldStrength": 3,
    "Manufacturer": "Siemens",
    "ManufacturersModelName": "Prisma",
    "PhaseEncodingDirection": "j-",
    "RepetitionTime": 0.955,
    "SliceTiming": [
      0.8775,
      0.7975,
      0.7175,
      0.6375,
      0.5575,
      0.4775,
      0.4,
      0.32,
      0.24,
      0.16,
      0.08,
      0,
      0.8775,
      0.7975,
      0.7175,
      0.6375,
      0.5575,
      0.4775,
      0.4,
      0.32,
      0.24,
      0.16,
      0.08,
      0,
      0.8775,
      0.7975,
      0.7175,
      0.6375,
      0.5575,
      0.4775,
      0.4,
      0.32,
      0.24,
      0.16,
      0.08,
      0,
      0.8775,
      0.7975,
      0.7175,
      0.6375,
      0.5575,
      0.4775,
      0.4,
      0.32,
      0.24,
      0.16,
      0.08,
      0,
      0.8775,
      0.7975,
      0.7175,
      0.6375,
      0.5575,
      0.4775,
      0.4,
      0.32,
      0.24,
      0.16,
      0.08,
      0
    ],
    "TaskName": "identification",
    "TotalReadoutTime": 0.0580013,
    "dataset": "ds001771",
    "modality": "bold",
    "run_id": 4,
    "subject_id": "24",
    "task_id": "identification"
  },
  "dummy_trs": 3,
  "dvars_nstd": 41.917524337707164,
  "dvars_std": 1.0201252928453042,
  "dvars_vstd": 1.006872032762431,
  "efc": 0.5135525548162551,
  "fber": 13210.1220703125,
  "fd_mean": 0.09135825948324991,
  "fd_num": 14,
  "fd_perc": 3.8567493112947657,
  "fwhm_avg": 2.9489633333333334,
  "fwhm_x": 2.73319,
  "fwhm_y": 3.13555,
  "fwhm_z": 2.97815,
  "gcor": 0.00764919,
  "gsr_x": -0.004626686684787273,
  "gsr_y": 0.03564964979887009,
  "provenance": {
    "md5sum": "534d24f07ce3eacd1c3dc07b6cdc2e6a",
    "settings": {
      "fd_thres": 0.2,
      "testing": false
    },
    "software": "mriqc",
    "version": "23.0.1",
    "webapi_port": null,
    "webapi_url": "https://mriqc.nimh.nih.gov/api/v1"
  },
  "size_t": 363,
  "size_x": 100,
  "size_y": 100,
  "size_z": 60,
  "snr": 2.367252228914995,
  "spacing_tr": 0.9549999833106995,
  "spacing_x": 2.0,
  "spacing_y": 2.0,
  "spacing_z": 2.0,
  "summary_bg_k": 95.41785570386725,
  "summary_bg_mad": 37.47293169400215,
  "summary_bg_mean": 271.3580322265625,
  "summary_bg_median": 65.32182312011719,
  "summary_bg_n": 353285.0,
  "summary_bg_p05": 35.34901885986328,
  "summary_bg_p95": 1096.9109619140622,
  "summary_bg_stdv": 652.4708862304688,
  "summary_fg_k": 1.4240151421548246,
  "summary_fg_mad": 3066.271142637839,
  "summary_fg_mean": 8327.98046875,
  "summary_fg_median": 7752.806640625,
  "summary_fg_n": 155305.0,
  "summary_fg_p05": 4270.317968750001,
  "summary_fg_p95": 14352.012109374999,
  "summary_fg_stdv": 3275.012939453125,
  "tsnr": 31.595258712768555
}